{
  "bids_meta": {
    "EchoTime": 0.00336,
    "FlipAngle": 9,
    "ImageType": [
      "ORIGINAL",
      "PRIMARY",
      "M",
      "ND",
      "NORM"
    ],
    "MagneticFieldStrength": 3,
    "Manufacturer": "Siemens",
    "ManufacturersModelName": "TrioTim",
    "PhaseEncodingDirection": "i-",
    "RepetitionTime": 2.3,
    "ScanningSequence": "GR_IR",
    "SequenceName": "_tfl3d1",
    "SequenceVariant": "SP_MP",
    "SoftwareVersions": "syngo_MR_B17",
    "dataset": "ds001894",
    "modality": "T1w",
    "session_id": "T1",
    "subject_id": "157"
  },
  "cjv": 0.3603164857706135,
  "cnr": 3.5450024111849086,
  "efc": 0.7002618734875277,
  "fber": 34.515625,
  "fwhm_avg": 3.423384684830405,
  "fwhm_x": 3.51041,
  "fwhm_y": 3.50773,
  "fwhm_z": 3.252014054491214,
  "icvs_csf": 0.23760033349291332,
  "icvs_gm": 0.43785630973478445,
  "icvs_wm": 0.32454335677230217,
  "inu_med": 1.2715939283370972,
  "inu_range": 0.33079018592834486,
  "provenance": {
    "md5sum": "53321bd4efdb3f090442b788285ed32e",
    "settings": {
      "testing": false
    },
    "software": "mriqc",
    "version": "22.0.0rc1",
    "warnings": {
      "large_rot_frame": true,
      "small_air_mask": false
    },
    "webapi_port": null,
    "webapi_url": "https://mriqc.nimh.nih.gov/api/v1"
  },
  "qi_1": 0.0,
  "qi_2": 0.0031690139430082904,
  "rpve_csf": 21.36101602981603,
  "rpve_gm": 12.01279916075653,
  "rpve_wm": 18.804881791675317,
  "size_x": 256,
  "size_y": 256,
  "size_z": 160,
  "snr_csf": 3.234773993254862,
  "snr_gm": 10.65544960789531,
  "snr_total": 11.071224091651919,
  "snr_wm": 19.32344867380558,
  "snrd_csf": 7.607337157553431,
  "snrd_gm": 15.724409644328157,
  "snrd_total": 15.38533377809881,
  "snrd_wm": 22.82425453241484,
  "spacing_x": 1.0,
  "spacing_y": 1.0,
  "spacing_z": 0.9999618530273438,
  "summary_bg_k": 0.6994075102944928,
  "summary_bg_mad": 28.70351626863923,
  "summary_bg_mean": 105.04453284940887,
  "summary_bg_median": 103.2381675504148,
  "summary_bg_n": 1452018.0,
  "summary_bg_p05": 60.88152765110135,
  "summary_bg_p95": 155.32405884191394,
  "summary_bg_stdv": 29.006626405340253,
  "summary_csf_k": 0.49269963333527134,
  "summary_csf_mad": 105.12480704478784,
  "summary_csf_mean": 345.85760344628204,
  "summary_csf_median": 333.3005666323006,
  "summary_csf_n": 28490.0,
  "summary_csf_p05": 200.23585567250848,
  "summary_csf_p95": 524.3525986421853,
  "summary_csf_stdv": 103.03493160423629,
  "summary_gm_k": 0.22759522757505302,
  "summary_gm_mad": 62.39736468043021,
  "summary_gm_mean": 690.3303331351683,
  "summary_gm_median": 688.9341875966638,
  "summary_gm_n": 23552.0,
  "summary_gm_p05": 586.2119651958346,
  "summary_gm_p95": 798.683091558516,
  "summary_gm_stdv": 64.65419921091244,
  "summary_wm_k": 0.39281803319205055,
  "summary_wm_mad": 49.68476673911664,
  "summary_wm_mean": 999.0156262160547,
  "summary_wm_median": 999.9999751634896,
  "summary_wm_n": 165918.0,
  "summary_wm_p05": 912.6824008002877,
  "summary_wm_p95": 1081.91978050936,
  "summary_wm_stdv": 51.75043950502424,
  "tpm_overlap_csf": 0.15071414411067963,
  "tpm_overlap_gm": 0.43289244174957275,
  "tpm_overlap_wm": 0.4564909040927887,
  "wm2max": 0.46755961953774755
}