{
  "bids_meta": {
    "EchoTime": 0.00336,
    "FlipAngle": 9,
    "ImageType": [
      "ORIGINAL",
      "PRIMARY",
      "M",
      "ND",
      "NORM"
    ],
    "MagneticFieldStrength": 3,
    "Manufacturer": "Siemens",
    "ManufacturersModelName": "TrioTim",
    "PhaseEncodingDirection": "i-",
    "RepetitionTime": 2.3,
    "ScanningSequence": "GR_IR",
    "SequenceName": "_tfl3d1",
    "SequenceVariant": "SP_MP",
    "SoftwareVersions": "syngo_MR_B17",
    "dataset": "ds001894",
    "modality": "T1w",
    "session_id": "T2",
    "subject_id": "039"
  },
  "cjv": 0.34676578883805853,
  "cnr": 3.6796570901623884,
  "efc": 0.6891674106200598,
  "fber": 36.789531518192454,
  "fwhm_avg": 3.5504423132871756,
  "fwhm_x": 3.55208,
  "fwhm_y": 3.67561,
  "fwhm_z": 3.423636939861527,
  "icvs_csf": 0.23256454242567048,
  "icvs_gm": 0.4403492002234013,
  "icvs_wm": 0.32708625735092817,
  "inu_med": 1.2627991437911987,
  "inu_range": 0.3597991466522217,
  "provenance": {
    "md5sum": "22d991c55cad85140aa262bb93b817ad",
    "settings": {
      "testing": false
    },
    "software": "mriqc",
    "version": "21.0.0rc2",
    "warnings": {
      "large_rot_frame": true,
      "small_air_mask": false
    },
    "webapi_port": null,
    "webapi_url": "https://mriqc.nimh.nih.gov/api/v1"
  },
  "qi_1": 0.0,
  "qi_2": 0.004577710686135276,
  "rpve_csf": 19.693081267233303,
  "rpve_gm": 10.836531567804183,
  "rpve_wm": 17.097518627541163,
  "size_x": 256,
  "size_y": 256,
  "size_z": 160,
  "snr_csf": 3.675083489351583,
  "snr_gm": 9.99234855900039,
  "snr_total": 10.851060272274841,
  "snr_wm": 18.885748768472546,
  "snrd_csf": 9.574988088925844,
  "snrd_gm": 17.1765776791355,
  "snrd_total": 17.445325095809206,
  "snrd_wm": 25.584409519366265,
  "spacing_x": 1.0,
  "spacing_y": 1.0,
  "spacing_z": 1.0000038146972656,
  "summary_bg_k": 0.2741528452321371,
  "summary_bg_mad": 25.606858704840068,
  "summary_bg_mean": 94.7374264563841,
  "summary_bg_median": 93.25971059501171,
  "summary_bg_n": 2100406.0,
  "summary_bg_p05": 55.046796686947346,
  "summary_bg_p95": 139.21621058136225,
  "summary_bg_stdv": 25.661670023718578,
  "summary_csf_k": -0.24792192028243365,
  "summary_csf_mad": 106.86995026717852,
  "summary_csf_mean": 367.0892371372318,
  "summary_csf_median": 374.2508819401264,
  "summary_csf_n": 30679.0,
  "summary_csf_p05": 199.91245832890272,
  "summary_csf_p95": 527.341578707844,
  "summary_csf_stdv": 101.83300148453054,
  "summary_gm_k": 0.23893872289320806,
  "summary_gm_mad": 63.892357002329994,
  "summary_gm_mean": 673.2586096266009,
  "summary_gm_median": 671.368912987411,
  "summary_gm_n": 29185.0,
  "summary_gm_p05": 564.4400895759463,
  "summary_gm_p95": 787.0109541252256,
  "summary_gm_stdv": 67.18714894433953,
  "summary_wm_k": 0.5260330127890978,
  "summary_wm_mad": 50.06565161979452,
  "summary_wm_mean": 998.9273828541995,
  "summary_wm_median": 999.9999725967646,
  "summary_wm_n": 182586.0,
  "summary_wm_p05": 909.736693136394,
  "summary_wm_p95": 1083.3276923522353,
  "summary_wm_stdv": 52.94983251216796,
  "tpm_overlap_csf": 0.1529778093099594,
  "tpm_overlap_gm": 0.4548196792602539,
  "tpm_overlap_wm": 0.46843641996383667,
  "wm2max": 0.7666615043105673
}