{
  "bids_meta": {
    "EchoTime": 0.00336,
    "FlipAngle": 9,
    "ImageType": [
      "ORIGINAL",
      "PRIMARY",
      "M",
      "ND",
      "NORM"
    ],
    "MagneticFieldStrength": 3,
    "Manufacturer": "Siemens",
    "ManufacturersModelName": "TrioTim",
    "PhaseEncodingDirection": "i-",
    "RepetitionTime": 2.3,
    "ScanningSequence": "GR_IR",
    "SequenceName": "_tfl3d1",
    "SequenceVariant": "SP_MP",
    "SoftwareVersions": "syngo_MR_B17",
    "dataset": "ds001894",
    "modality": "T1w",
    "session_id": "T1",
    "subject_id": "126"
  },
  "cjv": 0.34012639130422634,
  "cnr": 3.7764728883314986,
  "efc": 0.6731412077646375,
  "fber": 39.87774918339589,
  "fwhm_avg": 3.7198047985169134,
  "fwhm_x": 3.73576,
  "fwhm_y": 3.80597,
  "fwhm_z": 3.6176843955507407,
  "icvs_csf": 0.23106338694370473,
  "icvs_gm": 0.4289674588987318,
  "icvs_wm": 0.33996915415756346,
  "inu_med": 1.1101808547973633,
  "inu_range": 0.3552031993865966,
  "provenance": {
    "md5sum": "ee3c997e38b9f06e27848d35f98db9e7",
    "settings": {
      "testing": false
    },
    "software": "mriqc",
    "version": "22.0.0rc1",
    "warnings": {
      "large_rot_frame": true,
      "small_air_mask": false
    },
    "webapi_port": null,
    "webapi_url": "https://mriqc.nimh.nih.gov/api/v1"
  },
  "qi_1": 0.0,
  "qi_2": 0.004483388234929164,
  "rpve_csf": 22.15560150055418,
  "rpve_gm": 12.298093864174868,
  "rpve_wm": 18.41447746494065,
  "size_x": 256,
  "size_y": 256,
  "size_z": 160,
  "snr_csf": 3.509933112918206,
  "snr_gm": 10.138352184450703,
  "snr_total": 11.207354373223717,
  "snr_wm": 19.973777822302246,
  "snrd_csf": 8.987800546730297,
  "snrd_gm": 17.165007536010716,
  "snrd_total": 17.2394465692271,
  "snrd_wm": 25.565531624940284,
  "spacing_x": 1.0,
  "spacing_y": 1.0,
  "spacing_z": 1.0000457763671875,
  "summary_bg_k": 1.0213037522099233,
  "summary_bg_mad": 25.62576664370513,
  "summary_bg_mean": 92.2265518407388,
  "summary_bg_median": 90.39883613586426,
  "summary_bg_n": 2025762.0,
  "summary_bg_p05": 52.81938575208187,
  "summary_bg_p95": 137.7169769257307,
  "summary_bg_stdv": 26.048392197227855,
  "summary_csf_k": -0.09041712990854478,
  "summary_csf_mad": 109.5019318732088,
  "summary_csf_mean": 352.6704925141774,
  "summary_csf_median": 351.5592895448208,
  "summary_csf_n": 22563.0,
  "summary_csf_p05": 198.38307086378336,
  "summary_csf_p95": 514.9574160948395,
  "summary_csf_stdv": 100.15903082303433,
  "summary_gm_k": 0.25383608498259536,
  "summary_gm_mad": 63.816425319162455,
  "summary_gm_mean": 673.4747270937269,
  "summary_gm_median": 671.4120794087648,
  "summary_gm_n": 20089.0,
  "summary_gm_p05": 567.7359142154455,
  "summary_gm_p95": 786.1056027561426,
  "summary_gm_stdv": 66.22332269066513,
  "summary_wm_k": 0.622743410303142,
  "summary_wm_mad": 47.94498275273863,
  "summary_wm_mean": 1000.1770082672062,
  "summary_wm_median": 999.9999541789293,
  "summary_wm_n": 166957.0,
  "summary_wm_p05": 918.4848852455616,
  "summary_wm_p95": 1081.440681964159,
  "summary_wm_stdv": 50.06548927739256,
  "tpm_overlap_csf": 0.1569296270608902,
  "tpm_overlap_gm": 0.44388705492019653,
  "tpm_overlap_wm": 0.4871290326118469,
  "wm2max": 0.5626448688191237
}