{
  "bids_meta": {
    "EchoTime": 0.00336,
    "FlipAngle": 9,
    "ImageType": [
      "ORIGINAL",
      "PRIMARY",
      "M",
      "ND",
      "NORM"
    ],
    "MagneticFieldStrength": 3,
    "Manufacturer": "Siemens",
    "ManufacturersModelName": "TrioTim",
    "PhaseEncodingDirection": "i-",
    "RepetitionTime": 2.3,
    "ScanningSequence": "GR_IR",
    "SequenceName": "_tfl3d1",
    "SequenceVariant": "SP_MP",
    "SoftwareVersions": "syngo_MR_B17",
    "dataset": "ds001894",
    "modality": "T1w",
    "session_id": "T1",
    "subject_id": "038"
  },
  "cjv": 0.3563318792772453,
  "cnr": 3.614575316573198,
  "efc": 0.6853786959711079,
  "fber": 35.1041161028015,
  "fwhm_avg": 3.603619975505176,
  "fwhm_x": 3.722019556300693,
  "fwhm_y": 3.67878,
  "fwhm_z": 3.410060370214835,
  "icvs_csf": 0.23329285613927112,
  "icvs_gm": 0.4437670499992774,
  "icvs_wm": 0.3229400938614515,
  "inu_med": 1.1245763301849365,
  "inu_range": 0.33522510230541225,
  "provenance": {
    "md5sum": "e0984b0f58682413de31908724cf214b",
    "settings": {
      "testing": false
    },
    "software": "mriqc",
    "version": "21.0.0rc2",
    "warnings": {
      "large_rot_frame": true,
      "small_air_mask": false
    },
    "webapi_port": null,
    "webapi_url": "https://mriqc.nimh.nih.gov/api/v1"
  },
  "qi_1": 0.0,
  "qi_2": 0.0042763131468489665,
  "rpve_csf": 20.824228552187474,
  "rpve_gm": 11.42684724943974,
  "rpve_wm": 18.182285944832863,
  "size_x": 256,
  "size_y": 256,
  "size_z": 160,
  "snr_csf": 3.9642913812308103,
  "snr_gm": 10.311409372398195,
  "snr_total": 11.090620130416221,
  "snr_wm": 18.996159637619662,
  "snrd_csf": 9.221024047593843,
  "snrd_gm": 15.962258477136736,
  "snrd_total": 16.23095279566436,
  "snrd_wm": 23.50957586226251,
  "spacing_x": 1.0000001192092896,
  "spacing_y": 1.0,
  "spacing_z": 0.9999236464500427,
  "summary_bg_k": 0.2136083110354412,
  "summary_bg_mad": 27.86678884906605,
  "summary_bg_mean": 102.38050109716643,
  "summary_bg_median": 100.67373436689377,
  "summary_bg_n": 2175112.0,
  "summary_bg_p05": 59.43440839648247,
  "summary_bg_p95": 150.92477568984032,
  "summary_bg_stdv": 27.955328149993626,
  "summary_csf_k": 0.2423026445065406,
  "summary_csf_mad": 96.16587065151447,
  "summary_csf_mean": 389.7049645960755,
  "summary_csf_median": 392.2241824865341,
  "summary_csf_n": 28948.0,
  "summary_csf_p05": 219.52967728078366,
  "summary_csf_p95": 545.0650205120444,
  "summary_csf_stdv": 98.93758305746161,
  "summary_gm_k": 0.0822785341105643,
  "summary_gm_mad": 64.57714767534713,
  "summary_gm_mean": 681.3620444935303,
  "summary_gm_median": 678.9683824181557,
  "summary_gm_n": 25901.0,
  "summary_gm_p05": 575.2478300035,
  "summary_gm_p95": 793.4600803256035,
  "summary_gm_stdv": 65.84505093139028,
  "summary_wm_k": 0.5754303011732715,
  "summary_wm_mad": 49.81665677812493,
  "summary_wm_mean": 999.0757612880597,
  "summary_wm_median": 1000.0000136196613,
  "summary_wm_n": 166399.0,
  "summary_wm_p05": 911.3848126530647,
  "summary_wm_p95": 1083.2081853747368,
  "summary_wm_stdv": 52.642061756997414,
  "tpm_overlap_csf": 0.14622871577739716,
  "tpm_overlap_gm": 0.46316006779670715,
  "tpm_overlap_wm": 0.4826808273792267,
  "wm2max": 0.5567288625558449
}