{
  "bids_meta": {
    "EchoTime": 0.00336,
    "FlipAngle": 9,
    "ImageType": [
      "ORIGINAL",
      "PRIMARY",
      "M",
      "ND",
      "NORM"
    ],
    "MagneticFieldStrength": 3,
    "Manufacturer": "Siemens",
    "ManufacturersModelName": "TrioTim",
    "PhaseEncodingDirection": "i-",
    "RepetitionTime": 2.3,
    "ScanningSequence": "GR_IR",
    "SequenceName": "_tfl3d1",
    "SequenceVariant": "SP_MP",
    "SoftwareVersions": "syngo_MR_B17",
    "dataset": "ds001894",
    "modality": "T1w",
    "session_id": "T2",
    "subject_id": "053"
  },
  "cjv": 0.36076839564086743,
  "cnr": 3.48862703163865,
  "efc": 0.6715376193137579,
  "fber": 38.537276654449,
  "fwhm_avg": 3.7767355270968284,
  "fwhm_x": 3.82806,
  "fwhm_y": 3.92175,
  "fwhm_z": 3.580396581290485,
  "icvs_csf": 0.2506724420975653,
  "icvs_gm": 0.4141291423159543,
  "icvs_wm": 0.3351984155864804,
  "inu_med": 1.0942091941833496,
  "inu_range": 0.29734159708023067,
  "provenance": {
    "md5sum": "2641d4746591c750de5445b459d33ce7",
    "settings": {
      "testing": false
    },
    "software": "mriqc",
    "version": "21.0.0rc2",
    "warnings": {
      "large_rot_frame": true,
      "small_air_mask": false
    },
    "webapi_port": null,
    "webapi_url": "https://mriqc.nimh.nih.gov/api/v1"
  },
  "qi_1": 0.0,
  "qi_2": 0.004718316269152353,
  "rpve_csf": 22.355144869107132,
  "rpve_gm": 13.344635001840977,
  "rpve_wm": 19.88887807094408,
  "size_x": 256,
  "size_y": 256,
  "size_z": 160,
  "snr_csf": 3.7583476541824954,
  "snr_gm": 10.493759198280342,
  "snr_total": 11.466464490230363,
  "snr_wm": 20.147286618228247,
  "snrd_csf": 9.84697797520798,
  "snrd_gm": 17.908905282576537,
  "snrd_total": 17.813520895745423,
  "snrd_wm": 25.684679429451748,
  "spacing_x": 1.0,
  "spacing_y": 1.0,
  "spacing_z": 0.9999618530273438,
  "summary_bg_k": 0.13493358690117585,
  "summary_bg_mad": 25.506892961275145,
  "summary_bg_mean": 93.68996669271316,
  "summary_bg_median": 92.27329447865486,
  "summary_bg_n": 2263033.0,
  "summary_bg_p05": 54.37871769070625,
  "summary_bg_p95": 138.04994323849678,
  "summary_bg_stdv": 25.54057969731793,
  "summary_csf_k": 0.022842701481167627,
  "summary_csf_mad": 104.35914906512905,
  "summary_csf_mean": 379.011430540498,
  "summary_csf_median": 383.37943336367607,
  "summary_csf_n": 28384.0,
  "summary_csf_p05": 208.58311901390553,
  "summary_csf_p95": 538.1787795424461,
  "summary_csf_stdv": 102.00564586804158,
  "summary_gm_k": 0.43795710352176487,
  "summary_gm_mad": 61.688476809427556,
  "summary_gm_mean": 698.3848277366287,
  "summary_gm_median": 697.2602128982544,
  "summary_gm_n": 17663.0,
  "summary_gm_p05": 591.159187349677,
  "summary_gm_p95": 810.7089968860148,
  "summary_gm_stdv": 66.44334614205633,
  "summary_wm_k": 0.48990807988075025,
  "summary_wm_mad": 47.530465738411394,
  "summary_wm_mean": 999.9890194372497,
  "summary_wm_median": 999.9999868571758,
  "summary_wm_n": 160981.0,
  "summary_wm_p05": 918.5266467630863,
  "summary_wm_p95": 1080.8670137226582,
  "summary_wm_stdv": 49.634320484180876,
  "tpm_overlap_csf": 0.15385760366916656,
  "tpm_overlap_gm": 0.46241581439971924,
  "tpm_overlap_wm": 0.5003872513771057,
  "wm2max": 0.6441469265722575
}