{
  "bids_meta": {
    "EchoTime": 0.00336,
    "FlipAngle": 9,
    "ImageType": [
      "ORIGINAL",
      "PRIMARY",
      "M",
      "ND",
      "NORM"
    ],
    "MagneticFieldStrength": 3,
    "Manufacturer": "Siemens",
    "ManufacturersModelName": "TrioTim",
    "PhaseEncodingDirection": "i-",
    "RepetitionTime": 2.3,
    "ScanningSequence": "GR_IR",
    "SequenceName": "_tfl3d1",
    "SequenceVariant": "SP_MP",
    "SoftwareVersions": "syngo_MR_B17",
    "dataset": "ds001894",
    "modality": "T1w",
    "session_id": "T1",
    "subject_id": "131"
  },
  "cjv": 0.3625887611026777,
  "cnr": 3.496914318759861,
  "efc": 0.6914520966296857,
  "fber": 29.23386282549269,
  "fwhm_avg": 3.6690350593866516,
  "fwhm_x": 3.52119,
  "fwhm_y": 3.8791,
  "fwhm_z": 3.606815178159955,
  "icvs_csf": 0.24276179392275066,
  "icvs_gm": 0.4528224693182591,
  "icvs_wm": 0.30441573675899025,
  "inu_med": 1.2754672765731812,
  "inu_range": 0.39105347394943224,
  "provenance": {
    "md5sum": "5dec8f1517e2616411c4ff3a010e1648",
    "settings": {
      "testing": false
    },
    "software": "mriqc",
    "version": "22.0.0rc1",
    "warnings": {
      "large_rot_frame": true,
      "small_air_mask": false
    },
    "webapi_port": null,
    "webapi_url": "https://mriqc.nimh.nih.gov/api/v1"
  },
  "qi_1": 0.0,
  "qi_2": 0.003277182792218803,
  "rpve_csf": 22.541354653820076,
  "rpve_gm": 12.27046958107853,
  "rpve_wm": 19.79485053624401,
  "size_x": 256,
  "size_y": 256,
  "size_z": 160,
  "snr_csf": 3.1649159543715446,
  "snr_gm": 10.670820979277451,
  "snr_total": 9.887291885919796,
  "snr_wm": 15.82613872411039,
  "snrd_csf": 7.120707039421518,
  "snrd_gm": 15.028786188147789,
  "snrd_total": 14.849997046560205,
  "snrd_wm": 22.40049791211131,
  "spacing_x": 1.0,
  "spacing_y": 1.0,
  "spacing_z": 0.9999237060546875,
  "summary_bg_k": 1.4333672536041808,
  "summary_bg_mad": 29.246509661502927,
  "summary_bg_mean": 106.31549419570652,
  "summary_bg_median": 104.08589339628816,
  "summary_bg_n": 1789958.0,
  "summary_bg_p05": 61.13927835598588,
  "summary_bg_p95": 158.45085449889302,
  "summary_bg_stdv": 30.17949058115736,
  "summary_csf_k": -0.22604915505818024,
  "summary_csf_mad": 108.39527122924194,
  "summary_csf_mean": 329.1585708083245,
  "summary_csf_median": 317.8816416822374,
  "summary_csf_n": 32823.0,
  "summary_csf_p05": 185.29248889908195,
  "summary_csf_p95": 502.1089863590896,
  "summary_csf_stdv": 100.43767476514243,
  "summary_gm_k": 0.09024751817851051,
  "summary_gm_mad": 61.33555265943702,
  "summary_gm_mean": 672.7623394821159,
  "summary_gm_median": 670.9130426980555,
  "summary_gm_n": 30177.0,
  "summary_gm_p05": 571.9313204146922,
  "summary_gm_p95": 779.3532456748186,
  "summary_gm_stdv": 62.872568812742145,
  "summary_wm_k": 0.6420877889763665,
  "summary_wm_mad": 57.98768006319587,
  "summary_wm_mean": 995.8311619234976,
  "summary_wm_median": 1000.0000015981495,
  "summary_wm_n": 140875.0,
  "summary_wm_p05": 882.5785025395453,
  "summary_wm_p95": 1091.6450104787946,
  "summary_wm_stdv": 63.18638233738036,
  "tpm_overlap_csf": 0.15192106366157532,
  "tpm_overlap_gm": 0.4615026116371155,
  "tpm_overlap_wm": 0.4649924337863922,
  "wm2max": 0.5060246000481986
}