{
  "bids_meta": {
    "EchoTime": 0.00336,
    "FlipAngle": 9,
    "ImageType": [
      "ORIGINAL",
      "PRIMARY",
      "M",
      "ND",
      "NORM"
    ],
    "MagneticFieldStrength": 3,
    "Manufacturer": "Siemens",
    "ManufacturersModelName": "TrioTim",
    "PhaseEncodingDirection": "i-",
    "RepetitionTime": 2.3,
    "ScanningSequence": "GR_IR",
    "SequenceName": "_tfl3d1",
    "SequenceVariant": "SP_MP",
    "SoftwareVersions": "syngo_MR_B17",
    "dataset": "ds001894",
    "modality": "T1w",
    "session_id": "T2",
    "subject_id": "048"
  },
  "cjv": 0.32831431282078566,
  "cnr": 3.8397577755475663,
  "efc": 0.670253360819883,
  "fber": 39.85120746548102,
  "fwhm_avg": 3.7161390236843643,
  "fwhm_x": 3.7754,
  "fwhm_y": 3.82476,
  "fwhm_z": 3.5482570710530936,
  "icvs_csf": 0.22565359022859352,
  "icvs_gm": 0.445891348275199,
  "icvs_wm": 0.3284550614962075,
  "inu_med": 1.1004713773727417,
  "inu_range": 0.3456389009952545,
  "provenance": {
    "md5sum": "af3437d6a81284abe1e719a6441c2465",
    "settings": {
      "testing": false
    },
    "software": "mriqc",
    "version": "21.0.0rc2",
    "warnings": {
      "large_rot_frame": true,
      "small_air_mask": false
    },
    "webapi_port": null,
    "webapi_url": "https://mriqc.nimh.nih.gov/api/v1"
  },
  "qi_1": 0.0,
  "qi_2": 0.004994049389188798,
  "rpve_csf": 22.084727184668132,
  "rpve_gm": 11.756954425253452,
  "rpve_wm": 18.354818123803447,
  "size_x": 256,
  "size_y": 256,
  "size_z": 160,
  "snr_csf": 3.772797621083889,
  "snr_gm": 10.291339309897252,
  "snr_total": 11.158057975900926,
  "snr_wm": 19.410036996721637,
  "snrd_csf": 9.553186089661551,
  "snrd_gm": 17.08329442961769,
  "snrd_total": 17.413375536148575,
  "snrd_wm": 25.60364608916648,
  "spacing_x": 1.0,
  "spacing_y": 1.0,
  "spacing_z": 0.9999923706054688,
  "summary_bg_k": 0.18758076278833258,
  "summary_bg_mad": 25.587620140746406,
  "summary_bg_mean": 93.80655523246513,
  "summary_bg_median": 92.32304647564888,
  "summary_bg_n": 2086613.0,
  "summary_bg_p05": 54.56208872795105,
  "summary_bg_p95": 138.19346100836992,
  "summary_bg_stdv": 25.566098043230262,
  "summary_csf_k": -0.08967292518109993,
  "summary_csf_mad": 101.24065607495325,
  "summary_csf_mean": 366.95138531611525,
  "summary_csf_median": 373.1181860268116,
  "summary_csf_n": 27425.0,
  "summary_csf_p05": 201.28087610006332,
  "summary_csf_p95": 521.0845821350813,
  "summary_csf_stdv": 98.89514914883368,
  "summary_gm_k": 0.3714897478888606,
  "summary_gm_mad": 60.5470915137662,
  "summary_gm_mean": 669.7533404352367,
  "summary_gm_median": 667.2211520969868,
  "summary_gm_n": 29613.0,
  "summary_gm_p05": 565.9984966367483,
  "summary_gm_p95": 781.7183645099399,
  "summary_gm_stdv": 64.83217259005471,
  "summary_wm_k": 0.5600376891932752,
  "summary_wm_mad": 48.70896364142087,
  "summary_wm_mean": 998.7128311914676,
  "summary_wm_median": 999.9999889880419,
  "summary_wm_n": 168152.0,
  "summary_wm_p05": 912.3762687519193,
  "summary_wm_p95": 1080.3044046387076,
  "summary_wm_stdv": 51.51958317505459,
  "tpm_overlap_csf": 0.1586516946554184,
  "tpm_overlap_gm": 0.46515870094299316,
  "tpm_overlap_wm": 0.4847506284713745,
  "wm2max": 0.5740666752206061
}