{
  "bids_meta": {
    "EchoTime": 0.00336,
    "FlipAngle": 9,
    "ImageType": [
      "ORIGINAL",
      "PRIMARY",
      "M",
      "ND",
      "NORM"
    ],
    "MagneticFieldStrength": 3,
    "Manufacturer": "Siemens",
    "ManufacturersModelName": "TrioTim",
    "PhaseEncodingDirection": "i-",
    "RepetitionTime": 2.3,
    "ScanningSequence": "GR_IR",
    "SequenceName": "_tfl3d1",
    "SequenceVariant": "SP_MP",
    "SoftwareVersions": "syngo_MR_B17",
    "dataset": "ds001894",
    "modality": "T1w",
    "session_id": "T2",
    "subject_id": "094"
  },
  "cjv": 0.4083281022424041,
  "cnr": 3.160450172495148,
  "efc": 0.7031784146799709,
  "fber": 30.848118079847072,
  "fwhm_avg": 3.827502745936639,
  "fwhm_x": 3.8264495438516684,
  "fwhm_y": 4.01459,
  "fwhm_z": 3.641468693958249,
  "icvs_csf": 0.2492809964382136,
  "icvs_gm": 0.4210572515347517,
  "icvs_wm": 0.3296617520270347,
  "inu_med": 1.0886106491088867,
  "inu_range": 0.3650764405727387,
  "provenance": {
    "md5sum": "953e64e3082cea01e71ab94a79c3ea4b",
    "settings": {
      "testing": false
    },
    "software": "mriqc",
    "version": "21.0.0rc2",
    "warnings": {
      "large_rot_frame": true,
      "small_air_mask": false
    },
    "webapi_port": null,
    "webapi_url": "https://mriqc.nimh.nih.gov/api/v1"
  },
  "qi_1": 0.0,
  "qi_2": 0.004266166153213987,
  "rpve_csf": 18.593551611470172,
  "rpve_gm": 10.999125345750077,
  "rpve_wm": 16.706214144995112,
  "size_x": 256,
  "size_y": 256,
  "size_z": 160,
  "snr_csf": 4.12550102068771,
  "snr_gm": 9.620854966178516,
  "snr_total": 10.02788003403431,
  "snr_wm": 16.337284115236702,
  "snrd_csf": 8.995889316669619,
  "snrd_gm": 15.506920607106064,
  "snrd_total": 15.677266220225194,
  "snrd_wm": 22.5289887368999,
  "spacing_x": 1.0000001192092896,
  "spacing_y": 1.0,
  "spacing_z": 0.9999619126319885,
  "summary_bg_k": 0.33280096706705464,
  "summary_bg_mad": 29.081219515270284,
  "summary_bg_mean": 105.5329586436618,
  "summary_bg_median": 103.64204004406929,
  "summary_bg_n": 1914712.0,
  "summary_bg_p05": 60.7700315117836,
  "summary_bg_p95": 156.71175934374332,
  "summary_bg_stdv": 29.35241432166468,
  "summary_csf_k": 0.14630268728168572,
  "summary_csf_mad": 94.72609433621196,
  "summary_csf_mean": 397.47601386781423,
  "summary_csf_median": 399.32362316176295,
  "summary_csf_n": 41401.0,
  "summary_csf_p05": 234.4953185133636,
  "summary_csf_p95": 551.7169641703367,
  "summary_csf_stdv": 96.79280128586477,
  "summary_gm_k": 0.2263814657795704,
  "summary_gm_mad": 69.8103545393093,
  "summary_gm_mean": 691.6164198518073,
  "summary_gm_median": 688.3454767987132,
  "summary_gm_n": 22442.0,
  "summary_gm_p05": 580.8012515120208,
  "summary_gm_p95": 815.8662890708074,
  "summary_gm_stdv": 71.5456311261775,
  "summary_wm_k": 0.9610524103259781,
  "summary_wm_mad": 57.46819241081263,
  "summary_wm_mean": 1002.5281166615426,
  "summary_wm_median": 1000.0520339794457,
  "summary_wm_n": 192445.0,
  "summary_wm_p05": 907.3881417512894,
  "summary_wm_p95": 1105.6711812131107,
  "summary_wm_stdv": 61.21271005890595,
  "tpm_overlap_csf": 0.1408659666776657,
  "tpm_overlap_gm": 0.44656041264533997,
  "tpm_overlap_wm": 0.4702035188674927,
  "wm2max": 0.6520013568521031
}