{
  "bids_meta": {
    "EchoTime": 0.00336,
    "FlipAngle": 9,
    "ImageType": [
      "ORIGINAL",
      "PRIMARY",
      "M",
      "ND",
      "NORM"
    ],
    "MagneticFieldStrength": 3,
    "Manufacturer": "Siemens",
    "ManufacturersModelName": "TrioTim",
    "PhaseEncodingDirection": "i-",
    "RepetitionTime": 2.3,
    "ScanningSequence": "GR_IR",
    "SequenceName": "_tfl3d1",
    "SequenceVariant": "SP_MP",
    "SoftwareVersions": "syngo_MR_B17",
    "dataset": "ds001894",
    "modality": "T1w",
    "session_id": "T2",
    "subject_id": "073"
  },
  "cjv": 0.3517746095741554,
  "cnr": 3.5990108607238107,
  "efc": 0.7039279798332813,
  "fber": 32.99162716045267,
  "fwhm_avg": 3.669097594294339,
  "fwhm_x": 3.71,
  "fwhm_y": 3.77318,
  "fwhm_z": 3.5241127828830168,
  "icvs_csf": 0.22919137163085568,
  "icvs_gm": 0.4476357781458657,
  "icvs_wm": 0.32317285022327863,
  "inu_med": 1.221386432647705,
  "inu_range": 0.42452604770660396,
  "provenance": {
    "md5sum": "27c2b33fdf35576bc3f7454d7b4f6c75",
    "settings": {
      "testing": false
    },
    "software": "mriqc",
    "version": "21.0.0rc2",
    "warnings": {
      "large_rot_frame": true,
      "small_air_mask": false
    },
    "webapi_port": null,
    "webapi_url": "https://mriqc.nimh.nih.gov/api/v1"
  },
  "qi_1": 0.0,
  "qi_2": 0.003960377717167321,
  "rpve_csf": 20.57254150221893,
  "rpve_gm": 11.060470598581919,
  "rpve_wm": 17.66215647546714,
  "size_x": 256,
  "size_y": 256,
  "size_z": 160,
  "snr_csf": 3.4034227083328203,
  "snr_gm": 9.615094798291224,
  "snr_total": 10.086327581953684,
  "snr_wm": 17.24046523923701,
  "snrd_csf": 8.874141166362314,
  "snrd_gm": 15.19934845499493,
  "snrd_total": 15.697986811990162,
  "snrd_wm": 23.020470814613248,
  "spacing_x": 1.0,
  "spacing_y": 1.0,
  "spacing_z": 1.0000190734863281,
  "summary_bg_k": 0.372514115371156,
  "summary_bg_mad": 28.46011358967648,
  "summary_bg_mean": 103.61831460395094,
  "summary_bg_median": 101.65984123200178,
  "summary_bg_n": 2003920.0,
  "summary_bg_p05": 59.74551951140165,
  "summary_bg_p95": 153.9206604361534,
  "summary_bg_stdv": 28.842142134643904,
  "summary_csf_k": -0.13808482873587646,
  "summary_csf_mad": 115.30915288110896,
  "summary_csf_mean": 377.7783005666214,
  "summary_csf_median": 385.50609347224236,
  "summary_csf_n": 30802.0,
  "summary_csf_p05": 185.09443721584975,
  "summary_csf_p95": 552.1023140169677,
  "summary_csf_stdv": 113.26827980202249,
  "summary_gm_k": 0.47350022176784945,
  "summary_gm_mad": 64.03525557677209,
  "summary_gm_mean": 664.5213143795232,
  "summary_gm_median": 660.2826500460505,
  "summary_gm_n": 33598.0,
  "summary_gm_p05": 558.9684258576483,
  "summary_gm_p95": 785.5853387191892,
  "summary_gm_stdv": 68.67044346465605,
  "summary_wm_k": 0.3952997581646742,
  "summary_wm_mad": 55.484166401892224,
  "summary_wm_mean": 999.6873832617937,
  "summary_wm_median": 1000.0440163463354,
  "summary_wm_n": 181344.0,
  "summary_wm_p05": 904.0637418180704,
  "summary_wm_p95": 1093.816304283962,
  "summary_wm_stdv": 58.005468248876376,
  "tpm_overlap_csf": 0.15072068572044373,
  "tpm_overlap_gm": 0.4746587574481964,
  "tpm_overlap_wm": 0.4951589107513428,
  "wm2max": 0.694039561721678
}