{
  "bids_meta": {
    "EchoTime": 0.00336,
    "FlipAngle": 9,
    "ImageType": [
      "ORIGINAL",
      "PRIMARY",
      "M",
      "ND",
      "NORM"
    ],
    "MagneticFieldStrength": 3,
    "Manufacturer": "Siemens",
    "ManufacturersModelName": "TrioTim",
    "PhaseEncodingDirection": "i-",
    "RepetitionTime": 2.3,
    "ScanningSequence": "GR_IR",
    "SequenceName": "_tfl3d1",
    "SequenceVariant": "SP_MP",
    "SoftwareVersions": "syngo_MR_B17",
    "dataset": "ds001894",
    "modality": "T1w",
    "session_id": "T1",
    "subject_id": "120"
  },
  "cjv": 0.3175856162200178,
  "cnr": 3.9592724342240233,
  "efc": 0.6608033497604494,
  "fber": 42.92364848045641,
  "fwhm_avg": 3.507023837166125,
  "fwhm_x": 3.42247,
  "fwhm_y": 3.80199,
  "fwhm_z": 3.2966115114983747,
  "icvs_csf": 0.21458192231863274,
  "icvs_gm": 0.4546300917586644,
  "icvs_wm": 0.3307879859227028,
  "inu_med": 1.1923125982284546,
  "inu_range": 0.2896164655685425,
  "provenance": {
    "md5sum": "77cdf125ae578992398bf595985931fb",
    "settings": {
      "testing": false
    },
    "software": "mriqc",
    "version": "22.0.0rc1",
    "warnings": {
      "large_rot_frame": true,
      "small_air_mask": false
    },
    "webapi_port": null,
    "webapi_url": "https://mriqc.nimh.nih.gov/api/v1"
  },
  "qi_1": 0.0,
  "qi_2": 0.004196799919189422,
  "rpve_csf": 27.98946208231404,
  "rpve_gm": 14.314038068823633,
  "rpve_wm": 22.631115925010256,
  "size_x": 256,
  "size_y": 256,
  "size_z": 160,
  "snr_csf": 3.807764481365973,
  "snr_gm": 11.171612700229495,
  "snr_total": 11.748437316116584,
  "snr_wm": 20.26593476675428,
  "snrd_csf": 10.333114324651905,
  "snrd_gm": 17.80759424334645,
  "snrd_total": 18.199440749271904,
  "snrd_wm": 26.457613679817356,
  "spacing_x": 1.0,
  "spacing_y": 1.0,
  "spacing_z": 0.9999237060546875,
  "summary_bg_k": 60.28869130974422,
  "summary_bg_mad": 24.76173276819662,
  "summary_bg_mean": 90.54783512185129,
  "summary_bg_median": 88.64933624863625,
  "summary_bg_n": 2308420.0,
  "summary_bg_p05": 52.0548902451992,
  "summary_bg_p95": 134.00233667343855,
  "summary_bg_stdv": 27.464610486880645,
  "summary_csf_k": 1.2160393773435496,
  "summary_csf_mad": 105.72366156442335,
  "summary_csf_mean": 383.9078086413922,
  "summary_csf_median": 390.55351577699184,
  "summary_csf_n": 16983.0,
  "summary_csf_p05": 211.70170690864325,
  "summary_csf_p95": 539.9631070904433,
  "summary_csf_stdv": 102.56464630426562,
  "summary_gm_k": 0.28430465603301114,
  "summary_gm_mad": 57.14650428668732,
  "summary_gm_mean": 674.6120872516999,
  "summary_gm_median": 673.0612205341458,
  "summary_gm_n": 23382.0,
  "summary_gm_p05": 576.9653400406241,
  "summary_gm_p95": 777.1355412900448,
  "summary_gm_stdv": 60.24616550170004,
  "summary_wm_k": 0.5599510943854136,
  "summary_wm_mad": 46.684540760421655,
  "summary_wm_mean": 998.2476842509908,
  "summary_wm_median": 999.9999726191163,
  "summary_wm_n": 140185.0,
  "summary_wm_p05": 914.0810359269381,
  "summary_wm_p95": 1075.7774252444506,
  "summary_wm_stdv": 49.34370989577586,
  "tpm_overlap_csf": 0.1604686826467514,
  "tpm_overlap_gm": 0.47283390164375305,
  "tpm_overlap_wm": 0.5005178451538086,
  "wm2max": 0.6483882834413942
}