{
  "bids_meta": {
    "EchoTime": 0.00336,
    "FlipAngle": 9,
    "ImageType": [
      "ORIGINAL",
      "PRIMARY",
      "M",
      "ND",
      "NORM"
    ],
    "MagneticFieldStrength": 3,
    "Manufacturer": "Siemens",
    "ManufacturersModelName": "TrioTim",
    "PhaseEncodingDirection": "i-",
    "RepetitionTime": 2.3,
    "ScanningSequence": "GR_IR",
    "SequenceName": "_tfl3d1",
    "SequenceVariant": "SP_MP",
    "SoftwareVersions": "syngo_MR_B17",
    "dataset": "ds001894",
    "modality": "T1w",
    "session_id": "T1",
    "subject_id": "064"
  },
  "cjv": 0.31679155187829283,
  "cnr": 4.011123252727896,
  "efc": 0.6701352585135285,
  "fber": 45.21112126105344,
  "fwhm_avg": 3.650444109202814,
  "fwhm_x": 3.701770220642699,
  "fwhm_y": 3.83468,
  "fwhm_z": 3.4148821069657433,
  "icvs_csf": 0.22689356942648806,
  "icvs_gm": 0.4565735759756152,
  "icvs_wm": 0.3165328545978967,
  "inu_med": 1.2106616497039795,
  "inu_range": 0.33802518248558044,
  "provenance": {
    "md5sum": "030591d3a9cbf2ae347b30afffe5b280",
    "settings": {
      "testing": false
    },
    "software": "mriqc",
    "version": "21.0.0rc2",
    "warnings": {
      "large_rot_frame": true,
      "small_air_mask": false
    },
    "webapi_port": null,
    "webapi_url": "https://mriqc.nimh.nih.gov/api/v1"
  },
  "qi_1": 0.0,
  "qi_2": 0.004802833517014807,
  "rpve_csf": 24.025061950499644,
  "rpve_gm": 12.673358382317787,
  "rpve_wm": 20.693144063437718,
  "size_x": 256,
  "size_y": 256,
  "size_z": 160,
  "snr_csf": 3.90223094235691,
  "snr_gm": 10.645354780276783,
  "snr_total": 10.88499843813046,
  "snr_wm": 18.107409591757683,
  "snrd_csf": 10.139116480361551,
  "snrd_gm": 17.649263039308135,
  "snrd_total": 18.253014447304707,
  "snrd_wm": 26.970663822244433,
  "spacing_x": 0.9999999403953552,
  "spacing_y": 1.0,
  "spacing_z": 0.9999847412109375,
  "summary_bg_k": 0.14357199207617155,
  "summary_bg_mad": 24.290702141837613,
  "summary_bg_mean": 88.74374742795015,
  "summary_bg_median": 87.23095812276006,
  "summary_bg_n": 1861932.0,
  "summary_bg_p05": 51.35899432376027,
  "summary_bg_p95": 131.27759059518576,
  "summary_bg_stdv": 24.404915241543076,
  "summary_csf_k": -0.037408592048829625,
  "summary_csf_mad": 97.82760673123232,
  "summary_csf_mean": 370.57288600569706,
  "summary_csf_median": 375.93128215894103,
  "summary_csf_n": 27836.0,
  "summary_csf_p05": 206.42763014044613,
  "summary_csf_p95": 520.436659405008,
  "summary_csf_stdv": 96.33579740455586,
  "summary_gm_k": 0.36499143750831564,
  "summary_gm_mad": 58.399961781007484,
  "summary_gm_mean": 657.2132544236345,
  "summary_gm_median": 654.3874011486769,
  "summary_gm_n": 38128.0,
  "summary_gm_p05": 560.2700607446953,
  "summary_gm_p95": 763.8193107130006,
  "summary_gm_stdv": 61.47083240947706,
  "summary_wm_k": 0.6975444108374633,
  "summary_wm_mad": 51.0871819783069,
  "summary_wm_mean": 995.8998994898344,
  "summary_wm_median": 999.9999754428864,
  "summary_wm_n": 153819.0,
  "summary_wm_p05": 897.0750331580639,
  "summary_wm_p95": 1079.0562648922205,
  "summary_wm_stdv": 55.22583005573285,
  "tpm_overlap_csf": 0.1527041643857956,
  "tpm_overlap_gm": 0.46376246213912964,
  "tpm_overlap_wm": 0.4838283061981201,
  "wm2max": 0.5810835187300823
}