{
  "bids_meta": {
    "EchoTime": 0.00336,
    "FlipAngle": 9,
    "ImageType": [
      "ORIGINAL",
      "PRIMARY",
      "M",
      "ND",
      "NORM"
    ],
    "MagneticFieldStrength": 3,
    "Manufacturer": "Siemens",
    "ManufacturersModelName": "TrioTim",
    "PhaseEncodingDirection": "i-",
    "RepetitionTime": 2.3,
    "ScanningSequence": "GR_IR",
    "SequenceName": "_tfl3d1",
    "SequenceVariant": "SP_MP",
    "SoftwareVersions": "syngo_MR_B17",
    "dataset": "ds001894",
    "modality": "T1w",
    "session_id": "T1",
    "subject_id": "181"
  },
  "cjv": 0.32657319137353125,
  "cnr": 3.9037210358139793,
  "efc": 0.6706357121757587,
  "fber": 40.84309428835704,
  "fwhm_avg": 3.640557921107576,
  "fwhm_x": 3.75402,
  "fwhm_y": 3.72876,
  "fwhm_z": 3.4388937633227283,
  "icvs_csf": 0.22113047637021732,
  "icvs_gm": 0.4609165561186966,
  "icvs_wm": 0.3179529675110861,
  "inu_med": 1.073549747467041,
  "inu_range": 0.30983908176422126,
  "provenance": {
    "md5sum": "50fb835de1b0d4e762d8351e03aa5c7c",
    "settings": {
      "testing": false
    },
    "software": "mriqc",
    "version": "22.0.0rc1",
    "warnings": {
      "large_rot_frame": true,
      "small_air_mask": false
    },
    "webapi_port": null,
    "webapi_url": "https://mriqc.nimh.nih.gov/api/v1"
  },
  "qi_1": 0.0,
  "qi_2": 0.003987206014057717,
  "rpve_csf": 22.831639710693537,
  "rpve_gm": 11.767987464387465,
  "rpve_wm": 19.232898445262837,
  "size_x": 256,
  "size_y": 256,
  "size_z": 160,
  "snr_csf": 3.849629417255545,
  "snr_gm": 10.937324074069135,
  "snr_total": 11.206190477190532,
  "snr_wm": 18.831617940246915,
  "snrd_csf": 9.706984465210516,
  "snrd_gm": 16.802843461602684,
  "snrd_total": 17.224431427922315,
  "snrd_wm": 25.16346635695374,
  "spacing_x": 1.0,
  "spacing_y": 1.0,
  "spacing_z": 1.0000076293945312,
  "summary_bg_k": 0.3762733488192551,
  "summary_bg_mad": 26.035220566387267,
  "summary_bg_mean": 94.60195596077104,
  "summary_bg_median": 92.84111023694277,
  "summary_bg_n": 2229646.0,
  "summary_bg_p05": 54.52731514722109,
  "summary_bg_p95": 140.63357859104872,
  "summary_bg_stdv": 26.399610214950624,
  "summary_csf_k": 0.08784981367932376,
  "summary_csf_mad": 99.814006120283,
  "summary_csf_mean": 382.3895977149165,
  "summary_csf_median": 385.75705798342824,
  "summary_csf_n": 24354.0,
  "summary_csf_p05": 210.92542400956154,
  "summary_csf_p95": 541.381906658411,
  "summary_csf_stdv": 100.20422651192217,
  "summary_gm_k": 0.19448705516009968,
  "summary_gm_mad": 58.94906474832572,
  "summary_gm_mean": 670.5637884267794,
  "summary_gm_median": 667.7475875988603,
  "summary_gm_n": 29438.0,
  "summary_gm_p05": 574.4500044126064,
  "summary_gm_p95": 776.4604867782442,
  "summary_gm_stdv": 61.05115304147943,
  "summary_wm_k": 0.702850632369115,
  "summary_wm_mad": 49.55567550988486,
  "summary_wm_mean": 998.7070796596852,
  "summary_wm_median": 1000.0000293925405,
  "summary_wm_n": 153278.0,
  "summary_wm_p05": 909.6533068567514,
  "summary_wm_p95": 1082.9633643329144,
  "summary_wm_stdv": 53.1020101678674,
  "tpm_overlap_csf": 0.14696139097213745,
  "tpm_overlap_gm": 0.46764254570007324,
  "tpm_overlap_wm": 0.4914848804473877,
  "wm2max": 0.5269591734798497
}