{
  "bids_meta": {
    "EchoTime": 0.00336,
    "FlipAngle": 9,
    "ImageType": [
      "ORIGINAL",
      "PRIMARY",
      "M",
      "ND",
      "NORM"
    ],
    "MagneticFieldStrength": 3,
    "Manufacturer": "Siemens",
    "ManufacturersModelName": "TrioTim",
    "PhaseEncodingDirection": "i-",
    "RepetitionTime": 2.3,
    "ScanningSequence": "GR_IR",
    "SequenceName": "_tfl3d1",
    "SequenceVariant": "SP_MP",
    "SoftwareVersions": "syngo_MR_B17",
    "dataset": "ds001894",
    "modality": "T1w",
    "session_id": "T1",
    "subject_id": "079"
  },
  "cjv": 0.2826403483864549,
  "cnr": 4.437869717390376,
  "efc": 0.6523610995296151,
  "fber": 54.984428905114584,
  "fwhm_avg": 3.67012340995491,
  "fwhm_x": 3.68445,
  "fwhm_y": 3.8564902298647303,
  "fwhm_z": 3.46943,
  "icvs_csf": 0.20847123538279702,
  "icvs_gm": 0.47648996798654336,
  "icvs_wm": 0.3150387966306596,
  "inu_med": 1.1753630638122559,
  "inu_range": 0.4030681252479553,
  "provenance": {
    "md5sum": "3f7cca1482d91a5014867d054d8fda9f",
    "settings": {
      "testing": false
    },
    "software": "mriqc",
    "version": "21.0.0rc2",
    "warnings": {
      "large_rot_frame": true,
      "small_air_mask": false
    },
    "webapi_port": null,
    "webapi_url": "https://mriqc.nimh.nih.gov/api/v1"
  },
  "qi_1": 0.0,
  "qi_2": 0.005083869784862007,
  "rpve_csf": 23.431278809370397,
  "rpve_gm": 11.265375010500753,
  "rpve_wm": 18.67664893025392,
  "size_x": 256,
  "size_y": 256,
  "size_z": 160,
  "snr_csf": 4.662219568072178,
  "snr_gm": 11.375452033963713,
  "snr_total": 11.649989859009724,
  "snr_wm": 18.91229797499328,
  "snrd_csf": 11.669148413835664,
  "snrd_gm": 18.80698986024503,
  "snrd_total": 19.917626817897727,
  "snrd_wm": 29.276742179612487,
  "spacing_x": 1.0,
  "spacing_y": 0.9999999403953552,
  "spacing_z": 1.0,
  "summary_bg_k": 0.21417802806280628,
  "summary_bg_mad": 22.37736584703364,
  "summary_bg_mean": 82.64156595355928,
  "summary_bg_median": 81.34702751412988,
  "summary_bg_n": 2009687.0,
  "summary_bg_p05": 47.82813183963299,
  "summary_bg_p95": 121.76571925729513,
  "summary_bg_stdv": 22.55487885206349,
  "summary_csf_k": 0.7405353125694827,
  "summary_csf_mad": 81.13974733106224,
  "summary_csf_mean": 395.2089454837578,
  "summary_csf_median": 398.5808331258595,
  "summary_csf_n": 33726.0,
  "summary_csf_p05": 248.82389572635293,
  "summary_csf_p95": 527.4031619988382,
  "summary_csf_stdv": 85.4903803133421,
  "summary_gm_k": 0.5816675245925231,
  "summary_gm_mad": 51.845741131309104,
  "summary_gm_mean": 645.1481768068868,
  "summary_gm_median": 642.3866953477263,
  "summary_gm_n": 55305.0,
  "summary_gm_p05": 556.2646953269839,
  "summary_gm_p95": 744.2762975208461,
  "summary_gm_stdv": 56.470800960757636,
  "summary_wm_k": 0.7621987991540227,
  "summary_wm_mad": 49.23020486347401,
  "summary_wm_mean": 997.026125573864,
  "summary_wm_median": 999.9999893158674,
  "summary_wm_n": 160657.0,
  "summary_wm_p05": 904.4926985062659,
  "summary_wm_p95": 1077.6226950883865,
  "summary_wm_stdv": 52.87548231382856,
  "tpm_overlap_csf": 0.1468457132577896,
  "tpm_overlap_gm": 0.4877702295780182,
  "tpm_overlap_wm": 0.49736353754997253,
  "wm2max": 0.546899382488032
}