{
  "bids_meta": {
    "EchoTime": 0.00336,
    "FlipAngle": 9,
    "ImageType": [
      "ORIGINAL",
      "PRIMARY",
      "M",
      "ND",
      "NORM"
    ],
    "MagneticFieldStrength": 3,
    "Manufacturer": "Siemens",
    "ManufacturersModelName": "TrioTim",
    "PhaseEncodingDirection": "i-",
    "RepetitionTime": 2.3,
    "ScanningSequence": "GR_IR",
    "SequenceName": "_tfl3d1",
    "SequenceVariant": "SP_MP",
    "SoftwareVersions": "syngo_MR_B17",
    "dataset": "ds001894",
    "modality": "T1w",
    "session_id": "T1",
    "subject_id": "071"
  },
  "cjv": 0.44185797300623947,
  "cnr": 2.889624630222458,
  "efc": 0.6780555565041877,
  "fber": 60.17165490706574,
  "fwhm_avg": 3.640166737211351,
  "fwhm_x": 3.56245,
  "fwhm_y": 3.80742,
  "fwhm_z": 3.5506302116340525,
  "icvs_csf": 0.2008714519076784,
  "icvs_gm": 0.4680616167566207,
  "icvs_wm": 0.3310669313357009,
  "inu_med": 1.1087772846221924,
  "inu_range": 0.35481190383434247,
  "provenance": {
    "md5sum": "51d1bfc03c34590f5fad48fbd7bafdad",
    "settings": {
      "testing": false
    },
    "software": "mriqc",
    "version": "21.0.0rc2",
    "warnings": {
      "large_rot_frame": true,
      "small_air_mask": false
    },
    "webapi_port": null,
    "webapi_url": "https://mriqc.nimh.nih.gov/api/v1"
  },
  "qi_1": 0.0,
  "qi_2": 0.003460067411232824,
  "rpve_csf": 24.75930488048472,
  "rpve_gm": 11.384210967005558,
  "rpve_wm": 17.51928062980248,
  "size_x": 256,
  "size_y": 256,
  "size_z": 160,
  "snr_csf": 4.7715327225331,
  "snr_gm": 12.996969287887836,
  "snr_total": 12.856242315566996,
  "snr_wm": 20.800224936280056,
  "snrd_csf": 13.047114883772148,
  "snrd_gm": 19.325006546659687,
  "snrd_total": 19.189285409654076,
  "snrd_wm": 25.195734798530392,
  "spacing_x": 1.0,
  "spacing_y": 1.0,
  "spacing_z": 0.9999999403953552,
  "summary_bg_k": 0.7842490469981911,
  "summary_bg_mad": 26.00187612120317,
  "summary_bg_mean": 93.07936827968311,
  "summary_bg_median": 91.11408015340567,
  "summary_bg_n": 2013698.0,
  "summary_bg_p05": 53.11508247256279,
  "summary_bg_p95": 139.51060577109456,
  "summary_bg_stdv": 26.611583034992083,
  "summary_csf_k": 13.010815129244673,
  "summary_csf_mad": 105.36950751973285,
  "summary_csf_mean": 509.04516786875155,
  "summary_csf_median": 517.8302969671786,
  "summary_csf_n": 45121.0,
  "summary_csf_p05": 324.78703732043505,
  "summary_csf_p95": 664.2725880295038,
  "summary_csf_stdv": 108.52373625135864,
  "summary_gm_k": 0.331928596149651,
  "summary_gm_mad": 56.02785211830683,
  "summary_gm_mean": 770.0933564900731,
  "summary_gm_median": 766.9951531887054,
  "summary_gm_n": 42299.0,
  "summary_gm_p05": 678.3865014538169,
  "summary_gm_p95": 873.313008128479,
  "summary_gm_stdv": 59.01268748084173,
  "summary_wm_k": 0.27256149001966934,
  "summary_wm_mad": 46.927195475885725,
  "summary_wm_mean": 999.4911323314221,
  "summary_wm_median": 999.9999961107969,
  "summary_wm_n": 176196.0,
  "summary_wm_p05": 919.6592581570148,
  "summary_wm_p95": 1077.2924628220499,
  "summary_wm_stdv": 48.07626655102663,
  "tpm_overlap_csf": 0.14674240350723267,
  "tpm_overlap_gm": 0.48446211218833923,
  "tpm_overlap_wm": 0.5005771517753601,
  "wm2max": 0.5319177291102127
}