{
  "bids_meta": {
    "EchoTime": 0.00336,
    "FlipAngle": 9,
    "ImageType": [
      "ORIGINAL",
      "PRIMARY",
      "M",
      "ND",
      "NORM"
    ],
    "MagneticFieldStrength": 3,
    "Manufacturer": "Siemens",
    "ManufacturersModelName": "TrioTim",
    "PhaseEncodingDirection": "i-",
    "RepetitionTime": 2.3,
    "ScanningSequence": "GR_IR",
    "SequenceName": "_tfl3d1",
    "SequenceVariant": "SP_MP",
    "SoftwareVersions": "syngo_MR_B17",
    "dataset": "ds001894",
    "modality": "T1w",
    "session_id": "T1",
    "subject_id": "068"
  },
  "cjv": 0.29512848453766366,
  "cnr": 4.208695985839507,
  "efc": 0.6521955575879695,
  "fber": 118.6737890625,
  "fwhm_avg": 4.007010082758074,
  "fwhm_x": 4.0553,
  "fwhm_y": 4.165350248274222,
  "fwhm_z": 3.80038,
  "icvs_csf": 0.2275591014790167,
  "icvs_gm": 0.4231396235577968,
  "icvs_wm": 0.3493012749631865,
  "inu_med": 1.2178359031677246,
  "inu_range": 0.4957069307565688,
  "provenance": {
    "md5sum": "d8bf36507b5fb7a171824089f8d5bca7",
    "settings": {
      "testing": false
    },
    "software": "mriqc",
    "version": "21.0.0rc2",
    "warnings": {
      "large_rot_frame": true,
      "small_air_mask": false
    },
    "webapi_port": null,
    "webapi_url": "https://mriqc.nimh.nih.gov/api/v1"
  },
  "qi_1": 0.0,
  "qi_2": 0.006420158157131234,
  "rpve_csf": 20.772028162144224,
  "rpve_gm": 11.341100121365232,
  "rpve_wm": 16.09057169466301,
  "size_x": 256,
  "size_y": 256,
  "size_z": 160,
  "snr_csf": 4.254827857771367,
  "snr_gm": 11.726683332593913,
  "snr_total": 12.973066745272765,
  "snr_wm": 22.937689045453013,
  "snrd_csf": 16.388850931268788,
  "snrd_gm": 26.26297145854295,
  "snrd_total": 27.00169495038774,
  "snrd_wm": 38.35326246135148,
  "spacing_x": 1.0,
  "spacing_y": 0.9999999403953552,
  "spacing_z": 1.0,
  "summary_bg_k": 0.45578206093330476,
  "summary_bg_mad": 17.08223476997697,
  "summary_bg_mean": 54.60520952338489,
  "summary_bg_median": 53.20460647344589,
  "summary_bg_n": 1997730.0,
  "summary_bg_p05": 28.751628398895264,
  "summary_bg_p95": 85.1978400349617,
  "summary_bg_stdv": 17.314597417447423,
  "summary_csf_k": 0.22816768573568824,
  "summary_csf_mad": 102.70236562010618,
  "summary_csf_mean": 424.4328796802697,
  "summary_csf_median": 427.3281240463257,
  "summary_csf_n": 39739.0,
  "summary_csf_p05": 259.04301081597805,
  "summary_csf_p95": 580.3177937865257,
  "summary_csf_stdv": 100.43244089125405,
  "summary_gm_k": 1.0379630465793035,
  "summary_gm_mad": 52.97059956194693,
  "summary_gm_mean": 686.7765286941486,
  "summary_gm_median": 684.78909060359,
  "summary_gm_n": 34909.0,
  "summary_gm_p05": 595.1093790829182,
  "summary_gm_p95": 784.6446235477924,
  "summary_gm_stdv": 58.39496666780506,
  "summary_wm_k": 0.9076343496494017,
  "summary_wm_mad": 40.06750479685729,
  "summary_wm_mean": 997.934850247102,
  "summary_wm_median": 1000.035192668438,
  "summary_wm_n": 212692.0,
  "summary_wm_p05": 923.0470700562,
  "summary_wm_p95": 1064.9730004370213,
  "summary_wm_stdv": 43.597802716051625,
  "tpm_overlap_csf": 0.1435384750366211,
  "tpm_overlap_gm": 0.4433742165565491,
  "tpm_overlap_wm": 0.48717716336250305,
  "wm2max": 0.6821120430676055
}