{
  "bids_meta": {
    "EchoTime": 0.00336,
    "FlipAngle": 9,
    "ImageType": [
      "ORIGINAL",
      "PRIMARY",
      "M",
      "ND",
      "NORM"
    ],
    "MagneticFieldStrength": 3,
    "Manufacturer": "Siemens",
    "ManufacturersModelName": "TrioTim",
    "PhaseEncodingDirection": "i-",
    "RepetitionTime": 2.3,
    "ScanningSequence": "GR_IR",
    "SequenceName": "_tfl3d1",
    "SequenceVariant": "SP_MP",
    "SoftwareVersions": "syngo_MR_B17",
    "dataset": "ds001894",
    "modality": "T1w",
    "session_id": "T1",
    "subject_id": "055"
  },
  "cjv": 0.32370465639387397,
  "cnr": 3.9854368175484467,
  "efc": 0.6595986190898236,
  "fber": 45.34684669364805,
  "fwhm_avg": 3.635098573595505,
  "fwhm_x": 3.653710435556225,
  "fwhm_y": 3.74354,
  "fwhm_z": 3.50804528523029,
  "icvs_csf": 0.2357909401642425,
  "icvs_gm": 0.4181331649930765,
  "icvs_wm": 0.346075894842681,
  "inu_med": 1.024713158607483,
  "inu_range": 0.2336180686950683,
  "provenance": {
    "md5sum": "442ce54b747f800c0aedf9eb5b67c751",
    "settings": {
      "testing": false
    },
    "software": "mriqc",
    "version": "21.0.0rc2",
    "warnings": {
      "large_rot_frame": true,
      "small_air_mask": false
    },
    "webapi_port": null,
    "webapi_url": "https://mriqc.nimh.nih.gov/api/v1"
  },
  "qi_1": 0.0,
  "qi_2": 0.0044550909329826,
  "rpve_csf": 21.189988001273335,
  "rpve_gm": 12.244236710578008,
  "rpve_wm": 18.35203042644945,
  "size_x": 256,
  "size_y": 256,
  "size_z": 160,
  "snr_csf": 3.949824582725725,
  "snr_gm": 10.001702849506701,
  "snr_total": 12.0694367519961,
  "snr_wm": 22.256782823755877,
  "snrd_csf": 10.28827059504719,
  "snrd_gm": 18.663048825997564,
  "snrd_total": 18.986629648975274,
  "snrd_wm": 28.008569525881068,
  "spacing_x": 0.9999998807907104,
  "spacing_y": 1.0,
  "spacing_z": 0.999847412109375,
  "summary_bg_k": 0.15593551708114006,
  "summary_bg_mad": 23.390567942608715,
  "summary_bg_mean": 86.14645830945703,
  "summary_bg_median": 84.7372892126441,
  "summary_bg_n": 2335782.0,
  "summary_bg_p05": 49.935748782008886,
  "summary_bg_p95": 126.99885215610266,
  "summary_bg_stdv": 23.500923870828547,
  "summary_csf_k": 0.2863945002501853,
  "summary_csf_mad": 91.39255845449152,
  "summary_csf_mean": 366.6760083083212,
  "summary_csf_median": 367.32579750940204,
  "summary_csf_n": 23003.0,
  "summary_csf_p05": 212.59636406041682,
  "summary_csf_p95": 516.5583722647278,
  "summary_csf_stdv": 92.99598132207447,
  "summary_gm_k": 0.19600025195413684,
  "summary_gm_mad": 64.87972013040337,
  "summary_gm_mean": 668.4787856556543,
  "summary_gm_median": 666.3334941118956,
  "summary_gm_n": 20919.0,
  "summary_gm_p05": 562.5999179072678,
  "summary_gm_p95": 782.9882576353847,
  "summary_gm_stdv": 66.62041228713231,
  "summary_wm_k": 0.5490711995644815,
  "summary_wm_mad": 43.12966713399571,
  "summary_wm_mean": 999.8283341303888,
  "summary_wm_median": 999.9999555945396,
  "summary_wm_n": 182395.0,
  "summary_wm_p05": 926.4705470949411,
  "summary_wm_p95": 1072.7797924540937,
  "summary_wm_stdv": 44.929998293389325,
  "tpm_overlap_csf": 0.14908581972122192,
  "tpm_overlap_gm": 0.43817439675331116,
  "tpm_overlap_wm": 0.47943979501724243,
  "wm2max": 0.5772314915752581
}