{
  "bids_meta": {
    "EchoTime": 0.00336,
    "FlipAngle": 9,
    "ImageType": [
      "ORIGINAL",
      "PRIMARY",
      "M",
      "ND",
      "NORM"
    ],
    "MagneticFieldStrength": 3,
    "Manufacturer": "Siemens",
    "ManufacturersModelName": "TrioTim",
    "PhaseEncodingDirection": "i-",
    "RepetitionTime": 2.3,
    "ScanningSequence": "GR_IR",
    "SequenceName": "_tfl3d1",
    "SequenceVariant": "SP_MP",
    "SoftwareVersions": "syngo_MR_B17",
    "dataset": "ds001894",
    "modality": "T1w",
    "session_id": "T1",
    "subject_id": "115"
  },
  "cjv": 0.32387849036924665,
  "cnr": 3.8381115022481485,
  "efc": 0.7053911509505086,
  "fber": 32.99679334868567,
  "fwhm_avg": 3.56554007904348,
  "fwhm_x": 3.64886,
  "fwhm_y": 3.63539,
  "fwhm_z": 3.4123702371304407,
  "icvs_csf": 0.23079503763627207,
  "icvs_gm": 0.4346944055692527,
  "icvs_wm": 0.3345105567944752,
  "inu_med": 1.1018486022949219,
  "inu_range": 0.32843307554721846,
  "provenance": {
    "md5sum": "ef4e657c2a8fa039dbc32850d64b9f03",
    "settings": {
      "testing": false
    },
    "software": "mriqc",
    "version": "22.0.0rc1",
    "warnings": {
      "large_rot_frame": true,
      "small_air_mask": false
    },
    "webapi_port": null,
    "webapi_url": "https://mriqc.nimh.nih.gov/api/v1"
  },
  "qi_1": 0.0,
  "qi_2": 0.003926716410330684,
  "rpve_csf": 19.76733955781439,
  "rpve_gm": 10.933614381164492,
  "rpve_wm": 16.795123186804144,
  "size_x": 256,
  "size_y": 256,
  "size_z": 160,
  "snr_csf": 3.8501051369045944,
  "snr_gm": 10.209784868427704,
  "snr_total": 10.950019845862819,
  "snr_wm": 18.790169532256158,
  "snrd_csf": 8.884453608332196,
  "snrd_gm": 15.266104797218295,
  "snrd_total": 15.756285685792541,
  "snrd_wm": 23.118298651827132,
  "spacing_x": 1.0,
  "spacing_y": 1.0,
  "spacing_z": 1.0000028610229492,
  "summary_bg_k": 0.34280890949454745,
  "summary_bg_mad": 28.338434740354653,
  "summary_bg_mean": 103.60937686043756,
  "summary_bg_median": 101.7985082603991,
  "summary_bg_n": 2085279.0,
  "summary_bg_p05": 59.872315756976604,
  "summary_bg_p95": 153.2622283063829,
  "summary_bg_stdv": 28.564611664372542,
  "summary_csf_k": 0.41986226654957903,
  "summary_csf_mad": 96.55845482813307,
  "summary_csf_mean": 381.64138348277913,
  "summary_csf_median": 384.3039669394493,
  "summary_csf_n": 31195.0,
  "summary_csf_p05": 213.91311774030328,
  "summary_csf_p95": 538.5900196310132,
  "summary_csf_stdv": 99.81488648242487,
  "summary_gm_k": 0.551894161297874,
  "summary_gm_mad": 59.793520144617965,
  "summary_gm_mean": 663.3090043898808,
  "summary_gm_median": 660.3472640998662,
  "summary_gm_n": 33665.0,
  "summary_gm_p05": 561.5073358118534,
  "summary_gm_p95": 774.6418798752129,
  "summary_gm_stdv": 64.67692168969397,
  "summary_wm_k": 0.4792790549098309,
  "summary_wm_mad": 50.21270514075061,
  "summary_wm_mean": 998.4035036731418,
  "summary_wm_median": 1000.0000306665897,
  "summary_wm_n": 200101.0,
  "summary_wm_p05": 907.7001212649047,
  "summary_wm_p95": 1082.7624125257134,
  "summary_wm_stdv": 53.219186245691276,
  "tpm_overlap_csf": 0.1462036371231079,
  "tpm_overlap_gm": 0.4543815553188324,
  "tpm_overlap_wm": 0.4729737639427185,
  "wm2max": 0.5882266598895063
}