{
  "bids_meta": {
    "EchoTime": 0.00336,
    "FlipAngle": 9,
    "ImageType": [
      "ORIGINAL",
      "PRIMARY",
      "M",
      "ND",
      "NORM"
    ],
    "MagneticFieldStrength": 3,
    "Manufacturer": "Siemens",
    "ManufacturersModelName": "TrioTim",
    "PhaseEncodingDirection": "i-",
    "RepetitionTime": 2.3,
    "ScanningSequence": "GR_IR",
    "SequenceName": "_tfl3d1",
    "SequenceVariant": "SP_MP",
    "SoftwareVersions": "syngo_MR_B17",
    "dataset": "ds001894",
    "modality": "T1w",
    "session_id": "T2",
    "subject_id": "025"
  },
  "cjv": 0.37198366464552063,
  "cnr": 3.4062944542125777,
  "efc": 0.7067021362832081,
  "fber": 31.468219389869724,
  "fwhm_avg": 3.5996273557480287,
  "fwhm_x": 3.5979902144569285,
  "fwhm_y": 3.7731895502007546,
  "fwhm_z": 3.427702302586404,
  "icvs_csf": 0.2397680755770767,
  "icvs_gm": 0.4196691080097336,
  "icvs_wm": 0.3405628164131897,
  "inu_med": 1.1963229179382324,
  "inu_range": 0.3420505762100221,
  "provenance": {
    "md5sum": "4a75d931bf5e5b17361520c7fb934048",
    "settings": {
      "testing": false
    },
    "software": "mriqc",
    "version": "21.0.0rc2",
    "warnings": {
      "large_rot_frame": true,
      "small_air_mask": false
    },
    "webapi_port": null,
    "webapi_url": "https://mriqc.nimh.nih.gov/api/v1"
  },
  "qi_1": 0.0,
  "qi_2": 0.003839664985402535,
  "rpve_csf": 19.824930592418056,
  "rpve_gm": 11.442128866465746,
  "rpve_wm": 17.03287368207491,
  "size_x": 256,
  "size_y": 256,
  "size_z": 160,
  "snr_csf": 3.7912232036800995,
  "snr_gm": 9.795008569952502,
  "snr_total": 11.048152764918093,
  "snr_wm": 19.558226521121675,
  "snrd_csf": 8.902190036490627,
  "snrd_gm": 15.947217592553486,
  "snrd_total": 16.007868169053943,
  "snrd_wm": 23.174196878117716,
  "spacing_x": 0.9999999403953552,
  "spacing_y": 1.0000001192092896,
  "spacing_z": 0.9999847412109375,
  "summary_bg_k": 1.2688644787378758,
  "summary_bg_mad": 28.26898678460782,
  "summary_bg_mean": 103.58411910011078,
  "summary_bg_median": 101.71720694750547,
  "summary_bg_n": 1883843.0,
  "summary_bg_p05": 59.83137610182166,
  "summary_bg_p95": 153.27197381481528,
  "summary_bg_stdv": 28.84525029800003,
  "summary_csf_k": -0.21594717149657416,
  "summary_csf_mad": 102.35322801323521,
  "summary_csf_mean": 377.64759211447114,
  "summary_csf_median": 384.12749026715755,
  "summary_csf_n": 26424.0,
  "summary_csf_p05": 201.1196706114337,
  "summary_csf_p95": 534.3769546816125,
  "summary_csf_stdv": 101.31828199706726,
  "summary_gm_k": 0.200446552990992,
  "summary_gm_mad": 67.1460112064417,
  "summary_gm_mean": 690.7219648261029,
  "summary_gm_median": 688.1188387870789,
  "summary_gm_n": 26509.0,
  "summary_gm_p05": 578.0012602239847,
  "summary_gm_p95": 812.0745985843241,
  "summary_gm_stdv": 70.25066438524269,
  "summary_wm_k": 0.5490497146381381,
  "summary_wm_mad": 48.854313875224875,
  "summary_wm_mean": 998.9480794095074,
  "summary_wm_median": 999.9613633565605,
  "summary_wm_n": 187092.0,
  "summary_wm_p05": 913.7144540436566,
  "summary_wm_p95": 1080.4069110564888,
  "summary_wm_stdv": 51.12726810349417,
  "tpm_overlap_csf": 0.15177786350250244,
  "tpm_overlap_gm": 0.4471183121204376,
  "tpm_overlap_wm": 0.48438379168510437,
  "wm2max": 0.5763357927821493
}