{
  "bids_meta": {
    "EchoTime": 0.00336,
    "FlipAngle": 9,
    "ImageType": [
      "ORIGINAL",
      "PRIMARY",
      "M",
      "ND",
      "NORM"
    ],
    "MagneticFieldStrength": 3,
    "Manufacturer": "Siemens",
    "ManufacturersModelName": "TrioTim",
    "PhaseEncodingDirection": "i-",
    "RepetitionTime": 2.3,
    "ScanningSequence": "GR_IR",
    "SequenceName": "_tfl3d1",
    "SequenceVariant": "SP_MP",
    "SoftwareVersions": "syngo_MR_B17",
    "dataset": "ds001894",
    "modality": "T1w",
    "session_id": "T1",
    "subject_id": "003"
  },
  "cjv": 0.335031835049606,
  "cnr": 3.7837783514942798,
  "efc": 0.6676363297380385,
  "fber": 38.9562797908279,
  "fwhm_avg": 3.67842992952051,
  "fwhm_x": 3.6963895593560268,
  "fwhm_y": 3.845430229205503,
  "fwhm_z": 3.49347,
  "icvs_csf": 0.2204509793881097,
  "icvs_gm": 0.46325904875227875,
  "icvs_wm": 0.31628997185961155,
  "inu_med": 1.1718990802764893,
  "inu_range": 0.38213601112365736,
  "provenance": {
    "md5sum": "eac28128a5db34b78a950203ca4168d8",
    "settings": {
      "testing": false
    },
    "software": "mriqc",
    "version": "21.0.0rc2",
    "warnings": {
      "large_rot_frame": true,
      "small_air_mask": false
    },
    "webapi_port": null,
    "webapi_url": "https://mriqc.nimh.nih.gov/api/v1"
  },
  "qi_1": 0.0,
  "qi_2": 0.0046227341898089054,
  "rpve_csf": 22.873834427065923,
  "rpve_gm": 11.617202554442772,
  "rpve_wm": 18.671557655195173,
  "size_x": 256,
  "size_y": 256,
  "size_z": 160,
  "snr_csf": 3.8908977165605108,
  "snr_gm": 10.558499062776084,
  "snr_total": 10.117237524513804,
  "snr_wm": 15.90231579420482,
  "snrd_csf": 9.413225601996263,
  "snrd_gm": 16.42620113722158,
  "snrd_total": 17.008914907683405,
  "snrd_wm": 25.18731798383237,
  "spacing_x": 1.0000001192092896,
  "spacing_y": 0.9999999403953552,
  "spacing_z": 1.0,
  "summary_bg_k": 0.20735801604406134,
  "summary_bg_mad": 26.011618618615756,
  "summary_bg_mean": 96.4357639220749,
  "summary_bg_median": 94.97568687796593,
  "summary_bg_n": 1946304.0,
  "summary_bg_p05": 56.118313279002905,
  "summary_bg_p95": 141.65315756201744,
  "summary_bg_stdv": 26.107138695429377,
  "summary_csf_k": 0.13139158053360322,
  "summary_csf_mad": 93.59376860924561,
  "summary_csf_mean": 367.43470092015104,
  "summary_csf_median": 373.7439145743847,
  "summary_csf_n": 37030.0,
  "summary_csf_p05": 197.89302675426006,
  "summary_csf_p95": 513.3711402490735,
  "summary_csf_stdv": 96.05466277047518,
  "summary_gm_k": 0.38987700412731074,
  "summary_gm_mad": 57.91039341419305,
  "summary_gm_mean": 655.0922091925586,
  "summary_gm_median": 652.1879931688309,
  "summary_gm_n": 49576.0,
  "summary_gm_p05": 557.8606044948101,
  "summary_gm_p95": 761.9529828242958,
  "summary_gm_stdv": 61.76838313851318,
  "summary_wm_k": 0.6062190593951158,
  "summary_wm_mad": 58.631269680759765,
  "summary_wm_mean": 996.5241106386638,
  "summary_wm_median": 1000.0404982231557,
  "summary_wm_n": 160230.0,
  "summary_wm_p05": 887.2771293744445,
  "summary_wm_p95": 1092.8686973005533,
  "summary_wm_stdv": 62.8862733276928,
  "tpm_overlap_csf": 0.14791879057884216,
  "tpm_overlap_gm": 0.47367948293685913,
  "tpm_overlap_wm": 0.46698659658432007,
  "wm2max": 0.50346659320867
}