{
  "bids_meta": {
    "EchoTime": 0.00336,
    "FlipAngle": 9,
    "ImageType": [
      "ORIGINAL",
      "PRIMARY",
      "M",
      "ND",
      "NORM"
    ],
    "MagneticFieldStrength": 3,
    "Manufacturer": "Siemens",
    "ManufacturersModelName": "TrioTim",
    "PhaseEncodingDirection": "i-",
    "RepetitionTime": 2.3,
    "ScanningSequence": "GR_IR",
    "SequenceName": "_tfl3d1",
    "SequenceVariant": "SP_MP",
    "SoftwareVersions": "syngo_MR_B17",
    "dataset": "ds001894",
    "modality": "T1w",
    "session_id": "T1",
    "subject_id": "145"
  },
  "cjv": 0.3162928164712599,
  "cnr": 4.055846255286858,
  "efc": 0.6706616514989946,
  "fber": 46.506507429335336,
  "fwhm_avg": 3.757601518689809,
  "fwhm_x": 3.86446,
  "fwhm_y": 3.84687,
  "fwhm_z": 3.5614745560694283,
  "icvs_csf": 0.2295190277793056,
  "icvs_gm": 0.43408735371396434,
  "icvs_wm": 0.33639361850673005,
  "inu_med": 0.9740921258926392,
  "inu_range": 0.25849369764328,
  "provenance": {
    "md5sum": "59411877144dd7c7c08c789f0ac6bf40",
    "settings": {
      "testing": false
    },
    "software": "mriqc",
    "version": "22.0.0rc1",
    "warnings": {
      "large_rot_frame": true,
      "small_air_mask": false
    },
    "webapi_port": null,
    "webapi_url": "https://mriqc.nimh.nih.gov/api/v1"
  },
  "qi_1": 0.0,
  "qi_2": 0.0045181725364934165,
  "rpve_csf": 20.433183558323726,
  "rpve_gm": 11.323193064741377,
  "rpve_wm": 17.281235476889165,
  "size_x": 256,
  "size_y": 256,
  "size_z": 160,
  "snr_csf": 3.4076592839571553,
  "snr_gm": 10.674171476088416,
  "snr_total": 11.687216104745353,
  "snr_wm": 20.97981755419049,
  "snrd_csf": 9.552317774310401,
  "snrd_gm": 18.340651440011573,
  "snrd_total": 18.465465708084754,
  "snrd_wm": 27.503427909932284,
  "spacing_x": 1.0,
  "spacing_y": 1.0,
  "spacing_z": 0.9999846816062927,
  "summary_bg_k": 0.1919314504010594,
  "summary_bg_mad": 23.820171888389808,
  "summary_bg_mean": 87.58857064194878,
  "summary_bg_median": 86.15136912465096,
  "summary_bg_n": 1869119.0,
  "summary_bg_p05": 50.79783362150192,
  "summary_bg_p95": 129.22705368697643,
  "summary_bg_stdv": 23.924736402245436,
  "summary_csf_k": 0.06660197703086501,
  "summary_csf_mad": 110.52776796503426,
  "summary_csf_mean": 346.9774474874289,
  "summary_csf_median": 347.31371834874153,
  "summary_csf_n": 29331.0,
  "summary_csf_p05": 188.60708614438772,
  "summary_csf_p95": 508.9298806488514,
  "summary_csf_stdv": 101.9197545195333,
  "summary_gm_k": 0.28761766125722277,
  "summary_gm_mad": 59.469039612016466,
  "summary_gm_mean": 669.3599961650533,
  "summary_gm_median": 666.8496588021517,
  "summary_gm_n": 34075.0,
  "summary_gm_p05": 569.0967671573162,
  "summary_gm_p95": 775.8490736976265,
  "summary_gm_stdv": 62.472284167081504,
  "summary_wm_k": 0.40557338662742737,
  "summary_wm_mad": 45.904021452341176,
  "summary_wm_mean": 998.6786463118301,
  "summary_wm_median": 1000.0000042319298,
  "summary_wm_n": 200098.0,
  "summary_wm_p05": 918.4599658250809,
  "summary_wm_p95": 1074.4034593850374,
  "summary_wm_stdv": 47.66473792587671,
  "tpm_overlap_csf": 0.15995068848133087,
  "tpm_overlap_gm": 0.4617588520050049,
  "tpm_overlap_wm": 0.4957055449485779,
  "wm2max": 0.5657245870553665
}