{
  "bids_meta": {
    "EchoTime": 0.00336,
    "FlipAngle": 9,
    "ImageType": [
      "ORIGINAL",
      "PRIMARY",
      "M",
      "ND",
      "NORM"
    ],
    "MagneticFieldStrength": 3,
    "Manufacturer": "Siemens",
    "ManufacturersModelName": "TrioTim",
    "PhaseEncodingDirection": "i-",
    "RepetitionTime": 2.3,
    "ScanningSequence": "GR_IR",
    "SequenceName": "_tfl3d1",
    "SequenceVariant": "SP_MP",
    "SoftwareVersions": "syngo_MR_B17",
    "dataset": "ds001894",
    "modality": "T1w",
    "session_id": "T1",
    "subject_id": "084"
  },
  "cjv": 0.31495997144087323,
  "cnr": 4.082605149873526,
  "efc": 0.6607704573297868,
  "fber": 54.25213842346546,
  "fwhm_avg": 3.6733067368108077,
  "fwhm_x": 3.65576,
  "fwhm_y": 3.83369,
  "fwhm_z": 3.530470210432423,
  "icvs_csf": 0.22491780135574432,
  "icvs_gm": 0.4445610817656927,
  "icvs_wm": 0.33052111687856295,
  "inu_med": 1.3626625537872314,
  "inu_range": 0.36919066309928894,
  "provenance": {
    "md5sum": "ec66d5dfbe74e5c3c42d9eaf058c2151",
    "settings": {
      "testing": false
    },
    "software": "mriqc",
    "version": "21.0.0rc2",
    "warnings": {
      "large_rot_frame": true,
      "small_air_mask": false
    },
    "webapi_port": null,
    "webapi_url": "https://mriqc.nimh.nih.gov/api/v1"
  },
  "qi_1": 0.0,
  "qi_2": 0.004410103929856334,
  "rpve_csf": 20.961798913613727,
  "rpve_gm": 11.234524948095151,
  "rpve_wm": 17.568768416043095,
  "size_x": 256,
  "size_y": 256,
  "size_z": 160,
  "snr_csf": 3.652689374016249,
  "snr_gm": 10.638978602227528,
  "snr_total": 11.485420285006905,
  "snr_wm": 20.164592878776944,
  "snrd_csf": 11.218349539797218,
  "snrd_gm": 20.272892388161875,
  "snrd_total": 20.688086521459393,
  "snrd_wm": 30.573017636419088,
  "spacing_x": 1.0,
  "spacing_y": 1.0,
  "spacing_z": 0.9999999403953552,
  "summary_bg_k": 0.23597191624127412,
  "summary_bg_mad": 21.428581820579748,
  "summary_bg_mean": 78.86068166579675,
  "summary_bg_median": 77.57077887654305,
  "summary_bg_n": 1925775.0,
  "summary_bg_p05": 45.780019499361515,
  "summary_bg_p95": 116.35616831481457,
  "summary_bg_stdv": 21.58430587417904,
  "summary_csf_k": -0.022120484475917745,
  "summary_csf_mad": 104.19402169639693,
  "summary_csf_mean": 362.98510866628885,
  "summary_csf_median": 366.93630401045084,
  "summary_csf_n": 21559.0,
  "summary_csf_p05": 194.70265498012307,
  "summary_csf_p95": 519.0280704572797,
  "summary_csf_stdv": 100.45414660022294,
  "summary_gm_k": 0.40991075882204697,
  "summary_gm_mad": 58.48626689561903,
  "summary_gm_mean": 665.8076183527913,
  "summary_gm_median": 663.0975597724319,
  "summary_gm_n": 34810.0,
  "summary_gm_p05": 567.2761004213244,
  "summary_gm_p95": 773.5745923463251,
  "summary_gm_stdv": 62.326287134211995,
  "summary_wm_k": 0.42842193518184457,
  "summary_wm_mad": 47.624531615004074,
  "summary_wm_mean": 998.4714124541292,
  "summary_wm_median": 1000.0000493973494,
  "summary_wm_n": 184016.0,
  "summary_wm_p05": 914.672192633152,
  "summary_wm_p95": 1076.6094810143113,
  "summary_wm_stdv": 49.591744214731065,
  "tpm_overlap_csf": 0.15253378450870514,
  "tpm_overlap_gm": 0.4580621123313904,
  "tpm_overlap_wm": 0.4846896231174469,
  "wm2max": 0.6011409721812134
}