{
  "bids_meta": {
    "EchoTime": 0.00336,
    "FlipAngle": 9,
    "ImageType": [
      "ORIGINAL",
      "PRIMARY",
      "M",
      "ND",
      "NORM"
    ],
    "MagneticFieldStrength": 3,
    "Manufacturer": "Siemens",
    "ManufacturersModelName": "TrioTim",
    "PhaseEncodingDirection": "i-",
    "RepetitionTime": 2.3,
    "ScanningSequence": "GR_IR",
    "SequenceName": "_tfl3d1",
    "SequenceVariant": "SP_MP",
    "SoftwareVersions": "syngo_MR_B17",
    "dataset": "ds001894",
    "modality": "T1w",
    "session_id": "T2",
    "subject_id": "127"
  },
  "cjv": 0.3138321842597652,
  "cnr": 4.0294290902352365,
  "efc": 0.6699937304379671,
  "fber": 44.34611369301755,
  "fwhm_avg": 3.599060081031279,
  "fwhm_x": 3.70323,
  "fwhm_y": 3.67191,
  "fwhm_z": 3.422040243093838,
  "icvs_csf": 0.23417537698312305,
  "icvs_gm": 0.44094438638872663,
  "icvs_wm": 0.3248802366281503,
  "inu_med": 1.0105626583099365,
  "inu_range": 0.2847643196582794,
  "provenance": {
    "md5sum": "5b7aa8b7428d20f61e39d65fd00a62df",
    "settings": {
      "testing": false
    },
    "software": "mriqc",
    "version": "22.0.0rc1",
    "warnings": {
      "large_rot_frame": true,
      "small_air_mask": false
    },
    "webapi_port": null,
    "webapi_url": "https://mriqc.nimh.nih.gov/api/v1"
  },
  "qi_1": 0.0,
  "qi_2": 0.005022446178551018,
  "rpve_csf": 19.64057730352124,
  "rpve_gm": 10.90146563445626,
  "rpve_wm": 17.376544405088985,
  "size_x": 256,
  "size_y": 256,
  "size_z": 160,
  "snr_csf": 3.6553227490661433,
  "snr_gm": 10.289566071874555,
  "snr_total": 11.164909456663949,
  "snr_wm": 19.54983954905115,
  "snrd_csf": 9.844549769356995,
  "snrd_gm": 17.906033510938578,
  "snrd_total": 18.342929758251945,
  "snrd_wm": 27.278205994460265,
  "spacing_x": 1.0,
  "spacing_y": 1.0,
  "spacing_z": 0.9999122619628906,
  "summary_bg_k": 0.16951441541130263,
  "summary_bg_mad": 24.016843539564906,
  "summary_bg_mean": 89.16603124023345,
  "summary_bg_median": 87.74520516395569,
  "summary_bg_n": 2167160.0,
  "summary_bg_p05": 51.76123400777578,
  "summary_bg_p95": 131.02721501886845,
  "summary_bg_stdv": 24.1731104866726,
  "summary_csf_k": -0.317305672281909,
  "summary_csf_mad": 106.63728707020356,
  "summary_csf_mean": 356.894062462563,
  "summary_csf_median": 360.89434143155813,
  "summary_csf_n": 33485.0,
  "summary_csf_p05": 196.58300772309303,
  "summary_csf_p95": 512.4994944691658,
  "summary_csf_stdv": 98.72970932262467,
  "summary_gm_k": 0.4050532708002277,
  "summary_gm_mad": 59.41667021506943,
  "summary_gm_mean": 658.8404691547106,
  "summary_gm_median": 656.4227235354483,
  "summary_gm_n": 33340.0,
  "summary_gm_p05": 556.8445712327957,
  "summary_gm_p95": 767.8971007689834,
  "summary_gm_stdv": 63.79402926270001,
  "summary_wm_k": 0.6490720422234868,
  "summary_wm_mad": 48.408950259435514,
  "summary_wm_mean": 998.4516658170901,
  "summary_wm_median": 1000.0000425055623,
  "summary_wm_n": 188620.0,
  "summary_wm_p05": 911.9173557832837,
  "summary_wm_p95": 1079.0150216076518,
  "summary_wm_stdv": 51.15118153070005,
  "tpm_overlap_csf": 0.1462457776069641,
  "tpm_overlap_gm": 0.4491273760795593,
  "tpm_overlap_wm": 0.46942251920700073,
  "wm2max": 0.5977507123584739
}