{
  "bids_meta": {
    "EchoTime": 0.00336,
    "FlipAngle": 9,
    "ImageType": [
      "ORIGINAL",
      "PRIMARY",
      "M",
      "ND",
      "NORM"
    ],
    "MagneticFieldStrength": 3,
    "Manufacturer": "Siemens",
    "ManufacturersModelName": "TrioTim",
    "PhaseEncodingDirection": "i-",
    "RepetitionTime": 2.3,
    "ScanningSequence": "GR_IR",
    "SequenceName": "_tfl3d1",
    "SequenceVariant": "SP_MP",
    "SoftwareVersions": "syngo_MR_B17",
    "dataset": "ds001894",
    "modality": "T1w",
    "session_id": "T1",
    "subject_id": "015"
  },
  "cjv": 0.3348910064771459,
  "cnr": 3.736639260939813,
  "efc": 0.7222893618847676,
  "fber": 20.575979014382053,
  "fwhm_avg": 3.837409134629062,
  "fwhm_x": 3.870800230717673,
  "fwhm_y": 3.95356,
  "fwhm_z": 3.687867173169513,
  "icvs_csf": 0.2644113883685184,
  "icvs_gm": 0.4050734542109396,
  "icvs_wm": 0.33051515742054194,
  "inu_med": 1.1858718395233154,
  "inu_range": 0.4516100585460665,
  "provenance": {
    "md5sum": "3bd93c46668b76ac780f6d5018666d2c",
    "settings": {
      "testing": false
    },
    "software": "mriqc",
    "version": "21.0.0rc2",
    "warnings": {
      "large_rot_frame": true,
      "small_air_mask": false
    },
    "webapi_port": null,
    "webapi_url": "https://mriqc.nimh.nih.gov/api/v1"
  },
  "qi_1": 0.0,
  "qi_2": 0.00477219876314195,
  "rpve_csf": 19.15945186057631,
  "rpve_gm": 12.163880360316139,
  "rpve_wm": 18.5300654362237,
  "size_x": 256,
  "size_y": 256,
  "size_z": 160,
  "snr_csf": 3.4837069328017187,
  "snr_gm": 9.229386115459652,
  "snr_total": 10.000200114571117,
  "snr_wm": 17.28750729545198,
  "snrd_csf": 7.401329937797077,
  "snrd_gm": 13.57116975872601,
  "snrd_total": 14.031498727070193,
  "snrd_wm": 21.121996484687497,
  "spacing_x": 0.9999999403953552,
  "spacing_y": 1.0,
  "spacing_z": 0.9999465346336365,
  "summary_bg_k": 0.15578942311010202,
  "summary_bg_mad": 31.01678317939837,
  "summary_bg_mean": 114.41489090112098,
  "summary_bg_median": 112.6578826867044,
  "summary_bg_n": 1731441.0,
  "summary_bg_p05": 66.55457005649805,
  "summary_bg_p95": 168.18519730493426,
  "summary_bg_stdv": 30.994390802568013,
  "summary_csf_k": -0.016649106301455774,
  "summary_csf_mad": 94.67365781674306,
  "summary_csf_mean": 342.21868239599,
  "summary_csf_median": 350.40863823518157,
  "summary_csf_n": 20734.0,
  "summary_csf_p05": 153.87322748079896,
  "summary_csf_p95": 492.43343168124557,
  "summary_csf_stdv": 100.58256759104192,
  "summary_gm_k": 0.3188137075861315,
  "summary_gm_mad": 66.14981235082905,
  "summary_gm_mean": 645.4805012107735,
  "summary_gm_median": 642.5135961212218,
  "summary_gm_n": 19790.0,
  "summary_gm_p05": 536.1514160074294,
  "summary_gm_p95": 765.8076968193054,
  "summary_gm_stdv": 69.6143117851026,
  "summary_wm_k": 0.829655688193057,
  "summary_wm_mad": 53.56917319208242,
  "summary_wm_mean": 997.3356806490034,
  "summary_wm_median": 1000.0000117830932,
  "summary_wm_n": 184646.0,
  "summary_wm_p05": 898.4475920200348,
  "summary_wm_p95": 1086.5365943536162,
  "summary_wm_stdv": 57.84508355106809,
  "tpm_overlap_csf": 0.15483812987804413,
  "tpm_overlap_gm": 0.4538663327693939,
  "tpm_overlap_wm": 0.4912383258342743,
  "wm2max": 0.7014180312131435
}