{
  "bids_meta": {
    "EchoTime": 0.00336,
    "FlipAngle": 9,
    "ImageType": [
      "ORIGINAL",
      "PRIMARY",
      "M",
      "ND",
      "NORM"
    ],
    "MagneticFieldStrength": 3,
    "Manufacturer": "Siemens",
    "ManufacturersModelName": "TrioTim",
    "PhaseEncodingDirection": "i-",
    "RepetitionTime": 2.3,
    "ScanningSequence": "GR_IR",
    "SequenceName": "_tfl3d1",
    "SequenceVariant": "SP_MP",
    "SoftwareVersions": "syngo_MR_B17",
    "dataset": "ds001894",
    "modality": "T1w",
    "session_id": "T1",
    "subject_id": "102"
  },
  "cjv": 0.3666907287098591,
  "cnr": 3.5279415528854825,
  "efc": 0.7101207927922213,
  "fber": 36.39778703640462,
  "fwhm_avg": 3.4779107794768187,
  "fwhm_x": 3.516950209626568,
  "fwhm_y": 3.60577,
  "fwhm_z": 3.311012128803888,
  "icvs_csf": 0.230191892809778,
  "icvs_gm": 0.41421430215727656,
  "icvs_wm": 0.35559380503294546,
  "inu_med": 1.0142230987548828,
  "inu_range": 0.3700081586837769,
  "provenance": {
    "md5sum": "4a68c694bb3ea916addb68261bbbef97",
    "settings": {
      "testing": false
    },
    "software": "mriqc",
    "version": "22.0.0rc1",
    "warnings": {
      "large_rot_frame": true,
      "small_air_mask": false
    },
    "webapi_port": null,
    "webapi_url": "https://mriqc.nimh.nih.gov/api/v1"
  },
  "qi_1": 0.0,
  "qi_2": 0.0029945892587383326,
  "rpve_csf": 21.108691234387766,
  "rpve_gm": 12.003962704505104,
  "rpve_wm": 17.23742260926554,
  "size_x": 256,
  "size_y": 256,
  "size_z": 160,
  "snr_csf": 3.4543128033025563,
  "snr_gm": 9.77113034355762,
  "snr_total": 10.465343066209586,
  "snr_wm": 18.170586051768584,
  "snrd_csf": 8.879577644592635,
  "snrd_gm": 15.972362645887758,
  "snrd_total": 16.188771900719605,
  "snrd_wm": 23.71437541167843,
  "spacing_x": 0.9999999403953552,
  "spacing_y": 1.0,
  "spacing_z": 1.0000839233398438,
  "summary_bg_k": 0.76637152333427,
  "summary_bg_mad": 27.62612814693734,
  "summary_bg_mean": 99.8111994763416,
  "summary_bg_median": 97.94553220272064,
  "summary_bg_n": 1475703.0,
  "summary_bg_p05": 57.23841345310211,
  "summary_bg_p95": 148.39942586421967,
  "summary_bg_stdv": 27.98967215109622,
  "summary_csf_k": -0.2329999842130528,
  "summary_csf_mad": 117.87148009359932,
  "summary_csf_mean": 375.2507549474469,
  "summary_csf_median": 374.4386028647423,
  "summary_csf_n": 18107.0,
  "summary_csf_p05": 205.01672130823135,
  "summary_csf_p95": 552.126131772995,
  "summary_csf_stdv": 108.39442877174658,
  "summary_gm_k": 0.18910945993167383,
  "summary_gm_mad": 66.51521623070298,
  "summary_gm_mean": 676.3364250809321,
  "summary_gm_median": 673.530813395977,
  "summary_gm_n": 17042.0,
  "summary_gm_p05": 567.9885301589966,
  "summary_gm_p95": 795.0764410287142,
  "summary_gm_stdv": 68.92867339973729,
  "summary_wm_k": 0.4413304978850454,
  "summary_wm_mad": 53.19800573935883,
  "summary_wm_mean": 999.3839093286655,
  "summary_wm_median": 999.999994635582,
  "summary_wm_n": 193403.0,
  "summary_wm_p05": 908.1223075985909,
  "summary_wm_p95": 1088.1987519264221,
  "summary_wm_stdv": 55.033855622923944,
  "tpm_overlap_csf": 0.16354259848594666,
  "tpm_overlap_gm": 0.4447876513004303,
  "tpm_overlap_wm": 0.5042656660079956,
  "wm2max": 0.5030388969118856
}