{
  "bids_meta": {
    "EchoTime": 0.00336,
    "FlipAngle": 9,
    "ImageType": [
      "ORIGINAL",
      "PRIMARY",
      "M",
      "ND",
      "NORM"
    ],
    "MagneticFieldStrength": 3,
    "Manufacturer": "Siemens",
    "ManufacturersModelName": "TrioTim",
    "PhaseEncodingDirection": "i-",
    "RepetitionTime": 2.3,
    "ScanningSequence": "GR_IR",
    "SequenceName": "_tfl3d1",
    "SequenceVariant": "SP_MP",
    "SoftwareVersions": "syngo_MR_B17",
    "dataset": "ds001894",
    "modality": "T1w",
    "session_id": "T1",
    "subject_id": "185"
  },
  "cjv": 0.37579127360518627,
  "cnr": 3.4376615781332696,
  "efc": 0.7239133369631995,
  "fber": 33.58030004226403,
  "fwhm_avg": 3.9066794349683303,
  "fwhm_x": 3.98385,
  "fwhm_y": 4.079159513726292,
  "fwhm_z": 3.6570287911786985,
  "icvs_csf": 0.24382344528988795,
  "icvs_gm": 0.42411052202741006,
  "icvs_wm": 0.33206603268270196,
  "inu_med": 1.1110038757324219,
  "inu_range": 0.34168358743190774,
  "provenance": {
    "md5sum": "f07e8fff674e096d6ba365067bd1cf18",
    "settings": {
      "testing": false
    },
    "software": "mriqc",
    "version": "22.0.0rc1",
    "warnings": {
      "large_rot_frame": true,
      "small_air_mask": false
    },
    "webapi_port": null,
    "webapi_url": "https://mriqc.nimh.nih.gov/api/v1"
  },
  "qi_1": 0.0,
  "qi_2": 0.003004405838215784,
  "rpve_csf": 19.184651990223916,
  "rpve_gm": 11.101584986470415,
  "rpve_wm": 16.729918135574692,
  "size_x": 256,
  "size_y": 256,
  "size_z": 160,
  "snr_csf": 4.014329820093734,
  "snr_gm": 10.328904520993879,
  "snr_total": 11.06615893271322,
  "snr_wm": 18.855242457052046,
  "snrd_csf": 9.208687802364945,
  "snrd_gm": 16.38601999414544,
  "snrd_total": 16.435739574640085,
  "snrd_wm": 23.712510927409877,
  "spacing_x": 1.0,
  "spacing_y": 1.0000001192092896,
  "spacing_z": 0.9999237656593323,
  "summary_bg_k": 0.5154375406070586,
  "summary_bg_mad": 27.628301783300405,
  "summary_bg_mean": 100.02225925496413,
  "summary_bg_median": 98.12864112854004,
  "summary_bg_n": 1314976.0,
  "summary_bg_p05": 57.39896476268768,
  "summary_bg_p95": 148.8834791481495,
  "summary_bg_stdv": 28.099611970249814,
  "summary_csf_k": -0.00684415964706675,
  "summary_csf_mad": 96.87391891106597,
  "summary_csf_mean": 385.0204674338971,
  "summary_csf_median": 388.3472424149513,
  "summary_csf_n": 37169.0,
  "summary_csf_p05": 219.03602210879328,
  "summary_csf_p95": 538.1585404455661,
  "summary_csf_stdv": 96.73894166881142,
  "summary_gm_k": 0.19928926961968463,
  "summary_gm_mad": 64.99062550291129,
  "summary_gm_mean": 694.6280673546627,
  "summary_gm_median": 691.0284956395626,
  "summary_gm_n": 28534.0,
  "summary_gm_p05": 589.78026009053,
  "summary_gm_p95": 810.951051916182,
  "summary_gm_stdv": 66.90122706310926,
  "summary_wm_k": 0.3611953699081121,
  "summary_wm_mad": 51.118187054756234,
  "summary_wm_mean": 999.4880675104578,
  "summary_wm_median": 1000.0000463724136,
  "summary_wm_n": 196486.0,
  "summary_wm_p05": 911.4247945845127,
  "summary_wm_p95": 1085.4694637656212,
  "summary_wm_stdv": 53.03551539770756,
  "tpm_overlap_csf": 0.15510191023349762,
  "tpm_overlap_gm": 0.44262295961380005,
  "tpm_overlap_wm": 0.4751572012901306,
  "wm2max": 0.5242806496825789
}