{
  "bids_meta": {
    "EchoTime": 0.00336,
    "FlipAngle": 9,
    "ImageType": [
      "ORIGINAL",
      "PRIMARY",
      "M",
      "ND",
      "NORM"
    ],
    "MagneticFieldStrength": 3,
    "Manufacturer": "Siemens",
    "ManufacturersModelName": "TrioTim",
    "PhaseEncodingDirection": "i-",
    "RepetitionTime": 2.3,
    "ScanningSequence": "GR_IR",
    "SequenceName": "_tfl3d1",
    "SequenceVariant": "SP_MP",
    "SoftwareVersions": "syngo_MR_B17",
    "dataset": "ds001894",
    "modality": "T1w",
    "session_id": "T1",
    "subject_id": "074"
  },
  "cjv": 0.3313391321660247,
  "cnr": 3.8560070739031587,
  "efc": 0.6530862002600619,
  "fber": 89.3857952760529,
  "fwhm_avg": 3.5111866005176515,
  "fwhm_x": 3.5481902114886172,
  "fwhm_y": 3.54658,
  "fwhm_z": 3.438789590064336,
  "icvs_csf": 0.22289593881283176,
  "icvs_gm": 0.4375480490204086,
  "icvs_wm": 0.3395560121667596,
  "inu_med": 1.4678689241409302,
  "inu_range": 0.5377393364906311,
  "provenance": {
    "md5sum": "d145f73f5ed41dcb1f021eb9e986c73c",
    "settings": {
      "testing": false
    },
    "software": "mriqc",
    "version": "21.0.0rc2",
    "warnings": {
      "large_rot_frame": true,
      "small_air_mask": false
    },
    "webapi_port": null,
    "webapi_url": "https://mriqc.nimh.nih.gov/api/v1"
  },
  "qi_1": 0.0,
  "qi_2": 0.006535370291732632,
  "rpve_csf": 23.504899967469097,
  "rpve_gm": 12.3409903828923,
  "rpve_wm": 18.104186921804587,
  "size_x": 256,
  "size_y": 256,
  "size_z": 160,
  "snr_csf": 3.7581396389800124,
  "snr_gm": 11.119112275959464,
  "snr_total": 11.552089492819364,
  "snr_wm": 19.779016563518617,
  "snrd_csf": 12.579655664645708,
  "snrd_gm": 21.19481378649398,
  "snrd_total": 21.60920854534997,
  "snrd_wm": 31.053156184910208,
  "spacing_x": 0.9999999403953552,
  "spacing_y": 1.0,
  "spacing_z": 1.0000001192092896,
  "summary_bg_k": 0.48854833987074064,
  "summary_bg_mad": 21.097255994790192,
  "summary_bg_mean": 63.93388677068494,
  "summary_bg_median": 62.080369524657726,
  "summary_bg_n": 2155599.0,
  "summary_bg_p05": 32.21765746921301,
  "summary_bg_p95": 101.71359978616238,
  "summary_bg_stdv": 21.3144221817984,
  "summary_csf_k": 2.181215579699546,
  "summary_csf_mad": 113.50918014098386,
  "summary_csf_mean": 406.14241185181487,
  "summary_csf_median": 405.10071638971567,
  "summary_csf_n": 28774.0,
  "summary_csf_p05": 244.44583921022715,
  "summary_csf_p95": 581.5212015360594,
  "summary_csf_stdv": 107.79101254603168,
  "summary_gm_k": 0.71246160074393,
  "summary_gm_mad": 57.49745119706905,
  "summary_gm_mean": 683.0954652460338,
  "summary_gm_median": 682.5333282202482,
  "summary_gm_n": 27422.0,
  "summary_gm_p05": 583.9287574324757,
  "summary_gm_p95": 784.096612341702,
  "summary_gm_stdv": 61.38267751707582,
  "summary_wm_k": 0.5808864704476684,
  "summary_wm_mad": 47.69168432625107,
  "summary_wm_mean": 998.0629070842384,
  "summary_wm_median": 1000.0000120848417,
  "summary_wm_n": 172924.0,
  "summary_wm_p05": 911.2135594636202,
  "summary_wm_p95": 1077.2622637450695,
  "summary_wm_stdv": 50.55848542446898,
  "tpm_overlap_csf": 0.14633618295192719,
  "tpm_overlap_gm": 0.4423198103904724,
  "tpm_overlap_wm": 0.47070804238319397,
  "wm2max": 0.6071613276140063
}