{
  "bids_meta": {
    "EchoTime": 0.00336,
    "FlipAngle": 9,
    "ImageType": [
      "ORIGINAL",
      "PRIMARY",
      "M",
      "ND",
      "NORM"
    ],
    "MagneticFieldStrength": 3,
    "Manufacturer": "Siemens",
    "ManufacturersModelName": "TrioTim",
    "PhaseEncodingDirection": "i-",
    "RepetitionTime": 2.3,
    "ScanningSequence": "GR_IR",
    "SequenceName": "_tfl3d1",
    "SequenceVariant": "SP_MP",
    "SoftwareVersions": "syngo_MR_B17",
    "dataset": "ds001894",
    "modality": "T1w",
    "session_id": "T1",
    "subject_id": "151"
  },
  "cjv": 0.33948308226880597,
  "cnr": 3.0023435285736992,
  "efc": 0.7000683153146884,
  "fber": 37.24999549770413,
  "fwhm_avg": 3.6695381531555586,
  "fwhm_x": 3.73758,
  "fwhm_y": 3.81711,
  "fwhm_z": 3.4539244594666765,
  "icvs_csf": 0.2423861238856903,
  "icvs_gm": 0.42881662992778974,
  "icvs_wm": 0.32879724618651995,
  "inu_med": 1.0351004600524902,
  "inu_range": 0.3086678862571717,
  "provenance": {
    "md5sum": "cd20907124791a557338414fe43664d7",
    "settings": {
      "testing": false
    },
    "software": "mriqc",
    "version": "22.0.0rc1",
    "warnings": {
      "large_rot_frame": true,
      "small_air_mask": false
    },
    "webapi_port": null,
    "webapi_url": "https://mriqc.nimh.nih.gov/api/v1"
  },
  "qi_1": 6.605742959531873e-05,
  "qi_2": 0.0005714061685818904,
  "rpve_csf": 22.559443381367075,
  "rpve_gm": 12.920482274293505,
  "rpve_wm": 19.874631079908045,
  "size_x": 256,
  "size_y": 256,
  "size_z": 160,
  "snr_csf": 3.750128407327383,
  "snr_gm": 11.04187515163825,
  "snr_total": 11.375105694889058,
  "snr_wm": 19.33331352570154,
  "snrd_csf": 8.52792451821837,
  "snrd_gm": 15.508846361122163,
  "snrd_total": 15.581805198808292,
  "snrd_wm": 22.708644717084344,
  "spacing_x": 1.0,
  "spacing_y": 1.0,
  "spacing_z": 0.9999465942382812,
  "summary_bg_k": 37.14636077447083,
  "summary_bg_mad": 28.849648168042492,
  "summary_bg_mean": 107.36070771731227,
  "summary_bg_median": 94.45697717368603,
  "summary_bg_n": 1438891.0,
  "summary_bg_p05": 54.375502839684486,
  "summary_bg_p95": 190.87801933288574,
  "summary_bg_stdv": 68.197754114416,
  "summary_csf_k": -0.008452482874312217,
  "summary_csf_mad": 103.26556306878761,
  "summary_csf_mean": 375.01338516714145,
  "summary_csf_median": 375.53649954497814,
  "summary_csf_n": 26329.0,
  "summary_csf_p05": 211.2824722379446,
  "summary_csf_p95": 536.0442547500134,
  "summary_csf_stdv": 100.13773585194886,
  "summary_gm_k": 0.19971732169481715,
  "summary_gm_mad": 59.58665649661113,
  "summary_gm_mean": 683.9425131879573,
  "summary_gm_median": 682.949041351676,
  "summary_gm_n": 17074.0,
  "summary_gm_p05": 584.2966031394899,
  "summary_gm_p95": 788.9721789956093,
  "summary_gm_stdv": 61.84900952067198,
  "summary_wm_k": 0.7898424695814943,
  "summary_wm_mad": 48.04679722939413,
  "summary_wm_mean": 999.1966377543158,
  "summary_wm_median": 1000.0000502169132,
  "summary_wm_n": 154087.0,
  "summary_wm_p05": 913.581190854311,
  "summary_wm_p95": 1081.6178618371487,
  "summary_wm_stdv": 51.72402568044121,
  "tpm_overlap_csf": 0.15272463858127594,
  "tpm_overlap_gm": 0.4532100558280945,
  "tpm_overlap_wm": 0.4819723963737488,
  "wm2max": 0.5483529357773842
}