{
  "bids_meta": {
    "EchoTime": 0.00336,
    "FlipAngle": 9,
    "ImageType": [
      "ORIGINAL",
      "PRIMARY",
      "M",
      "ND",
      "NORM"
    ],
    "MagneticFieldStrength": 3,
    "Manufacturer": "Siemens",
    "ManufacturersModelName": "TrioTim",
    "PhaseEncodingDirection": "i-",
    "RepetitionTime": 2.3,
    "ScanningSequence": "GR_IR",
    "SequenceName": "_tfl3d1",
    "SequenceVariant": "SP_MP",
    "SoftwareVersions": "syngo_MR_B17",
    "dataset": "ds001894",
    "modality": "T1w",
    "session_id": "T1",
    "subject_id": "009"
  },
  "cjv": 0.33788750388583927,
  "cnr": 3.808158720067731,
  "efc": 0.6694718549487815,
  "fber": 44.09415977453996,
  "fwhm_avg": 3.640160073228085,
  "fwhm_x": 3.6856902196842563,
  "fwhm_y": 3.76097,
  "fwhm_z": 3.47382,
  "icvs_csf": 0.22935600957789204,
  "icvs_gm": 0.44235927070935394,
  "icvs_wm": 0.328284719712754,
  "inu_med": 1.2321728467941284,
  "inu_range": 0.34926668405532824,
  "provenance": {
    "md5sum": "5f6a615273518fb086fc250e351000f7",
    "settings": {
      "testing": false
    },
    "software": "mriqc",
    "version": "21.0.0rc2",
    "warnings": {
      "large_rot_frame": true,
      "small_air_mask": false
    },
    "webapi_port": null,
    "webapi_url": "https://mriqc.nimh.nih.gov/api/v1"
  },
  "qi_1": 0.0,
  "qi_2": 0.0043258235776617755,
  "rpve_csf": 20.950158897877866,
  "rpve_gm": 11.432076669810264,
  "rpve_wm": 17.91514282813648,
  "size_x": 256,
  "size_y": 256,
  "size_z": 160,
  "snr_csf": 3.5160522778894325,
  "snr_gm": 10.110844067878945,
  "snr_total": 11.17107850203466,
  "snr_wm": 19.886339160335606,
  "snrd_csf": 9.984300310274032,
  "snrd_gm": 18.161177339300835,
  "snrd_total": 18.41723749478408,
  "snrd_wm": 27.106234834777364,
  "spacing_x": 0.9999999403953552,
  "spacing_y": 1.0,
  "spacing_z": 1.0,
  "summary_bg_k": 0.2317101455309225,
  "summary_bg_mad": 24.169213884467084,
  "summary_bg_mean": 88.96196877237254,
  "summary_bg_median": 87.47169941663742,
  "summary_bg_n": 1859930.0,
  "summary_bg_p05": 51.69811397790909,
  "summary_bg_p95": 131.16981327533722,
  "summary_bg_stdv": 24.28276064135869,
  "summary_csf_k": 0.022018599222408675,
  "summary_csf_mad": 109.65661854989696,
  "summary_csf_mean": 364.43016722811956,
  "summary_csf_median": 368.3396281301975,
  "summary_csf_n": 21899.0,
  "summary_csf_p05": 192.56226702034473,
  "summary_csf_p95": 527.7924606949089,
  "summary_csf_stdv": 104.75703685802875,
  "summary_gm_k": 0.23404324758439676,
  "summary_gm_mad": 63.05255566619075,
  "summary_gm_mean": 672.5306489497835,
  "summary_gm_median": 670.000009983778,
  "summary_gm_n": 31228.0,
  "summary_gm_p05": 566.7301971241832,
  "summary_gm_p95": 787.3698230534791,
  "summary_gm_stdv": 66.26442637702449,
  "summary_wm_k": 0.4560517678112359,
  "summary_wm_mad": 48.45032227765855,
  "summary_wm_mean": 998.7103355533669,
  "summary_wm_median": 1000.0000149011612,
  "summary_wm_n": 174876.0,
  "summary_wm_p05": 914.5283155143261,
  "summary_wm_p95": 1078.0000160634518,
  "summary_wm_stdv": 50.285633150760994,
  "tpm_overlap_csf": 0.16064777970314026,
  "tpm_overlap_gm": 0.4639643430709839,
  "tpm_overlap_wm": 0.4935642182826996,
  "wm2max": 0.5231546160172412
}