{
  "bids_meta": {
    "EchoTime": 0.00336,
    "FlipAngle": 9,
    "ImageType": [
      "ORIGINAL",
      "PRIMARY",
      "M",
      "ND",
      "NORM"
    ],
    "MagneticFieldStrength": 3,
    "Manufacturer": "Siemens",
    "ManufacturersModelName": "TrioTim",
    "PhaseEncodingDirection": "i-",
    "RepetitionTime": 2.3,
    "ScanningSequence": "GR_IR",
    "SequenceName": "_tfl3d1",
    "SequenceVariant": "SP_MP",
    "SoftwareVersions": "syngo_MR_B17",
    "dataset": "ds001894",
    "modality": "T1w",
    "session_id": "T1",
    "subject_id": "096"
  },
  "cjv": 0.36721164625475156,
  "cnr": 3.50677107130387,
  "efc": 0.699919574286923,
  "fber": 20.58642229207736,
  "fwhm_avg": 3.8277020610216588,
  "fwhm_x": 3.83312,
  "fwhm_y": 3.91112,
  "fwhm_z": 3.7388661830649763,
  "icvs_csf": 0.24386226419726792,
  "icvs_gm": 0.4285385993301271,
  "icvs_wm": 0.32759913647260497,
  "inu_med": 1.2161048650741577,
  "inu_range": 0.45241752862930307,
  "provenance": {
    "md5sum": "8eb5c99688c6bdbf029e36a964f97c7e",
    "settings": {
      "testing": false
    },
    "software": "mriqc",
    "version": "21.0.0rc2",
    "warnings": {
      "large_rot_frame": true,
      "small_air_mask": false
    },
    "webapi_port": null,
    "webapi_url": "https://mriqc.nimh.nih.gov/api/v1"
  },
  "qi_1": 0.0,
  "qi_2": 0.004391360432504727,
  "rpve_csf": 23.595400661455475,
  "rpve_gm": 13.425510544828025,
  "rpve_wm": 20.496929292054727,
  "size_x": 256,
  "size_y": 256,
  "size_z": 160,
  "snr_csf": 3.789705385586824,
  "snr_gm": 9.61486482948759,
  "snr_total": 10.399497809640346,
  "snr_wm": 17.793923213846625,
  "snrd_csf": 8.247334370996311,
  "snrd_gm": 14.048011026751675,
  "snrd_total": 14.44184440963633,
  "snrd_wm": 21.030187831161005,
  "spacing_x": 1.0,
  "spacing_y": 1.0,
  "spacing_z": 1.000003695487976,
  "summary_bg_k": 0.1475830615184699,
  "summary_bg_mad": 31.1521886313857,
  "summary_bg_mean": 114.36448474295322,
  "summary_bg_median": 112.52549991756678,
  "summary_bg_n": 2082537.0,
  "summary_bg_p05": 66.38106902316213,
  "summary_bg_p95": 168.91064889729023,
  "summary_bg_stdv": 31.28424897181904,
  "summary_csf_k": -0.041994580642712886,
  "summary_csf_mad": 102.10659108694963,
  "summary_csf_mean": 385.38300859959037,
  "summary_csf_median": 392.1664630919695,
  "summary_csf_n": 26986.0,
  "summary_csf_p05": 200.57119564712048,
  "summary_csf_p95": 543.8188500367105,
  "summary_csf_stdv": 103.48012761271903,
  "summary_gm_k": 0.09366598923934122,
  "summary_gm_mad": 67.96016296575114,
  "summary_gm_mean": 671.224318548958,
  "summary_gm_median": 667.9926567804068,
  "summary_gm_n": 21968.0,
  "summary_gm_p05": 560.3427178636193,
  "summary_gm_p95": 790.1917593196031,
  "summary_gm_stdv": 69.47341067062311,
  "summary_wm_k": 0.45551899765002624,
  "summary_wm_mad": 53.956800503293294,
  "summary_wm_mean": 999.5875315860147,
  "summary_wm_median": 1000.0000010803342,
  "summary_wm_n": 144672.0,
  "summary_wm_p05": 906.8543461449444,
  "summary_wm_p95": 1090.2080795131624,
  "summary_wm_stdv": 56.198767015157756,
  "tpm_overlap_csf": 0.14197073876857758,
  "tpm_overlap_gm": 0.4609503746032715,
  "tpm_overlap_wm": 0.4850582778453827,
  "wm2max": 0.5852156057494866
}