{
  "bids_meta": {
    "EchoTime": 0.00336,
    "FlipAngle": 9,
    "ImageType": [
      "ORIGINAL",
      "PRIMARY",
      "M",
      "ND",
      "NORM"
    ],
    "MagneticFieldStrength": 3,
    "Manufacturer": "Siemens",
    "ManufacturersModelName": "TrioTim",
    "PhaseEncodingDirection": "i-",
    "RepetitionTime": 2.3,
    "ScanningSequence": "GR_IR",
    "SequenceName": "_tfl3d1",
    "SequenceVariant": "SP_MP",
    "SoftwareVersions": "syngo_MR_B17",
    "dataset": "ds001894",
    "modality": "T1w",
    "session_id": "T1",
    "subject_id": "028"
  },
  "cjv": 0.3586661997911358,
  "cnr": 3.662202260392878,
  "efc": 0.6733247172348411,
  "fber": 36.577672987761694,
  "fwhm_avg": 3.747069517324119,
  "fwhm_x": 3.744120223166956,
  "fwhm_y": 3.8137702273184195,
  "fwhm_z": 3.6833181014869805,
  "icvs_csf": 0.22324853046876633,
  "icvs_gm": 0.4500046620757438,
  "icvs_wm": 0.3267468074554899,
  "inu_med": 1.2833023071289062,
  "inu_range": 0.4648182153701781,
  "provenance": {
    "md5sum": "4e7eca23fad547023cc80b97cf6aab1e",
    "settings": {
      "testing": false
    },
    "software": "mriqc",
    "version": "21.0.0rc2",
    "warnings": {
      "large_rot_frame": true,
      "small_air_mask": false
    },
    "webapi_port": null,
    "webapi_url": "https://mriqc.nimh.nih.gov/api/v1"
  },
  "qi_1": 0.0,
  "qi_2": 0.005157070213786749,
  "rpve_csf": 24.479308738193062,
  "rpve_gm": 12.698915583705112,
  "rpve_wm": 19.734496888006124,
  "size_x": 256,
  "size_y": 256,
  "size_z": 160,
  "snr_csf": 3.904765028992132,
  "snr_gm": 10.033186854808747,
  "snr_total": 9.989642686749354,
  "snr_wm": 16.030976176447183,
  "snrd_csf": 9.732354158194875,
  "snrd_gm": 16.34692925541401,
  "snrd_total": 17.006868267638858,
  "snrd_wm": 24.94132138930769,
  "spacing_x": 0.9999999403953552,
  "spacing_y": 0.9999999403953552,
  "spacing_z": 0.9999923706054688,
  "summary_bg_k": 0.16676954154792334,
  "summary_bg_mad": 26.268068368247494,
  "summary_bg_mean": 96.0587922083241,
  "summary_bg_median": 94.43267695605755,
  "summary_bg_n": 2062632.0,
  "summary_bg_p05": 55.49061365425587,
  "summary_bg_p95": 141.9229980558157,
  "summary_bg_stdv": 26.364563391063033,
  "summary_csf_k": 0.25662212421126407,
  "summary_csf_mad": 96.67732378829233,
  "summary_csf_mean": 385.5956268650444,
  "summary_csf_median": 390.22431537508965,
  "summary_csf_n": 21017.0,
  "summary_csf_p05": 212.46439039707184,
  "summary_csf_p95": 540.5640595704317,
  "summary_csf_stdv": 99.93303792353827,
  "summary_gm_k": 0.30933485548795714,
  "summary_gm_mad": 62.98920311808626,
  "summary_gm_mean": 658.2347822491029,
  "summary_gm_median": 655.4394932091236,
  "summary_gm_n": 24535.0,
  "summary_gm_p05": 554.3472119942307,
  "summary_gm_p95": 768.9267482310534,
  "summary_gm_stdv": 65.32581774099593,
  "summary_wm_k": 0.3233685897427878,
  "summary_wm_mad": 60.60612062694628,
  "summary_wm_mean": 999.0391528538855,
  "summary_wm_median": 1000.0365693122149,
  "summary_wm_n": 148211.0,
  "summary_wm_p05": 894.8272425681353,
  "summary_wm_p95": 1099.1634818539023,
  "summary_wm_stdv": 62.381303833739516,
  "tpm_overlap_csf": 0.14250434935092926,
  "tpm_overlap_gm": 0.46362021565437317,
  "tpm_overlap_wm": 0.48130831122398376,
  "wm2max": 0.6046383213694092
}