{
  "bids_meta": {
    "EchoTime": 0.00336,
    "FlipAngle": 9,
    "ImageType": [
      "ORIGINAL",
      "PRIMARY",
      "M",
      "ND",
      "NORM"
    ],
    "MagneticFieldStrength": 3,
    "Manufacturer": "Siemens",
    "ManufacturersModelName": "TrioTim",
    "PhaseEncodingDirection": "i-",
    "RepetitionTime": 2.3,
    "ScanningSequence": "GR_IR",
    "SequenceName": "_tfl3d1",
    "SequenceVariant": "SP_MP",
    "SoftwareVersions": "syngo_MR_B17",
    "dataset": "ds001894",
    "modality": "T1w",
    "session_id": "T1",
    "subject_id": "159"
  },
  "cjv": 0.2982720128335137,
  "cnr": 4.2352495853213545,
  "efc": 0.6644619326840931,
  "fber": 47.03189190661535,
  "fwhm_avg": 3.6797024946860444,
  "fwhm_x": 3.7136902213531866,
  "fwhm_y": 3.75204,
  "fwhm_z": 3.573377262704946,
  "icvs_csf": 0.22406516704388016,
  "icvs_gm": 0.4556707516460321,
  "icvs_wm": 0.3202640813100877,
  "inu_med": 1.1640344858169556,
  "inu_range": 0.2985941469669342,
  "provenance": {
    "md5sum": "d09f1d29cbb803910a3bb8495cbef81f",
    "settings": {
      "testing": false
    },
    "software": "mriqc",
    "version": "22.0.0rc1",
    "warnings": {
      "large_rot_frame": true,
      "small_air_mask": false
    },
    "webapi_port": null,
    "webapi_url": "https://mriqc.nimh.nih.gov/api/v1"
  },
  "qi_1": 0.0,
  "qi_2": 0.004949257502219084,
  "rpve_csf": 24.639262313133298,
  "rpve_gm": 12.941331868329897,
  "rpve_wm": 20.914402563809272,
  "size_x": 256,
  "size_y": 256,
  "size_z": 160,
  "snr_csf": 4.651712288573667,
  "snr_gm": 11.395529107751187,
  "snr_total": 11.914656503920506,
  "snr_wm": 19.696728115436663,
  "snrd_csf": 10.662684518710519,
  "snrd_gm": 18.092703748944395,
  "snrd_total": 18.740443554771126,
  "snrd_wm": 27.465942396658466,
  "spacing_x": 0.9999999403953552,
  "spacing_y": 1.0,
  "spacing_z": 0.9999923706054688,
  "summary_bg_k": 0.22995589096524016,
  "summary_bg_mad": 23.85268201051366,
  "summary_bg_mean": 87.11291723005492,
  "summary_bg_median": 85.67552015185356,
  "summary_bg_n": 1956606.0,
  "summary_bg_p05": 50.319830387830734,
  "summary_bg_p95": 128.74588344991207,
  "summary_bg_stdv": 23.953629958211597,
  "summary_csf_k": 0.29867824039192703,
  "summary_csf_mad": 83.57060155008882,
  "summary_csf_mean": 384.8862481220677,
  "summary_csf_median": 388.2147777378559,
  "summary_csf_n": 29300.0,
  "summary_csf_p05": 244.07443770319225,
  "summary_csf_p95": 513.8612232528627,
  "summary_csf_stdv": 83.45489333236577,
  "summary_gm_k": 0.28210311750965245,
  "summary_gm_mad": 54.7174777686964,
  "summary_gm_mean": 660.996389058191,
  "summary_gm_median": 658.7323250770569,
  "summary_gm_n": 37011.0,
  "summary_gm_p05": 569.0250157415867,
  "summary_gm_p95": 760.4962347596884,
  "summary_gm_stdv": 57.805426992099754,
  "summary_wm_k": 0.7161183928286774,
  "summary_wm_mad": 47.07312425689322,
  "summary_wm_mean": 996.511610999346,
  "summary_wm_median": 1000.0000191479921,
  "summary_wm_n": 149756.0,
  "summary_wm_p05": 906.3384550362825,
  "summary_wm_p95": 1072.843594878912,
  "summary_wm_stdv": 50.76968492011879,
  "tpm_overlap_csf": 0.15159308910369873,
  "tpm_overlap_gm": 0.47329631447792053,
  "tpm_overlap_wm": 0.48763182759284973,
  "wm2max": 0.6245593264231143
}