{
  "bids_meta": {
    "EchoTime": 0.00336,
    "FlipAngle": 9,
    "ImageType": [
      "ORIGINAL",
      "PRIMARY",
      "M",
      "ND",
      "NORM"
    ],
    "MagneticFieldStrength": 3,
    "Manufacturer": "Siemens",
    "ManufacturersModelName": "TrioTim",
    "PhaseEncodingDirection": "i-",
    "RepetitionTime": 2.3,
    "ScanningSequence": "GR_IR",
    "SequenceName": "_tfl3d1",
    "SequenceVariant": "SP_MP",
    "SoftwareVersions": "syngo_MR_B17",
    "dataset": "ds001894",
    "modality": "T1w",
    "session_id": "T1",
    "subject_id": "112"
  },
  "cjv": 0.35624020013156177,
  "cnr": 3.574536208583467,
  "efc": 0.7012553898109692,
  "fber": 34.809999999999995,
  "fwhm_avg": 3.577619358119719,
  "fwhm_x": 3.60048,
  "fwhm_y": 3.6713602188301215,
  "fwhm_z": 3.4610178555290356,
  "icvs_csf": 0.22337571023587774,
  "icvs_gm": 0.4487832874491972,
  "icvs_wm": 0.327841002314925,
  "inu_med": 1.2072808742523193,
  "inu_range": 0.3987858951091767,
  "provenance": {
    "md5sum": "858124b8bd92b36e40ac99197ba8d8b7",
    "settings": {
      "testing": false
    },
    "software": "mriqc",
    "version": "22.0.0rc1",
    "warnings": {
      "large_rot_frame": true,
      "small_air_mask": false
    },
    "webapi_port": null,
    "webapi_url": "https://mriqc.nimh.nih.gov/api/v1"
  },
  "qi_1": 0.0,
  "qi_2": 0.004557169224274663,
  "rpve_csf": 22.428829621577787,
  "rpve_gm": 11.77206477455891,
  "rpve_wm": 18.269043361998023,
  "size_x": 256,
  "size_y": 256,
  "size_z": 160,
  "snr_csf": 3.4717610978364783,
  "snr_gm": 10.654606989934852,
  "snr_total": 10.658531879007054,
  "snr_wm": 17.849227549249832,
  "snrd_csf": 9.298678136298374,
  "snrd_gm": 16.19071790046726,
  "snrd_total": 16.426222277822948,
  "snrd_wm": 23.789270796703207,
  "spacing_x": 1.0,
  "spacing_y": 0.9999999403953552,
  "spacing_z": 0.999931275844574,
  "summary_bg_k": 0.3420251769540288,
  "summary_bg_mad": 27.54011727121571,
  "summary_bg_mean": 101.32762430062235,
  "summary_bg_median": 99.69915524125099,
  "summary_bg_n": 2013617.0,
  "summary_bg_p05": 58.735046193003654,
  "summary_bg_p95": 149.4088042229414,
  "summary_bg_stdv": 27.673420333036944,
  "summary_csf_k": -0.34661206491137975,
  "summary_csf_mad": 122.76357359880902,
  "summary_csf_mean": 381.62964064438756,
  "summary_csf_median": 390.89065286517143,
  "summary_csf_n": 32870.0,
  "summary_csf_p05": 200.35857076719404,
  "summary_csf_p95": 553.5576956272125,
  "summary_csf_stdv": 112.58974791042357,
  "summary_gm_k": 0.42968754368522877,
  "summary_gm_mad": 59.95550953959578,
  "summary_gm_mean": 682.6624482761779,
  "summary_gm_median": 680.6128997802734,
  "summary_gm_n": 31858.0,
  "summary_gm_p05": 580.6933569326997,
  "summary_gm_p95": 791.0865602195263,
  "summary_gm_stdv": 63.87867880641303,
  "summary_wm_k": 0.34070128178277104,
  "summary_wm_mad": 53.835483479325625,
  "summary_wm_mean": 998.231550968568,
  "summary_wm_median": 1000.0350003093481,
  "summary_wm_n": 168449.0,
  "summary_wm_p05": 902.7496140897274,
  "summary_wm_p95": 1087.140578046441,
  "summary_wm_stdv": 56.026627997446724,
  "tpm_overlap_csf": 0.1419360190629959,
  "tpm_overlap_gm": 0.4533543884754181,
  "tpm_overlap_wm": 0.46344590187072754,
  "wm2max": 0.6981954832806792
}