{
  "bids_meta": {
    "EchoTime": 0.00336,
    "FlipAngle": 9,
    "ImageType": [
      "ORIGINAL",
      "PRIMARY",
      "M",
      "ND",
      "NORM"
    ],
    "MagneticFieldStrength": 3,
    "Manufacturer": "Siemens",
    "ManufacturersModelName": "TrioTim",
    "PhaseEncodingDirection": "i-",
    "RepetitionTime": 2.3,
    "ScanningSequence": "GR_IR",
    "SequenceName": "_tfl3d1",
    "SequenceVariant": "SP_MP",
    "SoftwareVersions": "syngo_MR_B17",
    "dataset": "ds001894",
    "modality": "T1w",
    "session_id": "T1",
    "subject_id": "110"
  },
  "cjv": 0.3377324350364424,
  "cnr": 3.8259103235858776,
  "efc": 0.6503450705165457,
  "fber": 39.19631091985437,
  "fwhm_avg": 3.901001478841463,
  "fwhm_x": 3.94682,
  "fwhm_y": 3.9760802369928503,
  "fwhm_z": 3.780104199531537,
  "icvs_csf": 0.23301470755517878,
  "icvs_gm": 0.44284161831466906,
  "icvs_wm": 0.32414367413015216,
  "inu_med": 1.2026264667510986,
  "inu_range": 0.35910030603408805,
  "provenance": {
    "md5sum": "b0829d0ae1c21ddb738372d0bd6f34c3",
    "settings": {
      "testing": false
    },
    "software": "mriqc",
    "version": "22.0.0rc1",
    "warnings": {
      "large_rot_frame": true,
      "small_air_mask": false
    },
    "webapi_port": null,
    "webapi_url": "https://mriqc.nimh.nih.gov/api/v1"
  },
  "qi_1": 0.0,
  "qi_2": 0.003800094151500401,
  "rpve_csf": 23.614571909293407,
  "rpve_gm": 12.896323049323547,
  "rpve_wm": 20.218147017944357,
  "size_x": 256,
  "size_y": 256,
  "size_z": 160,
  "snr_csf": 4.005673286556795,
  "snr_gm": 10.732460043667428,
  "snr_total": 10.964532665028976,
  "snr_wm": 18.155464664862702,
  "snrd_csf": 9.32748718617398,
  "snrd_gm": 16.784023913675828,
  "snrd_total": 17.096789166231073,
  "snrd_wm": 25.1788563988434,
  "spacing_x": 1.0,
  "spacing_y": 0.9999999403953552,
  "spacing_z": 0.9999618530273438,
  "summary_bg_k": 0.7977221258646834,
  "summary_bg_mad": 26.019305111153013,
  "summary_bg_mean": 94.90956529975873,
  "summary_bg_median": 93.1630590185523,
  "summary_bg_n": 2396806.0,
  "summary_bg_p05": 54.66561859846115,
  "summary_bg_p95": 140.7714358717203,
  "summary_bg_stdv": 26.513199546639026,
  "summary_csf_k": 0.10029223952533783,
  "summary_csf_mad": 90.95684744175404,
  "summary_csf_mean": 367.89058535895924,
  "summary_csf_median": 370.4491817727685,
  "summary_csf_n": 27625.0,
  "summary_csf_p05": 211.01526217460633,
  "summary_csf_p95": 514.3497015506028,
  "summary_csf_stdv": 92.47945357719095,
  "summary_gm_k": 0.1001793906077264,
  "summary_gm_mad": 61.117686899389206,
  "summary_gm_mean": 668.3595298507112,
  "summary_gm_median": 666.5919557511806,
  "summary_gm_n": 25957.0,
  "summary_gm_p05": 569.1721477434039,
  "summary_gm_p95": 773.7276066273449,
  "summary_gm_stdv": 62.10869759620902,
  "summary_wm_k": 0.6269534696056787,
  "summary_wm_mad": 51.48500798589851,
  "summary_wm_mean": 998.4972629655327,
  "summary_wm_median": 999.9999533370137,
  "summary_wm_n": 147155.0,
  "summary_wm_p05": 905.1565986648202,
  "summary_wm_p95": 1085.657691769302,
  "summary_wm_stdv": 55.07964538571664,
  "tpm_overlap_csf": 0.15664148330688477,
  "tpm_overlap_gm": 0.47000592947006226,
  "tpm_overlap_wm": 0.496151864528656,
  "wm2max": 0.5102491810191973
}