{
  "bids_meta": {
    "EchoTime": 0.00336,
    "FlipAngle": 9,
    "ImageType": [
      "ORIGINAL",
      "PRIMARY",
      "M",
      "ND",
      "NORM"
    ],
    "MagneticFieldStrength": 3,
    "Manufacturer": "Siemens",
    "ManufacturersModelName": "TrioTim",
    "PhaseEncodingDirection": "i-",
    "RepetitionTime": 2.3,
    "ScanningSequence": "GR_IR",
    "SequenceName": "_tfl3d1",
    "SequenceVariant": "SP_MP",
    "SoftwareVersions": "syngo_MR_B17",
    "dataset": "ds001894",
    "modality": "T1w",
    "session_id": "T1",
    "subject_id": "122"
  },
  "cjv": 0.37414781717604984,
  "cnr": 3.4057752061190967,
  "efc": 0.6775820002162115,
  "fber": 33.535222956366304,
  "fwhm_avg": 3.56638310387475,
  "fwhm_x": 3.59262,
  "fwhm_y": 3.73045022235216,
  "fwhm_z": 3.376079089272089,
  "icvs_csf": 0.22691646387816317,
  "icvs_gm": 0.46474184786376366,
  "icvs_wm": 0.3083416882580732,
  "inu_med": 1.0523712635040283,
  "inu_range": 0.35248206555843353,
  "provenance": {
    "md5sum": "77b7459cf558ff810021b7af80025809",
    "settings": {
      "testing": false
    },
    "software": "mriqc",
    "version": "22.0.0rc1",
    "warnings": {
      "large_rot_frame": true,
      "small_air_mask": false
    },
    "webapi_port": null,
    "webapi_url": "https://mriqc.nimh.nih.gov/api/v1"
  },
  "qi_1": 0.0,
  "qi_2": 0.004069223265665442,
  "rpve_csf": 21.77725061922519,
  "rpve_gm": 11.100013868715939,
  "rpve_wm": 18.246292913319564,
  "size_x": 256,
  "size_y": 256,
  "size_z": 160,
  "snr_csf": 4.053599891686785,
  "snr_gm": 10.29117120131618,
  "snr_total": 10.222401787057924,
  "snr_wm": 16.322434268170802,
  "snrd_csf": 8.357833231388643,
  "snrd_gm": 14.604448776023304,
  "snrd_total": 14.848079428740684,
  "snrd_wm": 21.58195627881011,
  "spacing_x": 1.0,
  "spacing_y": 0.9999999403953552,
  "spacing_z": 0.999908447265625,
  "summary_bg_k": 0.24690633259535666,
  "summary_bg_mad": 30.357314432184534,
  "summary_bg_mean": 110.94629375624923,
  "summary_bg_median": 108.99689438939095,
  "summary_bg_n": 1824355.0,
  "summary_bg_p05": 64.16752653568983,
  "summary_bg_p95": 164.2192298769951,
  "summary_bg_stdv": 30.5668452733472,
  "summary_csf_k": 0.13802874207975346,
  "summary_csf_mad": 96.20815558684745,
  "summary_csf_mean": 384.45896444331095,
  "summary_csf_median": 387.28023670613766,
  "summary_csf_n": 39270.0,
  "summary_csf_p05": 222.9575942158699,
  "summary_csf_p95": 535.573924139142,
  "summary_csf_stdv": 95.53861161171501,
  "summary_gm_k": 0.18940633408155927,
  "summary_gm_mad": 63.16774518212135,
  "summary_gm_mean": 680.1570853283428,
  "summary_gm_median": 676.7321412563324,
  "summary_gm_n": 42920.0,
  "summary_gm_p05": 578.642692251876,
  "summary_gm_p95": 795.449821293354,
  "summary_gm_stdv": 65.75774946570007,
  "summary_wm_k": 0.5004203845458659,
  "summary_wm_mad": 57.80155323703823,
  "summary_wm_mean": 997.6849149229732,
  "summary_wm_median": 1000.0516766533256,
  "summary_wm_n": 154726.0,
  "summary_wm_p05": 893.0713282227516,
  "summary_wm_p95": 1094.0020358115435,
  "summary_wm_stdv": 61.26833954616003,
  "tpm_overlap_csf": 0.14813347160816193,
  "tpm_overlap_gm": 0.47088512778282166,
  "tpm_overlap_wm": 0.47586819529533386,
  "wm2max": 0.445655429848614
}