{
  "bids_meta": {
    "EchoTime": 0.00336,
    "FlipAngle": 9,
    "ImageType": [
      "ORIGINAL",
      "PRIMARY",
      "M",
      "ND",
      "NORM"
    ],
    "MagneticFieldStrength": 3,
    "Manufacturer": "Siemens",
    "ManufacturersModelName": "TrioTim",
    "PhaseEncodingDirection": "i-",
    "RepetitionTime": 2.3,
    "ScanningSequence": "GR_IR",
    "SequenceName": "_tfl3d1",
    "SequenceVariant": "SP_MP",
    "SoftwareVersions": "syngo_MR_B17",
    "dataset": "ds001894",
    "modality": "T1w",
    "session_id": "T1",
    "subject_id": "066"
  },
  "cjv": 0.32878208127588543,
  "cnr": 3.6557359563777783,
  "efc": 0.698013190996936,
  "fber": 29.16076003310155,
  "fwhm_avg": 3.358506400704813,
  "fwhm_x": 3.38237,
  "fwhm_y": 3.454329588211824,
  "fwhm_z": 3.238819613902615,
  "icvs_csf": 0.21310658204559532,
  "icvs_gm": 0.4684646372052935,
  "icvs_wm": 0.31842878074911113,
  "inu_med": 1.237084984779358,
  "inu_range": 0.3430517435073852,
  "provenance": {
    "md5sum": "1fc9cb232622fa508453068f4d7ba5f6",
    "settings": {
      "testing": false
    },
    "software": "mriqc",
    "version": "21.0.0rc2",
    "warnings": {
      "large_rot_frame": true,
      "small_air_mask": false
    },
    "webapi_port": null,
    "webapi_url": "https://mriqc.nimh.nih.gov/api/v1"
  },
  "qi_1": 5.791971417448479e-06,
  "qi_2": 0.002435517055823138,
  "rpve_csf": 25.186668635515286,
  "rpve_gm": 12.584069331515654,
  "rpve_wm": 20.824719437976555,
  "size_x": 256,
  "size_y": 256,
  "size_z": 160,
  "snr_csf": 3.955822627641696,
  "snr_gm": 10.682112933825973,
  "snr_total": 10.85882103864112,
  "snr_wm": 17.938527554455696,
  "snrd_csf": 8.676897349637366,
  "snrd_gm": 14.152366136141609,
  "snrd_total": 14.722963085025375,
  "snrd_wm": 21.33962576929715,
  "spacing_x": 1.0,
  "spacing_y": 1.0000001192092896,
  "spacing_z": 1.0000001192092896,
  "summary_bg_k": 46.06459809143837,
  "summary_bg_mad": 30.70162549727369,
  "summary_bg_mean": 110.77472166795137,
  "summary_bg_median": 107.02252824604511,
  "summary_bg_n": 2210265.0,
  "summary_bg_p05": 62.35093881189823,
  "summary_bg_p95": 166.11774104833603,
  "summary_bg_stdv": 39.0653699085901,
  "summary_csf_k": 0.1804682872303034,
  "summary_csf_mad": 102.20778799000985,
  "summary_csf_mean": 400.0499392948068,
  "summary_csf_median": 406.62503568828106,
  "summary_csf_n": 15196.0,
  "summary_csf_p05": 222.75223070383072,
  "summary_csf_p95": 557.9405805766582,
  "summary_csf_stdv": 102.78814153154892,
  "summary_gm_k": 0.25729336790029755,
  "summary_gm_mad": 59.04590497830333,
  "summary_gm_mean": 665.1901208562119,
  "summary_gm_median": 663.2216739803553,
  "summary_gm_n": 29333.0,
  "summary_gm_p05": 565.9511808514595,
  "summary_gm_p95": 771.849350863695,
  "summary_gm_stdv": 62.086066019814986,
  "summary_wm_k": 0.7684363909458725,
  "summary_wm_mad": 51.69323049906593,
  "summary_wm_mean": 998.460137291316,
  "summary_wm_median": 1000.0378868579865,
  "summary_wm_n": 139322.0,
  "summary_wm_p05": 904.5239714831114,
  "summary_wm_p95": 1086.2010542750359,
  "summary_wm_stdv": 55.74784746803386,
  "tpm_overlap_csf": 0.13753172755241394,
  "tpm_overlap_gm": 0.44828060269355774,
  "tpm_overlap_wm": 0.4601304531097412,
  "wm2max": 0.5815028491625369
}