{
  "bids_meta": {
    "EchoTime": 0.00336,
    "FlipAngle": 9,
    "ImageType": [
      "ORIGINAL",
      "PRIMARY",
      "M",
      "ND",
      "NORM"
    ],
    "MagneticFieldStrength": 3,
    "Manufacturer": "Siemens",
    "ManufacturersModelName": "TrioTim",
    "PhaseEncodingDirection": "i-",
    "RepetitionTime": 2.3,
    "ScanningSequence": "GR_IR",
    "SequenceName": "_tfl3d1",
    "SequenceVariant": "SP_MP",
    "SoftwareVersions": "syngo_MR_B17",
    "dataset": "ds001894",
    "modality": "T1w",
    "session_id": "T1",
    "subject_id": "106"
  },
  "cjv": 0.29283222029673156,
  "cnr": 4.185857876113998,
  "efc": 0.6713807414740004,
  "fber": 44.282671207797776,
  "fwhm_avg": 3.6886704860501225,
  "fwhm_x": 3.68446,
  "fwhm_y": 3.853840229706778,
  "fwhm_z": 3.52771122844359,
  "icvs_csf": 0.2162653377147126,
  "icvs_gm": 0.47977496832953875,
  "icvs_wm": 0.3039596939557487,
  "inu_med": 1.1152185201644897,
  "inu_range": 0.3649270057678222,
  "provenance": {
    "md5sum": "472c9b472457a18a5354e801ce48e8a3",
    "settings": {
      "testing": false
    },
    "software": "mriqc",
    "version": "22.0.0rc1",
    "warnings": {
      "large_rot_frame": true,
      "small_air_mask": false
    },
    "webapi_port": null,
    "webapi_url": "https://mriqc.nimh.nih.gov/api/v1"
  },
  "qi_1": 0.0,
  "qi_2": 0.004595669478780659,
  "rpve_csf": 22.99933882323804,
  "rpve_gm": 11.339416631266745,
  "rpve_wm": 19.58297639506767,
  "size_x": 256,
  "size_y": 256,
  "size_z": 160,
  "snr_csf": 4.6141030313728315,
  "snr_gm": 12.025795693720129,
  "snr_total": 11.348036126256424,
  "snr_wm": 17.404209653676315,
  "snrd_csf": 11.361562434938767,
  "snrd_gm": 17.49517397019872,
  "snrd_total": 18.544479680947124,
  "snrd_wm": 26.776702637703885,
  "spacing_x": 1.0,
  "spacing_y": 0.9999999403953552,
  "spacing_z": 1.0000648498535156,
  "summary_bg_k": 0.30906736784730793,
  "summary_bg_mad": 24.46665682679307,
  "summary_bg_mean": 90.11089571917098,
  "summary_bg_median": 88.64523550495505,
  "summary_bg_n": 2137550.0,
  "summary_bg_p05": 52.44378503039479,
  "summary_bg_p95": 132.80059809610248,
  "summary_bg_stdv": 24.58085083157735,
  "summary_csf_k": 0.4878011739610031,
  "summary_csf_mad": 88.93960387036941,
  "summary_csf_mean": 420.8931934957301,
  "summary_csf_median": 424.3077603876591,
  "summary_csf_n": 29913.0,
  "summary_csf_p05": 263.61643494442103,
  "summary_csf_p95": 562.2449503272769,
  "summary_csf_stdv": 91.95734578954114,
  "summary_gm_k": 0.6038053241351138,
  "summary_gm_mad": 50.42115089305329,
  "summary_gm_mean": 655.8979034747134,
  "summary_gm_median": 653.3729957826436,
  "summary_gm_n": 54112.0,
  "summary_gm_p05": 571.3807989172637,
  "summary_gm_p95": 749.4146261997521,
  "summary_gm_stdv": 54.330455561259626,
  "summary_wm_k": 1.015507160114553,
  "summary_wm_mad": 51.08241188837202,
  "summary_wm_mean": 995.6499036057371,
  "summary_wm_median": 1000.0000256858766,
  "summary_wm_n": 149557.0,
  "summary_wm_p05": 891.4700098894536,
  "summary_wm_p95": 1081.4049710959189,
  "summary_wm_stdv": 57.45717285484629,
  "tpm_overlap_csf": 0.14078524708747864,
  "tpm_overlap_gm": 0.48063531517982483,
  "tpm_overlap_wm": 0.4823353588581085,
  "wm2max": 0.5942310665459284
}