{
  "bids_meta": {
    "EchoTime": 0.00336,
    "FlipAngle": 9,
    "ImageType": [
      "ORIGINAL",
      "PRIMARY",
      "M",
      "ND",
      "NORM"
    ],
    "MagneticFieldStrength": 3,
    "Manufacturer": "Siemens",
    "ManufacturersModelName": "TrioTim",
    "PhaseEncodingDirection": "i-",
    "RepetitionTime": 2.3,
    "ScanningSequence": "GR_IR",
    "SequenceName": "_tfl3d1",
    "SequenceVariant": "SP_MP",
    "SoftwareVersions": "syngo_MR_B17",
    "dataset": "ds001894",
    "modality": "T1w",
    "session_id": "T2",
    "subject_id": "002"
  },
  "cjv": 0.3354857111998533,
  "cnr": 3.837450216021635,
  "efc": 0.6786498595568009,
  "fber": 42.19656295987707,
  "fwhm_avg": 3.6916521026861044,
  "fwhm_x": 3.6982595591331053,
  "fwhm_y": 3.84576,
  "fwhm_z": 3.530936748925208,
  "icvs_csf": 0.23329760049615983,
  "icvs_gm": 0.4191218849031769,
  "icvs_wm": 0.34758051460066325,
  "inu_med": 1.3144813776016235,
  "inu_range": 0.3180958747863769,
  "provenance": {
    "md5sum": "d623bc1b13dfa004a5b710d88391e71a",
    "settings": {
      "testing": false
    },
    "software": "mriqc",
    "version": "21.0.0rc2",
    "warnings": {
      "large_rot_frame": true,
      "small_air_mask": false
    },
    "webapi_port": null,
    "webapi_url": "https://mriqc.nimh.nih.gov/api/v1"
  },
  "qi_1": 0.0,
  "qi_2": 0.00441801931840788,
  "rpve_csf": 20.749125940488035,
  "rpve_gm": 11.828640115798276,
  "rpve_wm": 17.308832769815385,
  "size_x": 256,
  "size_y": 256,
  "size_z": 160,
  "snr_csf": 3.562669872090676,
  "snr_gm": 10.225089935082126,
  "snr_total": 11.737929581505695,
  "snr_wm": 21.42602893734428,
  "snrd_csf": 9.72629826950128,
  "snrd_gm": 19.045342549681852,
  "snrd_total": 18.97380891483111,
  "snrd_wm": 28.149785925310194,
  "spacing_x": 1.0000001192092896,
  "spacing_y": 1.0,
  "spacing_z": 0.9999159574508667,
  "summary_bg_k": 0.2865172740747437,
  "summary_bg_mad": 23.273226507237283,
  "summary_bg_mean": 85.58841576031854,
  "summary_bg_median": 84.20541532337666,
  "summary_bg_n": 1768822.0,
  "summary_bg_p05": 49.65693833678961,
  "summary_bg_p95": 126.23881811648607,
  "summary_bg_stdv": 23.391362172061793,
  "summary_csf_k": 0.02552343329641671,
  "summary_csf_mad": 103.88181897932404,
  "summary_csf_mean": 348.5742106410679,
  "summary_csf_median": 345.51942230015993,
  "summary_csf_n": 25676.0,
  "summary_csf_p05": 199.12155053578317,
  "summary_csf_p95": 506.9131350032985,
  "summary_csf_stdv": 96.98139490560247,
  "summary_gm_k": 0.2628692938796018,
  "summary_gm_mad": 63.60321063125774,
  "summary_gm_mean": 677.6507899063863,
  "summary_gm_median": 676.5714532844722,
  "summary_gm_n": 32292.0,
  "summary_gm_p05": 570.1209077689797,
  "summary_gm_p95": 788.5317358519881,
  "summary_gm_stdv": 66.1667507730326,
  "summary_wm_k": 0.38770523122120126,
  "summary_wm_mad": 44.90242818394125,
  "summary_wm_mean": 998.8493660469995,
  "summary_wm_median": 999.9999487251043,
  "summary_wm_n": 198770.0,
  "summary_wm_p05": 920.1953925564885,
  "summary_wm_p95": 1073.012627772987,
  "summary_wm_stdv": 46.67208450880941,
  "tpm_overlap_csf": 0.15982358157634735,
  "tpm_overlap_gm": 0.4523196816444397,
  "tpm_overlap_wm": 0.4908665716648102,
  "wm2max": 0.6443243725998036
}