{
  "bids_meta": {
    "EchoTime": 0.00336,
    "FlipAngle": 9,
    "ImageType": [
      "ORIGINAL",
      "PRIMARY",
      "M",
      "ND",
      "NORM"
    ],
    "MagneticFieldStrength": 3,
    "Manufacturer": "Siemens",
    "ManufacturersModelName": "TrioTim",
    "PhaseEncodingDirection": "i-",
    "RepetitionTime": 2.3,
    "ScanningSequence": "GR_IR",
    "SequenceName": "_tfl3d1",
    "SequenceVariant": "SP_MP",
    "SoftwareVersions": "syngo_MR_B17",
    "dataset": "ds001894",
    "modality": "T1w",
    "session_id": "T1",
    "subject_id": "098"
  },
  "cjv": 0.38554698444473356,
  "cnr": 3.288482732048137,
  "efc": 0.711032121615602,
  "fber": 28.468415683243744,
  "fwhm_avg": 3.4661049421569152,
  "fwhm_x": 3.43274,
  "fwhm_y": 3.66603,
  "fwhm_z": 3.299544826470745,
  "icvs_csf": 0.22689538255769928,
  "icvs_gm": 0.44177150408463645,
  "icvs_wm": 0.33133311335766424,
  "inu_med": 1.0595911741256714,
  "inu_range": 0.36269673705101013,
  "provenance": {
    "md5sum": "a2da7f9c71f82916de9d4f033c4b7d1d",
    "settings": {
      "testing": false
    },
    "software": "mriqc",
    "version": "21.0.0rc2",
    "warnings": {
      "large_rot_frame": true,
      "small_air_mask": false
    },
    "webapi_port": null,
    "webapi_url": "https://mriqc.nimh.nih.gov/api/v1"
  },
  "qi_1": 0.0,
  "qi_2": 0.004035302362165118,
  "rpve_csf": 21.209955234904534,
  "rpve_gm": 11.377545586547463,
  "rpve_wm": 17.500276565875637,
  "size_x": 256,
  "size_y": 256,
  "size_z": 160,
  "snr_csf": 3.254835458898056,
  "snr_gm": 10.043950538067884,
  "snr_total": 10.710587489593037,
  "snr_wm": 18.832976471813165,
  "snrd_csf": 8.608762429101773,
  "snrd_gm": 14.740595851585294,
  "snrd_total": 14.84945728847328,
  "snrd_wm": 21.199013584732768,
  "spacing_x": 1.0,
  "spacing_y": 1.0,
  "spacing_z": 1.0000076293945312,
  "summary_bg_k": 0.27462704203364563,
  "summary_bg_mad": 30.904097527394526,
  "summary_bg_mean": 113.57779913664648,
  "summary_bg_median": 111.67077581584454,
  "summary_bg_n": 1883336.0,
  "summary_bg_p05": 65.90933505445719,
  "summary_bg_p95": 167.77408785000443,
  "summary_bg_stdv": 31.157174323011812,
  "summary_csf_k": 28.423068565567704,
  "summary_csf_mad": 111.81881046223083,
  "summary_csf_mean": 402.76755041352095,
  "summary_csf_median": 406.09259813837707,
  "summary_csf_n": 25538.0,
  "summary_csf_p05": 210.74911769852042,
  "summary_csf_p95": 574.5900811292231,
  "summary_csf_stdv": 124.763494940614,
  "summary_gm_k": 0.18620950997846375,
  "summary_gm_mad": 66.53517141180699,
  "summary_gm_mean": 696.9208367074074,
  "summary_gm_median": 695.3434848245233,
  "summary_gm_n": 27230.0,
  "summary_gm_p05": 585.3847441753372,
  "summary_gm_p95": 814.947494018264,
  "summary_gm_stdv": 69.22880734078358,
  "summary_wm_k": 0.4807457204705994,
  "summary_wm_mad": 50.92423268652928,
  "summary_wm_mean": 999.0221241993625,
  "summary_wm_median": 1000.0000087693334,
  "summary_wm_n": 180631.0,
  "summary_wm_p05": 910.0310871787369,
  "summary_wm_p95": 1084.0210147574544,
  "summary_wm_stdv": 53.0982047467647,
  "tpm_overlap_csf": 0.15203511714935303,
  "tpm_overlap_gm": 0.4620681405067444,
  "tpm_overlap_wm": 0.4872812032699585,
  "wm2max": 0.5419958178438662
}