{
  "bids_meta": {
    "EchoTime": 0.00336,
    "FlipAngle": 9,
    "ImageType": [
      "ORIGINAL",
      "PRIMARY",
      "M",
      "ND",
      "NORM"
    ],
    "MagneticFieldStrength": 3,
    "Manufacturer": "Siemens",
    "ManufacturersModelName": "TrioTim",
    "PhaseEncodingDirection": "i-",
    "RepetitionTime": 2.3,
    "ScanningSequence": "GR_IR",
    "SequenceName": "_tfl3d1",
    "SequenceVariant": "SP_MP",
    "SoftwareVersions": "syngo_MR_B17",
    "dataset": "ds001894",
    "modality": "T1w",
    "session_id": "T2",
    "subject_id": "077"
  },
  "cjv": 0.37825593715947087,
  "cnr": 3.418589157334927,
  "efc": 0.6820718569564088,
  "fber": 34.85090309773551,
  "fwhm_avg": 3.3197761327619717,
  "fwhm_x": 3.3030001968741534,
  "fwhm_y": 3.51034,
  "fwhm_z": 3.1459882014117637,
  "icvs_csf": 0.2243813673021348,
  "icvs_gm": 0.46005277897090485,
  "icvs_wm": 0.3155658537269604,
  "inu_med": 1.178357481956482,
  "inu_range": 0.371017050743103,
  "provenance": {
    "md5sum": "8f8c17302ecb02336fd612e22d08388a",
    "settings": {
      "testing": false
    },
    "software": "mriqc",
    "version": "21.0.0rc2",
    "warnings": {
      "large_rot_frame": true,
      "small_air_mask": false
    },
    "webapi_port": null,
    "webapi_url": "https://mriqc.nimh.nih.gov/api/v1"
  },
  "qi_1": 0.0,
  "qi_2": 0.0046346273818145215,
  "rpve_csf": 25.103023081357623,
  "rpve_gm": 12.981348017654316,
  "rpve_wm": 21.446536609457958,
  "size_x": 256,
  "size_y": 256,
  "size_z": 160,
  "snr_csf": 3.6916795648664804,
  "snr_gm": 9.806096630421825,
  "snr_total": 10.471818015898805,
  "snr_wm": 17.91767785240811,
  "snrd_csf": 9.64171798292173,
  "snrd_gm": 16.63331143880893,
  "snrd_total": 16.892346167015315,
  "snrd_wm": 24.40200907931528,
  "spacing_x": 0.9999999403953552,
  "spacing_y": 1.0,
  "spacing_z": 0.9999465346336365,
  "summary_bg_k": 0.25901719031670334,
  "summary_bg_mad": 26.848930224501693,
  "summary_bg_mean": 98.65565523850314,
  "summary_bg_median": 97.0794492661953,
  "summary_bg_n": 2140909.0,
  "summary_bg_p05": 57.35421198606491,
  "summary_bg_p95": 145.45105016231537,
  "summary_bg_stdv": 26.94913550606217,
  "summary_csf_k": -0.4106670888598476,
  "summary_csf_mad": 114.517453053047,
  "summary_csf_mean": 387.4816306461419,
  "summary_csf_median": 395.1388172507286,
  "summary_csf_n": 20731.0,
  "summary_csf_p05": 210.34681263566017,
  "summary_csf_p95": 552.3345113247633,
  "summary_csf_stdv": 107.03239001362536,
  "summary_gm_k": 0.15209400046955412,
  "summary_gm_mad": 67.30036886513024,
  "summary_gm_mean": 684.8119077039223,
  "summary_gm_median": 681.6697004139423,
  "summary_gm_n": 21835.0,
  "summary_gm_p05": 576.1216183394193,
  "summary_gm_p95": 805.5672874957322,
  "summary_gm_stdv": 69.51329528566615,
  "summary_wm_k": 0.5409046469428516,
  "summary_wm_mad": 53.12812187660016,
  "summary_wm_mean": 998.1573142546144,
  "summary_wm_median": 1000.0480228960514,
  "summary_wm_n": 132266.0,
  "summary_wm_p05": 903.4609360024333,
  "summary_wm_p95": 1085.88719946146,
  "summary_wm_stdv": 55.81327282943493,
  "tpm_overlap_csf": 0.1612473428249359,
  "tpm_overlap_gm": 0.46413129568099976,
  "tpm_overlap_wm": 0.47997796535491943,
  "wm2max": 0.6185637460260867
}