{
  "bids_meta": {
    "EchoTime": 0.00336,
    "FlipAngle": 9,
    "ImageType": [
      "ORIGINAL",
      "PRIMARY",
      "M",
      "ND",
      "NORM"
    ],
    "MagneticFieldStrength": 3,
    "Manufacturer": "Siemens",
    "ManufacturersModelName": "TrioTim",
    "PhaseEncodingDirection": "i-",
    "RepetitionTime": 2.3,
    "ScanningSequence": "GR_IR",
    "SequenceName": "_tfl3d1",
    "SequenceVariant": "SP_MP",
    "SoftwareVersions": "syngo_MR_B17",
    "dataset": "ds001894",
    "modality": "T1w",
    "session_id": "T1",
    "subject_id": "023"
  },
  "cjv": 0.3342303457547547,
  "cnr": 3.840237284364896,
  "efc": 0.6698763434296797,
  "fber": 33.14954324982952,
  "fwhm_avg": 3.704900414125006,
  "fwhm_x": 3.70288022070886,
  "fwhm_y": 3.82408,
  "fwhm_z": 3.587741021666158,
  "icvs_csf": 0.23482298823286513,
  "icvs_gm": 0.43826128553532434,
  "icvs_wm": 0.3269157262318105,
  "inu_med": 1.1554930210113525,
  "inu_range": 0.34450771212577824,
  "provenance": {
    "md5sum": "f9d83297864ebd8fdf23583ba9509146",
    "settings": {
      "testing": false
    },
    "software": "mriqc",
    "version": "21.0.0rc2",
    "warnings": {
      "large_rot_frame": true,
      "small_air_mask": false
    },
    "webapi_port": null,
    "webapi_url": "https://mriqc.nimh.nih.gov/api/v1"
  },
  "qi_1": 0.0,
  "qi_2": 0.003923747534134104,
  "rpve_csf": 24.42185453469976,
  "rpve_gm": 13.591335800785433,
  "rpve_wm": 21.322034799538624,
  "size_x": 256,
  "size_y": 256,
  "size_z": 160,
  "snr_csf": 3.9789531587908944,
  "snr_gm": 10.983655396289747,
  "snr_total": 11.399707073306447,
  "snr_wm": 19.2365126648387,
  "snrd_csf": 8.78448281724837,
  "snrd_gm": 15.344883468493345,
  "snrd_total": 15.652306752225059,
  "snrd_wm": 22.82755397093346,
  "spacing_x": 0.9999999403953552,
  "spacing_y": 1.0,
  "spacing_z": 1.00006103515625,
  "summary_bg_k": 0.27418524450771153,
  "summary_bg_mad": 28.700519885683118,
  "summary_bg_mean": 105.02966870331224,
  "summary_bg_median": 103.25715535506606,
  "summary_bg_n": 2169651.0,
  "summary_bg_p05": 60.685165982693434,
  "summary_bg_p95": 155.50824797153473,
  "summary_bg_stdv": 28.9499380173858,
  "summary_csf_k": 0.538466570200824,
  "summary_csf_mad": 94.37826559918618,
  "summary_csf_mean": 382.3954558132701,
  "summary_csf_median": 384.8347190245986,
  "summary_csf_n": 28529.0,
  "summary_csf_p05": 219.50278369411828,
  "summary_csf_p95": 532.8567228272557,
  "summary_csf_stdv": 96.71588455167577,
  "summary_gm_k": 0.27201299690187675,
  "summary_gm_mad": 58.41329877148369,
  "summary_gm_mean": 673.4662820055336,
  "summary_gm_median": 672.2358095422387,
  "summary_gm_n": 30425.0,
  "summary_gm_p05": 573.9668061494827,
  "summary_gm_p95": 776.8504490867257,
  "summary_gm_stdv": 61.202280822973144,
  "summary_wm_k": 0.175437486038847,
  "summary_wm_mad": 51.14885182946431,
  "summary_wm_mean": 999.4180155171161,
  "summary_wm_median": 1000.0401277095079,
  "summary_wm_n": 159005.0,
  "summary_wm_p05": 913.2896587997675,
  "summary_wm_p95": 1083.6097460925575,
  "summary_wm_stdv": 51.98639693415359,
  "tpm_overlap_csf": 0.1523401439189911,
  "tpm_overlap_gm": 0.4791911244392395,
  "tpm_overlap_wm": 0.5121174454689026,
  "wm2max": 0.5089202010161195
}