{
  "bids_meta": {
    "EchoTime": 0.00336,
    "FlipAngle": 9,
    "ImageType": [
      "ORIGINAL",
      "PRIMARY",
      "M",
      "ND",
      "NORM"
    ],
    "MagneticFieldStrength": 3,
    "Manufacturer": "Siemens",
    "ManufacturersModelName": "TrioTim",
    "PhaseEncodingDirection": "i-",
    "RepetitionTime": 2.3,
    "ScanningSequence": "GR_IR",
    "SequenceName": "_tfl3d1",
    "SequenceVariant": "SP_MP",
    "SoftwareVersions": "syngo_MR_B17",
    "dataset": "ds001894",
    "modality": "T1w",
    "session_id": "T1",
    "subject_id": "072"
  },
  "cjv": 0.31337206478401985,
  "cnr": 4.111664744391682,
  "efc": 0.6940551069279653,
  "fber": 38.28886344758189,
  "fwhm_avg": 3.8736365090259106,
  "fwhm_x": 3.87139,
  "fwhm_y": 3.967159527077731,
  "fwhm_z": 3.78236,
  "icvs_csf": 0.24080775218151496,
  "icvs_gm": 0.43428950973704394,
  "icvs_wm": 0.3249027380814411,
  "inu_med": 1.1679059267044067,
  "inu_range": 0.3405256509780883,
  "provenance": {
    "md5sum": "c8918cec631e88b1a962a2a47649610d",
    "settings": {
      "testing": false
    },
    "software": "mriqc",
    "version": "21.0.0rc2",
    "warnings": {
      "large_rot_frame": true,
      "small_air_mask": false
    },
    "webapi_port": null,
    "webapi_url": "https://mriqc.nimh.nih.gov/api/v1"
  },
  "qi_1": 0.0,
  "qi_2": 0.004222378309608478,
  "rpve_csf": 18.896099523746262,
  "rpve_gm": 10.68002467369556,
  "rpve_wm": 16.596260233153185,
  "size_x": 256,
  "size_y": 256,
  "size_z": 160,
  "snr_csf": 3.822125361369704,
  "snr_gm": 10.421900378961372,
  "snr_total": 11.473975290219812,
  "snr_wm": 20.177900130328357,
  "snrd_csf": 9.391051073829589,
  "snrd_gm": 17.243849857683315,
  "snrd_total": 17.652035594070316,
  "snrd_wm": 26.321205850698043,
  "spacing_x": 1.0,
  "spacing_y": 1.0000001192092896,
  "spacing_z": 1.0,
  "summary_bg_k": 0.22021164332802368,
  "summary_bg_mad": 24.890060436628506,
  "summary_bg_mean": 91.90364958260628,
  "summary_bg_median": 90.39436543732882,
  "summary_bg_n": 1845216.0,
  "summary_bg_p05": 53.33386344462633,
  "summary_bg_p95": 135.4529672190547,
  "summary_bg_stdv": 25.052722983278045,
  "summary_csf_k": 0.19454293357622765,
  "summary_csf_mad": 93.5138355555406,
  "summary_csf_mean": 355.5405153192015,
  "summary_csf_median": 356.7865207865834,
  "summary_csf_n": 39709.0,
  "summary_csf_p05": 202.2252220913768,
  "summary_csf_p95": 504.7909614369273,
  "summary_csf_stdv": 93.346500836877,
  "summary_gm_k": 0.1262065220528914,
  "summary_gm_mad": 61.4033094733807,
  "summary_gm_mean": 657.4752063115321,
  "summary_gm_median": 655.1314807385206,
  "summary_gm_n": 32201.0,
  "summary_gm_p05": 557.0953664928675,
  "summary_gm_p95": 764.6500154733658,
  "summary_gm_stdv": 62.86006239791636,
  "summary_wm_k": 0.6918031454297418,
  "summary_wm_mad": 46.66886331867845,
  "summary_wm_mean": 997.9857529311012,
  "summary_wm_median": 1000.000040948391,
  "summary_wm_n": 188440.0,
  "summary_wm_p05": 913.3671580851078,
  "summary_wm_p95": 1074.873341448605,
  "summary_wm_stdv": 49.5590413829659,
  "tpm_overlap_csf": 0.14602112770080566,
  "tpm_overlap_gm": 0.4494849443435669,
  "tpm_overlap_wm": 0.4803934395313263,
  "wm2max": 0.5894720263419468
}