{
  "bids_meta": {
    "EchoTime": 0.00336,
    "FlipAngle": 9,
    "ImageType": [
      "ORIGINAL",
      "PRIMARY",
      "M",
      "ND",
      "NORM"
    ],
    "MagneticFieldStrength": 3,
    "Manufacturer": "Siemens",
    "ManufacturersModelName": "TrioTim",
    "PhaseEncodingDirection": "i-",
    "RepetitionTime": 2.3,
    "ScanningSequence": "GR_IR",
    "SequenceName": "_tfl3d1",
    "SequenceVariant": "SP_MP",
    "SoftwareVersions": "syngo_MR_B17",
    "dataset": "ds001894",
    "modality": "T1w",
    "session_id": "T1",
    "subject_id": "062"
  },
  "cjv": 0.33940844490551336,
  "cnr": 3.755742590404513,
  "efc": 0.672522692717189,
  "fber": 36.89365712056308,
  "fwhm_avg": 3.531559180488235,
  "fwhm_x": 3.5458802113509305,
  "fwhm_y": 3.698959559049659,
  "fwhm_z": 3.3498377710641156,
  "icvs_csf": 0.21911746857434028,
  "icvs_gm": 0.46165768599617235,
  "icvs_wm": 0.31922484542948737,
  "inu_med": 1.216192364692688,
  "inu_range": 0.31872056722640996,
  "provenance": {
    "md5sum": "af8b0f7c9a17bd3f82f2343d5f647543",
    "settings": {
      "testing": false
    },
    "software": "mriqc",
    "version": "21.0.0rc2",
    "warnings": {
      "large_rot_frame": true,
      "small_air_mask": false
    },
    "webapi_port": null,
    "webapi_url": "https://mriqc.nimh.nih.gov/api/v1"
  },
  "qi_1": 0.0,
  "qi_2": 0.004129544437155323,
  "rpve_csf": 25.52240544065586,
  "rpve_gm": 13.164076948711882,
  "rpve_wm": 21.34448323521884,
  "size_x": 256,
  "size_y": 256,
  "size_z": 160,
  "snr_csf": 1.8118040636753772,
  "snr_gm": 11.07475395992302,
  "snr_total": 10.672661185895295,
  "snr_wm": 19.13142553408749,
  "snrd_csf": 9.351312948551898,
  "snrd_gm": 16.161175831929707,
  "snrd_total": 16.428510747920924,
  "snrd_wm": 23.77304346328117,
  "spacing_x": 0.9999999403953552,
  "spacing_y": 1.0000001192092896,
  "spacing_z": 1.000030517578125,
  "summary_bg_k": 0.2274881953576009,
  "summary_bg_mad": 27.5579505206788,
  "summary_bg_mean": 99.97441453430136,
  "summary_bg_median": 98.18849761039019,
  "summary_bg_n": 2082108.0,
  "summary_bg_p05": 57.705432552844286,
  "summary_bg_p95": 148.3328907750547,
  "summary_bg_stdv": 27.714573884437776,
  "summary_csf_k": 71.9857024138742,
  "summary_csf_mad": 101.31828418831485,
  "summary_csf_mean": 410.77485618514174,
  "summary_csf_median": 393.35782344825566,
  "summary_csf_n": 28650.0,
  "summary_csf_p05": 228.82645592838526,
  "summary_csf_p95": 563.5363422611728,
  "summary_csf_stdv": 217.10457901663472,
  "summary_gm_k": 0.3150696868090739,
  "summary_gm_mad": 58.54118302697869,
  "summary_gm_mean": 681.4323946104516,
  "summary_gm_median": 679.810951102525,
  "summary_gm_n": 35859.0,
  "summary_gm_p05": 582.9351339414716,
  "summary_gm_p95": 785.2979520112276,
  "summary_gm_stdv": 61.382986434899784,
  "summary_wm_k": 0.5342939638878614,
  "summary_wm_mad": 50.13367269863601,
  "summary_wm_mean": 999.2271016511329,
  "summary_wm_median": 999.9999663047493,
  "summary_wm_n": 151532.0,
  "summary_wm_p05": 912.5754483789206,
  "summary_wm_p95": 1082.6988346129656,
  "summary_wm_stdv": 52.26984601249853,
  "tpm_overlap_csf": 0.14817655086517334,
  "tpm_overlap_gm": 0.47401344776153564,
  "tpm_overlap_wm": 0.5019469857215881,
  "wm2max": 0.5166847531199131
}