{
  "bids_meta": {
    "EchoTime": 0.00336,
    "FlipAngle": 9,
    "ImageType": [
      "ORIGINAL",
      "PRIMARY",
      "M",
      "ND",
      "NORM"
    ],
    "MagneticFieldStrength": 3,
    "Manufacturer": "Siemens",
    "ManufacturersModelName": "TrioTim",
    "PhaseEncodingDirection": "i-",
    "RepetitionTime": 2.3,
    "ScanningSequence": "GR_IR",
    "SequenceName": "_tfl3d1",
    "SequenceVariant": "SP_MP",
    "SoftwareVersions": "syngo_MR_B17",
    "dataset": "ds001894",
    "modality": "T1w",
    "session_id": "T1",
    "subject_id": "039"
  },
  "cjv": 0.328772532182397,
  "cnr": 3.8141257261787698,
  "efc": 0.6847491692031128,
  "fber": 36.133713182606904,
  "fwhm_avg": 3.62049,
  "fwhm_x": 3.65364,
  "fwhm_y": 3.74204,
  "fwhm_z": 3.46579,
  "icvs_csf": 0.23399310225425055,
  "icvs_gm": 0.4450423550193709,
  "icvs_wm": 0.32096454272637853,
  "inu_med": 1.0974581241607666,
  "inu_range": 0.32091939151287074,
  "provenance": {
    "md5sum": "673bc0bb5a5f144fa0384a46921bc0c4",
    "settings": {
      "testing": false
    },
    "software": "mriqc",
    "version": "21.0.0rc2",
    "warnings": {
      "large_rot_frame": true,
      "small_air_mask": false
    },
    "webapi_port": null,
    "webapi_url": "https://mriqc.nimh.nih.gov/api/v1"
  },
  "qi_1": 0.0,
  "qi_2": 0.0051168105693395255,
  "rpve_csf": 20.08981250616565,
  "rpve_gm": 10.999006726732494,
  "rpve_wm": 17.550260437305347,
  "size_x": 256,
  "size_y": 256,
  "size_z": 160,
  "snr_csf": 3.7567152203654284,
  "snr_gm": 10.11586680239645,
  "snr_total": 10.910450096039591,
  "snr_wm": 18.8587682653569,
  "snrd_csf": 9.186870639854762,
  "snrd_gm": 16.633599621119398,
  "snrd_total": 16.966076844276046,
  "snrd_wm": 25.077760271853975,
  "spacing_x": 1.0,
  "spacing_y": 1.0,
  "spacing_z": 1.0,
  "summary_bg_k": 0.21672172249005683,
  "summary_bg_mad": 26.125149413479097,
  "summary_bg_mean": 96.1297484153083,
  "summary_bg_median": 94.65904608368874,
  "summary_bg_n": 1797718.0,
  "summary_bg_p05": 55.958059165626764,
  "summary_bg_p95": 141.47886656969786,
  "summary_bg_stdv": 26.13395039649515,
  "summary_csf_k": -0.24681977287838475,
  "summary_csf_mad": 104.95940709609525,
  "summary_csf_mean": 361.95186284696246,
  "summary_csf_median": 366.3487120065838,
  "summary_csf_n": 27828.0,
  "summary_csf_p05": 202.03699130173774,
  "summary_csf_p95": 514.7504315042868,
  "summary_csf_stdv": 97.51660908061389,
  "summary_gm_k": 0.343377788757238,
  "summary_gm_mad": 61.26455492623714,
  "summary_gm_mean": 665.503762579583,
  "summary_gm_median": 663.3050617687404,
  "summary_gm_n": 34326.0,
  "summary_gm_p05": 560.4907747916877,
  "summary_gm_p95": 776.7866950929165,
  "summary_gm_stdv": 65.56980363710286,
  "summary_wm_k": 0.6750745810707155,
  "summary_wm_mad": 49.44346459245217,
  "summary_wm_mean": 997.7717491690574,
  "summary_wm_median": 1000.0364145487547,
  "summary_wm_n": 176903.0,
  "summary_wm_p05": 906.6516248546541,
  "summary_wm_p95": 1079.8412718623877,
  "summary_wm_stdv": 53.02751346020742,
  "tpm_overlap_csf": 0.15386007726192474,
  "tpm_overlap_gm": 0.4595547616481781,
  "tpm_overlap_wm": 0.46696504950523376,
  "wm2max": 0.5736482676524027
}