{
  "bids_meta": {
    "EchoTime": 0.00336,
    "FlipAngle": 9,
    "ImageType": [
      "ORIGINAL",
      "PRIMARY",
      "M",
      "ND",
      "NORM"
    ],
    "MagneticFieldStrength": 3,
    "Manufacturer": "Siemens",
    "ManufacturersModelName": "TrioTim",
    "PhaseEncodingDirection": "i-",
    "RepetitionTime": 2.3,
    "ScanningSequence": "GR_IR",
    "SequenceName": "_tfl3d1",
    "SequenceVariant": "SP_MP",
    "SoftwareVersions": "syngo_MR_B17",
    "dataset": "ds001894",
    "modality": "T1w",
    "session_id": "T1",
    "subject_id": "169"
  },
  "cjv": 0.3068814435449435,
  "cnr": 4.133207610009859,
  "efc": 0.662785228620008,
  "fber": 44.127933520064865,
  "fwhm_avg": 3.6401105748230083,
  "fwhm_x": 3.71104,
  "fwhm_y": 3.74716,
  "fwhm_z": 3.462131724469024,
  "icvs_csf": 0.22320525190685953,
  "icvs_gm": 0.456270300582273,
  "icvs_wm": 0.32052444751086745,
  "inu_med": 1.0649538040161133,
  "inu_range": 0.2927594900131226,
  "provenance": {
    "md5sum": "7b9b7d6955046e44a4260deb344af932",
    "settings": {
      "testing": false
    },
    "software": "mriqc",
    "version": "22.0.0rc1",
    "warnings": {
      "large_rot_frame": true,
      "small_air_mask": false
    },
    "webapi_port": null,
    "webapi_url": "https://mriqc.nimh.nih.gov/api/v1"
  },
  "qi_1": 0.0,
  "qi_2": 0.004236283306341665,
  "rpve_csf": 23.303238899952287,
  "rpve_gm": 12.223036581111682,
  "rpve_wm": 19.688594576513342,
  "size_x": 256,
  "size_y": 256,
  "size_z": 160,
  "snr_csf": 3.711141165979286,
  "snr_gm": 11.069926671254883,
  "snr_total": 11.395150634355675,
  "snr_wm": 19.404384065832858,
  "snrd_csf": 9.355397907856718,
  "snrd_gm": 17.155671898332024,
  "snrd_total": 17.52264321298239,
  "snrd_wm": 26.056859832758438,
  "spacing_x": 1.0,
  "spacing_y": 1.0,
  "spacing_z": 0.9999388456344604,
  "summary_bg_k": 0.2475741942653431,
  "summary_bg_mad": 25.142568073316518,
  "summary_bg_mean": 91.52824877789195,
  "summary_bg_median": 89.95960476994514,
  "summary_bg_n": 2111950.0,
  "summary_bg_p05": 52.84035037457943,
  "summary_bg_p95": 135.55806139484048,
  "summary_bg_stdv": 25.25466088674168,
  "summary_csf_k": 0.4185789500814523,
  "summary_csf_mad": 97.65675582125085,
  "summary_csf_mean": 360.23268038528477,
  "summary_csf_median": 359.03780771046877,
  "summary_csf_n": 26461.0,
  "summary_csf_p05": 203.53724493458867,
  "summary_csf_p95": 515.1206333003938,
  "summary_csf_stdv": 96.74410304167337,
  "summary_gm_k": 0.38114480315613,
  "summary_gm_mad": 55.896353055699386,
  "summary_gm_mean": 660.7753046760123,
  "summary_gm_median": 658.3936769813299,
  "summary_gm_n": 34777.0,
  "summary_gm_p05": 566.1414123810828,
  "summary_gm_p95": 763.7832463234663,
  "summary_gm_stdv": 59.475029106327284,
  "summary_wm_k": 0.5353651255801566,
  "summary_wm_mad": 48.93628592810747,
  "summary_wm_mean": 997.7396865623268,
  "summary_wm_median": 999.9999916963279,
  "summary_wm_n": 163840.0,
  "summary_wm_p05": 908.5465188940988,
  "summary_wm_p95": 1077.4409459643066,
  "summary_wm_stdv": 51.5345880879916,
  "tpm_overlap_csf": 0.167973592877388,
  "tpm_overlap_gm": 0.4731689691543579,
  "tpm_overlap_wm": 0.4920508563518524,
  "wm2max": 0.5371070791930739
}