{
  "bids_meta": {
    "EchoTime": 0.00336,
    "FlipAngle": 9,
    "ImageType": [
      "ORIGINAL",
      "PRIMARY",
      "M",
      "ND",
      "NORM"
    ],
    "MagneticFieldStrength": 3,
    "Manufacturer": "Siemens",
    "ManufacturersModelName": "TrioTim",
    "PhaseEncodingDirection": "i-",
    "RepetitionTime": 2.3,
    "ScanningSequence": "GR_IR",
    "SequenceName": "_tfl3d1",
    "SequenceVariant": "SP_MP",
    "SoftwareVersions": "syngo_MR_B17",
    "dataset": "ds001894",
    "modality": "T1w",
    "session_id": "T1",
    "subject_id": "081"
  },
  "cjv": 0.31689338411707496,
  "cnr": 4.041190602027089,
  "efc": 0.6589580255523032,
  "fber": 50.22793708118123,
  "fwhm_avg": 3.7864167367672965,
  "fwhm_x": 3.81989,
  "fwhm_y": 4.01108,
  "fwhm_z": 3.528280210301889,
  "icvs_csf": 0.2351352077737733,
  "icvs_gm": 0.4288777658991766,
  "icvs_wm": 0.3359870263270501,
  "inu_med": 1.3006268739700317,
  "inu_range": 0.389092528820038,
  "provenance": {
    "md5sum": "f69ac2d16a6e6ae1df91c0798d172763",
    "settings": {
      "testing": false
    },
    "software": "mriqc",
    "version": "21.0.0rc2",
    "warnings": {
      "large_rot_frame": true,
      "small_air_mask": false
    },
    "webapi_port": null,
    "webapi_url": "https://mriqc.nimh.nih.gov/api/v1"
  },
  "qi_1": 0.0,
  "qi_2": 0.004602036562105428,
  "rpve_csf": 22.512173730382678,
  "rpve_gm": 12.775577545510425,
  "rpve_wm": 19.24550136132076,
  "size_x": 256,
  "size_y": 256,
  "size_z": 160,
  "snr_csf": 4.215008473323617,
  "snr_gm": 10.088001499903635,
  "snr_total": 11.524904734330805,
  "snr_wm": 20.271704229765163,
  "snrd_csf": 11.208705357625124,
  "snrd_gm": 19.335859807717664,
  "snrd_total": 19.983566922999042,
  "snrd_wm": 29.406135603654334,
  "spacing_x": 1.0,
  "spacing_y": 1.0,
  "spacing_z": 0.9999999403953552,
  "summary_bg_k": 0.19464702240388831,
  "summary_bg_mad": 22.278900951569256,
  "summary_bg_mean": 82.0208512556127,
  "summary_bg_median": 80.63112999498844,
  "summary_bg_n": 1753300.0,
  "summary_bg_p05": 47.6510601490736,
  "summary_bg_p95": 120.80828942358494,
  "summary_bg_stdv": 22.342690604061588,
  "summary_csf_k": 0.19462360185405325,
  "summary_csf_mad": 89.46737592656496,
  "summary_csf_mean": 377.96187432487704,
  "summary_csf_median": 381.1689367443323,
  "summary_csf_n": 27856.0,
  "summary_csf_p05": 224.65201054513454,
  "summary_csf_p95": 518.2299944013357,
  "summary_csf_stdv": 90.42973396633525,
  "summary_gm_k": 0.3730592289814392,
  "summary_gm_mad": 61.7360071105327,
  "summary_gm_mean": 660.8351740386694,
  "summary_gm_median": 657.5450856089592,
  "summary_gm_n": 37641.0,
  "summary_gm_p05": 558.8025983124971,
  "summary_gm_p95": 773.8848523795605,
  "summary_gm_stdv": 65.1800409754958,
  "summary_wm_k": 0.49402346620694004,
  "summary_wm_mad": 46.785691998295434,
  "summary_wm_mean": 998.5301553943726,
  "summary_wm_median": 1000.0000075101852,
  "summary_wm_n": 177933.0,
  "summary_wm_p05": 915.0189882069826,
  "summary_wm_p95": 1076.716237127781,
  "summary_wm_stdv": 49.329705392575285,
  "tpm_overlap_csf": 0.15992625057697296,
  "tpm_overlap_gm": 0.4653840661048889,
  "tpm_overlap_wm": 0.49751126766204834,
  "wm2max": 0.5361034555861777
}