{
  "bids_meta": {
    "EchoTime": 0.00336,
    "FlipAngle": 9,
    "ImageType": [
      "ORIGINAL",
      "PRIMARY",
      "M",
      "ND",
      "NORM"
    ],
    "MagneticFieldStrength": 3,
    "Manufacturer": "Siemens",
    "ManufacturersModelName": "TrioTim",
    "PhaseEncodingDirection": "i-",
    "RepetitionTime": 2.3,
    "ScanningSequence": "GR_IR",
    "SequenceName": "_tfl3d1",
    "SequenceVariant": "SP_MP",
    "SoftwareVersions": "syngo_MR_B17",
    "dataset": "ds001894",
    "modality": "T1w",
    "session_id": "T1",
    "subject_id": "142"
  },
  "cjv": 0.4026487905581885,
  "cnr": 3.139190957205557,
  "efc": 0.7026409024981954,
  "fber": 27.916428959999998,
  "fwhm_avg": 3.6043986105494987,
  "fwhm_x": 3.71795,
  "fwhm_y": 3.70944,
  "fwhm_z": 3.385805831648496,
  "icvs_csf": 0.2421161354872689,
  "icvs_gm": 0.43048808793628224,
  "icvs_wm": 0.32739577657644886,
  "inu_med": 1.2547165155410767,
  "inu_range": 0.4234890580177306,
  "provenance": {
    "md5sum": "cf9843c1e7eeb9744242f5b9933d6adc",
    "settings": {
      "testing": false
    },
    "software": "mriqc",
    "version": "22.0.0rc1",
    "warnings": {
      "large_rot_frame": true,
      "small_air_mask": false
    },
    "webapi_port": null,
    "webapi_url": "https://mriqc.nimh.nih.gov/api/v1"
  },
  "qi_1": 0.0,
  "qi_2": 0.0044770811647569355,
  "rpve_csf": 22.154081684834953,
  "rpve_gm": 12.572098844188192,
  "rpve_wm": 19.380152924603966,
  "size_x": 256,
  "size_y": 256,
  "size_z": 160,
  "snr_csf": 3.3168403627723624,
  "snr_gm": 9.290509997731819,
  "snr_total": 9.757594236500646,
  "snr_wm": 16.66543234899776,
  "snrd_csf": 8.176719663367383,
  "snrd_gm": 14.757751540234665,
  "snrd_total": 14.81345898366869,
  "snrd_wm": 21.50590574740403,
  "spacing_x": 1.0,
  "spacing_y": 1.0,
  "spacing_z": 0.9999923706054688,
  "summary_bg_k": 0.19159144382476612,
  "summary_bg_mad": 30.464428854120214,
  "summary_bg_mean": 111.30387512099624,
  "summary_bg_median": 109.45732244476676,
  "summary_bg_n": 2225416.0,
  "summary_bg_p05": 64.36599867790937,
  "summary_bg_p95": 164.60308938845992,
  "summary_bg_stdv": 30.584224616366182,
  "summary_csf_k": -0.003525230451796979,
  "summary_csf_mad": 118.92844341127699,
  "summary_csf_mean": 376.3953167678448,
  "summary_csf_median": 380.2247943729162,
  "summary_csf_n": 25715.0,
  "summary_csf_p05": 185.23884612694383,
  "summary_csf_p95": 556.1995029002428,
  "summary_csf_stdv": 114.63240905833325,
  "summary_gm_k": 0.2968141546858929,
  "summary_gm_mad": 69.58648385695408,
  "summary_gm_mean": 691.3907886689103,
  "summary_gm_median": 686.2486762180924,
  "summary_gm_n": 23391.0,
  "summary_gm_p05": 577.4938476197422,
  "summary_gm_p95": 823.3666938655078,
  "summary_gm_stdv": 73.86397594466183,
  "summary_wm_k": 0.700057705826707,
  "summary_wm_mad": 56.76278196750604,
  "summary_wm_mean": 1000.7446580145454,
  "summary_wm_median": 1000.0438962392509,
  "summary_wm_n": 165350.0,
  "summary_wm_p05": 904.1973920688033,
  "summary_wm_p95": 1099.754116564989,
  "summary_wm_stdv": 60.00689638714123,
  "tpm_overlap_csf": 0.1554984599351883,
  "tpm_overlap_gm": 0.46569761633872986,
  "tpm_overlap_wm": 0.4917071461677551,
  "wm2max": 0.639837150952952
}