{
  "bids_meta": {
    "EchoTime": 0.00336,
    "FlipAngle": 9,
    "ImageType": [
      "ORIGINAL",
      "PRIMARY",
      "M",
      "ND",
      "NORM"
    ],
    "MagneticFieldStrength": 3,
    "Manufacturer": "Siemens",
    "ManufacturersModelName": "TrioTim",
    "PhaseEncodingDirection": "i-",
    "RepetitionTime": 2.3,
    "ScanningSequence": "GR_IR",
    "SequenceName": "_tfl3d1",
    "SequenceVariant": "SP_MP",
    "SoftwareVersions": "syngo_MR_B17",
    "dataset": "ds001894",
    "modality": "T1w",
    "session_id": "T1",
    "subject_id": "076"
  },
  "cjv": 0.3374874423531951,
  "cnr": 3.829498166948797,
  "efc": 0.6897244419415758,
  "fber": 38.83310464287271,
  "fwhm_avg": 3.696233184970635,
  "fwhm_x": 3.7336695549119048,
  "fwhm_y": 3.79737,
  "fwhm_z": 3.55766,
  "icvs_csf": 0.22914704614741863,
  "icvs_gm": 0.4534335447589207,
  "icvs_wm": 0.3174194090936606,
  "inu_med": 1.2251205444335938,
  "inu_range": 0.4172295331954956,
  "provenance": {
    "md5sum": "8af09d1604e738d76538c54bd7e45041",
    "settings": {
      "testing": false
    },
    "software": "mriqc",
    "version": "21.0.0rc2",
    "warnings": {
      "large_rot_frame": true,
      "small_air_mask": false
    },
    "webapi_port": null,
    "webapi_url": "https://mriqc.nimh.nih.gov/api/v1"
  },
  "qi_1": 0.0,
  "qi_2": 0.0045700892038118565,
  "rpve_csf": 20.87565385078944,
  "rpve_gm": 11.089847454820346,
  "rpve_wm": 17.905079811350298,
  "size_x": 256,
  "size_y": 256,
  "size_z": 160,
  "snr_csf": 3.8662319222298827,
  "snr_gm": 10.753729261269623,
  "snr_total": 10.710566252514104,
  "snr_wm": 17.511737574042808,
  "snrd_csf": 10.032169472103874,
  "snrd_gm": 17.05381387407153,
  "snrd_total": 17.5971601358499,
  "snrd_wm": 25.705497061374295,
  "spacing_x": 1.0000001192092896,
  "spacing_y": 1.0,
  "spacing_z": 1.0,
  "summary_bg_k": 0.38525949509365853,
  "summary_bg_mad": 25.48623631308901,
  "summary_bg_mean": 93.67248645736773,
  "summary_bg_median": 92.1345528587699,
  "summary_bg_n": 2274952.0,
  "summary_bg_p05": 54.353202659636736,
  "summary_bg_p95": 138.17091165296733,
  "summary_bg_stdv": 25.64350149940056,
  "summary_csf_k": 0.19741227682518803,
  "summary_csf_mad": 98.32369944528044,
  "summary_csf_mean": 385.67028251559856,
  "summary_csf_median": 390.27330897189677,
  "summary_csf_n": 29638.0,
  "summary_csf_p05": 206.43705014698207,
  "summary_csf_p95": 542.1716506481171,
  "summary_csf_stdv": 100.94239889498428,
  "summary_gm_k": 0.2425177848957727,
  "summary_gm_mad": 59.635959430447485,
  "summary_gm_mean": 665.3156946872447,
  "summary_gm_median": 663.4306158535182,
  "summary_gm_n": 31093.0,
  "summary_gm_p05": 566.6584177166224,
  "summary_gm_p95": 769.4162692762911,
  "summary_gm_stdv": 61.69208198952493,
  "summary_wm_k": 0.516851811655815,
  "summary_wm_mad": 53.951978669974395,
  "summary_wm_mean": 999.2932172604835,
  "summary_wm_median": 999.9999925047159,
  "summary_wm_n": 164685.0,
  "summary_wm_p05": 903.9698176123202,
  "summary_wm_p95": 1091.2379339430481,
  "summary_wm_stdv": 57.104382256343285,
  "tpm_overlap_csf": 0.13540568947792053,
  "tpm_overlap_gm": 0.442781925201416,
  "tpm_overlap_wm": 0.4519241154193878,
  "wm2max": 0.7579499917980925
}