{
  "bids_meta": {
    "EchoTime": 0.00336,
    "FlipAngle": 9,
    "ImageType": [
      "ORIGINAL",
      "PRIMARY",
      "M",
      "ND",
      "NORM"
    ],
    "MagneticFieldStrength": 3,
    "Manufacturer": "Siemens",
    "ManufacturersModelName": "TrioTim",
    "PhaseEncodingDirection": "i-",
    "RepetitionTime": 2.3,
    "ScanningSequence": "GR_IR",
    "SequenceName": "_tfl3d1",
    "SequenceVariant": "SP_MP",
    "SoftwareVersions": "syngo_MR_B17",
    "dataset": "ds001894",
    "modality": "T1w",
    "session_id": "T1",
    "subject_id": "168"
  },
  "cjv": 0.29722150671450104,
  "cnr": 4.354604606934843,
  "efc": 0.6683216692797137,
  "fber": 52.24554014657278,
  "fwhm_avg": 3.8739860821939964,
  "fwhm_x": 3.87887,
  "fwhm_y": 4.0116,
  "fwhm_z": 3.7314882465819905,
  "icvs_csf": 0.24573056884247282,
  "icvs_gm": 0.4174301397842649,
  "icvs_wm": 0.3368392913732623,
  "inu_med": 1.0316188335418701,
  "inu_range": 0.2178656339645385,
  "provenance": {
    "md5sum": "11bdddca3536472f803a71973ae95345",
    "settings": {
      "testing": false
    },
    "software": "mriqc",
    "version": "22.0.0rc1",
    "warnings": {
      "large_rot_frame": true,
      "small_air_mask": false
    },
    "webapi_port": null,
    "webapi_url": "https://mriqc.nimh.nih.gov/api/v1"
  },
  "qi_1": 0.0,
  "qi_2": 0.004733667578399702,
  "rpve_csf": 17.561566395930313,
  "rpve_gm": 10.405441593048428,
  "rpve_wm": 16.04082151782232,
  "size_x": 256,
  "size_y": 256,
  "size_z": 160,
  "snr_csf": 4.402799570962862,
  "snr_gm": 10.764270088595229,
  "snr_total": 12.471609616193541,
  "snr_wm": 22.24775918902253,
  "snrd_csf": 11.509362352484155,
  "snrd_gm": 19.814309224670364,
  "snrd_total": 20.49907444354932,
  "snrd_wm": 30.17355175349344,
  "spacing_x": 1.0,
  "spacing_y": 1.0,
  "spacing_z": 0.9999924302101135,
  "summary_bg_k": 0.13097540693819543,
  "summary_bg_mad": 21.711537963022643,
  "summary_bg_mean": 80.26644593488228,
  "summary_bg_median": 79.07196894288063,
  "summary_bg_n": 1966333.0,
  "summary_bg_p05": 46.6720774769783,
  "summary_bg_p95": 118.06682787835598,
  "summary_bg_stdv": 21.77203881423161,
  "summary_csf_k": 0.1451009812422268,
  "summary_csf_mad": 86.44501489203473,
  "summary_csf_mean": 378.8625625930375,
  "summary_csf_median": 381.4258621633053,
  "summary_csf_n": 34364.0,
  "summary_csf_p05": 232.10903458297253,
  "summary_csf_p95": 515.050049200654,
  "summary_csf_stdv": 86.63131405071951,
  "summary_gm_k": 0.2154749255476256,
  "summary_gm_mad": 59.46855432827911,
  "summary_gm_mean": 657.2956568450223,
  "summary_gm_median": 656.655837893486,
  "summary_gm_n": 29328.0,
  "summary_gm_p05": 556.8519968539476,
  "summary_gm_p95": 757.3728282749653,
  "summary_gm_stdv": 61.002245146289496,
  "summary_wm_k": 0.7481113950977476,
  "summary_wm_mad": 42.57065988592662,
  "summary_wm_mean": 998.7348840486011,
  "summary_wm_median": 999.966170117259,
  "summary_wm_n": 210145.0,
  "summary_wm_p05": 924.1071340441704,
  "summary_wm_p95": 1069.6022625267506,
  "summary_wm_stdv": 44.94671946012419,
  "tpm_overlap_csf": 0.1374499797821045,
  "tpm_overlap_gm": 0.435515433549881,
  "tpm_overlap_wm": 0.4701094925403595,
  "wm2max": 0.681626619268097
}