{
  "bids_meta": {
    "EchoTime": 0.00336,
    "FlipAngle": 9,
    "ImageType": [
      "ORIGINAL",
      "PRIMARY",
      "M",
      "ND",
      "NORM"
    ],
    "MagneticFieldStrength": 3,
    "Manufacturer": "Siemens",
    "ManufacturersModelName": "TrioTim",
    "PhaseEncodingDirection": "i-",
    "RepetitionTime": 2.3,
    "ScanningSequence": "GR_IR",
    "SequenceName": "_tfl3d1",
    "SequenceVariant": "SP_MP",
    "SoftwareVersions": "syngo_MR_B17",
    "dataset": "ds001894",
    "modality": "T1w",
    "session_id": "T1",
    "subject_id": "092"
  },
  "cjv": 0.3761623578298196,
  "cnr": 3.359316789480462,
  "efc": 0.6922552946771173,
  "fber": 22.924400684070218,
  "fwhm_avg": 3.643042579329356,
  "fwhm_x": 3.62948,
  "fwhm_y": 3.75498,
  "fwhm_z": 3.5446677379880684,
  "icvs_csf": 0.2232258482498981,
  "icvs_gm": 0.4526154612842836,
  "icvs_wm": 0.32415869046581836,
  "inu_med": 1.3127648830413818,
  "inu_range": 0.42634227871894836,
  "provenance": {
    "md5sum": "5530e7aa37643ef65cbfb473f09fedd0",
    "settings": {
      "testing": false
    },
    "software": "mriqc",
    "version": "21.0.0rc2",
    "warnings": {
      "large_rot_frame": true,
      "small_air_mask": false
    },
    "webapi_port": null,
    "webapi_url": "https://mriqc.nimh.nih.gov/api/v1"
  },
  "qi_1": 0.0,
  "qi_2": 0.0035939953605053547,
  "rpve_csf": 26.918027997880124,
  "rpve_gm": 13.883075288179121,
  "rpve_wm": 21.698563756348772,
  "size_x": 256,
  "size_y": 256,
  "size_z": 160,
  "snr_csf": 4.0396784872752605,
  "snr_gm": 10.35036142149987,
  "snr_total": 10.717414789964906,
  "snr_wm": 17.762204461119588,
  "snrd_csf": 7.783367410034975,
  "snrd_gm": 13.693037093544255,
  "snrd_total": 13.808904932244305,
  "snrd_wm": 19.950310293153688,
  "spacing_x": 1.0,
  "spacing_y": 1.0,
  "spacing_z": 1.0000457763671875,
  "summary_bg_k": 1.9784282704933558,
  "summary_bg_mad": 32.839755333165414,
  "summary_bg_mean": 118.1397111471202,
  "summary_bg_median": 115.64066889882088,
  "summary_bg_n": 1933967.0,
  "summary_bg_p05": 67.55979377031326,
  "summary_bg_p95": 176.78967931866646,
  "summary_bg_stdv": 33.91687428776321,
  "summary_csf_k": 0.45799485226616277,
  "summary_csf_mad": 95.16827055733651,
  "summary_csf_mean": 388.4216680205908,
  "summary_csf_median": 390.1536995470524,
  "summary_csf_n": 23585.0,
  "summary_csf_p05": 226.36640389561654,
  "summary_csf_p95": 538.94962490201,
  "summary_csf_stdv": 96.57833648468922,
  "summary_gm_k": 0.09887148363577714,
  "summary_gm_mad": 64.55235765396802,
  "summary_gm_mean": 688.6273177372373,
  "summary_gm_median": 686.3853135332465,
  "summary_gm_n": 31214.0,
  "summary_gm_p05": 583.8456557378173,
  "summary_gm_p95": 803.2526611693203,
  "summary_gm_stdv": 66.3140436031905,
  "summary_wm_k": 0.5322157058353825,
  "summary_wm_mad": 53.43314550498343,
  "summary_wm_mean": 999.174667739111,
  "summary_wm_median": 1000.0411079078913,
  "summary_wm_n": 128998.0,
  "summary_wm_p05": 905.3587691932917,
  "summary_wm_p95": 1089.3811271637678,
  "summary_wm_stdv": 56.301414269888646,
  "tpm_overlap_csf": 0.14898331463336945,
  "tpm_overlap_gm": 0.4716697931289673,
  "tpm_overlap_wm": 0.4950639009475708,
  "wm2max": 0.5056152484666178
}