{
  "bids_meta": {
    "EchoTime": 0.00336,
    "FlipAngle": 9,
    "ImageType": [
      "ORIGINAL",
      "PRIMARY",
      "M",
      "ND",
      "NORM"
    ],
    "MagneticFieldStrength": 3,
    "Manufacturer": "Siemens",
    "ManufacturersModelName": "TrioTim",
    "PhaseEncodingDirection": "i-",
    "RepetitionTime": 2.3,
    "ScanningSequence": "GR_IR",
    "SequenceName": "_tfl3d1",
    "SequenceVariant": "SP_MP",
    "SoftwareVersions": "syngo_MR_B17",
    "dataset": "ds001894",
    "modality": "T1w",
    "session_id": "T1",
    "subject_id": "124"
  },
  "cjv": 0.3512291403391728,
  "cnr": 3.64019483644199,
  "efc": 0.6794073402010457,
  "fber": 39.26485128347382,
  "fwhm_avg": 3.737809653027332,
  "fwhm_x": 3.68254,
  "fwhm_y": 3.88816,
  "fwhm_z": 3.6427289590819965,
  "icvs_csf": 0.23727813078121032,
  "icvs_gm": 0.4352218521758265,
  "icvs_wm": 0.32750001704296317,
  "inu_med": 1.0994216203689575,
  "inu_range": 0.2927520513534547,
  "provenance": {
    "md5sum": "1a76907ffdb9a7da4c36d41d6227ab7c",
    "settings": {
      "testing": false
    },
    "software": "mriqc",
    "version": "22.0.0rc1",
    "warnings": {
      "large_rot_frame": true,
      "small_air_mask": false
    },
    "webapi_port": null,
    "webapi_url": "https://mriqc.nimh.nih.gov/api/v1"
  },
  "qi_1": 0.0,
  "qi_2": 0.0038550339645321103,
  "rpve_csf": 22.379054494733918,
  "rpve_gm": 12.584046729586875,
  "rpve_wm": 19.403438049536526,
  "size_x": 256,
  "size_y": 256,
  "size_z": 160,
  "snr_csf": 3.987831289563018,
  "snr_gm": 10.801785156491594,
  "snr_total": 10.804072958925046,
  "snr_wm": 17.622602430720523,
  "snrd_csf": 9.556752761729898,
  "snrd_gm": 16.556305016146194,
  "snrd_total": 16.85811986678692,
  "snrd_wm": 24.461301822484675,
  "spacing_x": 1.0,
  "spacing_y": 1.0,
  "spacing_z": 0.9999618530273438,
  "summary_bg_k": 0.44426719292363126,
  "summary_bg_mad": 26.782565077550018,
  "summary_bg_mean": 97.23858631429158,
  "summary_bg_median": 95.4518071115017,
  "summary_bg_n": 2172778.0,
  "summary_bg_p05": 56.07935091853142,
  "summary_bg_p95": 144.4788119494915,
  "summary_bg_stdv": 27.113121175517225,
  "summary_csf_k": 0.13067075281672524,
  "summary_csf_mad": 96.14325814373123,
  "summary_csf_mean": 385.1035926578394,
  "summary_csf_median": 390.68865893781185,
  "summary_csf_n": 34526.0,
  "summary_csf_p05": 215.08712718635798,
  "summary_csf_p95": 535.9688738510013,
  "summary_csf_stdv": 97.96878870698006,
  "summary_gm_k": 0.16165486360286208,
  "summary_gm_mad": 60.21883630171476,
  "summary_gm_mean": 679.6036420644385,
  "summary_gm_median": 676.8366583287716,
  "summary_gm_n": 32339.0,
  "summary_gm_p05": 580.3628267318011,
  "summary_gm_p95": 787.6791736513376,
  "summary_gm_stdv": 62.658734989639704,
  "summary_wm_k": 0.5643915618807731,
  "summary_wm_mad": 53.285562669948156,
  "summary_wm_mean": 998.573625496919,
  "summary_wm_median": 1000.0000463724136,
  "summary_wm_n": 163366.0,
  "summary_wm_p05": 902.2854544222355,
  "summary_wm_p95": 1088.4372204840183,
  "summary_wm_stdv": 56.745136802949176,
  "tpm_overlap_csf": 0.15151341259479523,
  "tpm_overlap_gm": 0.4698074758052826,
  "tpm_overlap_wm": 0.49597567319869995,
  "wm2max": 0.5488591389636656
}