{
  "bids_meta": {
    "EchoTime": 0.00336,
    "FlipAngle": 9,
    "ImageType": [
      "ORIGINAL",
      "PRIMARY",
      "M",
      "ND",
      "NORM"
    ],
    "MagneticFieldStrength": 3,
    "Manufacturer": "Siemens",
    "ManufacturersModelName": "TrioTim",
    "PhaseEncodingDirection": "i-",
    "RepetitionTime": 2.3,
    "ScanningSequence": "GR_IR",
    "SequenceName": "_tfl3d1",
    "SequenceVariant": "SP_MP",
    "SoftwareVersions": "syngo_MR_B17",
    "dataset": "ds001894",
    "modality": "T1w",
    "session_id": "T1",
    "subject_id": "177"
  },
  "cjv": 0.3170379368651244,
  "cnr": 4.029915577781581,
  "efc": 0.6842779831287724,
  "fber": 35.67962752145454,
  "fwhm_avg": 3.7511149745804304,
  "fwhm_x": 3.90022,
  "fwhm_y": 3.81618,
  "fwhm_z": 3.5369449237412924,
  "icvs_csf": 0.23318649231995436,
  "icvs_gm": 0.43120871404436745,
  "icvs_wm": 0.3356047936356782,
  "inu_med": 1.0998536348342896,
  "inu_range": 0.2912484109401703,
  "provenance": {
    "md5sum": "7d4fb4cc8771afe281316721cbd5e74f",
    "settings": {
      "testing": false
    },
    "software": "mriqc",
    "version": "22.0.0rc1",
    "warnings": {
      "large_rot_frame": true,
      "small_air_mask": false
    },
    "webapi_port": null,
    "webapi_url": "https://mriqc.nimh.nih.gov/api/v1"
  },
  "qi_1": 0.0,
  "qi_2": 0.004223506361967015,
  "rpve_csf": 22.70756837398676,
  "rpve_gm": 12.742594424937511,
  "rpve_wm": 19.435405038354773,
  "size_x": 256,
  "size_y": 256,
  "size_z": 160,
  "snr_csf": 3.8267265475676755,
  "snr_gm": 10.741926016224099,
  "snr_total": 11.647451489740794,
  "snr_wm": 20.373701905430607,
  "snrd_csf": 9.450145221920025,
  "snrd_gm": 16.797903348046223,
  "snrd_total": 17.171613957480005,
  "snrd_wm": 25.266793302473765,
  "spacing_x": 1.0,
  "spacing_y": 1.0,
  "spacing_z": 0.9999618530273438,
  "summary_bg_k": 0.21682377557096855,
  "summary_bg_mad": 25.92875137785017,
  "summary_bg_mean": 93.98026949400891,
  "summary_bg_median": 92.30834092199802,
  "summary_bg_n": 1910640.0,
  "summary_bg_p05": 54.101662784814835,
  "summary_bg_p95": 139.40614503622055,
  "summary_bg_stdv": 26.04469424682116,
  "summary_csf_k": 0.11719166442031081,
  "summary_csf_mad": 97.3727210017107,
  "summary_csf_mean": 370.6987506766898,
  "summary_csf_median": 374.01444086432457,
  "summary_csf_n": 21951.0,
  "summary_csf_p05": 206.7186789661646,
  "summary_csf_p95": 526.7153355926275,
  "summary_csf_stdv": 97.73520966686449,
  "summary_gm_k": 0.20622959155255316,
  "summary_gm_mad": 60.06516506235795,
  "summary_gm_mean": 665.9112108117376,
  "summary_gm_median": 664.8213631510735,
  "summary_gm_n": 22745.0,
  "summary_gm_p05": 565.2575279176235,
  "summary_gm_p95": 768.5371864587069,
  "summary_gm_stdv": 61.888971057498885,
  "summary_wm_k": 0.569717085038628,
  "summary_wm_mad": 46.199190104898506,
  "summary_wm_mean": 998.0876077654652,
  "summary_wm_median": 1000.0000367760658,
  "summary_wm_n": 171371.0,
  "summary_wm_p05": 914.1922832429409,
  "summary_wm_p95": 1075.071336299181,
  "summary_wm_stdv": 49.082740277977834,
  "tpm_overlap_csf": 0.1637510508298874,
  "tpm_overlap_gm": 0.46736621856689453,
  "tpm_overlap_wm": 0.5036255717277527,
  "wm2max": 0.6073511806210041
}