{
  "bids_meta": {
    "EchoTime": 0.00336,
    "FlipAngle": 9,
    "ImageType": [
      "ORIGINAL",
      "PRIMARY",
      "M",
      "ND",
      "NORM"
    ],
    "MagneticFieldStrength": 3,
    "Manufacturer": "Siemens",
    "ManufacturersModelName": "TrioTim",
    "PhaseEncodingDirection": "i-",
    "RepetitionTime": 2.3,
    "ScanningSequence": "GR_IR",
    "SequenceName": "_tfl3d1",
    "SequenceVariant": "SP_MP",
    "SoftwareVersions": "syngo_MR_B17",
    "dataset": "ds001894",
    "modality": "T1w",
    "session_id": "T2",
    "subject_id": "001"
  },
  "cjv": 0.3635664484628925,
  "cnr": 3.544926228311533,
  "efc": 0.6760411226546691,
  "fber": 40.19389609868468,
  "fwhm_avg": 3.5201544282009287,
  "fwhm_x": 3.58977,
  "fwhm_y": 3.6300695672619856,
  "fwhm_z": 3.3406237173408,
  "icvs_csf": 0.22242137303739698,
  "icvs_gm": 0.4495008452653813,
  "icvs_wm": 0.32807778169722174,
  "inu_med": 1.197352409362793,
  "inu_range": 0.3137120127677919,
  "provenance": {
    "md5sum": "c312dc3f4e010ccf799bb4a9a2caef5e",
    "settings": {
      "testing": false
    },
    "software": "mriqc",
    "version": "21.0.0rc2",
    "warnings": {
      "large_rot_frame": true,
      "small_air_mask": false
    },
    "webapi_port": null,
    "webapi_url": "https://mriqc.nimh.nih.gov/api/v1"
  },
  "qi_1": 0.0,
  "qi_2": 0.003910811228806002,
  "rpve_csf": 25.61364671137636,
  "rpve_gm": 13.449765499952541,
  "rpve_wm": 21.10892651339149,
  "size_x": 256,
  "size_y": 256,
  "size_z": 160,
  "snr_csf": 3.838573896863051,
  "snr_gm": 10.581005641681346,
  "snr_total": 11.33242241366495,
  "snr_wm": 19.577687702450454,
  "snrd_csf": 10.282478192336459,
  "snrd_gm": 17.62041027906699,
  "snrd_total": 17.790021847981688,
  "snrd_wm": 25.467177072541617,
  "spacing_x": 1.0,
  "spacing_y": 1.0000001192092896,
  "spacing_z": 0.9999809265136719,
  "summary_bg_k": 0.20705984687460122,
  "summary_bg_mad": 25.72473516520055,
  "summary_bg_mean": 94.6648007750083,
  "summary_bg_median": 93.11741004884243,
  "summary_bg_n": 1951062.0,
  "summary_bg_p05": 54.94505561888218,
  "summary_bg_p95": 139.70240457355976,
  "summary_bg_stdv": 25.88148624274343,
  "summary_csf_k": 0.510159630594742,
  "summary_csf_mad": 100.09260591550759,
  "summary_csf_mean": 397.53107902322637,
  "summary_csf_median": 403.7541455477476,
  "summary_csf_n": 19913.0,
  "summary_csf_p05": 216.79373524188995,
  "summary_csf_p95": 557.9683542847633,
  "summary_csf_stdv": 105.18073073874531,
  "summary_gm_k": 0.18526678710183653,
  "summary_gm_mad": 63.29843925497833,
  "summary_gm_mean": 693.2085084235375,
  "summary_gm_median": 691.8870687931776,
  "summary_gm_n": 28703.0,
  "summary_gm_p05": 588.3642745271325,
  "summary_gm_p95": 804.9792411670088,
  "summary_gm_stdv": 65.38839875870421,
  "summary_wm_k": 0.455430319901839,
  "summary_wm_mad": 48.72108932803135,
  "summary_wm_mean": 997.7999773335636,
  "summary_wm_median": 1000.0000122636557,
  "summary_wm_n": 152511.0,
  "summary_wm_p05": 909.6692892462015,
  "summary_wm_p95": 1077.3437221348286,
  "summary_wm_stdv": 51.078388265486026,
  "tpm_overlap_csf": 0.15240515768527985,
  "tpm_overlap_gm": 0.4660814702510834,
  "tpm_overlap_wm": 0.480995237827301,
  "wm2max": 0.5561091517206758
}