{
  "bids_meta": {
    "EchoTime": 0.00336,
    "FlipAngle": 9,
    "ImageType": [
      "ORIGINAL",
      "PRIMARY",
      "M",
      "ND",
      "NORM"
    ],
    "MagneticFieldStrength": 3,
    "Manufacturer": "Siemens",
    "ManufacturersModelName": "TrioTim",
    "PhaseEncodingDirection": "i-",
    "RepetitionTime": 2.3,
    "ScanningSequence": "GR_IR",
    "SequenceName": "_tfl3d1",
    "SequenceVariant": "SP_MP",
    "SoftwareVersions": "syngo_MR_B17",
    "dataset": "ds001894",
    "modality": "T1w",
    "session_id": "T1",
    "subject_id": "044"
  },
  "cjv": 0.32422693590222756,
  "cnr": 3.920112618236626,
  "efc": 0.6771235396144648,
  "fber": 44.05126105139415,
  "fwhm_avg": 3.4513030167273993,
  "fwhm_x": 3.529920420799306,
  "fwhm_y": 3.576630426367572,
  "fwhm_z": 3.2473582030153207,
  "icvs_csf": 0.21942813108068718,
  "icvs_gm": 0.45226804169142265,
  "icvs_wm": 0.3283038272278902,
  "inu_med": 1.1802349090576172,
  "inu_range": 0.33105884790420537,
  "provenance": {
    "md5sum": "cd7999cdf89764f6cad41f3e6dd25486",
    "settings": {
      "testing": false
    },
    "software": "mriqc",
    "version": "21.0.0rc2",
    "warnings": {
      "large_rot_frame": true,
      "small_air_mask": false
    },
    "webapi_port": null,
    "webapi_url": "https://mriqc.nimh.nih.gov/api/v1"
  },
  "qi_1": 0.0,
  "qi_2": 0.004284714972297414,
  "rpve_csf": 24.187594033043823,
  "rpve_gm": 12.649357863722237,
  "rpve_wm": 20.12218349633606,
  "size_x": 256,
  "size_y": 256,
  "size_z": 160,
  "snr_csf": 3.3563769056778425,
  "snr_gm": 10.388374099953058,
  "snr_total": 11.042617256912408,
  "snr_wm": 19.383100765106327,
  "snrd_csf": 9.61758429358374,
  "snrd_gm": 17.727806077622475,
  "snrd_total": 18.01662588746258,
  "snrd_wm": 26.70448729118153,
  "spacing_x": 0.9999998807907104,
  "spacing_y": 0.9999998807907104,
  "spacing_z": 0.99993896484375,
  "summary_bg_k": 0.21866702814750472,
  "summary_bg_mad": 24.5328200262512,
  "summary_bg_mean": 90.0651089361415,
  "summary_bg_median": 88.61142355203629,
  "summary_bg_n": 2029163.0,
  "summary_bg_p05": 52.14723950624466,
  "summary_bg_p95": 132.89553332328796,
  "summary_bg_stdv": 24.655387327105103,
  "summary_csf_k": -0.3428207057864503,
  "summary_csf_mad": 120.16598007636358,
  "summary_csf_mean": 355.4298631053034,
  "summary_csf_median": 360.1486234664917,
  "summary_csf_n": 17947.0,
  "summary_csf_p05": 186.35185431838036,
  "summary_csf_p95": 523.9220624029637,
  "summary_csf_stdv": 107.29980564622193,
  "summary_gm_k": 0.39969430765002256,
  "summary_gm_mad": 60.371234659900146,
  "summary_gm_mean": 666.8612730706192,
  "summary_gm_median": 663.8512084782124,
  "summary_gm_n": 28762.0,
  "summary_gm_p05": 566.4067251771688,
  "summary_gm_p95": 777.8017836213112,
  "summary_gm_stdv": 63.902171944247165,
  "summary_wm_k": 0.6090100935682754,
  "summary_wm_mad": 48.617259529829404,
  "summary_wm_mean": 997.2365185535235,
  "summary_wm_median": 1000.0000046491623,
  "summary_wm_n": 161343.0,
  "summary_wm_p05": 907.8458523154259,
  "summary_wm_p95": 1076.5575095415115,
  "summary_wm_stdv": 51.59117304165703,
  "tpm_overlap_csf": 0.15889157354831696,
  "tpm_overlap_gm": 0.45572754740715027,
  "tpm_overlap_wm": 0.48875969648361206,
  "wm2max": 0.6022271946713847
}