{
  "bids_meta": {
    "EchoTime": 0.00336,
    "FlipAngle": 9,
    "ImageType": [
      "ORIGINAL",
      "PRIMARY",
      "M",
      "ND",
      "NORM"
    ],
    "MagneticFieldStrength": 3,
    "Manufacturer": "Siemens",
    "ManufacturersModelName": "TrioTim",
    "PhaseEncodingDirection": "i-",
    "RepetitionTime": 2.3,
    "ScanningSequence": "GR_IR",
    "SequenceName": "_tfl3d1",
    "SequenceVariant": "SP_MP",
    "SoftwareVersions": "syngo_MR_B17",
    "dataset": "ds001894",
    "modality": "T1w",
    "session_id": "T1",
    "subject_id": "043"
  },
  "cjv": 0.34118375919475336,
  "cnr": 3.711797569790675,
  "efc": 0.6519715706030323,
  "fber": 46.46076640207535,
  "fwhm_avg": 3.4271597401309264,
  "fwhm_x": 3.45224,
  "fwhm_y": 3.56947,
  "fwhm_z": 3.259769220392779,
  "icvs_csf": 0.22380318732595378,
  "icvs_gm": 0.4499348201623126,
  "icvs_wm": 0.3262619925117336,
  "inu_med": 1.0294933319091797,
  "inu_range": 0.2931218475103379,
  "provenance": {
    "md5sum": "7a7060a328bb3d7309426a2567ed61a9",
    "settings": {
      "testing": false
    },
    "software": "mriqc",
    "version": "21.0.0rc2",
    "warnings": {
      "large_rot_frame": true,
      "small_air_mask": false
    },
    "webapi_port": null,
    "webapi_url": "https://mriqc.nimh.nih.gov/api/v1"
  },
  "qi_1": 0.0,
  "qi_2": 0.004343224986529234,
  "rpve_csf": 23.542605537327255,
  "rpve_gm": 12.54466593152495,
  "rpve_wm": 20.075981908335308,
  "size_x": 256,
  "size_y": 256,
  "size_z": 160,
  "snr_csf": 3.387848330416397,
  "snr_gm": 10.590935145566386,
  "snr_total": 10.745433706853035,
  "snr_wm": 18.257517644576325,
  "snrd_csf": 10.41394155651096,
  "snrd_gm": 17.9627722387999,
  "snrd_total": 18.3302159772297,
  "snrd_wm": 26.61393413637824,
  "spacing_x": 1.0,
  "spacing_y": 1.0,
  "spacing_z": 0.9999542236328125,
  "summary_bg_k": 0.40991890326091074,
  "summary_bg_mad": 24.616291369713466,
  "summary_bg_mean": 89.98508259074637,
  "summary_bg_median": 88.50702692940831,
  "summary_bg_n": 2221324.0,
  "summary_bg_p05": 52.13121908903122,
  "summary_bg_p95": 132.87212262675166,
  "summary_bg_stdv": 24.665170331156936,
  "summary_csf_k": 79.58993584726764,
  "summary_csf_mad": 96.51306710410509,
  "summary_csf_mean": 387.63206077522943,
  "summary_csf_median": 391.2965734191239,
  "summary_csf_n": 18132.0,
  "summary_csf_p05": 218.9533518185839,
  "summary_csf_p95": 534.9453080741689,
  "summary_csf_stdv": 115.49684191478538,
  "summary_gm_k": 0.3561745492050119,
  "summary_gm_mad": 59.55554363640355,
  "summary_gm_mean": 677.8680170200732,
  "summary_gm_median": 674.9386087879539,
  "summary_gm_n": 26047.0,
  "summary_gm_p05": 576.9247756376863,
  "summary_gm_p95": 787.6366637535393,
  "summary_gm_stdv": 63.72672886947777,
  "summary_wm_k": 0.5704348438443207,
  "summary_wm_mad": 51.35011317983239,
  "summary_wm_mean": 998.6099436540035,
  "summary_wm_median": 999.9999689124525,
  "summary_wm_n": 144429.0,
  "summary_wm_p05": 906.2708934955299,
  "summary_wm_p95": 1085.9182880446315,
  "summary_wm_stdv": 54.77176725035304,
  "tpm_overlap_csf": 0.15651661157608032,
  "tpm_overlap_gm": 0.46362945437431335,
  "tpm_overlap_wm": 0.48543116450309753,
  "wm2max": 0.5209103359747234
}