{
  "bids_meta": {
    "EchoTime": 0.00336,
    "FlipAngle": 9,
    "ImageType": [
      "ORIGINAL",
      "PRIMARY",
      "M",
      "ND",
      "NORM"
    ],
    "MagneticFieldStrength": 3,
    "Manufacturer": "Siemens",
    "ManufacturersModelName": "TrioTim",
    "PhaseEncodingDirection": "i-",
    "RepetitionTime": 2.3,
    "ScanningSequence": "GR_IR",
    "SequenceName": "_tfl3d1",
    "SequenceVariant": "SP_MP",
    "SoftwareVersions": "syngo_MR_B17",
    "dataset": "ds001894",
    "modality": "T1w",
    "session_id": "T1",
    "subject_id": "188"
  },
  "cjv": 0.33552668831215243,
  "cnr": 3.930136376416268,
  "efc": 0.6474356654393528,
  "fber": 44.1608835965105,
  "fwhm_avg": 3.6055585669434915,
  "fwhm_x": 3.62799,
  "fwhm_y": 3.74407,
  "fwhm_z": 3.4446157008304756,
  "icvs_csf": 0.22658984030294801,
  "icvs_gm": 0.4495492255200157,
  "icvs_wm": 0.3238609341770363,
  "inu_med": 1.3648102283477783,
  "inu_range": 0.34328051805496207,
  "provenance": {
    "md5sum": "ab955af0a64181b76e167b8c3fbdfa5f",
    "settings": {
      "testing": false
    },
    "software": "mriqc",
    "version": "22.0.0rc1",
    "warnings": {
      "large_rot_frame": true,
      "small_air_mask": false
    },
    "webapi_port": null,
    "webapi_url": "https://mriqc.nimh.nih.gov/api/v1"
  },
  "qi_1": 0.0,
  "qi_2": 0.003727260359380085,
  "rpve_csf": 24.730376505773467,
  "rpve_gm": 13.24300132356314,
  "rpve_wm": 20.98182239273379,
  "size_x": 256,
  "size_y": 256,
  "size_z": 160,
  "snr_csf": 3.352024252355225,
  "snr_gm": 9.725987267102925,
  "snr_total": 10.544685344694813,
  "snr_wm": 18.556044514626286,
  "snrd_csf": 9.49566155394194,
  "snrd_gm": 18.747668121649067,
  "snrd_total": 19.01931360536095,
  "snrd_wm": 28.814611140491834,
  "spacing_x": 1.0,
  "spacing_y": 1.0,
  "spacing_z": 0.9999809265136719,
  "summary_bg_k": 0.22966179776666618,
  "summary_bg_mad": 22.73625672140834,
  "summary_bg_mean": 83.83730170564799,
  "summary_bg_median": 82.40970997139812,
  "summary_bg_n": 2052670.0,
  "summary_bg_p05": 48.77699355408549,
  "summary_bg_p95": 123.63845182955265,
  "summary_bg_stdv": 22.873310372046692,
  "summary_csf_k": 2.1374211680018442,
  "summary_csf_mad": 99.44456210858974,
  "summary_csf_mean": 331.895536298016,
  "summary_csf_median": 329.54329239577055,
  "summary_csf_n": 19463.0,
  "summary_csf_p05": 179.06555067524314,
  "summary_csf_p95": 490.0582979220896,
  "summary_csf_stdv": 98.30920112346668,
  "summary_gm_k": -0.011180471756555121,
  "summary_gm_mad": 66.36720419925112,
  "summary_gm_mean": 652.2885401197499,
  "summary_gm_median": 650.630631942302,
  "summary_gm_n": 28473.0,
  "summary_gm_p05": 543.7129908315837,
  "summary_gm_p95": 764.9723130121826,
  "summary_gm_stdv": 66.89492681592127,
  "summary_wm_k": 0.5632300121829439,
  "summary_wm_mad": 50.85555241735572,
  "summary_wm_mean": 997.7751507501638,
  "summary_wm_median": 1000.000028476119,
  "summary_wm_n": 145159.0,
  "summary_wm_p05": 905.4080135524273,
  "summary_wm_p95": 1081.7409060187638,
  "summary_wm_stdv": 53.89061139528298,
  "tpm_overlap_csf": 0.16154330968856812,
  "tpm_overlap_gm": 0.47535455226898193,
  "tpm_overlap_wm": 0.5006355047225952,
  "wm2max": 0.5731496946962021
}