{
  "bids_meta": {
    "EchoTime": 0.00336,
    "FlipAngle": 9,
    "ImageType": [
      "ORIGINAL",
      "PRIMARY",
      "M",
      "ND",
      "NORM"
    ],
    "MagneticFieldStrength": 3,
    "Manufacturer": "Siemens",
    "ManufacturersModelName": "TrioTim",
    "PhaseEncodingDirection": "i-",
    "RepetitionTime": 2.3,
    "ScanningSequence": "GR_IR",
    "SequenceName": "_tfl3d1",
    "SequenceVariant": "SP_MP",
    "SoftwareVersions": "syngo_MR_B17",
    "dataset": "ds001894",
    "modality": "T1w",
    "session_id": "T1",
    "subject_id": "153"
  },
  "cjv": 0.39312405368800873,
  "cnr": 3.2331214343688806,
  "efc": 0.6974174325524404,
  "fber": 35.75221423306938,
  "fwhm_avg": 3.765735949243794,
  "fwhm_x": 3.6864,
  "fwhm_y": 3.96075,
  "fwhm_z": 3.6500578477313823,
  "icvs_csf": 0.23718418476485564,
  "icvs_gm": 0.4481781411045397,
  "icvs_wm": 0.31463767413060467,
  "inu_med": 1.0530519485473633,
  "inu_range": 0.3550746291875839,
  "provenance": {
    "md5sum": "1cb146609e38cb10dcdc0d7ef6de3c3f",
    "settings": {
      "testing": false
    },
    "software": "mriqc",
    "version": "22.0.0rc1",
    "warnings": {
      "large_rot_frame": true,
      "small_air_mask": false
    },
    "webapi_port": null,
    "webapi_url": "https://mriqc.nimh.nih.gov/api/v1"
  },
  "qi_1": 0.0,
  "qi_2": 0.0030610469050396222,
  "rpve_csf": 20.942878785131644,
  "rpve_gm": 11.418012816824739,
  "rpve_wm": 18.245742732188713,
  "size_x": 256,
  "size_y": 256,
  "size_z": 160,
  "snr_csf": 4.328197054664783,
  "snr_gm": 10.73235821224331,
  "snr_total": 10.125046841995486,
  "snr_wm": 15.314585259078369,
  "snrd_csf": 8.913140205815212,
  "snrd_gm": 14.887463129952842,
  "snrd_total": 15.157455482430194,
  "snrd_wm": 21.67176311152253,
  "spacing_x": 1.0,
  "spacing_y": 1.0,
  "spacing_z": 0.9999923706054688,
  "summary_bg_k": 1.402351501284354,
  "summary_bg_mad": 30.231136313773426,
  "summary_bg_mean": 106.8432840120275,
  "summary_bg_median": 103.94896590709686,
  "summary_bg_n": 1509469.0,
  "summary_bg_p05": 60.31075168028474,
  "summary_bg_p95": 162.6159462891519,
  "summary_bg_stdv": 31.853745115641868,
  "summary_csf_k": 0.21150939295387117,
  "summary_csf_mad": 94.63912346979743,
  "summary_csf_mean": 408.71887406365835,
  "summary_csf_median": 411.2950612641871,
  "summary_csf_n": 44324.0,
  "summary_csf_p05": 251.14477192237973,
  "summary_csf_p95": 560.0113557303324,
  "summary_csf_stdv": 95.02580783651516,
  "summary_gm_k": 0.11266801264304904,
  "summary_gm_mad": 62.66723074640173,
  "summary_gm_mean": 689.9405928786316,
  "summary_gm_median": 686.9789904244244,
  "summary_gm_n": 35072.0,
  "summary_gm_p05": 588.5875370018184,
  "summary_gm_p95": 799.9863103071226,
  "summary_gm_stdv": 64.00915650883456,
  "summary_wm_k": 1.1774929204226288,
  "summary_wm_mad": 60.404247413892776,
  "summary_wm_mean": 1001.8056149967014,
  "summary_wm_median": 1000.039147913456,
  "summary_wm_n": 166763.0,
  "summary_wm_p05": 898.1644648350775,
  "summary_wm_p95": 1109.5847637169063,
  "summary_wm_stdv": 65.29959072393225,
  "tpm_overlap_csf": 0.14895665645599365,
  "tpm_overlap_gm": 0.46756303310394287,
  "tpm_overlap_wm": 0.48310771584510803,
  "wm2max": 0.49160923353421826
}