{
  "bids_meta": {
    "EchoTime": 0.00336,
    "FlipAngle": 9,
    "ImageType": [
      "ORIGINAL",
      "PRIMARY",
      "M",
      "ND",
      "NORM"
    ],
    "MagneticFieldStrength": 3,
    "Manufacturer": "Siemens",
    "ManufacturersModelName": "TrioTim",
    "PhaseEncodingDirection": "i-",
    "RepetitionTime": 2.3,
    "ScanningSequence": "GR_IR",
    "SequenceName": "_tfl3d1",
    "SequenceVariant": "SP_MP",
    "SoftwareVersions": "syngo_MR_B17",
    "dataset": "ds001894",
    "modality": "T1w",
    "session_id": "T1",
    "subject_id": "070"
  },
  "cjv": 0.3288143185325062,
  "cnr": 3.9258811785544716,
  "efc": 0.6839538320992162,
  "fber": 35.2111793127849,
  "fwhm_avg": 3.5777013835182223,
  "fwhm_x": 3.63173,
  "fwhm_y": 3.7181802216208113,
  "fwhm_z": 3.383193928933855,
  "icvs_csf": 0.2396818410411747,
  "icvs_gm": 0.43658548484063964,
  "icvs_wm": 0.3237326741181857,
  "inu_med": 1.1782034635543823,
  "inu_range": 0.29727535843849173,
  "provenance": {
    "md5sum": "44937891d83ef9f5de45d92fb3fe5ad8",
    "settings": {
      "testing": false
    },
    "software": "mriqc",
    "version": "21.0.0rc2",
    "warnings": {
      "large_rot_frame": true,
      "small_air_mask": false
    },
    "webapi_port": null,
    "webapi_url": "https://mriqc.nimh.nih.gov/api/v1"
  },
  "qi_1": 0.0,
  "qi_2": 0.0040817511683357045,
  "rpve_csf": 21.45421243909335,
  "rpve_gm": 12.115919315389082,
  "rpve_wm": 19.066821748273636,
  "size_x": 256,
  "size_y": 256,
  "size_z": 160,
  "snr_csf": 3.4540892218102432,
  "snr_gm": 10.310176798561928,
  "snr_total": 11.50033510219013,
  "snr_wm": 20.736739286198222,
  "snrd_csf": 8.48773204889031,
  "snrd_gm": 16.237400441355376,
  "snrd_total": 16.366382439565612,
  "snrd_wm": 24.374014828451152,
  "spacing_x": 1.0,
  "spacing_y": 0.9999999403953552,
  "spacing_z": 0.9999160766601562,
  "summary_bg_k": 0.2475937673274431,
  "summary_bg_mad": 26.878476041971656,
  "summary_bg_mean": 98.29446480303021,
  "summary_bg_median": 96.62403783202171,
  "summary_bg_n": 1830774.0,
  "summary_bg_p05": 56.83766931295395,
  "summary_bg_p95": 145.3280406743288,
  "summary_bg_stdv": 27.0199533335009,
  "summary_csf_k": 2.5850594345205016,
  "summary_csf_mad": 97.92482622858863,
  "summary_csf_mean": 351.40862275505816,
  "summary_csf_median": 348.228720523417,
  "summary_csf_n": 30619.0,
  "summary_csf_p05": 192.56210379302502,
  "summary_csf_p95": 513.459745055437,
  "summary_csf_stdv": 100.81471891265622,
  "summary_gm_k": 0.12712282424109533,
  "summary_gm_mad": 63.346030023241305,
  "summary_gm_mean": 666.078928120255,
  "summary_gm_median": 666.1766827404499,
  "summary_gm_n": 30045.0,
  "summary_gm_p05": 558.9298805058003,
  "summary_gm_p95": 772.2083348035812,
  "summary_gm_stdv": 64.6124319057146,
  "summary_wm_k": 0.39334484304892214,
  "summary_wm_mad": 46.41985456978348,
  "summary_wm_mean": 999.3762038983039,
  "summary_wm_median": 999.9999939724803,
  "summary_wm_n": 168552.0,
  "summary_wm_p05": 919.3493011370301,
  "summary_wm_p95": 1077.0738334804773,
  "summary_wm_stdv": 48.223446016417704,
  "tpm_overlap_csf": 0.1452772319316864,
  "tpm_overlap_gm": 0.4569151997566223,
  "tpm_overlap_wm": 0.4791581928730011,
  "wm2max": 0.49998775080232244
}