{
  "bids_meta": {
    "EchoTime": 0.00336,
    "FlipAngle": 9,
    "ImageType": [
      "ORIGINAL",
      "PRIMARY",
      "M",
      "ND",
      "NORM"
    ],
    "MagneticFieldStrength": 3,
    "Manufacturer": "Siemens",
    "ManufacturersModelName": "TrioTim",
    "PhaseEncodingDirection": "i-",
    "RepetitionTime": 2.3,
    "ScanningSequence": "GR_IR",
    "SequenceName": "_tfl3d1",
    "SequenceVariant": "SP_MP",
    "SoftwareVersions": "syngo_MR_B17",
    "dataset": "ds001894",
    "modality": "T1w",
    "session_id": "T1",
    "subject_id": "118"
  },
  "cjv": 0.3195126706191217,
  "cnr": 3.972862212791576,
  "efc": 0.6713921624374944,
  "fber": 43.11794490437724,
  "fwhm_avg": 3.544346666666667,
  "fwhm_x": 3.60013,
  "fwhm_y": 3.64665,
  "fwhm_z": 3.38626,
  "icvs_csf": 0.2266904706866482,
  "icvs_gm": 0.4459252895925647,
  "icvs_wm": 0.32738423972078706,
  "inu_med": 1.1968263387680054,
  "inu_range": 0.3102626323699951,
  "provenance": {
    "md5sum": "16509807bdd958b0ff6cfb09aae14f5c",
    "settings": {
      "testing": false
    },
    "software": "mriqc",
    "version": "22.0.0rc1",
    "warnings": {
      "large_rot_frame": true,
      "small_air_mask": false
    },
    "webapi_port": null,
    "webapi_url": "https://mriqc.nimh.nih.gov/api/v1"
  },
  "qi_1": 0.0,
  "qi_2": 0.004019552172330112,
  "rpve_csf": 22.83870365448359,
  "rpve_gm": 12.234568647030047,
  "rpve_wm": 19.305163553610114,
  "size_x": 256,
  "size_y": 256,
  "size_z": 160,
  "snr_csf": 4.53332829994787,
  "snr_gm": 11.298405712486925,
  "snr_total": 11.640691463059788,
  "snr_wm": 19.09034037674457,
  "snrd_csf": 10.262098676482266,
  "snrd_gm": 16.993625858368713,
  "snrd_total": 17.5489731086422,
  "snrd_wm": 25.391194791075623,
  "spacing_x": 1.0,
  "spacing_y": 1.0,
  "spacing_z": 1.0,
  "summary_bg_k": 0.5249402603116176,
  "summary_bg_mad": 25.80262897118743,
  "summary_bg_mean": 93.8935210889939,
  "summary_bg_median": 92.21790256351233,
  "summary_bg_n": 2121667.0,
  "summary_bg_p05": 54.22709805518389,
  "summary_bg_p95": 139.22887015342712,
  "summary_bg_stdv": 26.026347135251257,
  "summary_csf_k": 0.5380209648398075,
  "summary_csf_mad": 85.64165266249812,
  "summary_csf_mean": 402.7479786356944,
  "summary_csf_median": 404.17405243217945,
  "summary_csf_n": 24284.0,
  "summary_csf_p05": 254.13159853741527,
  "summary_csf_p95": 544.5242526628076,
  "summary_csf_stdv": 89.15430425218482,
  "summary_gm_k": 0.41708011019744307,
  "summary_gm_mad": 56.220362311205136,
  "summary_gm_mean": 671.687478332443,
  "summary_gm_median": 669.296100653708,
  "summary_gm_n": 27661.0,
  "summary_gm_p05": 578.2455133125186,
  "summary_gm_p95": 773.1517822518945,
  "summary_gm_stdv": 59.23703037270729,
  "summary_wm_k": 0.6053361327156184,
  "summary_wm_mad": 49.455038861442574,
  "summary_wm_mean": 998.4633112464387,
  "summary_wm_median": 1000.0354136452079,
  "summary_wm_n": 157155.0,
  "summary_wm_p05": 909.9752755835652,
  "summary_wm_p95": 1081.0046422481537,
  "summary_wm_stdv": 52.384201235791444,
  "tpm_overlap_csf": 0.14193908870220184,
  "tpm_overlap_gm": 0.4546993374824524,
  "tpm_overlap_wm": 0.47397518157958984,
  "wm2max": 0.5464262244385172
}