{
  "bids_meta": {
    "EchoTime": 0.00336,
    "FlipAngle": 9,
    "ImageType": [
      "ORIGINAL",
      "PRIMARY",
      "M",
      "ND",
      "NORM"
    ],
    "MagneticFieldStrength": 3,
    "Manufacturer": "Siemens",
    "ManufacturersModelName": "TrioTim",
    "PhaseEncodingDirection": "i-",
    "RepetitionTime": 2.3,
    "ScanningSequence": "GR_IR",
    "SequenceName": "_tfl3d1",
    "SequenceVariant": "SP_MP",
    "SoftwareVersions": "syngo_MR_B17",
    "dataset": "ds001894",
    "modality": "T1w",
    "session_id": "T1",
    "subject_id": "156"
  },
  "cjv": 0.28058593387606023,
  "cnr": 4.561819323906145,
  "efc": 0.6734539825483364,
  "fber": 48.56319281902196,
  "fwhm_avg": 3.9311015194692587,
  "fwhm_x": 4.04058,
  "fwhm_y": 4.0067002388179445,
  "fwhm_z": 3.7460243195898313,
  "icvs_csf": 0.24451942295344528,
  "icvs_gm": 0.43699338514896313,
  "icvs_wm": 0.3184871918975916,
  "inu_med": 1.1270952224731445,
  "inu_range": 0.27452371716499324,
  "provenance": {
    "md5sum": "4537406cfba8318b838050b41bb9d847",
    "settings": {
      "testing": false
    },
    "software": "mriqc",
    "version": "22.0.0rc1",
    "warnings": {
      "large_rot_frame": true,
      "small_air_mask": false
    },
    "webapi_port": null,
    "webapi_url": "https://mriqc.nimh.nih.gov/api/v1"
  },
  "qi_1": 0.0,
  "qi_2": 0.004565787879537357,
  "rpve_csf": 17.258504341455698,
  "rpve_gm": 9.992560280097292,
  "rpve_wm": 16.27571312130689,
  "size_x": 256,
  "size_y": 256,
  "size_z": 160,
  "snr_csf": 4.013687950392306,
  "snr_gm": 10.84401043846167,
  "snr_total": 11.732099512613118,
  "snr_wm": 20.338600148985382,
  "snrd_csf": 10.420031414487605,
  "snrd_gm": 18.622869344482925,
  "snrd_total": 19.44024874367821,
  "snrd_wm": 29.2778454720641,
  "spacing_x": 1.0,
  "spacing_y": 0.9999999403953552,
  "spacing_z": 0.999969482421875,
  "summary_bg_k": 0.18130908657852407,
  "summary_bg_mad": 22.37652286923862,
  "summary_bg_mean": 82.4627342763316,
  "summary_bg_median": 81.0968806296587,
  "summary_bg_n": 1943026.0,
  "summary_bg_p05": 47.88223423808813,
  "summary_bg_p95": 121.59217751026154,
  "summary_bg_stdv": 22.50229044260803,
  "summary_csf_k": 0.07696013638144761,
  "summary_csf_mad": 87.61511771335685,
  "summary_csf_mean": 351.4196009291708,
  "summary_csf_median": 355.90157901495695,
  "summary_csf_n": 37548.0,
  "summary_csf_p05": 199.6067389547825,
  "summary_csf_p95": 488.86645144969225,
  "summary_csf_stdv": 88.67077961566929,
  "summary_gm_k": 0.3574819853757285,
  "summary_gm_mad": 55.54735430568038,
  "summary_gm_mean": 636.8790984360567,
  "summary_gm_median": 636.073764257133,
  "summary_gm_n": 33902.0,
  "summary_gm_p05": 540.6308135580272,
  "summary_gm_p95": 734.6548347473145,
  "summary_gm_stdv": 58.65582541920713,
  "summary_wm_k": 0.5262778054775756,
  "summary_wm_mad": 46.56522892859164,
  "summary_wm_mean": 997.9108023922356,
  "summary_wm_median": 1000.0000018402934,
  "summary_wm_n": 200025.0,
  "summary_wm_p05": 913.6419212222099,
  "summary_wm_p95": 1074.772813796997,
  "summary_wm_stdv": 49.16746948287451,
  "tpm_overlap_csf": 0.14254026114940643,
  "tpm_overlap_gm": 0.4426725208759308,
  "tpm_overlap_wm": 0.4662191569805145,
  "wm2max": 0.5748984143472549
}