{
  "bids_meta": {
    "EchoTime": 0.00336,
    "FlipAngle": 9,
    "ImageType": [
      "ORIGINAL",
      "PRIMARY",
      "M",
      "ND",
      "NORM"
    ],
    "MagneticFieldStrength": 3,
    "Manufacturer": "Siemens",
    "ManufacturersModelName": "TrioTim",
    "PhaseEncodingDirection": "i-",
    "RepetitionTime": 2.3,
    "ScanningSequence": "GR_IR",
    "SequenceName": "_tfl3d1",
    "SequenceVariant": "SP_MP",
    "SoftwareVersions": "syngo_MR_B17",
    "dataset": "ds001894",
    "modality": "T1w",
    "session_id": "T1",
    "subject_id": "149"
  },
  "cjv": 0.33513811001710786,
  "cnr": 3.7523264197736497,
  "efc": 0.6824960095845134,
  "fber": 36.633023781689694,
  "fwhm_avg": 3.5036642467603087,
  "fwhm_x": 3.5413602110815177,
  "fwhm_y": 3.617020215591205,
  "fwhm_z": 3.3526123136082036,
  "icvs_csf": 0.22628795818626546,
  "icvs_gm": 0.43710054985161245,
  "icvs_wm": 0.3366114919621221,
  "inu_med": 1.1602108478546143,
  "inu_range": 0.3175430357456208,
  "provenance": {
    "md5sum": "a1830a072a18d9121f6e8e4cf2287406",
    "settings": {
      "testing": false
    },
    "software": "mriqc",
    "version": "22.0.0rc1",
    "warnings": {
      "large_rot_frame": true,
      "small_air_mask": false
    },
    "webapi_port": null,
    "webapi_url": "https://mriqc.nimh.nih.gov/api/v1"
  },
  "qi_1": 0.0,
  "qi_2": 0.004107084789355048,
  "rpve_csf": 23.353158891182144,
  "rpve_gm": 12.784861449986884,
  "rpve_wm": 19.684016857169304,
  "size_x": 256,
  "size_y": 256,
  "size_z": 160,
  "snr_csf": 3.961923960984807,
  "snr_gm": 10.302035841868115,
  "snr_total": 11.271742196978337,
  "snr_wm": 19.551266788082085,
  "snrd_csf": 9.529485861716054,
  "snrd_gm": 16.680457474934364,
  "snrd_total": 16.997880713598267,
  "snrd_wm": 24.783698804144375,
  "spacing_x": 0.9999999403953552,
  "spacing_y": 0.9999999403953552,
  "spacing_z": 0.999969482421875,
  "summary_bg_k": 0.6356460401443558,
  "summary_bg_mad": 26.43416399578862,
  "summary_bg_mean": 96.83958707108862,
  "summary_bg_median": 95.17405970022082,
  "summary_bg_n": 2235207.0,
  "summary_bg_p05": 56.02868506684899,
  "summary_bg_p95": 143.0350075662136,
  "summary_bg_stdv": 26.6173804997727,
  "summary_csf_k": 8.786373998147434,
  "summary_csf_mad": 94.32861593469264,
  "summary_csf_mean": 382.5007696730111,
  "summary_csf_median": 384.506189385429,
  "summary_csf_n": 22944.0,
  "summary_csf_p05": 225.3598221577704,
  "summary_csf_p95": 534.2322670305147,
  "summary_csf_stdv": 97.04825580921559,
  "summary_gm_k": 0.49786812088366084,
  "summary_gm_mad": 60.8428802584632,
  "summary_gm_mean": 675.1792322606606,
  "summary_gm_median": 673.0414666607976,
  "summary_gm_n": 22875.0,
  "summary_gm_p05": 571.876072904095,
  "summary_gm_p95": 787.5541382823139,
  "summary_gm_stdv": 65.32949074744077,
  "summary_wm_k": 0.46931596279344756,
  "summary_wm_mad": 48.733374964303046,
  "summary_wm_mean": 998.2502080972782,
  "summary_wm_median": 999.9999710731208,
  "summary_wm_n": 171636.0,
  "summary_wm_p05": 911.1011241003871,
  "summary_wm_p95": 1078.8883596472442,
  "summary_wm_stdv": 51.147430433344994,
  "tpm_overlap_csf": 0.1484087109565735,
  "tpm_overlap_gm": 0.4680909216403961,
  "tpm_overlap_wm": 0.5099740624427795,
  "wm2max": 0.6270768269831355
}