{
  "bids_meta": {
    "EchoTime": 0.00336,
    "FlipAngle": 9,
    "ImageType": [
      "ORIGINAL",
      "PRIMARY",
      "M",
      "ND",
      "NORM"
    ],
    "MagneticFieldStrength": 3,
    "Manufacturer": "Siemens",
    "ManufacturersModelName": "TrioTim",
    "PhaseEncodingDirection": "i-",
    "RepetitionTime": 2.3,
    "ScanningSequence": "GR_IR",
    "SequenceName": "_tfl3d1",
    "SequenceVariant": "SP_MP",
    "SoftwareVersions": "syngo_MR_B17",
    "dataset": "ds001894",
    "modality": "T1w",
    "session_id": "T1",
    "subject_id": "036"
  },
  "cjv": 0.29869098219706763,
  "cnr": 4.209059466641542,
  "efc": 0.6651416081952978,
  "fber": 42.539905960516165,
  "fwhm_avg": 3.5247733333333335,
  "fwhm_x": 3.60752,
  "fwhm_y": 3.59856,
  "fwhm_z": 3.36824,
  "icvs_csf": 0.23739465673836663,
  "icvs_gm": 0.43956828302957807,
  "icvs_wm": 0.3230370602320553,
  "inu_med": 1.0590378046035767,
  "inu_range": 0.24069905281066895,
  "provenance": {
    "md5sum": "158253e02b71cd18d3404a70927c2872",
    "settings": {
      "testing": false
    },
    "software": "mriqc",
    "version": "21.0.0rc2",
    "warnings": {
      "large_rot_frame": true,
      "small_air_mask": false
    },
    "webapi_port": null,
    "webapi_url": "https://mriqc.nimh.nih.gov/api/v1"
  },
  "qi_1": 0.0,
  "qi_2": 0.00444969982840371,
  "rpve_csf": 19.36799559615223,
  "rpve_gm": 10.901685134693333,
  "rpve_wm": 17.67554300578663,
  "size_x": 256,
  "size_y": 256,
  "size_z": 160,
  "snr_csf": 3.9116958316304244,
  "snr_gm": 10.415373770689941,
  "snr_total": 10.828928916795602,
  "snr_wm": 18.159717148066438,
  "snrd_csf": 9.91622950995249,
  "snrd_gm": 18.06207707672899,
  "snrd_total": 18.74374856388496,
  "snrd_wm": 28.252939104973404,
  "spacing_x": 1.0,
  "spacing_y": 1.0,
  "spacing_z": 1.0,
  "summary_bg_k": 0.1669805731389027,
  "summary_bg_mad": 23.1874754226833,
  "summary_bg_mean": 85.41755661249596,
  "summary_bg_median": 84.01721899956465,
  "summary_bg_n": 2063748.0,
  "summary_bg_p05": 49.64348088204861,
  "summary_bg_p95": 125.9585609100759,
  "summary_bg_stdv": 23.325633732861252,
  "summary_csf_k": 0.053159655594951616,
  "summary_csf_mad": 90.755280148997,
  "summary_csf_mean": 348.2473568922824,
  "summary_csf_median": 350.9686470218003,
  "summary_csf_n": 23267.0,
  "summary_csf_p05": 199.15578817538918,
  "summary_csf_p95": 490.9087763618678,
  "summary_csf_stdv": 89.7209598723738,
  "summary_gm_k": 0.10914887243704108,
  "summary_gm_mad": 59.86357902135764,
  "summary_gm_mean": 639.9818570624203,
  "summary_gm_median": 639.2775346376002,
  "summary_gm_n": 24270.0,
  "summary_gm_p05": 537.9876804029569,
  "summary_gm_p95": 742.2154448093846,
  "summary_gm_stdv": 61.37699697179911,
  "summary_wm_k": 1.1723463350320529,
  "summary_wm_mad": 47.87091700166875,
  "summary_wm_mean": 994.7283750964962,
  "summary_wm_median": 999.9663483090699,
  "summary_wm_n": 172490.0,
  "summary_wm_p05": 891.5309944041073,
  "summary_wm_p95": 1074.6670061945915,
  "summary_wm_stdv": 55.064924278852025,
  "tpm_overlap_csf": 0.1551688015460968,
  "tpm_overlap_gm": 0.44067007303237915,
  "tpm_overlap_wm": 0.46561238169670105,
  "wm2max": 0.6202098587729729
}