{
  "bids_meta": {
    "EchoTime": 0.00336,
    "FlipAngle": 9,
    "ImageType": [
      "ORIGINAL",
      "PRIMARY",
      "M",
      "ND",
      "NORM"
    ],
    "MagneticFieldStrength": 3,
    "Manufacturer": "Siemens",
    "ManufacturersModelName": "TrioTim",
    "PhaseEncodingDirection": "i-",
    "RepetitionTime": 2.3,
    "ScanningSequence": "GR_IR",
    "SequenceName": "_tfl3d1",
    "SequenceVariant": "SP_MP",
    "SoftwareVersions": "syngo_MR_B17",
    "dataset": "ds001894",
    "modality": "T1w",
    "session_id": "T2",
    "subject_id": "038"
  },
  "cjv": 0.33143826398768755,
  "cnr": 3.842688110262623,
  "efc": 0.6798721301947063,
  "fber": 43.36297550979026,
  "fwhm_avg": 3.570350444342718,
  "fwhm_x": 3.71351,
  "fwhm_y": 3.63338,
  "fwhm_z": 3.3641613330281532,
  "icvs_csf": 0.23072708709317813,
  "icvs_gm": 0.44285482578623175,
  "icvs_wm": 0.3264180871205901,
  "inu_med": 1.0353679656982422,
  "inu_range": 0.2684608191251753,
  "provenance": {
    "md5sum": "87aaf2983fd4c91c1133404709e1e2d9",
    "settings": {
      "testing": false
    },
    "software": "mriqc",
    "version": "21.0.0rc2",
    "warnings": {
      "large_rot_frame": true,
      "small_air_mask": false
    },
    "webapi_port": null,
    "webapi_url": "https://mriqc.nimh.nih.gov/api/v1"
  },
  "qi_1": 0.0,
  "qi_2": 0.004214437774184333,
  "rpve_csf": 21.06989044507449,
  "rpve_gm": 11.542104674319214,
  "rpve_wm": 18.23128319072157,
  "size_x": 256,
  "size_y": 256,
  "size_z": 160,
  "snr_csf": 3.848700294107649,
  "snr_gm": 10.696360240698198,
  "snr_total": 11.613920427935566,
  "snr_wm": 20.296700749000852,
  "snrd_csf": 9.91971461178388,
  "snrd_gm": 17.8152236340906,
  "snrd_total": 18.0155304030145,
  "snrd_wm": 26.31165296316901,
  "spacing_x": 1.0,
  "spacing_y": 1.0,
  "spacing_z": 0.9999847412109375,
  "summary_bg_k": 0.32002655859269247,
  "summary_bg_mad": 24.899095642825053,
  "summary_bg_mean": 91.10196036724476,
  "summary_bg_median": 89.5179782062769,
  "summary_bg_n": 1863193.0,
  "summary_bg_p05": 52.71614272147417,
  "summary_bg_p95": 134.65952277183533,
  "summary_bg_stdv": 25.048028905307103,
  "summary_csf_k": 0.34910547925538893,
  "summary_csf_mad": 97.44110777761604,
  "summary_csf_mean": 375.7401184821559,
  "summary_csf_median": 377.0084082148969,
  "summary_csf_n": 22509.0,
  "summary_csf_p05": 211.91277285292745,
  "summary_csf_p95": 529.4567599892616,
  "summary_csf_stdv": 97.95515490886257,
  "summary_gm_k": 0.33777376634217626,
  "summary_gm_mad": 60.0641054345142,
  "summary_gm_mean": 678.5431799242928,
  "summary_gm_median": 677.0849129371345,
  "summary_gm_n": 30084.0,
  "summary_gm_p05": 576.817126236856,
  "summary_gm_p95": 786.7960812272504,
  "summary_gm_stdv": 63.29944433134985,
  "summary_wm_k": 0.5294505405896697,
  "summary_wm_mad": 46.962303399223565,
  "summary_wm_mean": 998.5703326285973,
  "summary_wm_median": 999.9999787658453,
  "summary_wm_n": 171578.0,
  "summary_wm_p05": 915.1109216548502,
  "summary_wm_p95": 1076.5110712498426,
  "summary_wm_stdv": 49.26894656435078,
  "tpm_overlap_csf": 0.15587854385375977,
  "tpm_overlap_gm": 0.46945762634277344,
  "tpm_overlap_wm": 0.4895144999027252,
  "wm2max": 0.5423911690251899
}