{
  "bids_meta": {
    "EchoTime": 0.00336,
    "FlipAngle": 9,
    "ImageType": [
      "ORIGINAL",
      "PRIMARY",
      "M",
      "ND",
      "NORM"
    ],
    "MagneticFieldStrength": 3,
    "Manufacturer": "Siemens",
    "ManufacturersModelName": "TrioTim",
    "PhaseEncodingDirection": "i-",
    "RepetitionTime": 2.3,
    "ScanningSequence": "GR_IR",
    "SequenceName": "_tfl3d1",
    "SequenceVariant": "SP_MP",
    "SoftwareVersions": "syngo_MR_B17",
    "dataset": "ds001894",
    "modality": "T1w",
    "session_id": "T1",
    "subject_id": "026"
  },
  "cjv": 0.345062748241334,
  "cnr": 3.685075625517848,
  "efc": 0.6756406146401421,
  "fber": 33.776452981426345,
  "fwhm_avg": 3.6795836250647778,
  "fwhm_x": 3.752189105408405,
  "fwhm_y": 3.82997,
  "fwhm_z": 3.456591769785929,
  "icvs_csf": 0.22894702798570843,
  "icvs_gm": 0.4451143008653501,
  "icvs_wm": 0.3259386711489415,
  "inu_med": 1.1274487972259521,
  "inu_range": 0.3717474460601806,
  "provenance": {
    "md5sum": "b405b1d943fd1846ab2fb19ec62d0949",
    "settings": {
      "testing": false
    },
    "software": "mriqc",
    "version": "21.0.0rc2",
    "warnings": {
      "large_rot_frame": true,
      "small_air_mask": false
    },
    "webapi_port": null,
    "webapi_url": "https://mriqc.nimh.nih.gov/api/v1"
  },
  "qi_1": 0.0,
  "qi_2": 0.004780106766476203,
  "rpve_csf": 22.91832249531577,
  "rpve_gm": 12.417392496095848,
  "rpve_wm": 19.659285246532765,
  "size_x": 256,
  "size_y": 256,
  "size_z": 160,
  "snr_csf": 4.263574379796903,
  "snr_gm": 10.014634057123338,
  "snr_total": 10.667958055739078,
  "snr_wm": 17.725665730296996,
  "snrd_csf": 9.563316131315075,
  "snrd_gm": 15.91723904348739,
  "snrd_total": 16.487497543899284,
  "snrd_wm": 23.98193745689538,
  "spacing_x": 1.000000238418579,
  "spacing_y": 1.0,
  "spacing_z": 1.0000457763671875,
  "summary_bg_k": 0.15636516730931227,
  "summary_bg_mad": 27.31790916506807,
  "summary_bg_mean": 100.55429050244133,
  "summary_bg_median": 98.88995496556163,
  "summary_bg_n": 1945904.0,
  "summary_bg_p05": 58.4324121363461,
  "summary_bg_p95": 148.3631062246859,
  "summary_bg_stdv": 27.434173268110445,
  "summary_csf_k": 68.04925749896493,
  "summary_csf_mad": 83.79162964086628,
  "summary_csf_mean": 395.58756448917507,
  "summary_csf_median": 398.7716303654015,
  "summary_csf_n": 24028.0,
  "summary_csf_p05": 243.5538443563506,
  "summary_csf_p95": 531.2250050889327,
  "summary_csf_stdv": 93.52794080651871,
  "summary_gm_k": 0.1922578793056915,
  "summary_gm_mad": 63.407624025341484,
  "summary_gm_mean": 666.6467625727154,
  "summary_gm_median": 663.717823099345,
  "summary_gm_n": 29087.0,
  "summary_gm_p05": 561.914699659869,
  "summary_gm_p95": 781.2588180042803,
  "summary_gm_stdv": 66.27365613484393,
  "summary_wm_k": 0.807418599863134,
  "summary_wm_mad": 52.63083417123206,
  "summary_wm_mean": 997.8346244624505,
  "summary_wm_median": 1000.0000175349414,
  "summary_wm_n": 160259.0,
  "summary_wm_p05": 901.2227576747537,
  "summary_wm_p95": 1085.1975171975791,
  "summary_wm_stdv": 56.415195502148464,
  "tpm_overlap_csf": 0.14920607209205627,
  "tpm_overlap_gm": 0.4669784903526306,
  "tpm_overlap_wm": 0.4868442714214325,
  "wm2max": 0.5691789608723541
}