{
  "bids_meta": {
    "EchoTime": 0.00336,
    "FlipAngle": 9,
    "ImageType": [
      "ORIGINAL",
      "PRIMARY",
      "M",
      "ND",
      "NORM"
    ],
    "MagneticFieldStrength": 3,
    "Manufacturer": "Siemens",
    "ManufacturersModelName": "TrioTim",
    "PhaseEncodingDirection": "i-",
    "RepetitionTime": 2.3,
    "ScanningSequence": "GR_IR",
    "SequenceName": "_tfl3d1",
    "SequenceVariant": "SP_MP",
    "SoftwareVersions": "syngo_MR_B17",
    "dataset": "ds001894",
    "modality": "T1w",
    "session_id": "T1",
    "subject_id": "058"
  },
  "cjv": 0.32131143820543684,
  "cnr": 4.037189570715664,
  "efc": 0.6644719206880773,
  "fber": 43.822461869553315,
  "fwhm_avg": 3.582553182389161,
  "fwhm_x": 3.6533302177554496,
  "fwhm_y": 3.71135,
  "fwhm_z": 3.3829793294120343,
  "icvs_csf": 0.22397020882712856,
  "icvs_gm": 0.4448661923281026,
  "icvs_wm": 0.3311635988447688,
  "inu_med": 1.1983888149261475,
  "inu_range": 0.28551655411720267,
  "provenance": {
    "md5sum": "05d5712454f2c188ddfdc2a2c550fd25",
    "settings": {
      "testing": false
    },
    "software": "mriqc",
    "version": "21.0.0rc2",
    "warnings": {
      "large_rot_frame": true,
      "small_air_mask": false
    },
    "webapi_port": null,
    "webapi_url": "https://mriqc.nimh.nih.gov/api/v1"
  },
  "qi_1": 0.0,
  "qi_2": 0.004151524088090825,
  "rpve_csf": 25.85598632322319,
  "rpve_gm": 13.870911214170123,
  "rpve_wm": 21.784206952033685,
  "size_x": 256,
  "size_y": 256,
  "size_z": 160,
  "snr_csf": 3.5235556560655814,
  "snr_gm": 10.52445174234959,
  "snr_total": 11.848400539845906,
  "snr_wm": 21.49719422112255,
  "snrd_csf": 9.837819364844753,
  "snrd_gm": 17.81649780020252,
  "snrd_total": 18.11755289177935,
  "snrd_wm": 26.698341510290778,
  "spacing_x": 0.9999999403953552,
  "spacing_y": 1.0,
  "spacing_z": 1.0000534057617188,
  "summary_bg_k": 0.19572645481326045,
  "summary_bg_mad": 24.53846767425834,
  "summary_bg_mean": 89.71174229051431,
  "summary_bg_median": 88.20442603901029,
  "summary_bg_n": 2269201.0,
  "summary_bg_p05": 51.95381982252002,
  "summary_bg_p95": 132.5690320879221,
  "summary_bg_stdv": 24.61680869048939,
  "summary_csf_k": -0.09376035821202544,
  "summary_csf_mad": 108.4779820965689,
  "summary_csf_mean": 364.7440035681111,
  "summary_csf_median": 368.48054960370064,
  "summary_csf_n": 22020.0,
  "summary_csf_p05": 192.83869253471494,
  "summary_csf_p95": 531.0047736102715,
  "summary_csf_stdv": 104.57396406461696,
  "summary_gm_k": 0.1505718321302223,
  "summary_gm_mad": 61.94466839721313,
  "summary_gm_mean": 668.1233656889895,
  "summary_gm_median": 667.326026018709,
  "summary_gm_n": 21055.0,
  "summary_gm_p05": 564.698056994006,
  "summary_gm_p95": 774.4994496759026,
  "summary_gm_stdv": 63.40569513327028,
  "summary_wm_k": 0.36472955499760307,
  "summary_wm_mad": 44.947290788702475,
  "summary_wm_mean": 999.3444547722949,
  "summary_wm_median": 1000.0000191479921,
  "summary_wm_n": 143828.0,
  "summary_wm_p05": 922.0894734933972,
  "summary_wm_p95": 1074.277430549264,
  "summary_wm_stdv": 46.517537706607094,
  "tpm_overlap_csf": 0.17009620368480682,
  "tpm_overlap_gm": 0.4686743915081024,
  "tpm_overlap_wm": 0.49833419919013977,
  "wm2max": 0.5936968244457759
}