{
  "bids_meta": {
    "EchoTime": 0.00336,
    "FlipAngle": 9,
    "ImageType": [
      "ORIGINAL",
      "PRIMARY",
      "M",
      "ND",
      "NORM"
    ],
    "MagneticFieldStrength": 3,
    "Manufacturer": "Siemens",
    "ManufacturersModelName": "TrioTim",
    "PhaseEncodingDirection": "i-",
    "RepetitionTime": 2.3,
    "ScanningSequence": "GR_IR",
    "SequenceName": "_tfl3d1",
    "SequenceVariant": "SP_MP",
    "SoftwareVersions": "syngo_MR_B17",
    "dataset": "ds001894",
    "modality": "T1w",
    "session_id": "T1",
    "subject_id": "116"
  },
  "cjv": 0.3092402621774359,
  "cnr": 4.144114676299409,
  "efc": 0.6571264624052844,
  "fber": 44.609134087156576,
  "fwhm_avg": 3.5519159922038255,
  "fwhm_x": 3.61761,
  "fwhm_y": 3.659880654437659,
  "fwhm_z": 3.378257322173817,
  "icvs_csf": 0.21584519484655515,
  "icvs_gm": 0.45346026600358624,
  "icvs_wm": 0.3306945391498586,
  "inu_med": 1.0624444484710693,
  "inu_range": 0.2719212055206298,
  "provenance": {
    "md5sum": "4d0f21278993bc3b45448ea34d066676",
    "settings": {
      "testing": false
    },
    "software": "mriqc",
    "version": "22.0.0rc1",
    "warnings": {
      "large_rot_frame": true,
      "small_air_mask": false
    },
    "webapi_port": null,
    "webapi_url": "https://mriqc.nimh.nih.gov/api/v1"
  },
  "qi_1": 0.0,
  "qi_2": 0.00495298005400445,
  "rpve_csf": 25.126195980105848,
  "rpve_gm": 13.01247033120817,
  "rpve_wm": 20.780591667846227,
  "size_x": 256,
  "size_y": 256,
  "size_z": 160,
  "snr_csf": 4.216037157178434,
  "snr_gm": 10.574009231230233,
  "snr_total": 11.642028269372586,
  "snr_wm": 20.136038419709088,
  "snrd_csf": 10.363030621229194,
  "snrd_gm": 17.682554845710328,
  "snrd_total": 18.338652450449626,
  "snrd_wm": 26.97037188440935,
  "spacing_x": 1.0,
  "spacing_y": 0.9999998211860657,
  "spacing_z": 0.9999771118164062,
  "summary_bg_k": 0.19905935526820162,
  "summary_bg_mad": 24.290964810552687,
  "summary_bg_mean": 89.09240562481364,
  "summary_bg_median": 87.67553983256221,
  "summary_bg_n": 2289102.0,
  "summary_bg_p05": 51.68444295600057,
  "summary_bg_p95": 131.4941247291863,
  "summary_bg_stdv": 24.387790542557248,
  "summary_csf_k": 0.6587656891969629,
  "summary_csf_mad": 90.87778989428085,
  "summary_csf_mean": 381.64564227088516,
  "summary_csf_median": 384.23757369071245,
  "summary_csf_n": 17518.0,
  "summary_csf_p05": 233.20734344478697,
  "summary_csf_p95": 523.7567921424284,
  "summary_csf_stdv": 91.13453991834042,
  "summary_gm_k": 0.29518060214691033,
  "summary_gm_mad": 58.76479308969772,
  "summary_gm_mean": 657.3662390331523,
  "summary_gm_median": 655.628861758858,
  "summary_gm_n": 27804.0,
  "summary_gm_p05": 557.6317813508213,
  "summary_gm_p95": 763.1359564108774,
  "summary_gm_stdv": 62.00269520542057,
  "summary_wm_k": 0.39882036556511835,
  "summary_wm_mad": 47.72861703993842,
  "summary_wm_mean": 998.6702249574813,
  "summary_wm_median": 999.9999646022916,
  "summary_wm_n": 152127.0,
  "summary_wm_p05": 914.5115170106292,
  "summary_wm_p95": 1077.3923338986933,
  "summary_wm_stdv": 49.662036644242605,
  "tpm_overlap_csf": 0.1378975659608841,
  "tpm_overlap_gm": 0.45986974239349365,
  "tpm_overlap_wm": 0.483437716960907,
  "wm2max": 0.5918054563659202
}