{
  "bids_meta": {
    "EchoTime": 0.00336,
    "FlipAngle": 9,
    "ImageType": [
      "ORIGINAL",
      "PRIMARY",
      "M",
      "ND",
      "NORM"
    ],
    "MagneticFieldStrength": 3,
    "Manufacturer": "Siemens",
    "ManufacturersModelName": "TrioTim",
    "PhaseEncodingDirection": "i-",
    "RepetitionTime": 2.3,
    "ScanningSequence": "GR_IR",
    "SequenceName": "_tfl3d1",
    "SequenceVariant": "SP_MP",
    "SoftwareVersions": "syngo_MR_B17",
    "dataset": "ds001894",
    "modality": "T1w",
    "session_id": "T2",
    "subject_id": "081"
  },
  "cjv": 0.37885955575987046,
  "cnr": 3.3880028855122575,
  "efc": 0.6905793485893694,
  "fber": 34.414681470487636,
  "fwhm_avg": 4.29860113394001,
  "fwhm_x": 4.360650259915009,
  "fwhm_y": 4.4746294665826,
  "fwhm_z": 4.060523675322418,
  "icvs_csf": 0.2347327868232173,
  "icvs_gm": 0.4087040904519703,
  "icvs_wm": 0.3565631227248124,
  "inu_med": 1.269280195236206,
  "inu_range": 0.6997156053781509,
  "provenance": {
    "md5sum": "7a91621420d3cb8042c7301046131419",
    "settings": {
      "testing": false
    },
    "software": "mriqc",
    "version": "21.0.0rc2",
    "warnings": {
      "large_rot_frame": true,
      "small_air_mask": false
    },
    "webapi_port": null,
    "webapi_url": "https://mriqc.nimh.nih.gov/api/v1"
  },
  "qi_1": 0.0,
  "qi_2": 0.005740653926178081,
  "rpve_csf": 22.318037332829668,
  "rpve_gm": 12.814820100140842,
  "rpve_wm": 17.603533321613067,
  "size_x": 256,
  "size_y": 256,
  "size_z": 160,
  "snr_csf": 3.9004818223914843,
  "snr_gm": 9.831392040579624,
  "snr_total": 10.608421916024506,
  "snr_wm": 18.093391885102413,
  "snrd_csf": 8.187299750952283,
  "snrd_gm": 13.890879182719479,
  "snrd_total": 14.166515614393433,
  "snrd_wm": 20.421367909508536,
  "spacing_x": 0.9999999403953552,
  "spacing_y": 1.0000001192092896,
  "spacing_z": 0.9999695420265198,
  "summary_bg_k": 0.5841405707193599,
  "summary_bg_mad": 32.08249231920837,
  "summary_bg_mean": 101.7476805408637,
  "summary_bg_median": 98.96443922817707,
  "summary_bg_n": 1950489.0,
  "summary_bg_p05": 53.43884329497814,
  "summary_bg_p95": 159.87690503150225,
  "summary_bg_stdv": 32.677390743190294,
  "summary_csf_k": 0.012177101787905098,
  "summary_csf_mad": 103.41715357072134,
  "summary_csf_mean": 395.44209305661,
  "summary_csf_median": 400.9378663301468,
  "summary_csf_n": 34634.0,
  "summary_csf_p05": 219.82708087787034,
  "summary_csf_p95": 555.7346619442105,
  "summary_csf_stdv": 102.79039778490215,
  "summary_gm_k": 0.12576894763932822,
  "summary_gm_mad": 68.07571733646922,
  "summary_gm_mean": 682.5074496812448,
  "summary_gm_median": 680.2461898773909,
  "summary_gm_n": 25917.0,
  "summary_gm_p05": 574.1402891412378,
  "summary_gm_p95": 801.9831965133546,
  "summary_gm_stdv": 69.18990346343455,
  "summary_wm_k": 1.025519630272342,
  "summary_wm_mad": 53.08457532726803,
  "summary_wm_mean": 1001.9162413023064,
  "summary_wm_median": 1000.0488471463323,
  "summary_wm_n": 194175.0,
  "summary_wm_p05": 915.2012504339218,
  "summary_wm_p95": 1093.5423993095756,
  "summary_wm_stdv": 55.27135422539895,
  "tpm_overlap_csf": 0.15861621499061584,
  "tpm_overlap_gm": 0.46207210421562195,
  "tpm_overlap_wm": 0.513611912727356,
  "wm2max": 0.5535936401492618
}