{
  "bids_meta": {
    "EchoTime": 0.00336,
    "FlipAngle": 9,
    "ImageType": [
      "ORIGINAL",
      "PRIMARY",
      "M",
      "ND",
      "NORM"
    ],
    "MagneticFieldStrength": 3,
    "Manufacturer": "Siemens",
    "ManufacturersModelName": "TrioTim",
    "PhaseEncodingDirection": "i-",
    "RepetitionTime": 2.3,
    "ScanningSequence": "GR_IR",
    "SequenceName": "_tfl3d1",
    "SequenceVariant": "SP_MP",
    "SoftwareVersions": "syngo_MR_B17",
    "dataset": "ds001894",
    "modality": "T1w",
    "session_id": "T1",
    "subject_id": "173"
  },
  "cjv": 0.3879492422464894,
  "cnr": 3.2968067889762676,
  "efc": 0.6891399015722598,
  "fber": 31.487631645494055,
  "fwhm_avg": 3.6185733333333334,
  "fwhm_x": 3.65335,
  "fwhm_y": 3.73572,
  "fwhm_z": 3.46665,
  "icvs_csf": 0.23199441100812143,
  "icvs_gm": 0.4614143972169967,
  "icvs_wm": 0.3065911917748819,
  "inu_med": 1.1152756214141846,
  "inu_range": 0.3548760265111923,
  "provenance": {
    "md5sum": "62a2c3debe7c79ff01ed3dff5a247bbd",
    "settings": {
      "testing": false
    },
    "software": "mriqc",
    "version": "22.0.0rc1",
    "warnings": {
      "large_rot_frame": true,
      "small_air_mask": false
    },
    "webapi_port": null,
    "webapi_url": "https://mriqc.nimh.nih.gov/api/v1"
  },
  "qi_1": 0.0,
  "qi_2": 0.0035880639650304963,
  "rpve_csf": 25.05600007702899,
  "rpve_gm": 13.161368169304142,
  "rpve_wm": 21.58448289081328,
  "size_x": 256,
  "size_y": 256,
  "size_z": 160,
  "snr_csf": 3.6576456767612004,
  "snr_gm": 10.062501374487912,
  "snr_total": 9.682026382133966,
  "snr_wm": 15.325932095152785,
  "snrd_csf": 8.370632722409184,
  "snrd_gm": 14.993072772747693,
  "snrd_total": 15.181944621168308,
  "snrd_wm": 22.18212836834805,
  "spacing_x": 1.0,
  "spacing_y": 1.0,
  "spacing_z": 1.0,
  "summary_bg_k": 0.558988684312971,
  "summary_bg_mad": 29.534424431229997,
  "summary_bg_mean": 107.7187902035517,
  "summary_bg_median": 105.79312414303422,
  "summary_bg_n": 2048522.0,
  "summary_bg_p05": 62.11586399003863,
  "summary_bg_p95": 159.67046301439404,
  "summary_bg_stdv": 29.911489125065856,
  "summary_csf_k": -0.022052999200801615,
  "summary_csf_mad": 104.69533387000567,
  "summary_csf_mean": 371.7113416765943,
  "summary_csf_median": 377.3593224994838,
  "summary_csf_n": 20320.0,
  "summary_csf_p05": 191.404041249305,
  "summary_csf_p95": 529.5758818350732,
  "summary_csf_stdv": 103.16746626561702,
  "summary_gm_k": 0.07096147761423266,
  "summary_gm_mad": 65.75771741526592,
  "summary_gm_mean": 679.8650242067218,
  "summary_gm_median": 675.9077803716063,
  "summary_gm_n": 27182.0,
  "summary_gm_p05": 575.73995605167,
  "summary_gm_p95": 796.9116629282012,
  "summary_gm_stdv": 67.16971477567171,
  "summary_wm_k": 0.6271270072157247,
  "summary_wm_mad": 59.97362335269461,
  "summary_wm_mean": 996.276201098814,
  "summary_wm_median": 1000.0000251196325,
  "summary_wm_n": 129865.0,
  "summary_wm_p05": 879.7785844989121,
  "summary_wm_p95": 1095.5494804643095,
  "summary_wm_stdv": 65.24863667354477,
  "tpm_overlap_csf": 0.15270157158374786,
  "tpm_overlap_gm": 0.46989184617996216,
  "tpm_overlap_wm": 0.47204503417015076,
  "wm2max": 0.5400169483545972
}