{
  "bids_meta": {
    "EchoTime": 0.00336,
    "FlipAngle": 9,
    "ImageType": [
      "ORIGINAL",
      "PRIMARY",
      "M",
      "ND",
      "NORM"
    ],
    "MagneticFieldStrength": 3,
    "Manufacturer": "Siemens",
    "ManufacturersModelName": "TrioTim",
    "PhaseEncodingDirection": "i-",
    "RepetitionTime": 2.3,
    "ScanningSequence": "GR_IR",
    "SequenceName": "_tfl3d1",
    "SequenceVariant": "SP_MP",
    "SoftwareVersions": "syngo_MR_B17",
    "dataset": "ds001894",
    "modality": "T1w",
    "session_id": "T1",
    "subject_id": "105"
  },
  "cjv": 0.3832037819666886,
  "cnr": 3.3550919406201363,
  "efc": 0.7132766794914729,
  "fber": 28.159821440294458,
  "fwhm_avg": 3.4588900000000002,
  "fwhm_x": 3.55911,
  "fwhm_y": 3.50898,
  "fwhm_z": 3.30858,
  "icvs_csf": 0.23553737415606718,
  "icvs_gm": 0.4441653422636911,
  "icvs_wm": 0.32029728358024173,
  "inu_med": 1.1444284915924072,
  "inu_range": 0.3700927436351773,
  "provenance": {
    "md5sum": "f69a7235e2a1824c1211a2a5d65b9fc4",
    "settings": {
      "testing": false
    },
    "software": "mriqc",
    "version": "22.0.0rc1",
    "warnings": {
      "large_rot_frame": true,
      "small_air_mask": false
    },
    "webapi_port": null,
    "webapi_url": "https://mriqc.nimh.nih.gov/api/v1"
  },
  "qi_1": 0.0,
  "qi_2": 0.003413132369471967,
  "rpve_csf": 20.59757105727999,
  "rpve_gm": 11.096402453332644,
  "rpve_wm": 17.694415958776563,
  "size_x": 256,
  "size_y": 256,
  "size_z": 160,
  "snr_csf": 4.049919997947821,
  "snr_gm": 10.261953476485074,
  "snr_total": 10.063400342439769,
  "snr_wm": 15.878327552886406,
  "snrd_csf": 8.583158846492307,
  "snrd_gm": 14.328506441544834,
  "snrd_total": 14.695144217887687,
  "snrd_wm": 21.173767365625924,
  "spacing_x": 1.0,
  "spacing_y": 1.0,
  "spacing_z": 1.0,
  "summary_bg_k": 0.27515191443574416,
  "summary_bg_mad": 30.94094572072049,
  "summary_bg_mean": 113.23371120002018,
  "summary_bg_median": 111.2620415724814,
  "summary_bg_n": 2207997.0,
  "summary_bg_p05": 65.57174703106284,
  "summary_bg_p95": 167.48991755768657,
  "summary_bg_stdv": 31.14725119529972,
  "summary_csf_k": 0.3254706262669522,
  "summary_csf_mad": 94.59263484638413,
  "summary_csf_mean": 400.4996504698026,
  "summary_csf_median": 405.3675861656666,
  "summary_csf_n": 25563.0,
  "summary_csf_p05": 222.3635496776551,
  "summary_csf_p95": 554.8695228993893,
  "summary_csf_stdv": 100.09078142241657,
  "summary_gm_k": 0.1528300321008671,
  "summary_gm_mad": 64.1399091764837,
  "summary_gm_mean": 678.6246595010701,
  "summary_gm_median": 676.7103083431721,
  "summary_gm_n": 24150.0,
  "summary_gm_p05": 574.1932244962081,
  "summary_gm_p95": 791.1233337419108,
  "summary_gm_stdv": 65.94224961001521,
  "summary_wm_k": 0.4063895636084598,
  "summary_wm_mad": 59.74592871910327,
  "summary_wm_mean": 998.6380950176388,
  "summary_wm_median": 1000.0000140443444,
  "summary_wm_n": 149849.0,
  "summary_wm_p05": 892.6072406582534,
  "summary_wm_p95": 1099.4072764925659,
  "summary_wm_stdv": 62.978715737897616,
  "tpm_overlap_csf": 0.13203738629817963,
  "tpm_overlap_gm": 0.44759461283683777,
  "tpm_overlap_wm": 0.4495407044887543,
  "wm2max": 0.522012443273394
}