{
  "bids_meta": {
    "EchoTime": 0.00336,
    "FlipAngle": 9,
    "ImageType": [
      "ORIGINAL",
      "PRIMARY",
      "M",
      "ND",
      "NORM"
    ],
    "MagneticFieldStrength": 3,
    "Manufacturer": "Siemens",
    "ManufacturersModelName": "TrioTim",
    "PhaseEncodingDirection": "i-",
    "RepetitionTime": 2.3,
    "ScanningSequence": "GR_IR",
    "SequenceName": "_tfl3d1",
    "SequenceVariant": "SP_MP",
    "SoftwareVersions": "syngo_MR_B17",
    "dataset": "ds001894",
    "modality": "T1w",
    "session_id": "T1",
    "subject_id": "005"
  },
  "cjv": 0.3194696904519401,
  "cnr": 3.9987299021446994,
  "efc": 0.6710233712665536,
  "fber": 40.724033136094675,
  "fwhm_avg": 3.4449501435450887,
  "fwhm_x": 3.44512,
  "fwhm_y": 3.612430430635265,
  "fwhm_z": 3.2773,
  "icvs_csf": 0.22057968307612355,
  "icvs_gm": 0.4729633490734262,
  "icvs_wm": 0.30645696785045023,
  "inu_med": 1.4802958965301514,
  "inu_range": 0.47814425230026236,
  "provenance": {
    "md5sum": "06e9d2b582648e9c43c2fb60232d9ada",
    "settings": {
      "testing": false
    },
    "software": "mriqc",
    "version": "21.0.0rc2",
    "warnings": {
      "large_rot_frame": true,
      "small_air_mask": false
    },
    "webapi_port": null,
    "webapi_url": "https://mriqc.nimh.nih.gov/api/v1"
  },
  "qi_1": 0.0,
  "qi_2": 0.004685410897894982,
  "rpve_csf": 24.52771756034572,
  "rpve_gm": 12.323244093362405,
  "rpve_wm": 20.705755967642556,
  "size_x": 256,
  "size_y": 256,
  "size_z": 160,
  "snr_csf": 3.4205203108257667,
  "snr_gm": 10.596682671332857,
  "snr_total": 10.690689942542887,
  "snr_wm": 18.054866845470038,
  "snrd_csf": 9.34198957015877,
  "snrd_gm": 17.46329110367975,
  "snrd_total": 17.83467555506726,
  "snrd_wm": 26.698745991363253,
  "spacing_x": 1.0,
  "spacing_y": 0.9999998807907104,
  "spacing_z": 1.0,
  "summary_bg_k": 0.2246600314615259,
  "summary_bg_mad": 24.53809631599274,
  "summary_bg_mean": 90.76053649486173,
  "summary_bg_median": 89.39733774214983,
  "summary_bg_n": 1999050.0,
  "summary_bg_p05": 52.79710843786597,
  "summary_bg_p95": 133.34906315803528,
  "summary_bg_stdv": 24.61017744745646,
  "summary_csf_k": 0.1822640857164135,
  "summary_csf_mad": 107.79859652358331,
  "summary_csf_mean": 352.7946782172274,
  "summary_csf_median": 349.903695942834,
  "summary_csf_n": 28354.0,
  "summary_csf_p05": 196.1709390208125,
  "summary_csf_p95": 521.2230399532243,
  "summary_csf_stdv": 102.29365529875234,
  "summary_gm_k": 0.4523264594774741,
  "summary_gm_mad": 57.46927070681435,
  "summary_gm_mean": 655.9793204452864,
  "summary_gm_median": 654.0865898653865,
  "summary_gm_n": 31860.0,
  "summary_gm_p05": 557.1392263038084,
  "summary_gm_p95": 761.8823242932558,
  "summary_gm_stdv": 61.7246307225855,
  "summary_wm_k": 0.4720403952589294,
  "summary_wm_mad": 53.03959061176578,
  "summary_wm_mean": 997.9343292002317,
  "summary_wm_median": 1000.0000352449715,
  "summary_wm_n": 137745.0,
  "summary_wm_p05": 903.054637324065,
  "summary_wm_p95": 1084.7191481888294,
  "summary_wm_stdv": 55.38652895650307,
  "tpm_overlap_csf": 0.15694744884967804,
  "tpm_overlap_gm": 0.47147274017333984,
  "tpm_overlap_wm": 0.4879930913448334,
  "wm2max": 0.534827601464938
}