{
  "bids_meta": {
    "EchoTime": 0.00336,
    "FlipAngle": 9,
    "ImageType": [
      "ORIGINAL",
      "PRIMARY",
      "M",
      "ND",
      "NORM"
    ],
    "MagneticFieldStrength": 3,
    "Manufacturer": "Siemens",
    "ManufacturersModelName": "TrioTim",
    "PhaseEncodingDirection": "i-",
    "RepetitionTime": 2.3,
    "ScanningSequence": "GR_IR",
    "SequenceName": "_tfl3d1",
    "SequenceVariant": "SP_MP",
    "SoftwareVersions": "syngo_MR_B17",
    "dataset": "ds001894",
    "modality": "T1w",
    "session_id": "T2",
    "subject_id": "032"
  },
  "cjv": 0.3125151799859592,
  "cnr": 4.033348927671698,
  "efc": 0.6683174022174632,
  "fber": 39.1640616553437,
  "fwhm_avg": 3.740414968641753,
  "fwhm_x": 3.74545,
  "fwhm_y": 3.87337,
  "fwhm_z": 3.602424905925259,
  "icvs_csf": 0.218507414803701,
  "icvs_gm": 0.43288439464509926,
  "icvs_wm": 0.34860819055119974,
  "inu_med": 0.989831805229187,
  "inu_range": 0.28276952505111685,
  "provenance": {
    "md5sum": "740917e4acec867b2b4514f7c8d8fb8e",
    "settings": {
      "testing": false
    },
    "software": "mriqc",
    "version": "21.0.0rc2",
    "warnings": {
      "large_rot_frame": true,
      "small_air_mask": false
    },
    "webapi_port": null,
    "webapi_url": "https://mriqc.nimh.nih.gov/api/v1"
  },
  "qi_1": 0.0,
  "qi_2": 0.005086599020218968,
  "rpve_csf": 24.099594786938603,
  "rpve_gm": 12.955266774332689,
  "rpve_wm": 19.354887237595022,
  "size_x": 256,
  "size_y": 256,
  "size_z": 160,
  "snr_csf": 3.746165258231376,
  "snr_gm": 10.505162645373646,
  "snr_total": 11.561463930586827,
  "snr_wm": 20.43306388815546,
  "snrd_csf": 9.601091342747132,
  "snrd_gm": 17.119165501075194,
  "snrd_total": 17.5249830884604,
  "snrd_wm": 25.854692421558866,
  "spacing_x": 1.0,
  "spacing_y": 1.0,
  "spacing_z": 0.9999542236328125,
  "summary_bg_k": 0.25136797976815295,
  "summary_bg_mad": 25.340159335627433,
  "summary_bg_mean": 93.02599283818635,
  "summary_bg_median": 91.48154287040234,
  "summary_bg_n": 2181063.0,
  "summary_bg_p05": 53.9346077889204,
  "summary_bg_p95": 137.28098139166832,
  "summary_bg_stdv": 25.488493138108513,
  "summary_csf_k": -0.6177064765423501,
  "summary_csf_mad": 109.01487311436973,
  "summary_csf_mean": 364.3701154499829,
  "summary_csf_median": 371.36265479028225,
  "summary_csf_n": 19091.0,
  "summary_csf_p05": 201.16943811625242,
  "summary_csf_p95": 519.1646002829075,
  "summary_csf_stdv": 99.12881652204042,
  "summary_gm_k": 0.31305060677629637,
  "summary_gm_mad": 59.49428713582093,
  "summary_gm_mean": 664.3923231781447,
  "summary_gm_median": 662.1558447182178,
  "summary_gm_n": 28204.0,
  "summary_gm_p05": 563.1316701494158,
  "summary_gm_p95": 771.974763122946,
  "summary_gm_stdv": 63.030352625617866,
  "summary_wm_k": 0.5879265734655208,
  "summary_wm_mad": 46.09937453506593,
  "summary_wm_mean": 998.2403424224352,
  "summary_wm_median": 1000.0391490608454,
  "summary_wm_n": 178096.0,
  "summary_wm_p05": 914.8936514854431,
  "summary_wm_p95": 1074.9765736609697,
  "summary_wm_stdv": 48.94206502491631,
  "tpm_overlap_csf": 0.16467683017253876,
  "tpm_overlap_gm": 0.4547004699707031,
  "tpm_overlap_wm": 0.4863820970058441,
  "wm2max": 0.6283390263681714
}