{
  "bids_meta": {
    "EchoTime": 0.00336,
    "FlipAngle": 9,
    "ImageType": [
      "ORIGINAL",
      "PRIMARY",
      "M",
      "ND",
      "NORM"
    ],
    "MagneticFieldStrength": 3,
    "Manufacturer": "Siemens",
    "ManufacturersModelName": "TrioTim",
    "PhaseEncodingDirection": "i-",
    "RepetitionTime": 2.3,
    "ScanningSequence": "GR_IR",
    "SequenceName": "_tfl3d1",
    "SequenceVariant": "SP_MP",
    "SoftwareVersions": "syngo_MR_B17",
    "dataset": "ds001894",
    "modality": "T1w",
    "session_id": "T1",
    "subject_id": "090"
  },
  "cjv": 0.34453614260481286,
  "cnr": 3.682652470569092,
  "efc": 0.6813852827822692,
  "fber": 42.6600811775637,
  "fwhm_avg": 3.628863401708408,
  "fwhm_x": 3.54673,
  "fwhm_y": 3.89843,
  "fwhm_z": 3.441430205125225,
  "icvs_csf": 0.22586799912384628,
  "icvs_gm": 0.4588393360648277,
  "icvs_wm": 0.31529266481132606,
  "inu_med": 1.1518815755844116,
  "inu_range": 0.3891666293144227,
  "provenance": {
    "md5sum": "ecd6e8ec0ea9def433089c9a61de9a57",
    "settings": {
      "testing": false
    },
    "software": "mriqc",
    "version": "21.0.0rc2",
    "warnings": {
      "large_rot_frame": true,
      "small_air_mask": false
    },
    "webapi_port": null,
    "webapi_url": "https://mriqc.nimh.nih.gov/api/v1"
  },
  "qi_1": 0.0,
  "qi_2": 0.00466643217358877,
  "rpve_csf": 22.12261399534127,
  "rpve_gm": 11.370318188577818,
  "rpve_wm": 18.318908386183736,
  "size_x": 256,
  "size_y": 256,
  "size_z": 160,
  "snr_csf": 4.215496115315256,
  "snr_gm": 10.610074876511131,
  "snr_total": 10.652382621172238,
  "snr_wm": 17.131576871690324,
  "snrd_csf": 10.154524619948683,
  "snrd_gm": 16.794471698526078,
  "snrd_total": 17.35015798016208,
  "snrd_wm": 25.101477622011476,
  "spacing_x": 1.0,
  "spacing_y": 1.0,
  "spacing_z": 0.9999999403953552,
  "summary_bg_k": 0.23648223890687392,
  "summary_bg_mad": 26.099515033524042,
  "summary_bg_mean": 95.5131705939388,
  "summary_bg_median": 93.84836805984378,
  "summary_bg_n": 1837690.0,
  "summary_bg_p05": 55.29864503070712,
  "summary_bg_p95": 141.33603090420365,
  "summary_bg_stdv": 26.303931780432954,
  "summary_csf_k": 0.20903311466348207,
  "summary_csf_mad": 94.0850067323284,
  "summary_csf_mean": 402.48424815873403,
  "summary_csf_median": 404.53892815858126,
  "summary_csf_n": 40088.0,
  "summary_csf_p05": 238.87615671381354,
  "summary_csf_p95": 554.0609461152926,
  "summary_csf_stdv": 95.96352871046578,
  "summary_gm_k": 0.4215367691084251,
  "summary_gm_mad": 59.285653354296336,
  "summary_gm_mean": 672.5634034868124,
  "summary_gm_median": 669.0630860812962,
  "summary_gm_n": 36462.0,
  "summary_gm_p05": 575.2535786293447,
  "summary_gm_p95": 783.8145751263944,
  "summary_gm_stdv": 63.05835906021338,
  "summary_wm_k": 0.6024845152611609,
  "summary_wm_mad": 54.734082299884854,
  "summary_wm_mean": 998.2847206775048,
  "summary_wm_median": 1000.0000228919089,
  "summary_wm_n": 157674.0,
  "summary_wm_p05": 898.4572544693947,
  "summary_wm_p95": 1090.0011907704175,
  "summary_wm_stdv": 58.3715590967825,
  "tpm_overlap_csf": 0.14102211594581604,
  "tpm_overlap_gm": 0.4627170264720917,
  "tpm_overlap_wm": 0.47173386812210083,
  "wm2max": 0.5113046095174546
}