{
  "bids_meta": {
    "EchoTime": 0.00336,
    "FlipAngle": 9,
    "ImageType": [
      "ORIGINAL",
      "PRIMARY",
      "M",
      "ND",
      "NORM"
    ],
    "MagneticFieldStrength": 3,
    "Manufacturer": "Siemens",
    "ManufacturersModelName": "TrioTim",
    "PhaseEncodingDirection": "i-",
    "RepetitionTime": 2.3,
    "ScanningSequence": "GR_IR",
    "SequenceName": "_tfl3d1",
    "SequenceVariant": "SP_MP",
    "SoftwareVersions": "syngo_MR_B17",
    "dataset": "ds001894",
    "modality": "T1w",
    "session_id": "T1",
    "subject_id": "141"
  },
  "cjv": 0.31200528181989967,
  "cnr": 4.038933047775461,
  "efc": 0.6822137646351231,
  "fber": 41.360840075982715,
  "fwhm_avg": 3.52737490137435,
  "fwhm_x": 3.54934,
  "fwhm_y": 3.60184,
  "fwhm_z": 3.4309447041230503,
  "icvs_csf": 0.22605128729368418,
  "icvs_gm": 0.4515362640982391,
  "icvs_wm": 0.3224124486080767,
  "inu_med": 1.17997407913208,
  "inu_range": 0.339894986152649,
  "provenance": {
    "md5sum": "ab37b0d5a7309aa15119c92ae4344c2d",
    "settings": {
      "testing": false
    },
    "software": "mriqc",
    "version": "22.0.0rc1",
    "warnings": {
      "large_rot_frame": true,
      "small_air_mask": false
    },
    "webapi_port": null,
    "webapi_url": "https://mriqc.nimh.nih.gov/api/v1"
  },
  "qi_1": 0.0,
  "qi_2": 0.00436721779873084,
  "rpve_csf": 21.580177251297,
  "rpve_gm": 11.469321193781813,
  "rpve_wm": 18.433264127466234,
  "size_x": 256,
  "size_y": 256,
  "size_z": 160,
  "snr_csf": 4.223174320642165,
  "snr_gm": 11.171434488642163,
  "snr_total": 11.858314949019425,
  "snr_wm": 20.180336037773944,
  "snrd_csf": 9.751345317411003,
  "snrd_gm": 16.810497405311747,
  "snrd_total": 17.23342809420109,
  "snrd_wm": 25.138441559880533,
  "spacing_x": 1.0,
  "spacing_y": 1.0,
  "spacing_z": 0.999969482421875,
  "summary_bg_k": 0.3966227264862243,
  "summary_bg_mad": 26.061136614602788,
  "summary_bg_mean": 95.112040643364,
  "summary_bg_median": 93.48464153707027,
  "summary_bg_n": 1994401.0,
  "summary_bg_p05": 55.11467194184661,
  "summary_bg_p95": 140.7031149789691,
  "summary_bg_stdv": 26.250998854753625,
  "summary_csf_k": 0.41093105076621406,
  "summary_csf_mad": 89.9491600084146,
  "summary_csf_mean": 386.2647029451223,
  "summary_csf_median": 387.9057112336159,
  "summary_csf_n": 27884.0,
  "summary_csf_p05": 233.7116038426757,
  "summary_csf_p95": 531.2673453055322,
  "summary_csf_stdv": 91.85004596449613,
  "summary_gm_k": 0.3818331496948497,
  "summary_gm_mad": 56.24028578681776,
  "summary_gm_mean": 670.3159700219421,
  "summary_gm_median": 668.7167503498495,
  "summary_gm_n": 36546.0,
  "summary_gm_p05": 574.3690820923075,
  "summary_gm_p95": 773.1429835269228,
  "summary_gm_stdv": 59.85870498492491,
  "summary_wm_k": 0.47091244439760427,
  "summary_wm_mad": 47.12182940924793,
  "summary_wm_mean": 997.6145113426312,
  "summary_wm_median": 999.9999728426337,
  "summary_wm_n": 175233.0,
  "summary_wm_p05": 912.2291633859277,
  "summary_wm_p95": 1074.5575456134975,
  "summary_wm_stdv": 49.55304597619152,
  "tpm_overlap_csf": 0.14989618957042694,
  "tpm_overlap_gm": 0.46606409549713135,
  "tpm_overlap_wm": 0.4804059565067291,
  "wm2max": 0.6012914261537717
}