{
  "bids_meta": {
    "EchoTime": 0.00336,
    "FlipAngle": 9,
    "ImageType": [
      "ORIGINAL",
      "PRIMARY",
      "M",
      "ND",
      "NORM"
    ],
    "MagneticFieldStrength": 3,
    "Manufacturer": "Siemens",
    "ManufacturersModelName": "TrioTim",
    "PhaseEncodingDirection": "i-",
    "RepetitionTime": 2.3,
    "ScanningSequence": "GR_IR",
    "SequenceName": "_tfl3d1",
    "SequenceVariant": "SP_MP",
    "SoftwareVersions": "syngo_MR_B17",
    "dataset": "ds001894",
    "modality": "T1w",
    "session_id": "T1",
    "subject_id": "094"
  },
  "cjv": 0.2991856028065813,
  "cnr": 4.229062468411582,
  "efc": 0.6782645738979651,
  "fber": 38.91597700999622,
  "fwhm_avg": 3.697756589903257,
  "fwhm_x": 3.680919561200194,
  "fwhm_y": 3.91414,
  "fwhm_z": 3.4982102085095765,
  "icvs_csf": 0.22142659925335992,
  "icvs_gm": 0.45259279782789674,
  "icvs_wm": 0.3259806029187433,
  "inu_med": 1.0512843132019043,
  "inu_range": 0.36392622590064994,
  "provenance": {
    "md5sum": "77ec88dd818b594572601c4f2fcaf741",
    "settings": {
      "testing": false
    },
    "software": "mriqc",
    "version": "21.0.0rc2",
    "warnings": {
      "large_rot_frame": true,
      "small_air_mask": false
    },
    "webapi_port": null,
    "webapi_url": "https://mriqc.nimh.nih.gov/api/v1"
  },
  "qi_1": 0.0,
  "qi_2": 0.004867309427137129,
  "rpve_csf": 20.91131338459712,
  "rpve_gm": 10.957929496936243,
  "rpve_wm": 17.497597555708307,
  "size_x": 256,
  "size_y": 256,
  "size_z": 160,
  "snr_csf": 4.152825164207811,
  "snr_gm": 10.978663994655179,
  "snr_total": 11.378572637972871,
  "snr_wm": 19.004228755055625,
  "snrd_csf": 9.71015729772306,
  "snrd_gm": 16.511686233845662,
  "snrd_total": 17.232850469662992,
  "snrd_wm": 25.47670787742026,
  "spacing_x": 1.0000001192092896,
  "spacing_y": 1.0,
  "spacing_z": 0.9999999403953552,
  "summary_bg_k": 0.5551491097306669,
  "summary_bg_mad": 25.71511233730833,
  "summary_bg_mean": 95.75856962886911,
  "summary_bg_median": 94.30690097808838,
  "summary_bg_n": 2027802.0,
  "summary_bg_p05": 55.87675380706787,
  "summary_bg_p95": 140.45708656311035,
  "summary_bg_stdv": 25.881395359687072,
  "summary_csf_k": 0.3274158027096328,
  "summary_csf_mad": 91.41470326968627,
  "summary_csf_mean": 378.8266062108261,
  "summary_csf_median": 381.1386365890503,
  "summary_csf_n": 26375.0,
  "summary_csf_p05": 226.11550397872924,
  "summary_csf_p95": 522.5003620147704,
  "summary_csf_stdv": 91.77641631254883,
  "summary_gm_k": 0.4565987810073455,
  "summary_gm_mad": 55.1614370529712,
  "summary_gm_mean": 648.2789514938412,
  "summary_gm_median": 648.109127998352,
  "summary_gm_n": 33947.0,
  "summary_gm_p05": 551.7956972122192,
  "summary_gm_p95": 746.0889987945557,
  "summary_gm_stdv": 59.032645715964435,
  "summary_wm_k": 0.4985960849947899,
  "summary_wm_mad": 50.1192581633029,
  "summary_wm_mean": 999.0186256108308,
  "summary_wm_median": 1000.0000419616699,
  "summary_wm_n": 180300.0,
  "summary_wm_p05": 910.794487953186,
  "summary_wm_p95": 1083.1179885864258,
  "summary_wm_stdv": 52.619723835719,
  "tpm_overlap_csf": 0.13680849969387054,
  "tpm_overlap_gm": 0.45234161615371704,
  "tpm_overlap_wm": 0.47387516498565674,
  "wm2max": 0.6256287285205662
}