{
  "bids_meta": {
    "EchoTime": 0.00336,
    "FlipAngle": 9,
    "ImageType": [
      "ORIGINAL",
      "PRIMARY",
      "M",
      "ND",
      "NORM"
    ],
    "MagneticFieldStrength": 3,
    "Manufacturer": "Siemens",
    "ManufacturersModelName": "TrioTim",
    "PhaseEncodingDirection": "i-",
    "RepetitionTime": 2.3,
    "ScanningSequence": "GR_IR",
    "SequenceName": "_tfl3d1",
    "SequenceVariant": "SP_MP",
    "SoftwareVersions": "syngo_MR_B17",
    "dataset": "ds001894",
    "modality": "T1w",
    "session_id": "T2",
    "subject_id": "085"
  },
  "cjv": 0.3703392704173561,
  "cnr": 3.478265312952389,
  "efc": 0.6662431383113777,
  "fber": 34.99806112418725,
  "fwhm_avg": 3.7447749870674856,
  "fwhm_x": 3.76117,
  "fwhm_y": 3.82259,
  "fwhm_z": 3.650564961202457,
  "icvs_csf": 0.23385254854703041,
  "icvs_gm": 0.4241852146389204,
  "icvs_wm": 0.3419622368140492,
  "inu_med": 1.255547285079956,
  "inu_range": 0.3315184295177458,
  "provenance": {
    "md5sum": "0a2097c01a1eb4c4d53164349ac6213b",
    "settings": {
      "testing": false
    },
    "software": "mriqc",
    "version": "21.0.0rc2",
    "warnings": {
      "large_rot_frame": true,
      "small_air_mask": false
    },
    "webapi_port": null,
    "webapi_url": "https://mriqc.nimh.nih.gov/api/v1"
  },
  "qi_1": 0.0,
  "qi_2": 0.004025504316977345,
  "rpve_csf": 26.817939375824537,
  "rpve_gm": 15.077919334205596,
  "rpve_wm": 22.47052560797938,
  "size_x": 256,
  "size_y": 256,
  "size_z": 160,
  "snr_csf": 3.701588837593128,
  "snr_gm": 10.628780235623402,
  "snr_total": 11.01304797470155,
  "snr_wm": 18.708774850888123,
  "snrd_csf": 9.400813416348962,
  "snrd_gm": 16.482844783480736,
  "snrd_total": 16.57266194032565,
  "snrd_wm": 23.834327621147253,
  "spacing_x": 1.0,
  "spacing_y": 1.0,
  "spacing_z": 0.9999465942382812,
  "summary_bg_k": 0.48241593939328276,
  "summary_bg_mad": 27.488111251620577,
  "summary_bg_mean": 99.87115256024256,
  "summary_bg_median": 98.03123787045479,
  "summary_bg_n": 2212408.0,
  "summary_bg_p05": 57.54570588469505,
  "summary_bg_p95": 148.2125736773014,
  "summary_bg_stdv": 27.81169593180807,
  "summary_csf_k": 0.02681616747206883,
  "summary_csf_mad": 107.09938755122428,
  "summary_csf_mean": 389.52701820008326,
  "summary_csf_median": 394.43788178265095,
  "summary_csf_n": 16886.0,
  "summary_csf_p05": 209.76427484303713,
  "summary_csf_p95": 554.6961964666843,
  "summary_csf_stdv": 106.55591949296794,
  "summary_gm_k": 0.1600073828141717,
  "summary_gm_mad": 63.20619593187007,
  "summary_gm_mean": 692.7878433564916,
  "summary_gm_median": 691.5846633911133,
  "summary_gm_n": 15088.0,
  "summary_gm_p05": 586.9550979584455,
  "summary_gm_p95": 801.8892346099019,
  "summary_gm_stdv": 65.06501492295693,
  "summary_wm_k": 0.4194836771802857,
  "summary_wm_mad": 51.025835257499274,
  "summary_wm_mean": 998.8845538612486,
  "summary_wm_median": 1000.0370483100414,
  "summary_wm_n": 149898.0,
  "summary_wm_p05": 908.7780703604221,
  "summary_wm_p95": 1084.3387319147587,
  "summary_wm_stdv": 53.45265633638671,
  "tpm_overlap_csf": 0.15732218325138092,
  "tpm_overlap_gm": 0.45848727226257324,
  "tpm_overlap_wm": 0.4938613772392273,
  "wm2max": 0.5537273062579402
}