{
  "bids_meta": {
    "EchoTime": 0.00336,
    "FlipAngle": 9,
    "ImageType": [
      "ORIGINAL",
      "PRIMARY",
      "M",
      "ND",
      "NORM"
    ],
    "MagneticFieldStrength": 3,
    "Manufacturer": "Siemens",
    "ManufacturersModelName": "TrioTim",
    "PhaseEncodingDirection": "i-",
    "RepetitionTime": 2.3,
    "ScanningSequence": "GR_IR",
    "SequenceName": "_tfl3d1",
    "SequenceVariant": "SP_MP",
    "SoftwareVersions": "syngo_MR_B17",
    "dataset": "ds001894",
    "modality": "T1w",
    "session_id": "T2",
    "subject_id": "131"
  },
  "cjv": 0.36509549674060016,
  "cnr": 3.570179976691938,
  "efc": 0.6883497062522641,
  "fber": 35.02624970574921,
  "fwhm_avg": 3.8532518369459345,
  "fwhm_x": 3.80047,
  "fwhm_y": 4.02326,
  "fwhm_z": 3.736025510837803,
  "icvs_csf": 0.2430350717808131,
  "icvs_gm": 0.4301898829923193,
  "icvs_wm": 0.3267750452268676,
  "inu_med": 1.5483057498931885,
  "inu_range": 0.5447420179843903,
  "provenance": {
    "md5sum": "aed79edd4dc29b9fffec4bc1c6f18fc8",
    "settings": {
      "testing": false
    },
    "software": "mriqc",
    "version": "22.0.0rc1",
    "warnings": {
      "large_rot_frame": true,
      "small_air_mask": false
    },
    "webapi_port": null,
    "webapi_url": "https://mriqc.nimh.nih.gov/api/v1"
  },
  "qi_1": 0.0,
  "qi_2": 0.0025913157401712536,
  "rpve_csf": 22.740766323557377,
  "rpve_gm": 12.629013180025076,
  "rpve_wm": 18.816009099901805,
  "size_x": 256,
  "size_y": 256,
  "size_z": 160,
  "snr_csf": 3.191178720059919,
  "snr_gm": 9.669843262726555,
  "snr_total": 9.553604414539164,
  "snr_wm": 15.79979126083102,
  "snrd_csf": 7.8617484148261285,
  "snrd_gm": 16.32291180015885,
  "snrd_total": 16.367166128559887,
  "snrd_wm": 24.91683817069468,
  "spacing_x": 1.0,
  "spacing_y": 1.0,
  "spacing_z": 0.9999771118164062,
  "summary_bg_k": 1.1669351232706395,
  "summary_bg_mad": 26.29291685741369,
  "summary_bg_mean": 95.2128191747219,
  "summary_bg_median": 93.20449787378311,
  "summary_bg_n": 1707339.0,
  "summary_bg_p05": 54.594614155590534,
  "summary_bg_p95": 142.31181650608778,
  "summary_bg_stdv": 27.161080519150264,
  "summary_csf_k": -0.2796569641978315,
  "summary_csf_mad": 106.7044383675309,
  "summary_csf_mean": 317.1404522089966,
  "summary_csf_median": 315.5194925889373,
  "summary_csf_n": 32791.0,
  "summary_csf_p05": 162.25296654179692,
  "summary_csf_p95": 480.9336185082793,
  "summary_csf_stdv": 98.87089040185748,
  "summary_gm_k": 0.039178663331999264,
  "summary_gm_mad": 66.616583069232,
  "summary_gm_mean": 656.7391828159548,
  "summary_gm_median": 655.0956068560481,
  "summary_gm_n": 21529.0,
  "summary_gm_p05": 546.2562930420041,
  "summary_gm_p95": 771.1717886790632,
  "summary_gm_stdv": 67.74467533971878,
  "summary_wm_k": 0.530682318792357,
  "summary_wm_mad": 59.30644475013043,
  "summary_wm_mean": 998.2923199662123,
  "summary_wm_median": 999.9999646022916,
  "summary_wm_n": 144131.0,
  "summary_wm_p05": 890.214291125536,
  "summary_wm_p95": 1098.5724689662457,
  "summary_wm_stdv": 63.291753607475506,
  "tpm_overlap_csf": 0.1415875107049942,
  "tpm_overlap_gm": 0.43680477142333984,
  "tpm_overlap_wm": 0.4571111798286438,
  "wm2max": 0.5000099409507526
}