{
  "bids_meta": {
    "EchoTime": 0.00336,
    "FlipAngle": 9,
    "ImageType": [
      "ORIGINAL",
      "PRIMARY",
      "M",
      "ND",
      "NORM"
    ],
    "MagneticFieldStrength": 3,
    "Manufacturer": "Siemens",
    "ManufacturersModelName": "TrioTim",
    "PhaseEncodingDirection": "i-",
    "RepetitionTime": 2.3,
    "ScanningSequence": "GR_IR",
    "SequenceName": "_tfl3d1",
    "SequenceVariant": "SP_MP",
    "SoftwareVersions": "syngo_MR_B17",
    "dataset": "ds001894",
    "modality": "T1w",
    "session_id": "T1",
    "subject_id": "053"
  },
  "cjv": 0.31919048383097015,
  "cnr": 3.9894733923581653,
  "efc": 0.6731785302659749,
  "fber": 44.51287314015617,
  "fwhm_avg": 3.8687055801745713,
  "fwhm_x": 3.94491,
  "fwhm_y": 3.94629,
  "fwhm_z": 3.7149167405237136,
  "icvs_csf": 0.22597642418128117,
  "icvs_gm": 0.44200985632231565,
  "icvs_wm": 0.3320137194964032,
  "inu_med": 1.2153282165527344,
  "inu_range": 0.373532772064209,
  "provenance": {
    "md5sum": "b45a427a138cef7dbe6836902eda140a",
    "settings": {
      "testing": false
    },
    "software": "mriqc",
    "version": "21.0.0rc2",
    "warnings": {
      "large_rot_frame": true,
      "small_air_mask": false
    },
    "webapi_port": null,
    "webapi_url": "https://mriqc.nimh.nih.gov/api/v1"
  },
  "qi_1": 0.0,
  "qi_2": 0.005240197516742841,
  "rpve_csf": 24.133243466478582,
  "rpve_gm": 12.937778250744923,
  "rpve_wm": 19.928953469687578,
  "size_x": 256,
  "size_y": 256,
  "size_z": 160,
  "snr_csf": 4.139619519136228,
  "snr_gm": 11.032541167330615,
  "snr_total": 11.713982913633721,
  "snr_wm": 19.96978805443432,
  "snrd_csf": 10.1840876001073,
  "snrd_gm": 17.78284471007201,
  "snrd_total": 18.161472279233053,
  "snrd_wm": 26.51748452751985,
  "spacing_x": 1.0,
  "spacing_y": 1.0,
  "spacing_z": 0.99993896484375,
  "summary_bg_k": 0.15720024068954563,
  "summary_bg_mad": 24.70582539078726,
  "summary_bg_mean": 89.92744659403222,
  "summary_bg_median": 88.39665569365025,
  "summary_bg_n": 1905607.0,
  "summary_bg_p05": 51.93388715386391,
  "summary_bg_p95": 133.1742985546589,
  "summary_bg_stdv": 24.795416237720058,
  "summary_csf_k": 0.5110450219173028,
  "summary_csf_mad": 93.18996918876708,
  "summary_csf_mean": 381.1948845653613,
  "summary_csf_median": 384.0517770498991,
  "summary_csf_n": 31024.0,
  "summary_csf_p05": 226.81886672973633,
  "summary_csf_p95": 524.0023574028164,
  "summary_csf_stdv": 92.77316082628694,
  "summary_gm_k": 0.3865185027833533,
  "summary_gm_mad": 57.798495392762014,
  "summary_gm_mean": 673.0511841331667,
  "summary_gm_median": 670.6082449480891,
  "summary_gm_n": 31576.0,
  "summary_gm_p05": 576.8188480194658,
  "summary_gm_p95": 777.338516972959,
  "summary_gm_stdv": 60.78360513122719,
  "summary_wm_k": 0.49546686585311894,
  "summary_wm_mad": 47.34020120893182,
  "summary_wm_mean": 997.5591324900654,
  "summary_wm_median": 999.9999465420842,
  "summary_wm_n": 161084.0,
  "summary_wm_p05": 909.8023027013987,
  "summary_wm_p95": 1075.310898385942,
  "summary_wm_stdv": 50.075486021234106,
  "tpm_overlap_csf": 0.14780639111995697,
  "tpm_overlap_gm": 0.47049233317375183,
  "tpm_overlap_wm": 0.4989381730556488,
  "wm2max": 0.6200608544985843
}