{
  "bids_meta": {
    "EchoTime": 0.00336,
    "FlipAngle": 9,
    "ImageType": [
      "ORIGINAL",
      "PRIMARY",
      "M",
      "ND",
      "NORM"
    ],
    "MagneticFieldStrength": 3,
    "Manufacturer": "Siemens",
    "ManufacturersModelName": "TrioTim",
    "PhaseEncodingDirection": "i-",
    "RepetitionTime": 2.3,
    "ScanningSequence": "GR_IR",
    "SequenceName": "_tfl3d1",
    "SequenceVariant": "SP_MP",
    "SoftwareVersions": "syngo_MR_B17",
    "dataset": "ds001894",
    "modality": "T1w",
    "session_id": "T1",
    "subject_id": "155"
  },
  "cjv": 0.33004752678832183,
  "cnr": 3.9111627348077023,
  "efc": 0.6720320847765664,
  "fber": 34.55641923978478,
  "fwhm_avg": 3.7717668703082086,
  "fwhm_x": 3.8876,
  "fwhm_y": 3.83323,
  "fwhm_z": 3.5944706109246263,
  "icvs_csf": 0.23025445940240127,
  "icvs_gm": 0.45944136460608886,
  "icvs_wm": 0.3103041759915099,
  "inu_med": 1.2529962062835693,
  "inu_range": 0.3462760925292967,
  "provenance": {
    "md5sum": "5a1d84cfba3ef04ec16dddcb1206c0f1",
    "settings": {
      "testing": false
    },
    "software": "mriqc",
    "version": "22.0.0rc1",
    "warnings": {
      "large_rot_frame": true,
      "small_air_mask": false
    },
    "webapi_port": null,
    "webapi_url": "https://mriqc.nimh.nih.gov/api/v1"
  },
  "qi_1": 0.0,
  "qi_2": 0.00459016640324852,
  "rpve_csf": 24.992569376898782,
  "rpve_gm": 13.313346283016221,
  "rpve_wm": 21.96412131686549,
  "size_x": 256,
  "size_y": 256,
  "size_z": 160,
  "snr_csf": 3.665530466477096,
  "snr_gm": 10.58528414681515,
  "snr_total": 10.58520101049158,
  "snr_wm": 17.504788418182496,
  "snrd_csf": 9.040733472658903,
  "snrd_gm": 16.16632820948106,
  "snrd_total": 16.63766983257032,
  "snrd_wm": 24.705947815570998,
  "spacing_x": 1.0,
  "spacing_y": 1.0,
  "spacing_z": 1.00006103515625,
  "summary_bg_k": 0.49901248269722176,
  "summary_bg_mad": 26.517353560527948,
  "summary_bg_mean": 95.99706965820093,
  "summary_bg_median": 94.14719188213348,
  "summary_bg_n": 2079116.0,
  "summary_bg_p05": 55.179235339164734,
  "summary_bg_p95": 142.89519220590591,
  "summary_bg_stdv": 26.935108592304193,
  "summary_csf_k": -0.026047838498914455,
  "summary_csf_mad": 101.55582214670278,
  "summary_csf_mean": 361.28147468826927,
  "summary_csf_median": 365.9334669113159,
  "summary_csf_n": 21542.0,
  "summary_csf_p05": 192.10175100266935,
  "summary_csf_p95": 517.9979258447886,
  "summary_csf_stdv": 99.82865417996021,
  "summary_gm_k": 0.08467599625260114,
  "summary_gm_mad": 60.2000345725177,
  "summary_gm_mean": 655.9815828685295,
  "summary_gm_median": 654.3496218323708,
  "summary_gm_n": 30340.0,
  "summary_gm_p05": 556.2047894865275,
  "summary_gm_p95": 760.5620389312505,
  "summary_gm_stdv": 61.81589733966987,
  "summary_wm_k": 0.4963128511561612,
  "summary_wm_mad": 53.88100563894508,
  "summary_wm_mean": 997.0199772860396,
  "summary_wm_median": 999.999962925911,
  "summary_wm_n": 136023.0,
  "summary_wm_p05": 897.2181720793247,
  "summary_wm_p95": 1085.1282039284706,
  "summary_wm_stdv": 57.127013659396326,
  "tpm_overlap_csf": 0.15811032056808472,
  "tpm_overlap_gm": 0.48254477977752686,
  "tpm_overlap_wm": 0.5029415488243103,
  "wm2max": 0.5941468844465114
}