{
  "bids_meta": {
    "EchoTime": 0.00336,
    "FlipAngle": 9,
    "ImageType": [
      "ORIGINAL",
      "PRIMARY",
      "M",
      "ND",
      "NORM"
    ],
    "MagneticFieldStrength": 3,
    "Manufacturer": "Siemens",
    "ManufacturersModelName": "TrioTim",
    "PhaseEncodingDirection": "i-",
    "RepetitionTime": 2.3,
    "ScanningSequence": "GR_IR",
    "SequenceName": "_tfl3d1",
    "SequenceVariant": "SP_MP",
    "SoftwareVersions": "syngo_MR_B17",
    "dataset": "ds001894",
    "modality": "T1w",
    "session_id": "T1",
    "subject_id": "121"
  },
  "cjv": 0.40843579881642217,
  "cnr": 3.1444535098927373,
  "efc": 0.6977833752037474,
  "fber": 28.299376279699278,
  "fwhm_avg": 3.706730689742866,
  "fwhm_x": 3.59414,
  "fwhm_y": 3.86511,
  "fwhm_z": 3.6609420692285974,
  "icvs_csf": 0.2312768217619509,
  "icvs_gm": 0.4518934043084248,
  "icvs_wm": 0.3168297739296243,
  "inu_med": 1.086745023727417,
  "inu_range": 0.38732370138168326,
  "provenance": {
    "md5sum": "fbae66e59b48caf921282ba1a238364e",
    "settings": {
      "testing": false
    },
    "software": "mriqc",
    "version": "22.0.0rc1",
    "warnings": {
      "large_rot_frame": true,
      "small_air_mask": false
    },
    "webapi_port": null,
    "webapi_url": "https://mriqc.nimh.nih.gov/api/v1"
  },
  "qi_1": 0.0,
  "qi_2": 0.002401222750243535,
  "rpve_csf": 23.78257977963611,
  "rpve_gm": 12.591239007935734,
  "rpve_wm": 19.73999465294382,
  "size_x": 256,
  "size_y": 256,
  "size_z": 160,
  "snr_csf": 4.11840405825058,
  "snr_gm": 10.993400735768226,
  "snr_total": 9.940274049894613,
  "snr_wm": 14.709017355665033,
  "snrd_csf": 8.107377506839272,
  "snrd_gm": 13.40189247095093,
  "snrd_total": 13.660397931511767,
  "snrd_wm": 19.4719238167451,
  "spacing_x": 1.0,
  "spacing_y": 1.0,
  "spacing_z": 1.0000076293945312,
  "summary_bg_k": 1.9104008475004894,
  "summary_bg_mad": 33.64657472881893,
  "summary_bg_mean": 119.55478720147835,
  "summary_bg_median": 116.25108580291271,
  "summary_bg_n": 2110248.0,
  "summary_bg_p05": 67.62643463909626,
  "summary_bg_p95": 182.05202159285545,
  "summary_bg_stdv": 35.87145014246438,
  "summary_csf_k": 0.045254021690950275,
  "summary_csf_mad": 101.12425750306825,
  "summary_csf_mean": 412.61917169534087,
  "summary_csf_median": 416.3796920478344,
  "summary_csf_n": 33753.0,
  "summary_csf_p05": 239.9286328330636,
  "summary_csf_p95": 570.966253682971,
  "summary_csf_stdv": 101.10069776379738,
  "summary_gm_k": 0.17985253844834048,
  "summary_gm_mad": 61.511105537146136,
  "summary_gm_mean": 690.2702428787298,
  "summary_gm_median": 688.2960433512926,
  "summary_gm_n": 29091.0,
  "summary_gm_p05": 590.6525992266834,
  "summary_gm_p95": 796.4568501636386,
  "summary_gm_stdv": 62.60885323309855,
  "summary_wm_k": 0.31668844309355615,
  "summary_wm_mad": 65.81688292474637,
  "summary_wm_mean": 1001.5337221899741,
  "summary_wm_median": 1000.041460454464,
  "summary_wm_n": 147465.0,
  "summary_wm_p05": 892.4697919070721,
  "summary_wm_p95": 1115.2055446699258,
  "summary_wm_stdv": 67.98809502307898,
  "tpm_overlap_csf": 0.1551094651222229,
  "tpm_overlap_gm": 0.47619616985321045,
  "tpm_overlap_wm": 0.4760611355304718,
  "wm2max": 0.50053991195282
}