{
  "bids_meta": {
    "EchoTime": 0.00336,
    "FlipAngle": 9,
    "ImageType": [
      "ORIGINAL",
      "PRIMARY",
      "M",
      "ND",
      "NORM"
    ],
    "MagneticFieldStrength": 3,
    "Manufacturer": "Siemens",
    "ManufacturersModelName": "TrioTim",
    "PhaseEncodingDirection": "i-",
    "RepetitionTime": 2.3,
    "ScanningSequence": "GR_IR",
    "SequenceName": "_tfl3d1",
    "SequenceVariant": "SP_MP",
    "SoftwareVersions": "syngo_MR_B17",
    "dataset": "ds001894",
    "modality": "T1w",
    "session_id": "T2",
    "subject_id": "029"
  },
  "cjv": 0.34105193425811764,
  "cnr": 3.742450294473357,
  "efc": 0.6777284831639446,
  "fber": 46.08768732460935,
  "fwhm_avg": 3.6078367879006588,
  "fwhm_x": 3.689449560183339,
  "fwhm_y": 3.70902,
  "fwhm_z": 3.4250408035186366,
  "icvs_csf": 0.22722667426292648,
  "icvs_gm": 0.4507417309462638,
  "icvs_wm": 0.32203159479080967,
  "inu_med": 0.9850258827209473,
  "inu_range": 0.30514017343521105,
  "provenance": {
    "md5sum": "90c8be39b1374aff8162266ef1f65a85",
    "settings": {
      "testing": false
    },
    "software": "mriqc",
    "version": "21.0.0rc2",
    "warnings": {
      "large_rot_frame": true,
      "small_air_mask": false
    },
    "webapi_port": null,
    "webapi_url": "https://mriqc.nimh.nih.gov/api/v1"
  },
  "qi_1": 0.0,
  "qi_2": 0.00480295662964836,
  "rpve_csf": 21.363197534035447,
  "rpve_gm": 11.306163868924138,
  "rpve_wm": 17.910191661305472,
  "size_x": 256,
  "size_y": 256,
  "size_z": 160,
  "snr_csf": 4.084646506556978,
  "snr_gm": 11.069376006816025,
  "snr_total": 11.17836892477853,
  "snr_wm": 18.38108426096258,
  "snrd_csf": 10.552793260230407,
  "snrd_gm": 18.017349879246783,
  "snrd_total": 18.36400213560158,
  "snrd_wm": 26.52186326732755,
  "spacing_x": 1.0000001192092896,
  "spacing_y": 1.0,
  "spacing_z": 1.0000114440917969,
  "summary_bg_k": 0.16112428084391395,
  "summary_bg_mad": 24.701748795305512,
  "summary_bg_mean": 90.44227890487431,
  "summary_bg_median": 88.8963470980525,
  "summary_bg_n": 1768033.0,
  "summary_bg_p05": 52.256888315081596,
  "summary_bg_p95": 133.62406890839338,
  "summary_bg_stdv": 24.8058721484912,
  "summary_csf_k": 0.4931929979069629,
  "summary_csf_mad": 95.3808018360119,
  "summary_csf_mean": 395.3946397247427,
  "summary_csf_median": 397.89035860449076,
  "summary_csf_n": 38833.0,
  "summary_csf_p05": 231.91323758661747,
  "summary_csf_p95": 546.6622159659863,
  "summary_csf_stdv": 97.40995575430853,
  "summary_gm_k": 0.4204369042853351,
  "summary_gm_mad": 57.85845858766191,
  "summary_gm_mean": 681.449869055019,
  "summary_gm_median": 679.3395480960608,
  "summary_gm_n": 40531.0,
  "summary_gm_p05": 583.361311711371,
  "summary_gm_p95": 785.9219818599522,
  "summary_gm_stdv": 61.37032178984289,
  "summary_wm_k": 0.4609314994217768,
  "summary_wm_mad": 51.503422544126934,
  "summary_wm_mean": 997.9508099727653,
  "summary_wm_median": 1000.0000403746963,
  "summary_wm_n": 169483.0,
  "summary_wm_p05": 904.7299929186702,
  "summary_wm_p95": 1083.4545146524906,
  "summary_wm_stdv": 54.40359643775797,
  "tpm_overlap_csf": 0.14333580434322357,
  "tpm_overlap_gm": 0.46893471479415894,
  "tpm_overlap_wm": 0.47412538528442383,
  "wm2max": 0.5314778129952457
}