{
  "bids_meta": {
    "EchoTime": 0.00336,
    "FlipAngle": 9,
    "ImageType": [
      "ORIGINAL",
      "PRIMARY",
      "M",
      "ND",
      "NORM"
    ],
    "MagneticFieldStrength": 3,
    "Manufacturer": "Siemens",
    "ManufacturersModelName": "TrioTim",
    "PhaseEncodingDirection": "i-",
    "RepetitionTime": 2.3,
    "ScanningSequence": "GR_IR",
    "SequenceName": "_tfl3d1",
    "SequenceVariant": "SP_MP",
    "SoftwareVersions": "syngo_MR_B17",
    "dataset": "ds001894",
    "modality": "T1w",
    "session_id": "T1",
    "subject_id": "007"
  },
  "cjv": 0.31967900821682815,
  "cnr": 3.946712309657848,
  "efc": 0.6871752240171171,
  "fber": 37.127771874918785,
  "fwhm_avg": 3.664536517272411,
  "fwhm_x": 3.7291,
  "fwhm_y": 3.7596295518172322,
  "fwhm_z": 3.50488,
  "icvs_csf": 0.23377553036525892,
  "icvs_gm": 0.4449378856709401,
  "icvs_wm": 0.32128658396380094,
  "inu_med": 1.1872763633728027,
  "inu_range": 0.3661481738090515,
  "provenance": {
    "md5sum": "171f919ccc50928eeccfa8945956aa60",
    "settings": {
      "testing": false
    },
    "software": "mriqc",
    "version": "21.0.0rc2",
    "warnings": {
      "large_rot_frame": true,
      "small_air_mask": false
    },
    "webapi_port": null,
    "webapi_url": "https://mriqc.nimh.nih.gov/api/v1"
  },
  "qi_1": 0.0,
  "qi_2": 0.005079926177178865,
  "rpve_csf": 20.087238017149023,
  "rpve_gm": 11.06136524284487,
  "rpve_wm": 17.666902561752753,
  "size_x": 256,
  "size_y": 256,
  "size_z": 160,
  "snr_csf": 3.9885715299453146,
  "snr_gm": 10.449006753998837,
  "snr_total": 10.884384150906286,
  "snr_wm": 18.215574168774708,
  "snrd_csf": 9.699372771393739,
  "snrd_gm": 17.173714206140797,
  "snrd_total": 17.68174159225377,
  "snrd_wm": 26.172137799226768,
  "spacing_x": 1.0,
  "spacing_y": 1.0000001192092896,
  "spacing_z": 1.0,
  "summary_bg_k": 0.21309865128586258,
  "summary_bg_mad": 25.031826080329616,
  "summary_bg_mean": 92.25799619104235,
  "summary_bg_median": 90.77188018709421,
  "summary_bg_n": 1751171.0,
  "summary_bg_p05": 53.599636908620596,
  "summary_bg_p95": 135.91211140155792,
  "summary_bg_stdv": 25.132556738311767,
  "summary_csf_k": -0.2033877593677209,
  "summary_csf_mad": 94.29868785354941,
  "summary_csf_mean": 366.5700604610664,
  "summary_csf_median": 370.59919219464064,
  "summary_csf_n": 27846.0,
  "summary_csf_p05": 207.93991424143314,
  "summary_csf_p95": 513.8474687002599,
  "summary_csf_stdv": 92.9135994955637,
  "summary_gm_k": 0.29956645149389294,
  "summary_gm_mad": 59.27494782847283,
  "summary_gm_mean": 658.409077420874,
  "summary_gm_median": 656.1831122264266,
  "summary_gm_n": 35541.0,
  "summary_gm_p05": 557.6187504455447,
  "summary_gm_p95": 766.7521078139544,
  "summary_gm_stdv": 62.79772769371327,
  "summary_wm_k": 1.2583210255243733,
  "summary_wm_mad": 50.63610556374369,
  "summary_wm_mean": 997.0742310273521,
  "summary_wm_median": 1000.0000366009772,
  "summary_wm_n": 183179.0,
  "summary_wm_p05": 902.2430039942265,
  "summary_wm_p95": 1080.6978527456522,
  "summary_wm_stdv": 54.89792952784472,
  "tpm_overlap_csf": 0.15289126336574554,
  "tpm_overlap_gm": 0.45186173915863037,
  "tpm_overlap_wm": 0.47797849774360657,
  "wm2max": 0.6545734439262
}