{
  "bids_meta": {
    "EchoTime": 0.00336,
    "FlipAngle": 9,
    "ImageType": [
      "ORIGINAL",
      "PRIMARY",
      "M",
      "ND",
      "NORM"
    ],
    "MagneticFieldStrength": 3,
    "Manufacturer": "Siemens",
    "ManufacturersModelName": "TrioTim",
    "PhaseEncodingDirection": "i-",
    "RepetitionTime": 2.3,
    "ScanningSequence": "GR_IR",
    "SequenceName": "_tfl3d1",
    "SequenceVariant": "SP_MP",
    "SoftwareVersions": "syngo_MR_B17",
    "dataset": "ds001894",
    "modality": "T1w",
    "session_id": "T1",
    "subject_id": "139"
  },
  "cjv": 0.29928967198281187,
  "cnr": 4.337982515516539,
  "efc": 0.6448382653691314,
  "fber": 46.46441416461228,
  "fwhm_avg": 3.7734944898457408,
  "fwhm_x": 3.82036,
  "fwhm_y": 3.86221,
  "fwhm_z": 3.637913469537222,
  "icvs_csf": 0.23426614674886131,
  "icvs_gm": 0.452069764698368,
  "icvs_wm": 0.3136640885527706,
  "inu_med": 1.3664271831512451,
  "inu_range": 0.44254659414291364,
  "provenance": {
    "md5sum": "f30ce3536f379c1e43ecc280616cc844",
    "settings": {
      "testing": false
    },
    "software": "mriqc",
    "version": "22.0.0rc1",
    "warnings": {
      "large_rot_frame": true,
      "small_air_mask": false
    },
    "webapi_port": null,
    "webapi_url": "https://mriqc.nimh.nih.gov/api/v1"
  },
  "qi_1": 0.0,
  "qi_2": 0.0050541903335821654,
  "rpve_csf": 26.47100666054612,
  "rpve_gm": 14.425203248633046,
  "rpve_wm": 23.554872524766456,
  "size_x": 256,
  "size_y": 256,
  "size_z": 160,
  "snr_csf": 4.335684816486975,
  "snr_gm": 10.811491476700217,
  "snr_total": 11.611763041748583,
  "snr_wm": 19.688112832058557,
  "snrd_csf": 10.866157285821757,
  "snrd_gm": 18.441587578090182,
  "snrd_total": 19.293468246879446,
  "snrd_wm": 28.57265987672641,
  "spacing_x": 1.0,
  "spacing_y": 1.0,
  "spacing_z": 1.0000457763671875,
  "summary_bg_k": 0.3838944839996059,
  "summary_bg_mad": 22.92878476504231,
  "summary_bg_mean": 82.85129785093825,
  "summary_bg_median": 81.32891703397036,
  "summary_bg_n": 1995140.0,
  "summary_bg_p05": 47.63290935009718,
  "summary_bg_p95": 123.285177141428,
  "summary_bg_stdv": 23.18011757808517,
  "summary_csf_k": 0.39764187453482913,
  "summary_csf_mad": 83.2449762175536,
  "summary_csf_mean": 374.43487328631,
  "summary_csf_median": 380.2991104796529,
  "summary_csf_n": 19561.0,
  "summary_csf_p05": 218.40544073283672,
  "summary_csf_p95": 506.7501112371683,
  "summary_csf_stdv": 87.71149324759172,
  "summary_gm_k": 0.20000278068547228,
  "summary_gm_mad": 57.618687362506314,
  "summary_gm_mean": 648.0274406118195,
  "summary_gm_median": 645.4277411326766,
  "summary_gm_n": 26059.0,
  "summary_gm_p05": 553.1676354289056,
  "summary_gm_p95": 749.7543653547764,
  "summary_gm_stdv": 59.697161898054375,
  "summary_wm_k": 0.5207346063243743,
  "summary_wm_mad": 48.50112353828949,
  "summary_wm_mean": 997.7075078817476,
  "summary_wm_median": 999.9999861344695,
  "summary_wm_n": 128629.0,
  "summary_wm_p05": 910.0978731930256,
  "summary_wm_p95": 1076.4891958013177,
  "summary_wm_stdv": 50.79187159829478,
  "tpm_overlap_csf": 0.1579756885766983,
  "tpm_overlap_gm": 0.47974318265914917,
  "tpm_overlap_wm": 0.4898994565010071,
  "wm2max": 0.5709269954709768
}