{
  "bids_meta": {
    "EchoTime": 0.00336,
    "FlipAngle": 9,
    "ImageType": [
      "ORIGINAL",
      "PRIMARY",
      "M",
      "ND",
      "NORM"
    ],
    "MagneticFieldStrength": 3,
    "Manufacturer": "Siemens",
    "ManufacturersModelName": "TrioTim",
    "PhaseEncodingDirection": "i-",
    "RepetitionTime": 2.3,
    "ScanningSequence": "GR_IR",
    "SequenceName": "_tfl3d1",
    "SequenceVariant": "SP_MP",
    "SoftwareVersions": "syngo_MR_B17",
    "dataset": "ds001894",
    "modality": "T1w",
    "session_id": "T2",
    "subject_id": "122"
  },
  "cjv": 0.37051901564044465,
  "cnr": 3.4537436673409005,
  "efc": 0.6729775347841122,
  "fber": 41.056863922039405,
  "fwhm_avg": 3.3992548858761027,
  "fwhm_x": 3.42335,
  "fwhm_y": 3.54249,
  "fwhm_z": 3.2319246576283085,
  "icvs_csf": 0.2215464518580029,
  "icvs_gm": 0.4616704135009236,
  "icvs_wm": 0.3167831346410735,
  "inu_med": 1.095104694366455,
  "inu_range": 0.35784474909305586,
  "provenance": {
    "md5sum": "9dc9364759afd7eafcb6502080bd64a3",
    "settings": {
      "testing": false
    },
    "software": "mriqc",
    "version": "22.0.0rc1",
    "warnings": {
      "large_rot_frame": true,
      "small_air_mask": false
    },
    "webapi_port": null,
    "webapi_url": "https://mriqc.nimh.nih.gov/api/v1"
  },
  "qi_1": 0.0,
  "qi_2": 0.003937769941296148,
  "rpve_csf": 22.049277938518713,
  "rpve_gm": 11.162869920423026,
  "rpve_wm": 18.37761966136408,
  "size_x": 256,
  "size_y": 256,
  "size_z": 160,
  "snr_csf": 4.020036642862197,
  "snr_gm": 10.218423158468768,
  "snr_total": 10.203958228898093,
  "snr_wm": 16.37341488536331,
  "snrd_csf": 9.761190425664159,
  "snrd_gm": 16.16517649374645,
  "snrd_total": 16.62455045843696,
  "snrd_wm": 23.94728445590027,
  "spacing_x": 1.0,
  "spacing_y": 1.0,
  "spacing_z": 0.9999923706054688,
  "summary_bg_k": 0.24022880128344148,
  "summary_bg_mad": 27.358070630570197,
  "summary_bg_mean": 100.27512273417642,
  "summary_bg_median": 98.58375396952033,
  "summary_bg_n": 1709138.0,
  "summary_bg_p05": 58.126125410199165,
  "summary_bg_p95": 148.22161979600787,
  "summary_bg_stdv": 27.556410823086356,
  "summary_csf_k": -0.16349602327551693,
  "summary_csf_mad": 102.79795039436752,
  "summary_csf_mean": 400.6977225034582,
  "summary_csf_median": 407.62098740041256,
  "summary_csf_n": 30128.0,
  "summary_csf_p05": 225.00115695986898,
  "summary_csf_p95": 557.0420351810753,
  "summary_csf_stdv": 101.3956485317436,
  "summary_gm_k": 0.16896371025273904,
  "summary_gm_mad": 63.53911903949928,
  "summary_gm_mean": 677.9543135455261,
  "summary_gm_median": 675.0472961328924,
  "summary_gm_n": 32954.0,
  "summary_gm_p05": 573.4188403561711,
  "summary_gm_p95": 792.7757660113275,
  "summary_gm_stdv": 66.06078485106603,
  "summary_wm_k": 0.6255738745073218,
  "summary_wm_mad": 56.8705893232978,
  "summary_wm_mean": 997.6981099887856,
  "summary_wm_median": 1000.0230822060257,
  "summary_wm_n": 149550.0,
  "summary_wm_p05": 893.2970574945211,
  "summary_wm_p95": 1093.463135395199,
  "summary_wm_stdv": 61.07581990448362,
  "tpm_overlap_csf": 0.14587807655334473,
  "tpm_overlap_gm": 0.4521107077598572,
  "tpm_overlap_wm": 0.45058029890060425,
  "wm2max": 0.45306703602019127
}