{
  "bids_meta": {
    "EchoTime": 0.00336,
    "FlipAngle": 9,
    "ImageType": [
      "ORIGINAL",
      "PRIMARY",
      "M",
      "ND",
      "NORM"
    ],
    "MagneticFieldStrength": 3,
    "Manufacturer": "Siemens",
    "ManufacturersModelName": "TrioTim",
    "PhaseEncodingDirection": "i-",
    "RepetitionTime": 2.3,
    "ScanningSequence": "GR_IR",
    "SequenceName": "_tfl3d1",
    "SequenceVariant": "SP_MP",
    "SoftwareVersions": "syngo_MR_B17",
    "dataset": "ds001894",
    "modality": "T1w",
    "session_id": "T2",
    "subject_id": "018"
  },
  "cjv": 0.33752893020198677,
  "cnr": 3.7723877857874446,
  "efc": 0.7211814538791583,
  "fber": 39.18827131654795,
  "fwhm_avg": 3.585482109111347,
  "fwhm_x": 3.54486,
  "fwhm_y": 3.76081,
  "fwhm_z": 3.4507763273340406,
  "icvs_csf": 0.23688717325163056,
  "icvs_gm": 0.4206965331883513,
  "icvs_wm": 0.3424162935600181,
  "inu_med": 0.942064642906189,
  "inu_range": 0.26082229018211356,
  "provenance": {
    "md5sum": "c4694cb0070b02d8f3d5738a9e19fa20",
    "settings": {
      "testing": false
    },
    "software": "mriqc",
    "version": "21.0.0rc2",
    "warnings": {
      "large_rot_frame": true,
      "small_air_mask": false
    },
    "webapi_port": null,
    "webapi_url": "https://mriqc.nimh.nih.gov/api/v1"
  },
  "qi_1": 0.0,
  "qi_2": 0.003605659011979286,
  "rpve_csf": 19.172909917185834,
  "rpve_gm": 11.097849763538626,
  "rpve_wm": 16.907403258225933,
  "size_x": 256,
  "size_y": 256,
  "size_z": 160,
  "snr_csf": 4.072128145632268,
  "snr_gm": 10.489114860083236,
  "snr_total": 11.578944826406458,
  "snr_wm": 20.17559147350387,
  "snrd_csf": 10.528844983756484,
  "snrd_gm": 17.549571865785353,
  "snrd_total": 17.98666458028632,
  "snrd_wm": 25.88157689131712,
  "spacing_x": 1.0,
  "spacing_y": 1.0,
  "spacing_z": 0.9999923706054688,
  "summary_bg_k": 0.214347819811747,
  "summary_bg_mad": 25.312846251943707,
  "summary_bg_mean": 92.84992910010467,
  "summary_bg_median": 91.30027401074767,
  "summary_bg_n": 1532615.0,
  "summary_bg_p05": 53.787694685161114,
  "summary_bg_p95": 137.14127057790756,
  "summary_bg_stdv": 25.43790309700643,
  "summary_csf_k": 0.12506599589682166,
  "summary_csf_mad": 97.23837279710082,
  "summary_csf_mean": 400.308909455381,
  "summary_csf_median": 406.8084805123508,
  "summary_csf_n": 24616.0,
  "summary_csf_p05": 224.60700248368084,
  "summary_csf_p95": 552.8680978864431,
  "summary_csf_stdv": 99.89867774030556,
  "summary_gm_k": 0.37471721605232133,
  "summary_gm_mad": 61.01836515204317,
  "summary_gm_mean": 680.0220416741884,
  "summary_gm_median": 678.0719704180956,
  "summary_gm_n": 22141.0,
  "summary_gm_p05": 576.5693852864206,
  "summary_gm_p95": 789.6380597166717,
  "summary_gm_stdv": 64.6438395139257,
  "summary_wm_k": 0.47693275147297953,
  "summary_wm_mad": 47.64165778312982,
  "summary_wm_mean": 999.51687407478,
  "summary_wm_median": 999.9999985434115,
  "summary_wm_n": 200907.0,
  "summary_wm_p05": 917.5590783733875,
  "summary_wm_p95": 1079.5363832004368,
  "summary_wm_stdv": 49.564718394497035,
  "tpm_overlap_csf": 0.1492457538843155,
  "tpm_overlap_gm": 0.442642480134964,
  "tpm_overlap_wm": 0.4847344160079956,
  "wm2max": 0.6519683257918552
}