{
  "bids_meta": {
    "EchoTime": 0.00336,
    "FlipAngle": 9,
    "ImageType": [
      "ORIGINAL",
      "PRIMARY",
      "M",
      "ND",
      "NORM"
    ],
    "MagneticFieldStrength": 3,
    "Manufacturer": "Siemens",
    "ManufacturersModelName": "TrioTim",
    "PhaseEncodingDirection": "i-",
    "RepetitionTime": 2.3,
    "ScanningSequence": "GR_IR",
    "SequenceName": "_tfl3d1",
    "SequenceVariant": "SP_MP",
    "SoftwareVersions": "syngo_MR_B17",
    "dataset": "ds001894",
    "modality": "T1w",
    "session_id": "T1",
    "subject_id": "109"
  },
  "cjv": 0.3272914331418027,
  "cnr": 3.9309355242558794,
  "efc": 0.6735733288849951,
  "fber": 39.64192296486218,
  "fwhm_avg": 3.66155,
  "fwhm_x": 3.65137,
  "fwhm_y": 3.78082,
  "fwhm_z": 3.55246,
  "icvs_csf": 0.2143761298100081,
  "icvs_gm": 0.4559529695134995,
  "icvs_wm": 0.3296709006764924,
  "inu_med": 1.093077301979065,
  "inu_range": 0.32847032546997057,
  "provenance": {
    "md5sum": "7f56c9409c134065d406ae35bf10658f",
    "settings": {
      "testing": false
    },
    "software": "mriqc",
    "version": "22.0.0rc1",
    "warnings": {
      "large_rot_frame": true,
      "small_air_mask": false
    },
    "webapi_port": null,
    "webapi_url": "https://mriqc.nimh.nih.gov/api/v1"
  },
  "qi_1": 0.0,
  "qi_2": 0.004413074035097637,
  "rpve_csf": 22.02727330535419,
  "rpve_gm": 11.223487592482613,
  "rpve_wm": 17.804846639930908,
  "size_x": 256,
  "size_y": 256,
  "size_z": 160,
  "snr_csf": 3.614277228841262,
  "snr_gm": 10.93190210881893,
  "snr_total": 10.771860463372638,
  "snr_wm": 17.76940205245772,
  "snrd_csf": 9.447399216386131,
  "snrd_gm": 16.80606303168497,
  "snrd_total": 17.238569782851325,
  "snrd_wm": 25.462247100482866,
  "spacing_x": 1.0,
  "spacing_y": 1.0,
  "spacing_z": 1.0,
  "summary_bg_k": 0.23302039633345295,
  "summary_bg_mad": 25.729715216681406,
  "summary_bg_mean": 94.44045728516103,
  "summary_bg_median": 92.93706637620926,
  "summary_bg_n": 2172209.0,
  "summary_bg_p05": 54.7003055550158,
  "summary_bg_p95": 139.33432880789042,
  "summary_bg_stdv": 25.827638736091362,
  "summary_csf_k": -0.305238152748708,
  "summary_csf_mad": 108.99466630803641,
  "summary_csf_mean": 366.3738777858426,
  "summary_csf_median": 371.0355579406023,
  "summary_csf_n": 23770.0,
  "summary_csf_p05": 195.21060184389353,
  "summary_csf_p95": 527.6174098029733,
  "summary_csf_stdv": 102.65614109378754,
  "summary_gm_k": 0.25344025601351383,
  "summary_gm_mad": 57.4295696930856,
  "summary_gm_mean": 662.497687118965,
  "summary_gm_median": 660.0384752377868,
  "summary_gm_n": 38251.0,
  "summary_gm_p05": 566.4421543646604,
  "summary_gm_p95": 766.1249961741269,
  "summary_gm_stdv": 60.37648717331433,
  "summary_wm_k": 0.4162938647617702,
  "summary_wm_mad": 53.83691951909312,
  "summary_wm_mean": 998.2468249237073,
  "summary_wm_median": 999.9999833777547,
  "summary_wm_n": 179513.0,
  "summary_wm_p05": 902.6441301032901,
  "summary_wm_p95": 1087.1997538618743,
  "summary_wm_stdv": 56.276356126570505,
  "tpm_overlap_csf": 0.15898603200912476,
  "tpm_overlap_gm": 0.45579272508621216,
  "tpm_overlap_wm": 0.4676133692264557,
  "wm2max": 0.5656178824098522
}