{
  "bids_meta": {
    "EchoTime": 0.00336,
    "FlipAngle": 9,
    "ImageType": [
      "ORIGINAL",
      "PRIMARY",
      "M",
      "ND",
      "NORM"
    ],
    "MagneticFieldStrength": 3,
    "Manufacturer": "Siemens",
    "ManufacturersModelName": "TrioTim",
    "PhaseEncodingDirection": "i-",
    "RepetitionTime": 2.3,
    "ScanningSequence": "GR_IR",
    "SequenceName": "_tfl3d1",
    "SequenceVariant": "SP_MP",
    "SoftwareVersions": "syngo_MR_B17",
    "dataset": "ds001894",
    "modality": "T1w",
    "session_id": "T1",
    "subject_id": "136"
  },
  "cjv": 0.36704800827485257,
  "cnr": 3.5052780122119778,
  "efc": 0.683709703954245,
  "fber": 33.50130360260958,
  "fwhm_avg": 3.6867178902112463,
  "fwhm_x": 3.6953595594788125,
  "fwhm_y": 3.833540228496804,
  "fwhm_z": 3.5312538826581217,
  "icvs_csf": 0.23479340064828594,
  "icvs_gm": 0.44433863281949404,
  "icvs_wm": 0.32086796653222,
  "inu_med": 1.1596053838729858,
  "inu_range": 0.39368993043899536,
  "provenance": {
    "md5sum": "171f9c750aebc3d27aad6d0e3f101c16",
    "settings": {
      "testing": false
    },
    "software": "mriqc",
    "version": "22.0.0rc1",
    "warnings": {
      "large_rot_frame": true,
      "small_air_mask": false
    },
    "webapi_port": null,
    "webapi_url": "https://mriqc.nimh.nih.gov/api/v1"
  },
  "qi_1": 0.0,
  "qi_2": 0.004978660261270052,
  "rpve_csf": 22.216035729931296,
  "rpve_gm": 12.24086846344126,
  "rpve_wm": 19.562360316571947,
  "size_x": 256,
  "size_y": 256,
  "size_z": 160,
  "snr_csf": 3.8635768663544527,
  "snr_gm": 10.475104880899128,
  "snr_total": 10.594849540455645,
  "snr_wm": 17.445866874113353,
  "snrd_csf": 9.475090237987812,
  "snrd_gm": 16.666219157491447,
  "snrd_total": 16.862851588884123,
  "snrd_wm": 24.447245371173114,
  "spacing_x": 1.0000001192092896,
  "spacing_y": 0.9999999403953552,
  "spacing_z": 0.9999847412109375,
  "summary_bg_k": 0.19382946381703547,
  "summary_bg_mad": 26.79796404339823,
  "summary_bg_mean": 98.25489874723719,
  "summary_bg_median": 96.65017160028219,
  "summary_bg_n": 2007403.0,
  "summary_bg_p05": 57.09740361571312,
  "summary_bg_p95": 145.0415469557047,
  "summary_bg_stdv": 26.90277614507536,
  "summary_csf_k": -0.26596057730967626,
  "summary_csf_mad": 102.47436617084311,
  "summary_csf_mean": 380.1397487416577,
  "summary_csf_median": 387.57293321192265,
  "summary_csf_n": 25574.0,
  "summary_csf_p05": 206.24890299886465,
  "summary_csf_p95": 534.5589737892151,
  "summary_csf_stdv": 100.31257797229016,
  "summary_gm_k": 0.1991055218754587,
  "summary_gm_mad": 62.965387397813444,
  "summary_gm_mean": 684.2960881753326,
  "summary_gm_median": 681.7217865139246,
  "summary_gm_n": 23152.0,
  "summary_gm_p05": 580.6523112282157,
  "summary_gm_p95": 795.8282076716423,
  "summary_gm_stdv": 65.07878167953038,
  "summary_wm_k": 0.6561548577456566,
  "summary_wm_mad": 53.85801086472701,
  "summary_wm_mean": 998.4203355819924,
  "summary_wm_median": 1000.0000379383564,
  "summary_wm_n": 161350.0,
  "summary_wm_p05": 901.7147239744663,
  "summary_wm_p95": 1088.9164280891418,
  "summary_wm_stdv": 57.31999139371144,
  "tpm_overlap_csf": 0.15717573463916779,
  "tpm_overlap_gm": 0.455792635679245,
  "tpm_overlap_wm": 0.4683147966861725,
  "wm2max": 0.7175974376050487
}