{
  "bids_meta": {
    "EchoTime": 0.00336,
    "FlipAngle": 9,
    "ImageType": [
      "ORIGINAL",
      "PRIMARY",
      "M",
      "ND",
      "NORM"
    ],
    "MagneticFieldStrength": 3,
    "Manufacturer": "Siemens",
    "ManufacturersModelName": "TrioTim",
    "PhaseEncodingDirection": "i-",
    "RepetitionTime": 2.3,
    "ScanningSequence": "GR_IR",
    "SequenceName": "_tfl3d1",
    "SequenceVariant": "SP_MP",
    "SoftwareVersions": "syngo_MR_B17",
    "dataset": "ds001894",
    "modality": "T1w",
    "session_id": "T1",
    "subject_id": "050"
  },
  "cjv": 0.32055005561868577,
  "cnr": 4.0502633327307755,
  "efc": 0.6738450597115582,
  "fber": 45.16150116572436,
  "fwhm_avg": 3.6979178453696764,
  "fwhm_x": 3.80907,
  "fwhm_y": 3.800940226553692,
  "fwhm_z": 3.483743309555336,
  "icvs_csf": 0.24409670293559424,
  "icvs_gm": 0.4284242604562155,
  "icvs_wm": 0.3274790366081903,
  "inu_med": 1.146777629852295,
  "inu_range": 0.2964306950569152,
  "provenance": {
    "md5sum": "dff6d22bf8d4c47193b7d62c4d118f3c",
    "settings": {
      "testing": false
    },
    "software": "mriqc",
    "version": "21.0.0rc2",
    "warnings": {
      "large_rot_frame": true,
      "small_air_mask": false
    },
    "webapi_port": null,
    "webapi_url": "https://mriqc.nimh.nih.gov/api/v1"
  },
  "qi_1": 0.0,
  "qi_2": 0.0044893791313285365,
  "rpve_csf": 20.38338285104262,
  "rpve_gm": 11.734929174859806,
  "rpve_wm": 18.23770585133684,
  "size_x": 256,
  "size_y": 256,
  "size_z": 160,
  "snr_csf": 3.9064656863163556,
  "snr_gm": 10.467798105057637,
  "snr_total": 11.715862077176157,
  "snr_wm": 20.773322440154477,
  "snrd_csf": 10.36264197596035,
  "snrd_gm": 18.50801439997164,
  "snrd_total": 18.919129037888382,
  "snrd_wm": 27.886730737733153,
  "spacing_x": 1.0,
  "spacing_y": 0.9999999403953552,
  "spacing_z": 0.9999617338180542,
  "summary_bg_k": 0.21096306246363605,
  "summary_bg_mad": 23.493590160715183,
  "summary_bg_mean": 86.43671582382663,
  "summary_bg_median": 85.00598315894604,
  "summary_bg_n": 2034491.0,
  "summary_bg_p05": 50.03873325139284,
  "summary_bg_p95": 127.50897473841906,
  "summary_bg_stdv": 23.619024903056168,
  "summary_csf_k": 0.3831481357280735,
  "summary_csf_mad": 93.81773670845597,
  "summary_csf_mean": 368.5516435951169,
  "summary_csf_median": 371.61066291481256,
  "summary_csf_n": 27738.0,
  "summary_csf_p05": 207.89667509235443,
  "summary_csf_p95": 515.6753803964704,
  "summary_csf_stdv": 95.12536243996567,
  "summary_gm_k": 0.15746642281416579,
  "summary_gm_mad": 62.231909936827776,
  "summary_gm_mean": 666.0533580416276,
  "summary_gm_median": 663.7086870670319,
  "summary_gm_n": 23866.0,
  "summary_gm_p05": 565.3214803785086,
  "summary_gm_p95": 773.7604471612722,
  "summary_gm_stdv": 63.40347562690338,
  "summary_wm_k": 0.5129748074844223,
  "summary_wm_mad": 45.577564911787455,
  "summary_wm_mean": 998.2341452167848,
  "summary_wm_median": 1000.035176359117,
  "summary_wm_n": 165083.0,
  "summary_wm_p05": 916.1560330763459,
  "summary_wm_p95": 1073.8431882485747,
  "summary_wm_stdv": 48.1402120604204,
  "tpm_overlap_csf": 0.14951644837856293,
  "tpm_overlap_gm": 0.4616980254650116,
  "tpm_overlap_wm": 0.489801287651062,
  "wm2max": 0.5788626172034244
}