{
  "bids_meta": {
    "EchoTime": 0.00336,
    "FlipAngle": 9,
    "ImageType": [
      "ORIGINAL",
      "PRIMARY",
      "M",
      "ND",
      "NORM"
    ],
    "MagneticFieldStrength": 3,
    "Manufacturer": "Siemens",
    "ManufacturersModelName": "TrioTim",
    "PhaseEncodingDirection": "i-",
    "RepetitionTime": 2.3,
    "ScanningSequence": "GR_IR",
    "SequenceName": "_tfl3d1",
    "SequenceVariant": "SP_MP",
    "SoftwareVersions": "syngo_MR_B17",
    "dataset": "ds001894",
    "modality": "T1w",
    "session_id": "T1",
    "subject_id": "037"
  },
  "cjv": 0.3821978905979073,
  "cnr": 3.384859543188803,
  "efc": 0.6853065842984845,
  "fber": 32.632767215517795,
  "fwhm_avg": 3.7007781150303956,
  "fwhm_x": 3.72197,
  "fwhm_y": 3.79817,
  "fwhm_z": 3.582194345091188,
  "icvs_csf": 0.228956743175539,
  "icvs_gm": 0.452794572755845,
  "icvs_wm": 0.318248684068616,
  "inu_med": 1.187432050704956,
  "inu_range": 0.39308206439018245,
  "provenance": {
    "md5sum": "de7b1d1f46092ab38ad6cfc3bff18a16",
    "settings": {
      "testing": false
    },
    "software": "mriqc",
    "version": "21.0.0rc2",
    "warnings": {
      "large_rot_frame": true,
      "small_air_mask": false
    },
    "webapi_port": null,
    "webapi_url": "https://mriqc.nimh.nih.gov/api/v1"
  },
  "qi_1": 0.0,
  "qi_2": 0.0034577132568580503,
  "rpve_csf": 20.463281142294438,
  "rpve_gm": 10.694571945973713,
  "rpve_wm": 17.048537036763825,
  "size_x": 256,
  "size_y": 256,
  "size_z": 160,
  "snr_csf": 3.941825292886411,
  "snr_gm": 10.236809210897691,
  "snr_total": 9.825181956360145,
  "snr_wm": 15.29691136529633,
  "snrd_csf": 8.448725555400346,
  "snrd_gm": 14.521874722735888,
  "snrd_total": 14.880980556442838,
  "snrd_wm": 21.672341391192283,
  "spacing_x": 1.0,
  "spacing_y": 1.0,
  "spacing_z": 1.0000267028808594,
  "summary_bg_k": 0.45268198110597835,
  "summary_bg_mad": 30.22914581866784,
  "summary_bg_mean": 109.98601539789075,
  "summary_bg_median": 107.88608826324344,
  "summary_bg_n": 2074588.0,
  "summary_bg_p05": 63.40045405551791,
  "summary_bg_p95": 163.57738411799073,
  "summary_bg_stdv": 30.710861648607537,
  "summary_csf_k": 0.14065231897385067,
  "summary_csf_mad": 96.6833010894583,
  "summary_csf_mean": 385.66369429509695,
  "summary_csf_median": 389.83907098323107,
  "summary_csf_n": 39733.0,
  "summary_csf_p05": 215.14027831330895,
  "summary_csf_p95": 540.5257315523922,
  "summary_csf_stdv": 98.89686534857663,
  "summary_gm_k": 0.10204181339786311,
  "summary_gm_mad": 63.7685080183055,
  "summary_gm_mean": 672.5321804545654,
  "summary_gm_median": 670.0648652538657,
  "summary_gm_n": 36157.0,
  "summary_gm_p05": 568.2449998371303,
  "summary_gm_p95": 785.6179851703346,
  "summary_gm_stdv": 65.45551307435504,
  "summary_wm_k": 3.8756776166619833,
  "summary_wm_mad": 62.3319990227903,
  "summary_wm_mean": 999.9488366886752,
  "summary_wm_median": 999.99998562783,
  "summary_wm_n": 164278.0,
  "summary_wm_p05": 892.9922358809039,
  "summary_wm_p95": 1104.4738235399127,
  "summary_wm_stdv": 65.37247409766184,
  "tpm_overlap_csf": 0.14959853887557983,
  "tpm_overlap_gm": 0.4711076021194458,
  "tpm_overlap_wm": 0.48177391290664673,
  "wm2max": 0.46191866121813585
}