{
  "bids_meta": {
    "EchoTime": 0.00336,
    "FlipAngle": 9,
    "ImageType": [
      "ORIGINAL",
      "PRIMARY",
      "M",
      "ND",
      "NORM"
    ],
    "MagneticFieldStrength": 3,
    "Manufacturer": "Siemens",
    "ManufacturersModelName": "TrioTim",
    "PhaseEncodingDirection": "i-",
    "RepetitionTime": 2.3,
    "ScanningSequence": "GR_IR",
    "SequenceName": "_tfl3d1",
    "SequenceVariant": "SP_MP",
    "SoftwareVersions": "syngo_MR_B17",
    "dataset": "ds001894",
    "modality": "T1w",
    "session_id": "T1",
    "subject_id": "140"
  },
  "cjv": 0.3434219786143587,
  "cnr": 3.705014142476811,
  "efc": 0.7034906611950802,
  "fber": 33.96697398256781,
  "fwhm_avg": 3.526604111758781,
  "fwhm_x": 3.55864,
  "fwhm_y": 3.66785,
  "fwhm_z": 3.353322335276345,
  "icvs_csf": 0.23541520076820305,
  "icvs_gm": 0.4242742965937281,
  "icvs_wm": 0.34031050263806883,
  "inu_med": 1.224257230758667,
  "inu_range": 0.41682488918304417,
  "provenance": {
    "md5sum": "8269373ccb16ea7f51221834c1ad68b3",
    "settings": {
      "testing": false
    },
    "software": "mriqc",
    "version": "22.0.0rc1",
    "warnings": {
      "large_rot_frame": true,
      "small_air_mask": false
    },
    "webapi_port": null,
    "webapi_url": "https://mriqc.nimh.nih.gov/api/v1"
  },
  "qi_1": 0.0,
  "qi_2": 0.00418553511034552,
  "rpve_csf": 19.575122999491036,
  "rpve_gm": 11.102313181634576,
  "rpve_wm": 16.48570885444306,
  "size_x": 256,
  "size_y": 256,
  "size_z": 160,
  "snr_csf": 3.6247649513242437,
  "snr_gm": 9.947031565698211,
  "snr_total": 10.687930937720887,
  "snr_wm": 18.491996296140204,
  "snrd_csf": 8.80083186861979,
  "snrd_gm": 15.452745734650708,
  "snrd_total": 15.833255899123808,
  "snrd_wm": 23.246190094100925,
  "spacing_x": 1.0,
  "spacing_y": 1.0,
  "spacing_z": 0.999969482421875,
  "summary_bg_k": 0.17096051975742066,
  "summary_bg_mad": 28.182526431559527,
  "summary_bg_mean": 103.60157968448671,
  "summary_bg_median": 101.98385590314865,
  "summary_bg_n": 2010858.0,
  "summary_bg_p05": 60.04374948143959,
  "summary_bg_p95": 152.63634054735303,
  "summary_bg_stdv": 28.24438401325753,
  "summary_csf_k": -0.093807018038917,
  "summary_csf_mad": 108.42444196586096,
  "summary_csf_mean": 372.39153320060586,
  "summary_csf_median": 378.5924354866147,
  "summary_csf_n": 30692.0,
  "summary_csf_p05": 198.55736264605076,
  "summary_csf_p95": 533.9443224929273,
  "summary_csf_stdv": 104.44436340356194,
  "summary_gm_k": 0.371644947779755,
  "summary_gm_mad": 63.522519893356396,
  "summary_gm_mean": 667.0151355523507,
  "summary_gm_median": 664.7431435994804,
  "summary_gm_n": 27104.0,
  "summary_gm_p05": 561.1488177824765,
  "summary_gm_p95": 782.0340068688615,
  "summary_gm_stdv": 66.82706054286811,
  "summary_wm_k": 0.6401173305970764,
  "summary_wm_mad": 51.61204741335207,
  "summary_wm_mean": 1000.0279090867784,
  "summary_wm_median": 999.9999835118651,
  "summary_wm_n": 198851.0,
  "summary_wm_p05": 911.5561439804733,
  "summary_wm_p95": 1087.1614816598594,
  "summary_wm_stdv": 54.07731285734593,
  "tpm_overlap_csf": 0.15007291734218597,
  "tpm_overlap_gm": 0.44782987236976624,
  "tpm_overlap_wm": 0.4748516082763672,
  "wm2max": 0.620610010438989
}