{
  "bids_meta": {
    "EchoTime": 0.00336,
    "FlipAngle": 9,
    "ImageType": [
      "ORIGINAL",
      "PRIMARY",
      "M",
      "ND",
      "NORM"
    ],
    "MagneticFieldStrength": 3,
    "Manufacturer": "Siemens",
    "ManufacturersModelName": "TrioTim",
    "PhaseEncodingDirection": "i-",
    "RepetitionTime": 2.3,
    "ScanningSequence": "GR_IR",
    "SequenceName": "_tfl3d1",
    "SequenceVariant": "SP_MP",
    "SoftwareVersions": "syngo_MR_B17",
    "dataset": "ds001894",
    "modality": "T1w",
    "session_id": "T1",
    "subject_id": "107"
  },
  "cjv": 0.28426776346911814,
  "cnr": 4.40623977226796,
  "efc": 0.6637198776688833,
  "fber": 39.616454123634774,
  "fwhm_avg": 3.9239158785890496,
  "fwhm_x": 4.02826,
  "fwhm_y": 3.96627,
  "fwhm_z": 3.777217635767147,
  "icvs_csf": 0.23225758447208475,
  "icvs_gm": 0.43875715238613844,
  "icvs_wm": 0.32898526314177684,
  "inu_med": 1.1413493156433105,
  "inu_range": 0.33138327002525303,
  "provenance": {
    "md5sum": "fc4a220695adfd1117daa518dfdfe5d6",
    "settings": {
      "testing": false
    },
    "software": "mriqc",
    "version": "22.0.0rc1",
    "warnings": {
      "large_rot_frame": true,
      "small_air_mask": false
    },
    "webapi_port": null,
    "webapi_url": "https://mriqc.nimh.nih.gov/api/v1"
  },
  "qi_1": 0.0,
  "qi_2": 0.003809132257230582,
  "rpve_csf": 22.43946186404077,
  "rpve_gm": 12.637499173962313,
  "rpve_wm": 19.981551676205267,
  "size_x": 256,
  "size_y": 256,
  "size_z": 160,
  "snr_csf": 4.8965902725678205,
  "snr_gm": 11.225688728196783,
  "snr_total": 12.485716914619369,
  "snr_wm": 21.334871743093508,
  "snrd_csf": 10.247371311492767,
  "snrd_gm": 16.828720928582506,
  "snrd_total": 17.627010741349302,
  "snrd_wm": 25.80493998397263,
  "spacing_x": 1.0,
  "spacing_y": 1.0,
  "spacing_z": 0.9999847412109375,
  "summary_bg_k": 0.31600605203137544,
  "summary_bg_mad": 25.38802312293923,
  "summary_bg_mean": 91.94343901950052,
  "summary_bg_median": 90.17091706395149,
  "summary_bg_n": 2094496.0,
  "summary_bg_p05": 52.81252332031727,
  "summary_bg_p95": 136.99169099330902,
  "summary_bg_stdv": 25.69910354578272,
  "summary_csf_k": 0.29177981480443993,
  "summary_csf_mad": 80.99410436065794,
  "summary_csf_mean": 393.6973648484968,
  "summary_csf_median": 397.1089207008481,
  "summary_csf_n": 25218.0,
  "summary_csf_p05": 259.0858630090952,
  "summary_csf_p95": 518.896956887096,
  "summary_csf_stdv": 81.09746272343102,
  "summary_gm_k": 0.37380576518250885,
  "summary_gm_mad": 54.416776139225384,
  "summary_gm_mean": 654.9210129496211,
  "summary_gm_median": 652.1511714160442,
  "summary_gm_n": 32530.0,
  "summary_gm_p05": 563.6173443496227,
  "summary_gm_p95": 755.9426772594452,
  "summary_gm_stdv": 58.09364247369396,
  "summary_wm_k": 0.5991197764296494,
  "summary_wm_mad": 44.46544776407712,
  "summary_wm_mean": 998.3692957590118,
  "summary_wm_median": 1000.0000540912151,
  "summary_wm_n": 173217.0,
  "summary_wm_p05": 919.1212598532438,
  "summary_wm_p95": 1072.228464782238,
  "summary_wm_stdv": 46.8714871866012,
  "tpm_overlap_csf": 0.14184850454330444,
  "tpm_overlap_gm": 0.4675324261188507,
  "tpm_overlap_wm": 0.4965905249118805,
  "wm2max": 0.6151197510285564
}