{
  "bids_meta": {
    "EchoTime": 0.00336,
    "FlipAngle": 9,
    "ImageType": [
      "ORIGINAL",
      "PRIMARY",
      "M",
      "ND",
      "NORM"
    ],
    "MagneticFieldStrength": 3,
    "Manufacturer": "Siemens",
    "ManufacturersModelName": "TrioTim",
    "PhaseEncodingDirection": "i-",
    "RepetitionTime": 2.3,
    "ScanningSequence": "GR_IR",
    "SequenceName": "_tfl3d1",
    "SequenceVariant": "SP_MP",
    "SoftwareVersions": "syngo_MR_B17",
    "dataset": "ds001894",
    "modality": "T1w",
    "session_id": "T2",
    "subject_id": "026"
  },
  "cjv": 0.3282707705406258,
  "cnr": 3.9167115096810665,
  "efc": 0.6659751587708695,
  "fber": 44.009008418367344,
  "fwhm_avg": 3.4780356006301125,
  "fwhm_x": 3.512870209383381,
  "fwhm_y": 3.619479568524412,
  "fwhm_z": 3.3017570239825447,
  "icvs_csf": 0.22296401327756105,
  "icvs_gm": 0.4449621109724031,
  "icvs_wm": 0.33207387575003583,
  "inu_med": 1.039597749710083,
  "inu_range": 0.28746584951877585,
  "provenance": {
    "md5sum": "8799b6f7110cae012c2460eebdc9717d",
    "settings": {
      "testing": false
    },
    "software": "mriqc",
    "version": "21.0.0rc2",
    "warnings": {
      "large_rot_frame": true,
      "small_air_mask": false
    },
    "webapi_port": null,
    "webapi_url": "https://mriqc.nimh.nih.gov/api/v1"
  },
  "qi_1": 0.0,
  "qi_2": 0.004610610710384986,
  "rpve_csf": 22.55809531252035,
  "rpve_gm": 12.157276660877756,
  "rpve_wm": 19.346382874426947,
  "size_x": 256,
  "size_y": 256,
  "size_z": 160,
  "snr_csf": 2.021976754598471,
  "snr_gm": 10.038043205745431,
  "snr_total": 11.151691314334975,
  "snr_wm": 21.395053982661025,
  "snrd_csf": 10.951643245137571,
  "snrd_gm": 18.59002539703704,
  "snrd_total": 19.121602920645124,
  "snrd_wm": 27.82314011976076,
  "spacing_x": 0.9999999403953552,
  "spacing_y": 1.0000001192092896,
  "spacing_z": 1.0000190734863281,
  "summary_bg_k": 0.17733136032278685,
  "summary_bg_mad": 23.54645779864769,
  "summary_bg_mean": 87.26312403498584,
  "summary_bg_median": 85.89791350066662,
  "summary_bg_n": 2064870.0,
  "summary_bg_p05": 50.67358925938606,
  "summary_bg_p95": 128.4760878905654,
  "summary_bg_stdv": 23.742552957375132,
  "summary_csf_k": 98.54917417645,
  "summary_csf_mad": 88.91765483886219,
  "summary_csf_mean": 403.7416171471898,
  "summary_csf_median": 393.6163741312921,
  "summary_csf_n": 18484.0,
  "summary_csf_p05": 233.03671353310347,
  "summary_csf_p95": 532.681388265267,
  "summary_csf_stdv": 194.66382370771655,
  "summary_gm_k": 0.11836974320383442,
  "summary_gm_mad": 64.40918222742928,
  "summary_gm_mean": 669.9997128874782,
  "summary_gm_median": 668.149813503027,
  "summary_gm_n": 29694.0,
  "summary_gm_p05": 562.8476231396198,
  "summary_gm_p95": 784.3499154102057,
  "summary_gm_stdv": 66.56063827655976,
  "summary_wm_k": 0.5429753953084977,
  "summary_wm_mad": 44.52754276320147,
  "summary_wm_mean": 998.2921289520793,
  "summary_wm_median": 1000.0000260919333,
  "summary_wm_n": 169144.0,
  "summary_wm_p05": 919.1694715172052,
  "summary_wm_p95": 1071.6135491568598,
  "summary_wm_stdv": 46.73963762076958,
  "tpm_overlap_csf": 0.15237659215927124,
  "tpm_overlap_gm": 0.46511033177375793,
  "tpm_overlap_wm": 0.4921032786369324,
  "wm2max": 0.6046154216052002
}