{
  "bids_meta": {
    "EchoTime": 0.00336,
    "FlipAngle": 9,
    "ImageType": [
      "ORIGINAL",
      "PRIMARY",
      "M",
      "ND",
      "NORM"
    ],
    "MagneticFieldStrength": 3,
    "Manufacturer": "Siemens",
    "ManufacturersModelName": "TrioTim",
    "PhaseEncodingDirection": "i-",
    "RepetitionTime": 2.3,
    "ScanningSequence": "GR_IR",
    "SequenceName": "_tfl3d1",
    "SequenceVariant": "SP_MP",
    "SoftwareVersions": "syngo_MR_B17",
    "dataset": "ds001894",
    "modality": "T1w",
    "session_id": "T1",
    "subject_id": "163"
  },
  "cjv": 0.3559513965442938,
  "cnr": 3.5334025167865475,
  "efc": 0.6883698342302728,
  "fber": 31.84518172896472,
  "fwhm_avg": 3.604733223259883,
  "fwhm_x": 3.65652,
  "fwhm_y": 3.72245,
  "fwhm_z": 3.4352296697796496,
  "icvs_csf": 0.23011723096718995,
  "icvs_gm": 0.4512658718642098,
  "icvs_wm": 0.31861689716860025,
  "inu_med": 1.1783088445663452,
  "inu_range": 0.416057538986206,
  "provenance": {
    "md5sum": "81c033a4c2ca3e9fa9fbd3fb06c8f194",
    "settings": {
      "testing": false
    },
    "software": "mriqc",
    "version": "22.0.0rc1",
    "warnings": {
      "large_rot_frame": true,
      "small_air_mask": false
    },
    "webapi_port": null,
    "webapi_url": "https://mriqc.nimh.nih.gov/api/v1"
  },
  "qi_1": 0.0,
  "qi_2": 0.0046261108783436835,
  "rpve_csf": 24.259013787026113,
  "rpve_gm": 12.960331922957378,
  "rpve_wm": 20.685311284046694,
  "size_x": 256,
  "size_y": 256,
  "size_z": 160,
  "snr_csf": 4.037007422790208,
  "snr_gm": 10.351484890033165,
  "snr_total": 10.483642975937926,
  "snr_wm": 17.062436614990407,
  "snrd_csf": 9.177659676662504,
  "snrd_gm": 15.430300895455979,
  "snrd_total": 15.832496047796901,
  "snrd_wm": 22.88952757127222,
  "spacing_x": 1.0,
  "spacing_y": 1.0,
  "spacing_z": 0.99993896484375,
  "summary_bg_k": 0.2058830779405767,
  "summary_bg_mad": 28.621665000947974,
  "summary_bg_mean": 105.10549514228957,
  "summary_bg_median": 103.33548032492399,
  "summary_bg_n": 1986683.0,
  "summary_bg_p05": 60.86443703621626,
  "summary_bg_p95": 155.24453323334455,
  "summary_bg_stdv": 28.81413325447182,
  "summary_csf_k": 0.3441574255579889,
  "summary_csf_mad": 95.32604537815727,
  "summary_csf_mean": 395.98445422160387,
  "summary_csf_median": 400.9545336738229,
  "summary_csf_n": 31375.0,
  "summary_csf_p05": 221.11755037456751,
  "summary_csf_p95": 548.3858964435756,
  "summary_csf_stdv": 99.31815870482241,
  "summary_gm_k": 0.34831856117910354,
  "summary_gm_mad": 61.93410287705131,
  "summary_gm_mean": 677.1055952367143,
  "summary_gm_median": 674.1205620989203,
  "summary_gm_n": 32584.0,
  "summary_gm_p05": 575.2895863652229,
  "summary_gm_p95": 789.1463043391705,
  "summary_gm_stdv": 65.1220790863741,
  "summary_wm_k": 0.8147279950227317,
  "summary_wm_mad": 54.063145001790616,
  "summary_wm_mean": 997.7979736098931,
  "summary_wm_median": 1000.0000192523003,
  "summary_wm_n": 146879.0,
  "summary_wm_p05": 896.8790391460061,
  "summary_wm_p95": 1089.3393603116274,
  "summary_wm_stdv": 58.608077946222025,
  "tpm_overlap_csf": 0.15184259414672852,
  "tpm_overlap_gm": 0.47693386673927307,
  "tpm_overlap_wm": 0.4895796775817871,
  "wm2max": 0.6159895466758832
}