{
  "bids_meta": {
    "EchoTime": 0.00336,
    "FlipAngle": 9,
    "ImageType": [
      "ORIGINAL",
      "PRIMARY",
      "M",
      "ND",
      "NORM"
    ],
    "MagneticFieldStrength": 3,
    "Manufacturer": "Siemens",
    "ManufacturersModelName": "TrioTim",
    "PhaseEncodingDirection": "i-",
    "RepetitionTime": 2.3,
    "ScanningSequence": "GR_IR",
    "SequenceName": "_tfl3d1",
    "SequenceVariant": "SP_MP",
    "SoftwareVersions": "syngo_MR_B17",
    "dataset": "ds001894",
    "modality": "T1w",
    "session_id": "T1",
    "subject_id": "129"
  },
  "cjv": 0.3779283452307762,
  "cnr": 3.3649764147635786,
  "efc": 0.6954729139429358,
  "fber": 29.964007548031798,
  "fwhm_avg": 3.5133369248532564,
  "fwhm_x": 3.48976,
  "fwhm_y": 3.74807,
  "fwhm_z": 3.3021807745597704,
  "icvs_csf": 0.25346662459226355,
  "icvs_gm": 0.42644930538546266,
  "icvs_wm": 0.32008407002227385,
  "inu_med": 1.2190990447998047,
  "inu_range": 0.35191650390624996,
  "provenance": {
    "md5sum": "620d34f33768105384ba663a8ed46339",
    "settings": {
      "testing": false
    },
    "software": "mriqc",
    "version": "22.0.0rc1",
    "warnings": {
      "large_rot_frame": true,
      "small_air_mask": false
    },
    "webapi_port": null,
    "webapi_url": "https://mriqc.nimh.nih.gov/api/v1"
  },
  "qi_1": 0.0,
  "qi_2": 0.0034868658850171425,
  "rpve_csf": 21.306149765504575,
  "rpve_gm": 12.572027185170663,
  "rpve_wm": 19.615678297311295,
  "size_x": 256,
  "size_y": 256,
  "size_z": 160,
  "snr_csf": 3.658147994243325,
  "snr_gm": 9.399179910942982,
  "snr_total": 9.656637746106481,
  "snr_wm": 15.912585333133137,
  "snrd_csf": 8.344146753302953,
  "snrd_gm": 15.031889374474769,
  "snrd_total": 15.313060986268118,
  "snrd_wm": 22.563146831026625,
  "spacing_x": 1.0,
  "spacing_y": 1.0,
  "spacing_z": 0.999969482421875,
  "summary_bg_k": 0.5506348547459181,
  "summary_bg_mad": 29.035683100468656,
  "summary_bg_mean": 105.72843732899804,
  "summary_bg_median": 103.77724403142929,
  "summary_bg_n": 2084135.0,
  "summary_bg_p05": 60.96331375837326,
  "summary_bg_p95": 156.94563026726246,
  "summary_bg_stdv": 29.435957157519415,
  "summary_csf_k": 0.12858885796689057,
  "summary_csf_mad": 100.50371100914695,
  "summary_csf_mean": 366.846385199162,
  "summary_csf_median": 369.81307888031006,
  "summary_csf_n": 27474.0,
  "summary_csf_p05": 195.7767791643739,
  "summary_csf_p95": 526.2157788723707,
  "summary_csf_stdv": 101.09113933162928,
  "summary_gm_k": 0.17312324124266487,
  "summary_gm_mad": 68.4782149953627,
  "summary_gm_mean": 669.1223838480031,
  "summary_gm_median": 666.2142284065485,
  "summary_gm_n": 20283.0,
  "summary_gm_p05": 556.3871898800135,
  "summary_gm_p95": 791.0494109690189,
  "summary_gm_stdv": 70.87829061105914,
  "summary_wm_k": 1.3689788028683632,
  "summary_wm_mad": 57.66889138568329,
  "summary_wm_mean": 1001.2955666846959,
  "summary_wm_median": 1000.000005453825,
  "summary_wm_n": 156176.0,
  "summary_wm_p05": 901.5357219725847,
  "summary_wm_p95": 1103.748163934797,
  "summary_wm_stdv": 62.843138496813225,
  "tpm_overlap_csf": 0.15207697451114655,
  "tpm_overlap_gm": 0.4610920548439026,
  "tpm_overlap_wm": 0.4861871600151062,
  "wm2max": 0.5648244789750986
}