{
  "bids_meta": {
    "EchoTime": 0.00336,
    "FlipAngle": 9,
    "ImageType": [
      "ORIGINAL",
      "PRIMARY",
      "M",
      "ND",
      "NORM"
    ],
    "MagneticFieldStrength": 3,
    "Manufacturer": "Siemens",
    "ManufacturersModelName": "TrioTim",
    "PhaseEncodingDirection": "i-",
    "RepetitionTime": 2.3,
    "ScanningSequence": "GR_IR",
    "SequenceName": "_tfl3d1",
    "SequenceVariant": "SP_MP",
    "SoftwareVersions": "syngo_MR_B17",
    "dataset": "ds001894",
    "modality": "T1w",
    "session_id": "T1",
    "subject_id": "060"
  },
  "cjv": 0.33447930607770504,
  "cnr": 3.821501062263736,
  "efc": 0.6593901264266256,
  "fber": 47.7100525099769,
  "fwhm_avg": 3.469310581361803,
  "fwhm_x": 3.5613302122718222,
  "fwhm_y": 3.60282,
  "fwhm_z": 3.243781531813586,
  "icvs_csf": 0.22791903312481132,
  "icvs_gm": 0.44938895093770986,
  "icvs_wm": 0.3226920159374788,
  "inu_med": 1.2563791275024414,
  "inu_range": 0.2928985714912413,
  "provenance": {
    "md5sum": "7ca9b8554bd4932eda314027c115fa0c",
    "settings": {
      "testing": false
    },
    "software": "mriqc",
    "version": "21.0.0rc2",
    "warnings": {
      "large_rot_frame": true,
      "small_air_mask": false
    },
    "webapi_port": null,
    "webapi_url": "https://mriqc.nimh.nih.gov/api/v1"
  },
  "qi_1": 0.0,
  "qi_2": 0.0047706575626047356,
  "rpve_csf": 23.523976460051294,
  "rpve_gm": 12.586322673356554,
  "rpve_wm": 20.19467218675257,
  "size_x": 256,
  "size_y": 256,
  "size_z": 160,
  "snr_csf": 3.74222865056731,
  "snr_gm": 10.220905108869108,
  "snr_total": 11.894674144176719,
  "snr_wm": 21.720888673093736,
  "snrd_csf": 10.50294697626474,
  "snrd_gm": 19.453239194117796,
  "snrd_total": 19.53583950306604,
  "snrd_wm": 28.651332338815575,
  "spacing_x": 0.9999999403953552,
  "spacing_y": 1.0,
  "spacing_z": 0.9999008774757385,
  "summary_bg_k": 0.15454952039169711,
  "summary_bg_mad": 22.865826153732943,
  "summary_bg_mean": 83.78168674340488,
  "summary_bg_median": 82.43619294092059,
  "summary_bg_n": 1881951.0,
  "summary_bg_p05": 48.50610912591219,
  "summary_bg_p95": 123.68453012779355,
  "summary_bg_stdv": 22.914791260986092,
  "summary_csf_k": 0.5183338550004928,
  "summary_csf_mad": 97.82986797538291,
  "summary_csf_mean": 365.5452261529402,
  "summary_csf_median": 366.57796435430646,
  "summary_csf_n": 21569.0,
  "summary_csf_p05": 205.23769414946437,
  "summary_csf_p95": 518.6282864771783,
  "summary_csf_stdv": 97.95485543174891,
  "summary_gm_k": 0.19451400522000917,
  "summary_gm_mad": 63.800138464239176,
  "summary_gm_mean": 679.2751727569703,
  "summary_gm_median": 678.96456489712,
  "summary_gm_n": 29036.0,
  "summary_gm_p05": 569.9165415130556,
  "summary_gm_p95": 789.5851055346429,
  "summary_gm_stdv": 66.4278618960681,
  "summary_wm_k": 0.6849442887344694,
  "summary_wm_mad": 43.579574551820436,
  "summary_wm_mean": 998.2538903295176,
  "summary_wm_median": 1000.0000103339553,
  "summary_wm_n": 156272.0,
  "summary_wm_p05": 919.9830747060478,
  "summary_wm_p95": 1069.8560652472079,
  "summary_wm_stdv": 46.038485157286594,
  "tpm_overlap_csf": 0.15508043766021729,
  "tpm_overlap_gm": 0.46237024664878845,
  "tpm_overlap_wm": 0.48934078216552734,
  "wm2max": 0.5883123081542397
}