{
  "bids_meta": {
    "EchoTime": 0.00336,
    "FlipAngle": 9,
    "ImageType": [
      "ORIGINAL",
      "PRIMARY",
      "M",
      "ND",
      "NORM"
    ],
    "MagneticFieldStrength": 3,
    "Manufacturer": "Siemens",
    "ManufacturersModelName": "TrioTim",
    "PhaseEncodingDirection": "i-",
    "RepetitionTime": 2.3,
    "ScanningSequence": "GR_IR",
    "SequenceName": "_tfl3d1",
    "SequenceVariant": "SP_MP",
    "SoftwareVersions": "syngo_MR_B17",
    "dataset": "ds001894",
    "modality": "T1w",
    "session_id": "T2",
    "subject_id": "024"
  },
  "cjv": 0.36237790760417127,
  "cnr": 3.5052404222495563,
  "efc": 0.6981844167560465,
  "fber": 42.15660119527606,
  "fwhm_avg": 3.522390862624279,
  "fwhm_x": 3.55988,
  "fwhm_y": 3.6462502173334492,
  "fwhm_z": 3.3610423705393875,
  "icvs_csf": 0.23156063808124092,
  "icvs_gm": 0.4354137731308146,
  "icvs_wm": 0.33302558878794447,
  "inu_med": 1.100480556488037,
  "inu_range": 0.3338402509689331,
  "provenance": {
    "md5sum": "1fe4b25da46414191bd0fd83d487850f",
    "settings": {
      "testing": false
    },
    "software": "mriqc",
    "version": "21.0.0rc2",
    "warnings": {
      "large_rot_frame": true,
      "small_air_mask": false
    },
    "webapi_port": null,
    "webapi_url": "https://mriqc.nimh.nih.gov/api/v1"
  },
  "qi_1": 0.0,
  "qi_2": 0.002493305835751996,
  "rpve_csf": 20.4436654785359,
  "rpve_gm": 11.268051635266104,
  "rpve_wm": 17.361898661969718,
  "size_x": 256,
  "size_y": 256,
  "size_z": 160,
  "snr_csf": 3.553066405267805,
  "snr_gm": 10.017864649925908,
  "snr_total": 10.456277099453123,
  "snr_wm": 17.797900243165653,
  "snrd_csf": 9.16791437290137,
  "snrd_gm": 15.869956828036049,
  "snrd_total": 16.171002919505508,
  "snrd_wm": 23.475137557579107,
  "spacing_x": 1.0,
  "spacing_y": 0.9999999403953552,
  "spacing_z": 0.9999695420265198,
  "summary_bg_k": 0.8560466408731955,
  "summary_bg_mad": 27.90767044704673,
  "summary_bg_mean": 100.13717665197994,
  "summary_bg_median": 97.8504379838705,
  "summary_bg_n": 1493548.0,
  "summary_bg_p05": 57.17766556888819,
  "summary_bg_p95": 150.62679871171713,
  "summary_bg_stdv": 28.836349069406207,
  "summary_csf_k": -0.19635457341554297,
  "summary_csf_mad": 115.00989866904018,
  "summary_csf_mean": 386.47459465516687,
  "summary_csf_median": 390.5372099131346,
  "summary_csf_n": 24837.0,
  "summary_csf_p05": 203.8668683424592,
  "summary_csf_p95": 560.8205504238605,
  "summary_csf_stdv": 109.91332648625074,
  "summary_gm_k": 0.30602759194360685,
  "summary_gm_mad": 64.08859601618248,
  "summary_gm_mean": 678.5142497352964,
  "summary_gm_median": 676.032564111054,
  "summary_gm_n": 23387.0,
  "summary_gm_p05": 571.6194662302732,
  "summary_gm_p95": 796.1646078526974,
  "summary_gm_stdv": 67.48125817329273,
  "summary_wm_k": 1.2431611886487515,
  "summary_wm_mad": 53.31005941346088,
  "summary_wm_mean": 999.6541029142746,
  "summary_wm_median": 1000.0000383034348,
  "summary_wm_n": 182402.0,
  "summary_wm_p05": 907.2189603596926,
  "summary_wm_p95": 1089.8338138982654,
  "summary_wm_stdv": 56.186251380162446,
  "tpm_overlap_csf": 0.16475501656532288,
  "tpm_overlap_gm": 0.4583233594894409,
  "tpm_overlap_wm": 0.49959027767181396,
  "wm2max": 0.495801266439357
}