{
  "bids_meta": {
    "EchoTime": 0.00336,
    "FlipAngle": 9,
    "ImageType": [
      "ORIGINAL",
      "PRIMARY",
      "M",
      "ND",
      "NORM"
    ],
    "MagneticFieldStrength": 3,
    "Manufacturer": "Siemens",
    "ManufacturersModelName": "TrioTim",
    "PhaseEncodingDirection": "i-",
    "RepetitionTime": 2.3,
    "ScanningSequence": "GR_IR",
    "SequenceName": "_tfl3d1",
    "SequenceVariant": "SP_MP",
    "SoftwareVersions": "syngo_MR_B17",
    "dataset": "ds001894",
    "modality": "T1w",
    "session_id": "T1",
    "subject_id": "027"
  },
  "cjv": 0.3489150213933792,
  "cnr": 3.671779662291956,
  "efc": 0.6604707457911665,
  "fber": 38.28787011388119,
  "fwhm_avg": 3.6623899529204746,
  "fwhm_x": 3.74568,
  "fwhm_y": 3.754210223768367,
  "fwhm_z": 3.487279634993057,
  "icvs_csf": 0.2272557547131385,
  "icvs_gm": 0.45649673931393914,
  "icvs_wm": 0.3162475059729224,
  "inu_med": 1.1816596984863281,
  "inu_range": 0.40465127229690556,
  "provenance": {
    "md5sum": "096e23a8b2e8f52fe80b854feeae283a",
    "settings": {
      "testing": false
    },
    "software": "mriqc",
    "version": "21.0.0rc2",
    "warnings": {
      "large_rot_frame": true,
      "small_air_mask": false
    },
    "webapi_port": null,
    "webapi_url": "https://mriqc.nimh.nih.gov/api/v1"
  },
  "qi_1": 0.0,
  "qi_2": 0.004314693402227817,
  "rpve_csf": 24.348160316758282,
  "rpve_gm": 12.763897482256496,
  "rpve_wm": 20.66775931996222,
  "size_x": 256,
  "size_y": 256,
  "size_z": 160,
  "snr_csf": 4.108108758894981,
  "snr_gm": 10.332616007539299,
  "snr_total": 10.640027129950626,
  "snr_wm": 17.479356623417598,
  "snrd_csf": 9.608599843029744,
  "snrd_gm": 16.304743025658645,
  "snrd_total": 16.77448286722736,
  "snrd_wm": 24.410105732993692,
  "spacing_x": 1.0,
  "spacing_y": 0.9999999403953552,
  "spacing_z": 0.9999542236328125,
  "summary_bg_k": 0.3077367328580123,
  "summary_bg_mad": 26.838734753625165,
  "summary_bg_mean": 98.9814039649629,
  "summary_bg_median": 97.44511126354337,
  "summary_bg_n": 2095979.0,
  "summary_bg_p05": 57.60259980708361,
  "summary_bg_p95": 145.71831526234746,
  "summary_bg_stdv": 26.950094156715892,
  "summary_csf_k": 0.21433700332531425,
  "summary_csf_mad": 95.29971536630023,
  "summary_csf_mean": 390.48895883952343,
  "summary_csf_median": 393.63203047960997,
  "summary_csf_n": 24417.0,
  "summary_csf_p05": 228.5701973028481,
  "summary_csf_p95": 540.5143804483116,
  "summary_csf_stdv": 95.81634588681759,
  "summary_gm_k": 0.1348599641974073,
  "summary_gm_mad": 62.4968173340917,
  "summary_gm_mean": 670.1028303283542,
  "summary_gm_median": 667.9505035579205,
  "summary_gm_n": 25097.0,
  "summary_gm_p05": 566.0974667519331,
  "summary_gm_p95": 781.9317549146709,
  "summary_gm_stdv": 64.64357095633328,
  "summary_wm_k": 0.6384206978978968,
  "summary_wm_mad": 53.36022677966611,
  "summary_wm_mean": 997.5335614758831,
  "summary_wm_median": 999.9999626241624,
  "summary_wm_n": 138386.0,
  "summary_wm_p05": 898.0613350309432,
  "summary_wm_p95": 1086.27547615394,
  "summary_wm_stdv": 57.21013485106185,
  "tpm_overlap_csf": 0.15273544192314148,
  "tpm_overlap_gm": 0.4719724655151367,
  "tpm_overlap_wm": 0.49310603737831116,
  "wm2max": 0.4773147274757481
}