{
  "bids_meta": {
    "EchoTime": 0.00336,
    "FlipAngle": 9,
    "ImageType": [
      "ORIGINAL",
      "PRIMARY",
      "M",
      "ND",
      "NORM"
    ],
    "MagneticFieldStrength": 3,
    "Manufacturer": "Siemens",
    "ManufacturersModelName": "TrioTim",
    "PhaseEncodingDirection": "i-",
    "RepetitionTime": 2.3,
    "ScanningSequence": "GR_IR",
    "SequenceName": "_tfl3d1",
    "SequenceVariant": "SP_MP",
    "SoftwareVersions": "syngo_MR_B17",
    "dataset": "ds001894",
    "modality": "T1w",
    "session_id": "T1",
    "subject_id": "046"
  },
  "cjv": 0.31090208919943085,
  "cnr": 4.132256211719791,
  "efc": 0.6683670008411227,
  "fber": 44.42320941031898,
  "fwhm_avg": 3.5949086083959867,
  "fwhm_x": 3.63191,
  "fwhm_y": 3.67835,
  "fwhm_z": 3.4744658251879614,
  "icvs_csf": 0.22579118601521872,
  "icvs_gm": 0.45632721296055634,
  "icvs_wm": 0.31788160102422497,
  "inu_med": 1.0159626007080078,
  "inu_range": 0.2874734103679657,
  "provenance": {
    "md5sum": "375fb60e2a9adb56488fb939e4a7be81",
    "settings": {
      "testing": false
    },
    "software": "mriqc",
    "version": "21.0.0rc2",
    "warnings": {
      "large_rot_frame": true,
      "small_air_mask": false
    },
    "webapi_port": null,
    "webapi_url": "https://mriqc.nimh.nih.gov/api/v1"
  },
  "qi_1": 0.0,
  "qi_2": 0.004239309965104718,
  "rpve_csf": 20.38359174799763,
  "rpve_gm": 10.713696166469779,
  "rpve_wm": 17.52254515090706,
  "size_x": 256,
  "size_y": 256,
  "size_z": 160,
  "snr_csf": 3.966262464094306,
  "snr_gm": 10.724189316288102,
  "snr_total": 11.271344893000823,
  "snr_wm": 19.12358289862006,
  "snrd_csf": 10.062505604099576,
  "snrd_gm": 17.59793047265578,
  "snrd_total": 18.20000423371594,
  "snrd_wm": 26.93957662439246,
  "spacing_x": 1.0,
  "spacing_y": 1.0,
  "spacing_z": 0.9999695420265198,
  "summary_bg_k": 0.2513922474005179,
  "summary_bg_mad": 24.318732265050638,
  "summary_bg_mean": 88.7983122102963,
  "summary_bg_median": 87.26708897948265,
  "summary_bg_n": 2065267.0,
  "summary_bg_p05": 51.36248329281807,
  "summary_bg_p95": 131.3352681696415,
  "summary_bg_stdv": 24.43965034598475,
  "summary_csf_k": 0.6883547840876392,
  "summary_csf_mad": 91.72756847439608,
  "summary_csf_mean": 370.20292298869714,
  "summary_csf_median": 373.52128210663795,
  "summary_csf_n": 30807.0,
  "summary_csf_p05": 210.09863474965096,
  "summary_csf_p95": 515.8433596163987,
  "summary_csf_stdv": 94.17309700490213,
  "summary_gm_k": 0.3025442899317481,
  "summary_gm_mad": 57.77099761582306,
  "summary_gm_mean": 654.8632853405554,
  "summary_gm_median": 653.2370575666428,
  "summary_gm_n": 39912.0,
  "summary_gm_p05": 556.521388143301,
  "summary_gm_p95": 758.6832153201103,
  "summary_gm_stdv": 60.91172533259923,
  "summary_wm_k": 0.4242703155538319,
  "summary_wm_mad": 50.03831316288069,
  "summary_wm_mean": 998.4073026154268,
  "summary_wm_median": 999.9999598562717,
  "summary_wm_n": 170697.0,
  "summary_wm_p05": 909.512794661522,
  "summary_wm_p95": 1081.2955459952354,
  "summary_wm_stdv": 52.29130105935179,
  "tpm_overlap_csf": 0.14369666576385498,
  "tpm_overlap_gm": 0.4628712832927704,
  "tpm_overlap_wm": 0.4681580364704132,
  "wm2max": 0.5375197151338462
}