{
  "bids_meta": {
    "EchoTime": 0.00336,
    "FlipAngle": 9,
    "ImageType": [
      "ORIGINAL",
      "PRIMARY",
      "M",
      "ND",
      "NORM"
    ],
    "MagneticFieldStrength": 3,
    "Manufacturer": "Siemens",
    "ManufacturersModelName": "TrioTim",
    "PhaseEncodingDirection": "i-",
    "RepetitionTime": 2.3,
    "ScanningSequence": "GR_IR",
    "SequenceName": "_tfl3d1",
    "SequenceVariant": "SP_MP",
    "SoftwareVersions": "syngo_MR_B17",
    "dataset": "ds001894",
    "modality": "T1w",
    "session_id": "T2",
    "subject_id": "142"
  },
  "cjv": 0.33479148572675416,
  "cnr": 3.789732401461713,
  "efc": 0.6754536976853024,
  "fber": 41.26665879017013,
  "fwhm_avg": 3.5914713660866546,
  "fwhm_x": 3.73019,
  "fwhm_y": 3.69222,
  "fwhm_z": 3.352004098259964,
  "icvs_csf": 0.24474542986154615,
  "icvs_gm": 0.4238081572387796,
  "icvs_wm": 0.33144641289967425,
  "inu_med": 1.158035397529602,
  "inu_range": 0.33775901794433594,
  "provenance": {
    "md5sum": "b958f3ae70bfd7e68e49cae5fed9c7b6",
    "settings": {
      "testing": false
    },
    "software": "mriqc",
    "version": "22.0.0rc1",
    "warnings": {
      "large_rot_frame": true,
      "small_air_mask": false
    },
    "webapi_port": null,
    "webapi_url": "https://mriqc.nimh.nih.gov/api/v1"
  },
  "qi_1": 0.0,
  "qi_2": 0.004448740003947682,
  "rpve_csf": 22.136653794625268,
  "rpve_gm": 12.974165653357987,
  "rpve_wm": 20.17431361388918,
  "size_x": 256,
  "size_y": 256,
  "size_z": 160,
  "snr_csf": 3.510633890047059,
  "snr_gm": 10.31145225086324,
  "snr_total": 11.379687919994614,
  "snr_wm": 20.31697761907354,
  "snrd_csf": 9.994484233851221,
  "snrd_gm": 17.75833685634447,
  "snrd_total": 18.015102419548757,
  "snrd_wm": 26.292486168450587,
  "spacing_x": 1.0,
  "spacing_y": 1.0,
  "spacing_z": 0.9999122619628906,
  "summary_bg_k": 0.17845119035426382,
  "summary_bg_mad": 24.91812168264336,
  "summary_bg_mean": 91.85536300821148,
  "summary_bg_median": 90.35087786614895,
  "summary_bg_n": 2516604.0,
  "summary_bg_p05": 53.43859688937664,
  "summary_bg_p95": 135.1578957438469,
  "summary_bg_stdv": 24.95832169502111,
  "summary_csf_k": -0.2960650593888623,
  "summary_csf_mad": 115.95510069021306,
  "summary_csf_mean": 375.8100486203668,
  "summary_csf_median": 380.1403537094593,
  "summary_csf_n": 23689.0,
  "summary_csf_p05": 197.1368435740471,
  "summary_csf_p95": 545.6140391528606,
  "summary_csf_stdv": 108.28025421271816,
  "summary_gm_k": 0.41029050584993465,
  "summary_gm_mad": 61.33291328567124,
  "summary_gm_mean": 678.4120705416905,
  "summary_gm_median": 675.4386015236378,
  "summary_gm_n": 19279.0,
  "summary_gm_p05": 574.6877235800029,
  "summary_gm_p95": 792.1438655510544,
  "summary_gm_stdv": 65.50203282666659,
  "summary_wm_k": 0.4407569473766486,
  "summary_wm_mad": 47.33922908393624,
  "summary_wm_mean": 999.3542860606881,
  "summary_wm_median": 1000.0350951701403,
  "summary_wm_n": 163296.0,
  "summary_wm_p05": 917.789480522275,
  "summary_wm_p95": 1078.526323825121,
  "summary_wm_stdv": 49.22149602580688,
  "tpm_overlap_csf": 0.1506383866071701,
  "tpm_overlap_gm": 0.446303129196167,
  "tpm_overlap_wm": 0.47987860441207886,
  "wm2max": 0.6881972279905346
}