{
  "bids_meta": {
    "EchoTime": 0.00336,
    "FlipAngle": 9,
    "ImageType": [
      "ORIGINAL",
      "PRIMARY",
      "M",
      "ND",
      "NORM"
    ],
    "MagneticFieldStrength": 3,
    "Manufacturer": "Siemens",
    "ManufacturersModelName": "TrioTim",
    "PhaseEncodingDirection": "i-",
    "RepetitionTime": 2.3,
    "ScanningSequence": "GR_IR",
    "SequenceName": "_tfl3d1",
    "SequenceVariant": "SP_MP",
    "SoftwareVersions": "syngo_MR_B17",
    "dataset": "ds001894",
    "modality": "T1w",
    "session_id": "T2",
    "subject_id": "110"
  },
  "cjv": 0.32213182275936036,
  "cnr": 4.019015357146042,
  "efc": 0.6557584627955558,
  "fber": 40.38547340297985,
  "fwhm_avg": 3.6982996924426437,
  "fwhm_x": 3.7870195485520903,
  "fwhm_y": 3.77145,
  "fwhm_z": 3.5364295287758396,
  "icvs_csf": 0.23093014300820253,
  "icvs_gm": 0.4447347438754243,
  "icvs_wm": 0.3243351131163732,
  "inu_med": 1.1729495525360107,
  "inu_range": 0.29048482775688167,
  "provenance": {
    "md5sum": "ce6d5c1af6c4c22b20ca5d2ccce42ba5",
    "settings": {
      "testing": false
    },
    "software": "mriqc",
    "version": "22.0.0rc1",
    "warnings": {
      "large_rot_frame": true,
      "small_air_mask": false
    },
    "webapi_port": null,
    "webapi_url": "https://mriqc.nimh.nih.gov/api/v1"
  },
  "qi_1": 0.0,
  "qi_2": 0.0044665196640899275,
  "rpve_csf": 23.41561953917383,
  "rpve_gm": 12.753326758605878,
  "rpve_wm": 20.328874459550157,
  "size_x": 256,
  "size_y": 256,
  "size_z": 160,
  "snr_csf": 3.7254606497187672,
  "snr_gm": 10.514088334749886,
  "snr_total": 11.64773974079572,
  "snr_wm": 20.70367023791851,
  "snrd_csf": 9.725774501059806,
  "snrd_gm": 17.721022876707227,
  "snrd_total": 18.02976034688038,
  "snrd_wm": 26.642483662874106,
  "spacing_x": 1.0000001192092896,
  "spacing_y": 1.0,
  "spacing_z": 1.0000114440917969,
  "summary_bg_k": 0.15594638458546184,
  "summary_bg_mad": 24.58991470955398,
  "summary_bg_mean": 90.3617813095865,
  "summary_bg_median": 88.8925232887268,
  "summary_bg_n": 2295192.0,
  "summary_bg_p05": 52.493976298719645,
  "summary_bg_p95": 133.21623090282083,
  "summary_bg_stdv": 24.64003646585031,
  "summary_csf_k": 0.07309950675810217,
  "summary_csf_mad": 101.08514199567881,
  "summary_csf_mean": 363.28440747159243,
  "summary_csf_median": 365.04760482907295,
  "summary_csf_n": 23818.0,
  "summary_csf_p05": 202.19576683994384,
  "summary_csf_p95": 517.8316292315722,
  "summary_csf_stdv": 97.98518245109246,
  "summary_gm_k": 0.14321774292310163,
  "summary_gm_mad": 61.53535306627302,
  "summary_gm_mean": 666.2350438739479,
  "summary_gm_median": 665.1415736153722,
  "summary_gm_n": 24989.0,
  "summary_gm_p05": 563.1684501625598,
  "summary_gm_p95": 772.2946474142373,
  "summary_gm_stdv": 63.26066926759864,
  "summary_wm_k": 0.45488993122302945,
  "summary_wm_mad": 46.33321367686896,
  "summary_wm_mean": 998.650546808274,
  "summary_wm_median": 1000.0000356547534,
  "summary_wm_n": 151979.0,
  "summary_wm_p05": 916.9084031321108,
  "summary_wm_p95": 1074.9622508361936,
  "summary_wm_stdv": 48.300457562810735,
  "tpm_overlap_csf": 0.16121059656143188,
  "tpm_overlap_gm": 0.4710477590560913,
  "tpm_overlap_wm": 0.4972846210002899,
  "wm2max": 0.5601986406389454
}