{
  "bids_meta": {
    "EchoTime": 0.00336,
    "FlipAngle": 9,
    "ImageType": [
      "ORIGINAL",
      "PRIMARY",
      "M",
      "ND",
      "NORM"
    ],
    "MagneticFieldStrength": 3,
    "Manufacturer": "Siemens",
    "ManufacturersModelName": "TrioTim",
    "PhaseEncodingDirection": "i-",
    "RepetitionTime": 2.3,
    "ScanningSequence": "GR_IR",
    "SequenceName": "_tfl3d1",
    "SequenceVariant": "SP_MP",
    "SoftwareVersions": "syngo_MR_B17",
    "dataset": "ds001894",
    "modality": "T1w",
    "session_id": "T1",
    "subject_id": "049"
  },
  "cjv": 0.2973214173469905,
  "cnr": 4.20815200413974,
  "efc": 0.6535506087797631,
  "fber": 51.34205259575725,
  "fwhm_avg": 3.722193977081352,
  "fwhm_x": 3.776929549754912,
  "fwhm_y": 3.846389541474635,
  "fwhm_z": 3.54326284001451,
  "icvs_csf": 0.21369623560593398,
  "icvs_gm": 0.47639319091360754,
  "icvs_wm": 0.3099105734804585,
  "inu_med": 1.1828831434249878,
  "inu_range": 0.3546925485134125,
  "provenance": {
    "md5sum": "c6c5edeefa3d1c88dc1e807fb281dd5d",
    "settings": {
      "testing": false
    },
    "software": "mriqc",
    "version": "21.0.0rc2",
    "warnings": {
      "large_rot_frame": true,
      "small_air_mask": false
    },
    "webapi_port": null,
    "webapi_url": "https://mriqc.nimh.nih.gov/api/v1"
  },
  "qi_1": 0.0,
  "qi_2": 0.004705054495795801,
  "rpve_csf": 26.217371816501565,
  "rpve_gm": 12.850701265929677,
  "rpve_wm": 21.52078355735535,
  "size_x": 256,
  "size_y": 256,
  "size_z": 160,
  "snr_csf": 4.454881723935355,
  "snr_gm": 11.643976079814163,
  "snr_total": 11.623394476705167,
  "snr_wm": 18.771325626365986,
  "snrd_csf": 11.318345045450526,
  "snrd_gm": 18.958572344177075,
  "snrd_total": 19.680914684717795,
  "snrd_wm": 28.76582666452579,
  "spacing_x": 1.0000001192092896,
  "spacing_y": 1.0000001192092896,
  "spacing_z": 1.0000189542770386,
  "summary_bg_k": 0.23210795500116488,
  "summary_bg_mad": 22.774814128198074,
  "summary_bg_mean": 83.65637872839288,
  "summary_bg_median": 82.25889357179403,
  "summary_bg_n": 1908069.0,
  "summary_bg_p05": 48.5891091004014,
  "summary_bg_p95": 123.33308359980583,
  "summary_bg_stdv": 22.85220250189367,
  "summary_csf_k": 0.23756727174250036,
  "summary_csf_mad": 85.47382280726616,
  "summary_csf_mean": 389.5806871183565,
  "summary_csf_median": 393.46495398133993,
  "summary_csf_n": 28030.0,
  "summary_csf_p05": 231.8002574365586,
  "summary_csf_p95": 524.1858661103994,
  "summary_csf_stdv": 88.32062435346663,
  "summary_gm_k": 0.5158930550406486,
  "summary_gm_mad": 52.8135377984833,
  "summary_gm_mean": 661.7282010363863,
  "summary_gm_median": 659.0657702162862,
  "summary_gm_n": 48307.0,
  "summary_gm_p05": 572.3973873652518,
  "summary_gm_p95": 759.6699074059725,
  "summary_gm_stdv": 56.600850433310335,
  "summary_wm_k": 0.8883464132168615,
  "summary_wm_mad": 48.55350062342467,
  "summary_wm_mean": 995.6475793037878,
  "summary_wm_median": 999.9999663680792,
  "summary_wm_n": 143626.0,
  "summary_wm_p05": 898.9261467363685,
  "summary_wm_p95": 1074.3018868044019,
  "summary_wm_stdv": 53.272555439223495,
  "tpm_overlap_csf": 0.14560917019844055,
  "tpm_overlap_gm": 0.4738893210887909,
  "tpm_overlap_wm": 0.47289496660232544,
  "wm2max": 0.5792629579839106
}