{
  "bids_meta": {
    "EchoTime": 0.00336,
    "FlipAngle": 9,
    "ImageType": [
      "ORIGINAL",
      "PRIMARY",
      "M",
      "ND",
      "NORM"
    ],
    "MagneticFieldStrength": 3,
    "Manufacturer": "Siemens",
    "ManufacturersModelName": "TrioTim",
    "PhaseEncodingDirection": "i-",
    "RepetitionTime": 2.3,
    "ScanningSequence": "GR_IR",
    "SequenceName": "_tfl3d1",
    "SequenceVariant": "SP_MP",
    "SoftwareVersions": "syngo_MR_B17",
    "dataset": "ds001894",
    "modality": "T1w",
    "session_id": "T1",
    "subject_id": "125"
  },
  "cjv": 0.34180605780580947,
  "cnr": 3.714177401667909,
  "efc": 0.6867063046920384,
  "fber": 40.30014819830871,
  "fwhm_avg": 3.4844552698266895,
  "fwhm_x": 3.5394395780659225,
  "fwhm_y": 3.5030902088004474,
  "fwhm_z": 3.4108360226136982,
  "icvs_csf": 0.2277417949530425,
  "icvs_gm": 0.43617958130192674,
  "icvs_wm": 0.3360786237450308,
  "inu_med": 1.0869449377059937,
  "inu_range": 0.3126042276620865,
  "provenance": {
    "md5sum": "75d9785e33c3e476d210613f1b90d824",
    "settings": {
      "testing": false
    },
    "software": "mriqc",
    "version": "22.0.0rc1",
    "warnings": {
      "large_rot_frame": true,
      "small_air_mask": false
    },
    "webapi_port": null,
    "webapi_url": "https://mriqc.nimh.nih.gov/api/v1"
  },
  "qi_1": 0.0,
  "qi_2": 0.004099212388794069,
  "rpve_csf": 20.545040643974605,
  "rpve_gm": 11.174069297380486,
  "rpve_wm": 17.100752583926255,
  "size_x": 256,
  "size_y": 256,
  "size_z": 160,
  "snr_csf": 3.5888930481737606,
  "snr_gm": 9.630042093522198,
  "snr_total": 11.191779373089418,
  "snr_wm": 20.35640297757229,
  "snrd_csf": 9.346216167554795,
  "snrd_gm": 17.28258896521544,
  "snrd_total": 17.476218756030562,
  "snrd_wm": 25.79985113532145,
  "spacing_x": 1.0000001192092896,
  "spacing_y": 0.9999999403953552,
  "spacing_z": 0.9999923706054688,
  "summary_bg_k": 0.40596267921579177,
  "summary_bg_mad": 25.393029608089925,
  "summary_bg_mean": 93.19975792197701,
  "summary_bg_median": 91.68163387849927,
  "summary_bg_n": 2073045.0,
  "summary_bg_p05": 54.14166243374348,
  "summary_bg_p95": 137.32533311471343,
  "summary_bg_stdv": 25.467177076900416,
  "summary_csf_k": 1.6975321917421473,
  "summary_csf_mad": 104.62447749010964,
  "summary_csf_mean": 360.5289927120031,
  "summary_csf_median": 362.258534245193,
  "summary_csf_n": 28472.0,
  "summary_csf_p05": 199.13268399983644,
  "summary_csf_p95": 520.1914281139149,
  "summary_csf_stdv": 100.9370208763206,
  "summary_gm_k": 0.23363441756590664,
  "summary_gm_mad": 66.21021402927795,
  "summary_gm_mean": 673.1448609033068,
  "summary_gm_median": 669.8716608155519,
  "summary_gm_n": 21328.0,
  "summary_gm_p05": 563.5814149454236,
  "summary_gm_p95": 794.0623843180015,
  "summary_gm_stdv": 69.55898531731218,
  "summary_wm_k": 0.7693067949212713,
  "summary_wm_mad": 46.62965539286078,
  "summary_wm_mean": 999.4686422957037,
  "summary_wm_median": 1000.0000094659626,
  "summary_wm_n": 173042.0,
  "summary_wm_p05": 918.1742607392371,
  "summary_wm_p95": 1078.3652474060655,
  "summary_wm_stdv": 49.124450969632974,
  "tpm_overlap_csf": 0.1480722278356552,
  "tpm_overlap_gm": 0.4340773820877075,
  "tpm_overlap_wm": 0.45153218507766724,
  "wm2max": 0.6226862955185551
}