{
  "bids_meta": {
    "EchoTime": 0.00336,
    "FlipAngle": 9,
    "ImageType": [
      "ORIGINAL",
      "PRIMARY",
      "M",
      "ND",
      "NORM"
    ],
    "MagneticFieldStrength": 3,
    "Manufacturer": "Siemens",
    "ManufacturersModelName": "TrioTim",
    "PhaseEncodingDirection": "i-",
    "RepetitionTime": 2.3,
    "ScanningSequence": "GR_IR",
    "SequenceName": "_tfl3d1",
    "SequenceVariant": "SP_MP",
    "SoftwareVersions": "syngo_MR_B17",
    "dataset": "ds001894",
    "modality": "T1w",
    "session_id": "T1",
    "subject_id": "020"
  },
  "cjv": 0.47294143203001726,
  "cnr": 2.7189962252354722,
  "efc": 0.7223421680959009,
  "fber": 24.61142111419531,
  "fwhm_avg": 3.797303407935703,
  "fwhm_x": 3.7548602238071096,
  "fwhm_y": 4.0066,
  "fwhm_z": 3.63045,
  "icvs_csf": 0.2480458569822442,
  "icvs_gm": 0.42321551499429677,
  "icvs_wm": 0.32873862802345905,
  "inu_med": 1.3254636526107788,
  "inu_range": 0.5379198789596558,
  "provenance": {
    "md5sum": "30c3dbb798ee620211a7f9ab8206065f",
    "settings": {
      "testing": false
    },
    "software": "mriqc",
    "version": "21.0.0rc2",
    "warnings": {
      "large_rot_frame": true,
      "small_air_mask": false
    },
    "webapi_port": null,
    "webapi_url": "https://mriqc.nimh.nih.gov/api/v1"
  },
  "qi_1": 0.0,
  "qi_2": 0.0025114639152960167,
  "rpve_csf": 18.454884752576604,
  "rpve_gm": 10.621562917898004,
  "rpve_wm": 15.85192640237152,
  "size_x": 256,
  "size_y": 256,
  "size_z": 160,
  "snr_csf": 3.8426671567643402,
  "snr_gm": 8.775409912273359,
  "snr_total": 8.687971965124296,
  "snr_wm": 13.44583882633519,
  "snrd_csf": 8.166718956752439,
  "snrd_gm": 13.445452455618597,
  "snrd_total": 13.697411530596119,
  "snrd_wm": 19.48006317941732,
  "spacing_x": 0.9999999403953552,
  "spacing_y": 1.0,
  "spacing_z": 1.0,
  "summary_bg_k": 1.649495466274673,
  "summary_bg_mad": 33.63277047655788,
  "summary_bg_mean": 120.2993348172682,
  "summary_bg_median": 117.14845975488424,
  "summary_bg_n": 1920624.0,
  "summary_bg_p05": 68.44684160500765,
  "summary_bg_p95": 182.1656099408865,
  "summary_bg_stdv": 35.5469890347577,
  "summary_csf_k": 0.13208448686850183,
  "summary_csf_mad": 107.76288337359313,
  "summary_csf_mean": 416.55391411944055,
  "summary_csf_median": 419.2552781775594,
  "summary_csf_n": 46448.0,
  "summary_csf_p05": 231.99412669986486,
  "summary_csf_p95": 592.0137345120311,
  "summary_csf_stdv": 109.10410604962122,
  "summary_gm_k": 0.027187629287891646,
  "summary_gm_mad": 77.94376397699051,
  "summary_gm_mean": 696.9619221895763,
  "summary_gm_median": 690.2498958706856,
  "summary_gm_n": 21732.0,
  "summary_gm_p05": 576.678114309907,
  "summary_gm_p95": 837.2097233954818,
  "summary_gm_stdv": 78.65547269376727,
  "summary_wm_k": 1.3888640066814126,
  "summary_wm_mad": 68.57307846624329,
  "summary_wm_mean": 1004.3554603656653,
  "summary_wm_median": 1000.0490221902728,
  "summary_wm_n": 190778.0,
  "summary_wm_p05": 891.5237865746021,
  "summary_wm_p95": 1130.9652432128787,
  "summary_wm_stdv": 74.37590277018549,
  "tpm_overlap_csf": 0.13727723062038422,
  "tpm_overlap_gm": 0.4471769630908966,
  "tpm_overlap_wm": 0.466691255569458,
  "wm2max": 0.5914325499805168
}