{
  "bids_meta": {
    "EchoTime": 0.00336,
    "FlipAngle": 9,
    "ImageType": [
      "ORIGINAL",
      "PRIMARY",
      "M",
      "ND",
      "NORM"
    ],
    "MagneticFieldStrength": 3,
    "Manufacturer": "Siemens",
    "ManufacturersModelName": "TrioTim",
    "PhaseEncodingDirection": "i-",
    "RepetitionTime": 2.3,
    "ScanningSequence": "GR_IR",
    "SequenceName": "_tfl3d1",
    "SequenceVariant": "SP_MP",
    "SoftwareVersions": "syngo_MR_B17",
    "dataset": "ds001894",
    "modality": "T1w",
    "session_id": "T1",
    "subject_id": "143"
  },
  "cjv": 0.30046476885207424,
  "cnr": 4.301463256184,
  "efc": 0.6667138880219294,
  "fber": 48.19813601497421,
  "fwhm_avg": 3.8267204525618723,
  "fwhm_x": 3.91295,
  "fwhm_y": 4.00722,
  "fwhm_z": 3.5599913576856173,
  "icvs_csf": 0.2177560468741961,
  "icvs_gm": 0.4483458997152393,
  "icvs_wm": 0.33389805341056455,
  "inu_med": 1.1383693218231201,
  "inu_range": 0.3101033329963683,
  "provenance": {
    "md5sum": "56561394fc7aa1085756171e61c13dc2",
    "settings": {
      "testing": false
    },
    "software": "mriqc",
    "version": "22.0.0rc1",
    "warnings": {
      "large_rot_frame": true,
      "small_air_mask": false
    },
    "webapi_port": null,
    "webapi_url": "https://mriqc.nimh.nih.gov/api/v1"
  },
  "qi_1": 0.0,
  "qi_2": 0.005077213711727795,
  "rpve_csf": 22.60176038651965,
  "rpve_gm": 11.783129284315908,
  "rpve_wm": 18.242671315072574,
  "size_x": 256,
  "size_y": 256,
  "size_z": 160,
  "snr_csf": 4.272975717601104,
  "snr_gm": 11.378912749407462,
  "snr_total": 11.878571090360799,
  "snr_wm": 19.983824804073826,
  "snrd_csf": 10.904696560433223,
  "snrd_gm": 17.979039358052766,
  "snrd_total": 18.765780521890598,
  "snrd_wm": 27.413605647185808,
  "spacing_x": 1.0,
  "spacing_y": 1.0,
  "spacing_z": 1.000030517578125,
  "summary_bg_k": 0.2416710168098426,
  "summary_bg_mad": 23.898220584856638,
  "summary_bg_mean": 87.41552784958324,
  "summary_bg_median": 85.98138257861137,
  "summary_bg_n": 2020255.0,
  "summary_bg_p05": 50.78095078468323,
  "summary_bg_p95": 129.106720328331,
  "summary_bg_stdv": 23.99023007650137,
  "summary_csf_k": 0.150757508698661,
  "summary_csf_mad": 90.91590360921595,
  "summary_csf_mean": 391.6063561104422,
  "summary_csf_median": 397.7841144800186,
  "summary_csf_n": 30326.0,
  "summary_csf_p05": 224.98461774736643,
  "summary_csf_p95": 533.4308057427406,
  "summary_csf_stdv": 93.09146184025049,
  "summary_gm_k": 0.2974369148012115,
  "summary_gm_mad": 55.211163546876435,
  "summary_gm_mean": 658.551790018455,
  "summary_gm_median": 655.8436734676361,
  "summary_gm_n": 33102.0,
  "summary_gm_p05": 567.7464179396629,
  "summary_gm_p95": 758.0941955059765,
  "summary_gm_stdv": 57.63589030256099,
  "summary_wm_k": 0.36504463452259994,
  "summary_wm_mad": 48.195695451560525,
  "summary_wm_mean": 998.1782276388458,
  "summary_wm_median": 1000.0000262856483,
  "summary_wm_n": 176271.0,
  "summary_wm_p05": 913.0184128582478,
  "summary_wm_p95": 1076.9408608078957,
  "summary_wm_stdv": 50.04033009417864,
  "tpm_overlap_csf": 0.14244627952575684,
  "tpm_overlap_gm": 0.44536861777305603,
  "tpm_overlap_wm": 0.46154165267944336,
  "wm2max": 0.5755596395279322
}