{
  "bids_meta": {
    "EchoTime": 0.00336,
    "FlipAngle": 9,
    "ImageType": [
      "ORIGINAL",
      "PRIMARY",
      "M",
      "ND",
      "NORM"
    ],
    "MagneticFieldStrength": 3,
    "Manufacturer": "Siemens",
    "ManufacturersModelName": "TrioTim",
    "PhaseEncodingDirection": "i-",
    "RepetitionTime": 2.3,
    "ScanningSequence": "GR_IR",
    "SequenceName": "_tfl3d1",
    "SequenceVariant": "SP_MP",
    "SoftwareVersions": "syngo_MR_B17",
    "dataset": "ds001894",
    "modality": "T1w",
    "session_id": "T1",
    "subject_id": "047"
  },
  "cjv": 0.30067536546948337,
  "cnr": 4.148785733012179,
  "efc": 0.6750711038003622,
  "fber": 41.3770404608508,
  "fwhm_avg": 3.592803333333333,
  "fwhm_x": 3.6735,
  "fwhm_y": 3.66824,
  "fwhm_z": 3.43667,
  "icvs_csf": 0.22367238130821082,
  "icvs_gm": 0.4537896380189764,
  "icvs_wm": 0.32253798067281275,
  "inu_med": 1.1687333583831787,
  "inu_range": 0.34032127261161804,
  "provenance": {
    "md5sum": "a1ed318f5e30305035a811588ef2d9c2",
    "settings": {
      "testing": false
    },
    "software": "mriqc",
    "version": "21.0.0rc2",
    "warnings": {
      "large_rot_frame": true,
      "small_air_mask": false
    },
    "webapi_port": null,
    "webapi_url": "https://mriqc.nimh.nih.gov/api/v1"
  },
  "qi_1": 0.0,
  "qi_2": 0.004754674785552418,
  "rpve_csf": 23.097723769373946,
  "rpve_gm": 12.13648644838734,
  "rpve_wm": 19.525693122010466,
  "size_x": 256,
  "size_y": 256,
  "size_z": 160,
  "snr_csf": 4.166375292119808,
  "snr_gm": 10.713397726665248,
  "snr_total": 11.32220795314497,
  "snr_wm": 19.086850840649856,
  "snrd_csf": 10.111385406546054,
  "snrd_gm": 17.231120612364823,
  "snrd_total": 17.931825929979567,
  "snrd_wm": 26.45297177102783,
  "spacing_x": 1.0,
  "spacing_y": 1.0,
  "spacing_z": 1.0,
  "summary_bg_k": 0.3235025361579775,
  "summary_bg_mad": 24.766078256953804,
  "summary_bg_mean": 89.98437961849191,
  "summary_bg_median": 88.49441615119576,
  "summary_bg_n": 1826809.0,
  "summary_bg_p05": 52.03244872763753,
  "summary_bg_p95": 133.33042393997312,
  "summary_bg_stdv": 24.88093597755257,
  "summary_csf_k": 0.4276764511555573,
  "summary_csf_mad": 91.88667677057796,
  "summary_csf_mean": 380.11516376873476,
  "summary_csf_median": 382.2400508373976,
  "summary_csf_n": 22492.0,
  "summary_csf_p05": 230.0047946250066,
  "summary_csf_p95": 521.1727950112894,
  "summary_csf_stdv": 91.74198834687266,
  "summary_gm_k": 0.40336480668711694,
  "summary_gm_mad": 56.83911955055456,
  "summary_gm_mean": 653.2527493650176,
  "summary_gm_median": 651.3869419507682,
  "summary_gm_n": 38407.0,
  "summary_gm_p05": 556.276161615178,
  "summary_gm_p95": 757.283660735935,
  "summary_gm_stdv": 60.800362168889606,
  "summary_wm_k": 0.7950196802165612,
  "summary_wm_mad": 47.98023516099145,
  "summary_wm_mean": 995.7539635361653,
  "summary_wm_median": 999.9999869465828,
  "summary_wm_n": 164489.0,
  "summary_wm_p05": 900.9944055452943,
  "summary_wm_p95": 1073.5606977798047,
  "summary_wm_stdv": 52.3919296888587,
  "tpm_overlap_csf": 0.15543347597122192,
  "tpm_overlap_gm": 0.47381138801574707,
  "tpm_overlap_wm": 0.4946129024028778,
  "wm2max": 0.5718116342045033
}