{
  "bids_meta": {
    "EchoTime": 0.00336,
    "FlipAngle": 9,
    "ImageType": [
      "ORIGINAL",
      "PRIMARY",
      "M",
      "ND",
      "NORM"
    ],
    "MagneticFieldStrength": 3,
    "Manufacturer": "Siemens",
    "ManufacturersModelName": "TrioTim",
    "PhaseEncodingDirection": "i-",
    "RepetitionTime": 2.3,
    "ScanningSequence": "GR_IR",
    "SequenceName": "_tfl3d1",
    "SequenceVariant": "SP_MP",
    "SoftwareVersions": "syngo_MR_B17",
    "dataset": "ds001894",
    "modality": "T1w",
    "session_id": "T1",
    "subject_id": "030"
  },
  "cjv": 0.32779612242293404,
  "cnr": 3.9269641385442466,
  "efc": 0.6935104689549971,
  "fber": 53.41042638198379,
  "fwhm_avg": 3.9229342505251488,
  "fwhm_x": 3.91849,
  "fwhm_y": 4.09848,
  "fwhm_z": 3.7518327515754457,
  "icvs_csf": 0.237630432043003,
  "icvs_gm": 0.4310573514818324,
  "icvs_wm": 0.3313122164751646,
  "inu_med": 1.3954758644104004,
  "inu_range": 0.4319784641265867,
  "provenance": {
    "md5sum": "f66438b391c5042aa376c52a0e953a30",
    "settings": {
      "testing": false
    },
    "software": "mriqc",
    "version": "21.0.0rc2",
    "warnings": {
      "large_rot_frame": true,
      "small_air_mask": false
    },
    "webapi_port": null,
    "webapi_url": "https://mriqc.nimh.nih.gov/api/v1"
  },
  "qi_1": 0.0,
  "qi_2": 0.0038412338242170036,
  "rpve_csf": 18.353187462412,
  "rpve_gm": 10.478702345779906,
  "rpve_wm": 16.169866470664104,
  "size_x": 256,
  "size_y": 256,
  "size_z": 160,
  "snr_csf": 4.199808047861035,
  "snr_gm": 9.802296304816256,
  "snr_total": 11.594159219518758,
  "snr_wm": 20.780373305878978,
  "snrd_csf": 11.4405553782871,
  "snrd_gm": 19.992039111477972,
  "snrd_total": 20.52966315031416,
  "snrd_wm": 30.15639496117741,
  "spacing_x": 1.0,
  "spacing_y": 1.0,
  "spacing_z": 1.0000152587890625,
  "summary_bg_k": 0.24300786974327915,
  "summary_bg_mad": 21.724624231300254,
  "summary_bg_mean": 79.19503420555228,
  "summary_bg_median": 77.80064549297094,
  "summary_bg_n": 1464398.0,
  "summary_bg_p05": 45.80818274989724,
  "summary_bg_p95": 117.25917914882302,
  "summary_bg_stdv": 21.846707296355287,
  "summary_csf_k": -0.04201153684096903,
  "summary_csf_mad": 90.46754233462892,
  "summary_csf_mean": 374.62616681983496,
  "summary_csf_median": 379.37408927828074,
  "summary_csf_n": 43954.0,
  "summary_csf_p05": 218.7837882898748,
  "summary_csf_p95": 515.6822157092392,
  "summary_csf_stdv": 90.33026494294369,
  "summary_gm_k": 0.2719124786282743,
  "summary_gm_mad": 64.13936677812455,
  "summary_gm_mean": 667.3204399644256,
  "summary_gm_median": 662.9452312365174,
  "summary_gm_n": 36472.0,
  "summary_gm_p05": 562.7812611870468,
  "summary_gm_p95": 786.2906537065281,
  "summary_gm_stdv": 67.63069816967634,
  "summary_wm_k": 0.4090252233544964,
  "summary_wm_mad": 46.34586502677387,
  "summary_wm_mean": 999.400443052778,
  "summary_wm_median": 999.9999559484422,
  "summary_wm_n": 205419.0,
  "summary_wm_p05": 919.6175849996507,
  "summary_wm_p95": 1076.8935087136924,
  "summary_wm_stdv": 48.122211626162034,
  "tpm_overlap_csf": 0.15024685859680176,
  "tpm_overlap_gm": 0.4501460790634155,
  "tpm_overlap_wm": 0.47615572810173035,
  "wm2max": 0.6248321388992902
}