{
  "bids_meta": {
    "EchoTime": 0.00336,
    "FlipAngle": 9,
    "ImageType": [
      "ORIGINAL",
      "PRIMARY",
      "M",
      "ND",
      "NORM"
    ],
    "MagneticFieldStrength": 3,
    "Manufacturer": "Siemens",
    "ManufacturersModelName": "TrioTim",
    "PhaseEncodingDirection": "i-",
    "RepetitionTime": 2.3,
    "ScanningSequence": "GR_IR",
    "SequenceName": "_tfl3d1",
    "SequenceVariant": "SP_MP",
    "SoftwareVersions": "syngo_MR_B17",
    "dataset": "ds001894",
    "modality": "T1w",
    "session_id": "T1",
    "subject_id": "180"
  },
  "cjv": 0.3122247141883032,
  "cnr": 4.068591741371471,
  "efc": 0.6620827421831582,
  "fber": 46.29609947922202,
  "fwhm_avg": 3.6111081817904367,
  "fwhm_x": 3.68913,
  "fwhm_y": 3.72838,
  "fwhm_z": 3.41581454537131,
  "icvs_csf": 0.22408374735353218,
  "icvs_gm": 0.4669603864674178,
  "icvs_wm": 0.3089558661790501,
  "inu_med": 1.2158476114273071,
  "inu_range": 0.3477983355522154,
  "provenance": {
    "md5sum": "002c2c4085ee529660d6dfdf5eecd3d6",
    "settings": {
      "testing": false
    },
    "software": "mriqc",
    "version": "22.0.0rc1",
    "warnings": {
      "large_rot_frame": true,
      "small_air_mask": false
    },
    "webapi_port": null,
    "webapi_url": "https://mriqc.nimh.nih.gov/api/v1"
  },
  "qi_1": 0.0,
  "qi_2": 0.005216669606903998,
  "rpve_csf": 24.93802037147993,
  "rpve_gm": 12.794203981823403,
  "rpve_wm": 21.469393853217436,
  "size_x": 256,
  "size_y": 256,
  "size_z": 160,
  "snr_csf": 3.9301888270265652,
  "snr_gm": 11.134960530776839,
  "snr_total": 11.266910715385306,
  "snr_wm": 18.735582788352513,
  "snrd_csf": 10.521899714381336,
  "snrd_gm": 17.94367946014548,
  "snrd_total": 18.542110578465614,
  "snrd_wm": 27.16075256087003,
  "spacing_x": 1.0,
  "spacing_y": 1.0,
  "spacing_z": 0.9999313354492188,
  "summary_bg_k": 0.17477743702146764,
  "summary_bg_mad": 24.119672658221933,
  "summary_bg_mean": 88.07195670955282,
  "summary_bg_median": 86.53804993629456,
  "summary_bg_n": 1983831.0,
  "summary_bg_p05": 50.892209485173225,
  "summary_bg_p95": 130.36071400344372,
  "summary_bg_stdv": 24.248566413346293,
  "summary_csf_k": 0.12861515452606342,
  "summary_csf_mad": 97.55207920668295,
  "summary_csf_mean": 381.5899986106722,
  "summary_csf_median": 387.37701880931854,
  "summary_csf_n": 19926.0,
  "summary_csf_p05": 210.43609214946628,
  "summary_csf_p95": 533.9103826470673,
  "summary_csf_stdv": 98.5620069022257,
  "summary_gm_k": 0.2601940591463845,
  "summary_gm_mad": 56.8895944111465,
  "summary_gm_mean": 661.9647144375328,
  "summary_gm_median": 660.6192079782486,
  "summary_gm_n": 27718.0,
  "summary_gm_p05": 566.7986745089293,
  "summary_gm_p95": 762.4526027150451,
  "summary_gm_stdv": 59.32731321805586,
  "summary_wm_k": 0.8042591014459366,
  "summary_wm_mad": 49.06017187287551,
  "summary_wm_mean": 997.0126878050922,
  "summary_wm_median": 999.9573880434036,
  "summary_wm_n": 133612.0,
  "summary_wm_p05": 903.5815971940756,
  "summary_wm_p95": 1078.19085149467,
  "summary_wm_stdv": 53.37189973287971,
  "tpm_overlap_csf": 0.15903806686401367,
  "tpm_overlap_gm": 0.47152984142303467,
  "tpm_overlap_wm": 0.4865007698535919,
  "wm2max": 0.5912868295139764
}