{
  "bids_meta": {
    "EchoTime": 0.00336,
    "FlipAngle": 9,
    "ImageType": [
      "ORIGINAL",
      "PRIMARY",
      "M",
      "ND",
      "NORM"
    ],
    "MagneticFieldStrength": 3,
    "Manufacturer": "Siemens",
    "ManufacturersModelName": "TrioTim",
    "PhaseEncodingDirection": "i-",
    "RepetitionTime": 2.3,
    "ScanningSequence": "GR_IR",
    "SequenceName": "_tfl3d1",
    "SequenceVariant": "SP_MP",
    "SoftwareVersions": "syngo_MR_B17",
    "dataset": "ds001894",
    "modality": "T1w",
    "session_id": "T1",
    "subject_id": "083"
  },
  "cjv": 0.34756404176267985,
  "cnr": 3.711624431837672,
  "efc": 0.6745939256922879,
  "fber": 37.622210308221725,
  "fwhm_avg": 3.7163833333333334,
  "fwhm_x": 3.80297,
  "fwhm_y": 3.8301,
  "fwhm_z": 3.51608,
  "icvs_csf": 0.23271788755189193,
  "icvs_gm": 0.4489093062598518,
  "icvs_wm": 0.31837280618825625,
  "inu_med": 1.110790491104126,
  "inu_range": 0.3492373645305634,
  "provenance": {
    "md5sum": "601c1e66aced6007d30836ed4316bc3d",
    "settings": {
      "testing": false
    },
    "software": "mriqc",
    "version": "21.0.0rc2",
    "warnings": {
      "large_rot_frame": true,
      "small_air_mask": false
    },
    "webapi_port": null,
    "webapi_url": "https://mriqc.nimh.nih.gov/api/v1"
  },
  "qi_1": 0.0,
  "qi_2": 0.0029102064537783606,
  "rpve_csf": 21.75060825469083,
  "rpve_gm": 11.620467364120858,
  "rpve_wm": 18.38788385232087,
  "size_x": 256,
  "size_y": 256,
  "size_z": 160,
  "snr_csf": 4.22649619853016,
  "snr_gm": 10.582809975860771,
  "snr_total": 10.573381352993742,
  "snr_wm": 16.910837884590297,
  "snrd_csf": 9.500479590392912,
  "snrd_gm": 16.14695419207104,
  "snrd_total": 16.652116292666552,
  "snrd_wm": 24.30891509553571,
  "spacing_x": 1.0,
  "spacing_y": 1.0,
  "spacing_z": 1.0,
  "summary_bg_k": 0.3195480207493211,
  "summary_bg_mad": 26.95105218449765,
  "summary_bg_mean": 98.85649378558935,
  "summary_bg_median": 97.0239815376699,
  "summary_bg_n": 1751615.0,
  "summary_bg_p05": 57.27018100768328,
  "summary_bg_p95": 146.61695800349116,
  "summary_bg_stdv": 27.333735421231832,
  "summary_csf_k": 0.20598286400175025,
  "summary_csf_mad": 90.60001765905157,
  "summary_csf_mean": 388.27357486746763,
  "summary_csf_median": 390.8314817920327,
  "summary_csf_n": 30092.0,
  "summary_csf_p05": 232.875204436481,
  "summary_csf_p95": 535.3945669712498,
  "summary_csf_stdv": 92.47020923163896,
  "summary_gm_k": 0.13086847443522087,
  "summary_gm_mad": 61.294019167170624,
  "summary_gm_mean": 667.3490999984539,
  "summary_gm_median": 664.2546803317964,
  "summary_gm_n": 36599.0,
  "summary_gm_p05": 568.8190859407187,
  "summary_gm_p95": 776.1080207575112,
  "summary_gm_stdv": 62.76646817050544,
  "summary_wm_k": 0.5405233497411226,
  "summary_wm_mad": 55.4066533987124,
  "summary_wm_mean": 998.589785625209,
  "summary_wm_median": 1000.0220743753016,
  "summary_wm_n": 159255.0,
  "summary_wm_p05": 898.3652969934046,
  "summary_wm_p95": 1092.63386939466,
  "summary_wm_stdv": 59.13479518323968,
  "tpm_overlap_csf": 0.14098775386810303,
  "tpm_overlap_gm": 0.46450772881507874,
  "tpm_overlap_wm": 0.4734061658382416,
  "wm2max": 0.4783449909127622
}