{
  "bids_meta": {
    "EchoTime": 0.00336,
    "FlipAngle": 9,
    "ImageType": [
      "ORIGINAL",
      "PRIMARY",
      "M",
      "ND",
      "NORM"
    ],
    "MagneticFieldStrength": 3,
    "Manufacturer": "Siemens",
    "ManufacturersModelName": "TrioTim",
    "PhaseEncodingDirection": "i-",
    "RepetitionTime": 2.3,
    "ScanningSequence": "GR_IR",
    "SequenceName": "_tfl3d1",
    "SequenceVariant": "SP_MP",
    "SoftwareVersions": "syngo_MR_B17",
    "dataset": "ds001894",
    "modality": "T1w",
    "session_id": "T1",
    "subject_id": "002"
  },
  "cjv": 0.32695416246450315,
  "cnr": 3.9136857828480296,
  "efc": 0.6648692738940658,
  "fber": 43.29840918361401,
  "fwhm_avg": 3.5915731215076376,
  "fwhm_x": 3.5895391441871776,
  "fwhm_y": 3.696620220335735,
  "fwhm_z": 3.48856,
  "icvs_csf": 0.2174386200893813,
  "icvs_gm": 0.43878787197121205,
  "icvs_wm": 0.34377350793940664,
  "inu_med": 1.06132173538208,
  "inu_range": 0.280159842967987,
  "provenance": {
    "md5sum": "7cca88b50369346def0882dc28b48ea0",
    "settings": {
      "testing": false
    },
    "software": "mriqc",
    "version": "21.0.0rc2",
    "warnings": {
      "large_rot_frame": true,
      "small_air_mask": false
    },
    "webapi_port": null,
    "webapi_url": "https://mriqc.nimh.nih.gov/api/v1"
  },
  "qi_1": 0.0,
  "qi_2": 0.0036291300014528976,
  "rpve_csf": 22.02443098945083,
  "rpve_gm": 11.68348876846677,
  "rpve_wm": 17.714649768213327,
  "size_x": 256,
  "size_y": 256,
  "size_z": 160,
  "snr_csf": 3.521087067135569,
  "snr_gm": 10.314960543599222,
  "snr_total": 11.496081720522048,
  "snr_wm": 20.652197550831353,
  "snrd_csf": 9.814448928141514,
  "snrd_gm": 18.5443877851514,
  "snrd_total": 18.683521695706663,
  "snrd_wm": 27.691728373827072,
  "spacing_x": 1.000000238418579,
  "spacing_y": 0.9999999403953552,
  "spacing_z": 1.0,
  "summary_bg_k": 0.3246066636523799,
  "summary_bg_mad": 23.65819658290045,
  "summary_bg_mean": 87.96537814706127,
  "summary_bg_median": 86.59328684583306,
  "summary_bg_n": 1915775.0,
  "summary_bg_p05": 51.36365457624197,
  "summary_bg_p95": 129.11638125404716,
  "summary_bg_stdv": 23.759347294335445,
  "summary_csf_k": -0.33728589470600134,
  "summary_csf_mad": 112.72049341437334,
  "summary_csf_mean": 355.786250493345,
  "summary_csf_median": 354.4180571362376,
  "summary_csf_n": 18053.0,
  "summary_csf_p05": 200.6365130133927,
  "summary_csf_p95": 519.4447937928139,
  "summary_csf_stdv": 100.65307508722763,
  "summary_gm_k": 0.35187766357172734,
  "summary_gm_mad": 61.40645484259757,
  "summary_gm_mean": 671.3641265618687,
  "summary_gm_median": 669.6724327281117,
  "summary_gm_n": 37162.0,
  "summary_gm_p05": 567.2103403806686,
  "summary_gm_p95": 781.1076936461031,
  "summary_gm_stdv": 64.9215689831739,
  "summary_wm_k": 0.37971656842861634,
  "summary_wm_mad": 46.59550628931363,
  "summary_wm_mean": 998.3349062424477,
  "summary_wm_median": 999.9999634064734,
  "summary_wm_n": 187734.0,
  "summary_wm_p05": 915.9704390093684,
  "summary_wm_p95": 1074.702696826309,
  "summary_wm_stdv": 48.42086647674714,
  "tpm_overlap_csf": 0.15997202694416046,
  "tpm_overlap_gm": 0.4596431255340576,
  "tpm_overlap_wm": 0.48857542872428894,
  "wm2max": 0.5634743605404728
}