{
  "bids_meta": {
    "EchoTime": 0.00336,
    "FlipAngle": 9,
    "ImageType": [
      "ORIGINAL",
      "PRIMARY",
      "M",
      "ND",
      "NORM"
    ],
    "MagneticFieldStrength": 3,
    "Manufacturer": "Siemens",
    "ManufacturersModelName": "TrioTim",
    "PhaseEncodingDirection": "i-",
    "RepetitionTime": 2.3,
    "ScanningSequence": "GR_IR",
    "SequenceName": "_tfl3d1",
    "SequenceVariant": "SP_MP",
    "SoftwareVersions": "syngo_MR_B17",
    "dataset": "ds001894",
    "modality": "T1w",
    "session_id": "T1",
    "subject_id": "073"
  },
  "cjv": 0.29371322024378277,
  "cnr": 4.2797234320670805,
  "efc": 0.6702854756654792,
  "fber": 45.22387674999774,
  "fwhm_avg": 3.60889651697399,
  "fwhm_x": 3.61785,
  "fwhm_y": 3.7671395509219705,
  "fwhm_z": 3.4417,
  "icvs_csf": 0.22823048008625194,
  "icvs_gm": 0.45171247268019155,
  "icvs_wm": 0.32005704723355655,
  "inu_med": 1.1967251300811768,
  "inu_range": 0.4113411962985991,
  "provenance": {
    "md5sum": "b0a0e68feb40e5777d8f45c52285c402",
    "settings": {
      "testing": false
    },
    "software": "mriqc",
    "version": "21.0.0rc2",
    "warnings": {
      "large_rot_frame": true,
      "small_air_mask": false
    },
    "webapi_port": null,
    "webapi_url": "https://mriqc.nimh.nih.gov/api/v1"
  },
  "qi_1": 0.0,
  "qi_2": 0.0045828761830229185,
  "rpve_csf": 21.430651214583246,
  "rpve_gm": 11.434203514478584,
  "rpve_wm": 18.55216530698418,
  "size_x": 256,
  "size_y": 256,
  "size_z": 160,
  "snr_csf": 4.0674342428701005,
  "snr_gm": 10.406972396580617,
  "snr_total": 10.810638948184966,
  "snr_wm": 17.95751020510418,
  "snrd_csf": 10.481521434703405,
  "snrd_gm": 17.714635327960988,
  "snrd_total": 18.728620033077267,
  "snrd_wm": 27.98970333656741,
  "spacing_x": 1.0,
  "spacing_y": 1.0000001192092896,
  "spacing_z": 1.0,
  "summary_bg_k": 0.38484321863685267,
  "summary_bg_mad": 23.406334080194792,
  "summary_bg_mean": 86.2359652884128,
  "summary_bg_median": 84.77834485843778,
  "summary_bg_n": 1850257.0,
  "summary_bg_p05": 50.09797526523471,
  "summary_bg_p95": 127.22297630086541,
  "summary_bg_stdv": 23.629050295611638,
  "summary_csf_k": 0.14869038657276734,
  "summary_csf_mad": 89.9800875705849,
  "summary_csf_mean": 369.6142199945176,
  "summary_csf_median": 374.4777435231954,
  "summary_csf_n": 24996.0,
  "summary_csf_p05": 206.17812477238476,
  "summary_csf_p95": 509.9363832855597,
  "summary_csf_stdv": 92.06547182693879,
  "summary_gm_k": 0.5068851425441876,
  "summary_gm_mad": 55.85727032252575,
  "summary_gm_mean": 635.395482372683,
  "summary_gm_median": 632.8982587382197,
  "summary_gm_n": 33093.0,
  "summary_gm_p05": 538.6844870992005,
  "summary_gm_p95": 740.998967284709,
  "summary_gm_stdv": 60.813911301907964,
  "summary_wm_k": 0.7568083664284377,
  "summary_wm_mad": 51.96535060427322,
  "summary_wm_mean": 996.7395392230056,
  "summary_wm_median": 999.9999535046518,
  "summary_wm_n": 169702.0,
  "summary_wm_p05": 899.7300576232374,
  "summary_wm_p95": 1081.2658941932023,
  "summary_wm_stdv": 55.686840532880716,
  "tpm_overlap_csf": 0.1452885866165161,
  "tpm_overlap_gm": 0.4607203006744385,
  "tpm_overlap_wm": 0.484039306640625,
  "wm2max": 0.5813933492401281
}