{
  "bids_meta": {
    "EchoTime": 0.00336,
    "FlipAngle": 9,
    "ImageType": [
      "ORIGINAL",
      "PRIMARY",
      "M",
      "ND",
      "NORM"
    ],
    "MagneticFieldStrength": 3,
    "Manufacturer": "Siemens",
    "ManufacturersModelName": "TrioTim",
    "PhaseEncodingDirection": "i-",
    "RepetitionTime": 2.3,
    "ScanningSequence": "GR_IR",
    "SequenceName": "_tfl3d1",
    "SequenceVariant": "SP_MP",
    "SoftwareVersions": "syngo_MR_B17",
    "dataset": "ds001894",
    "modality": "T1w",
    "session_id": "T1",
    "subject_id": "165"
  },
  "cjv": 0.3325016257942566,
  "cnr": 3.8335021517990784,
  "efc": 0.6779112050344966,
  "fber": 36.38989330810163,
  "fwhm_avg": 3.8370973382728337,
  "fwhm_x": 3.96121,
  "fwhm_y": 3.91614,
  "fwhm_z": 3.6339420148185004,
  "icvs_csf": 0.23691129197390298,
  "icvs_gm": 0.44075118947420266,
  "icvs_wm": 0.32233751855189435,
  "inu_med": 1.143843412399292,
  "inu_range": 0.3892122745513915,
  "provenance": {
    "md5sum": "a4df510f122d548772b40187cc32e12a",
    "settings": {
      "testing": false
    },
    "software": "mriqc",
    "version": "22.0.0rc1",
    "warnings": {
      "large_rot_frame": true,
      "small_air_mask": false
    },
    "webapi_port": null,
    "webapi_url": "https://mriqc.nimh.nih.gov/api/v1"
  },
  "qi_1": 0.0,
  "qi_2": 0.004671443186750693,
  "rpve_csf": 21.096368077084716,
  "rpve_gm": 11.708291391991066,
  "rpve_wm": 18.48623276543232,
  "size_x": 256,
  "size_y": 256,
  "size_z": 160,
  "snr_csf": 3.7188802802666516,
  "snr_gm": 10.227260352395872,
  "snr_total": 10.839044667832928,
  "snr_wm": 18.57099337083626,
  "snrd_csf": 9.171022745161133,
  "snrd_gm": 16.631216175320457,
  "snrd_total": 16.9750113995732,
  "snrd_wm": 25.122795278238012,
  "spacing_x": 1.0,
  "spacing_y": 1.0,
  "spacing_z": 0.9999389052391052,
  "summary_bg_k": 0.17873467596821424,
  "summary_bg_mad": 26.07736730212,
  "summary_bg_mean": 95.60084128879735,
  "summary_bg_median": 94.01509594917297,
  "summary_bg_n": 1757861.0,
  "summary_bg_p05": 55.33504405617714,
  "summary_bg_p95": 141.17829805612564,
  "summary_bg_stdv": 26.17078520300375,
  "summary_csf_k": 0.05050556216298707,
  "summary_csf_mad": 97.81897402819571,
  "summary_csf_mean": 359.53793734581933,
  "summary_csf_median": 365.04785393178463,
  "summary_csf_n": 26332.0,
  "summary_csf_p05": 191.02653394639492,
  "summary_csf_p95": 510.6622947603464,
  "summary_csf_stdv": 98.15882596803151,
  "summary_gm_k": 0.13085666866895895,
  "summary_gm_mad": 62.943379926134774,
  "summary_gm_mean": 664.9060538396063,
  "summary_gm_median": 661.9970249533653,
  "summary_gm_n": 28227.0,
  "summary_gm_p05": 562.9465178221465,
  "summary_gm_p95": 777.0643423050642,
  "summary_gm_stdv": 64.72752973242153,
  "summary_wm_k": 0.8544215611911938,
  "summary_wm_mad": 49.44314995114345,
  "summary_wm_mean": 998.0526739419829,
  "summary_wm_median": 999.9999733865261,
  "summary_wm_n": 167640.0,
  "summary_wm_p05": 906.0627045035362,
  "summary_wm_p95": 1082.1853552758694,
  "summary_wm_stdv": 53.84725366230663,
  "tpm_overlap_csf": 0.16049443185329437,
  "tpm_overlap_gm": 0.46314841508865356,
  "tpm_overlap_wm": 0.4868277311325073,
  "wm2max": 0.5242136183754232
}