{
  "bids_meta": {
    "EchoTime": 0.00336,
    "FlipAngle": 9,
    "ImageType": [
      "ORIGINAL",
      "PRIMARY",
      "M",
      "ND",
      "NORM"
    ],
    "MagneticFieldStrength": 3,
    "Manufacturer": "Siemens",
    "ManufacturersModelName": "TrioTim",
    "PhaseEncodingDirection": "i-",
    "RepetitionTime": 2.3,
    "ScanningSequence": "GR_IR",
    "SequenceName": "_tfl3d1",
    "SequenceVariant": "SP_MP",
    "SoftwareVersions": "syngo_MR_B17",
    "dataset": "ds001894",
    "modality": "T1w",
    "session_id": "T1",
    "subject_id": "147"
  },
  "cjv": 0.3782167698279791,
  "cnr": 3.3553932461893554,
  "efc": 0.6765837774595093,
  "fber": 33.49655556345379,
  "fwhm_avg": 3.879282251824725,
  "fwhm_x": 3.8639,
  "fwhm_y": 4.05442,
  "fwhm_z": 3.719526755474174,
  "icvs_csf": 0.24162847655129488,
  "icvs_gm": 0.43303534441069763,
  "icvs_wm": 0.3253361790380075,
  "inu_med": 1.2072004079818726,
  "inu_range": 0.37908387184143066,
  "provenance": {
    "md5sum": "f9dc56c43ea5733df6aba01b0f834dfb",
    "settings": {
      "testing": false
    },
    "software": "mriqc",
    "version": "22.0.0rc1",
    "warnings": {
      "large_rot_frame": true,
      "small_air_mask": false
    },
    "webapi_port": null,
    "webapi_url": "https://mriqc.nimh.nih.gov/api/v1"
  },
  "qi_1": 0.0,
  "qi_2": 0.0025412123279412225,
  "rpve_csf": 21.313458489470847,
  "rpve_gm": 12.101018547294721,
  "rpve_wm": 18.82896228718162,
  "size_x": 256,
  "size_y": 256,
  "size_z": 160,
  "snr_csf": 4.036398153279533,
  "snr_gm": 10.245973430927748,
  "snr_total": 10.328256408002021,
  "snr_wm": 16.702397639798786,
  "snrd_csf": 8.513608067049772,
  "snrd_gm": 14.54314180800228,
  "snrd_total": 14.811159593680488,
  "snrd_wm": 21.376728905989413,
  "spacing_x": 1.0,
  "spacing_y": 1.0,
  "spacing_z": 0.9999847412109375,
  "summary_bg_k": 2.2298067046533356,
  "summary_bg_mad": 30.64841836397598,
  "summary_bg_mean": 108.01299252022595,
  "summary_bg_median": 104.81942334026098,
  "summary_bg_n": 2191076.0,
  "summary_bg_p05": 60.75959612801671,
  "summary_bg_p95": 165.45741920918226,
  "summary_bg_stdv": 32.9165380980644,
  "summary_csf_k": -0.008658178061511368,
  "summary_csf_mad": 97.8946539508174,
  "summary_csf_mean": 393.5143047220311,
  "summary_csf_median": 398.28138195723295,
  "summary_csf_n": 35339.0,
  "summary_csf_p05": 221.26788479201497,
  "summary_csf_p95": 547.4443664476275,
  "summary_csf_stdv": 98.67107545875561,
  "summary_gm_k": 0.14542435724709657,
  "summary_gm_mad": 64.42177350231815,
  "summary_gm_mean": 684.2813481411214,
  "summary_gm_median": 680.353449638933,
  "summary_gm_n": 25597.0,
  "summary_gm_p05": 581.0060379579663,
  "summary_gm_p95": 799.7324773348867,
  "summary_gm_stdv": 66.40073433577393,
  "summary_wm_k": 0.432278252164255,
  "summary_wm_mad": 56.48924169046553,
  "summary_wm_mean": 1000.2361260757248,
  "summary_wm_median": 1000.0405308008194,
  "summary_wm_n": 165336.0,
  "summary_wm_p05": 901.8280548714101,
  "summary_wm_p95": 1098.8204746060073,
  "summary_wm_stdv": 59.8738892520434,
  "tpm_overlap_csf": 0.1506929248571396,
  "tpm_overlap_gm": 0.4560510218143463,
  "tpm_overlap_wm": 0.48536431789398193,
  "wm2max": 0.49698849787482624
}