{
  "bids_meta": {
    "EchoTime": 0.00336,
    "FlipAngle": 9,
    "ImageType": [
      "ORIGINAL",
      "PRIMARY",
      "M",
      "ND",
      "NORM"
    ],
    "MagneticFieldStrength": 3,
    "Manufacturer": "Siemens",
    "ManufacturersModelName": "TrioTim",
    "PhaseEncodingDirection": "i-",
    "RepetitionTime": 2.3,
    "ScanningSequence": "GR_IR",
    "SequenceName": "_tfl3d1",
    "SequenceVariant": "SP_MP",
    "SoftwareVersions": "syngo_MR_B17",
    "dataset": "ds001894",
    "modality": "T1w",
    "session_id": "T1",
    "subject_id": "101"
  },
  "cjv": 0.33077892264617526,
  "cnr": 3.80363668203169,
  "efc": 0.700682806331237,
  "fber": 29.03201370192638,
  "fwhm_avg": 3.3686426746738487,
  "fwhm_x": 3.38138,
  "fwhm_y": 3.498829582907011,
  "fwhm_z": 3.225718441114536,
  "icvs_csf": 0.22385487459830217,
  "icvs_gm": 0.4621338688919922,
  "icvs_wm": 0.3140112565097056,
  "inu_med": 1.17987859249115,
  "inu_range": 0.4157878398895265,
  "provenance": {
    "md5sum": "adfdcc2728a8d1bcbaf2fc614451c4f1",
    "settings": {
      "testing": false
    },
    "software": "mriqc",
    "version": "22.0.0rc1",
    "warnings": {
      "large_rot_frame": true,
      "small_air_mask": false
    },
    "webapi_port": null,
    "webapi_url": "https://mriqc.nimh.nih.gov/api/v1"
  },
  "qi_1": 0.0,
  "qi_2": 0.004385646005107629,
  "rpve_csf": 21.244777522349935,
  "rpve_gm": 10.798080676472589,
  "rpve_wm": 17.67102235580801,
  "size_x": 256,
  "size_y": 256,
  "size_z": 160,
  "snr_csf": 4.013135900660431,
  "snr_gm": 10.529058471196842,
  "snr_total": 10.371093281301823,
  "snr_wm": 16.571085472048196,
  "snrd_csf": 8.207644352556803,
  "snrd_gm": 14.117279538706114,
  "snrd_total": 14.66562251606243,
  "snrd_wm": 21.671943656924373,
  "spacing_x": 1.0,
  "spacing_y": 1.0000001192092896,
  "spacing_z": 0.999969482421875,
  "summary_bg_k": 0.2891512099840301,
  "summary_bg_mad": 30.229700958873263,
  "summary_bg_mean": 110.10499504804147,
  "summary_bg_median": 108.15584913268685,
  "summary_bg_n": 1894386.0,
  "summary_bg_p05": 63.59139986336231,
  "summary_bg_p95": 163.41980377584696,
  "summary_bg_stdv": 30.496850909510073,
  "summary_csf_k": 0.2624458395328304,
  "summary_csf_mad": 93.68214257551813,
  "summary_csf_mean": 374.3865452705051,
  "summary_csf_median": 378.7221147418022,
  "summary_csf_n": 27203.0,
  "summary_csf_p05": 215.55465779080987,
  "summary_csf_p95": 520.2886834852397,
  "summary_csf_stdv": 94.36888334125076,
  "summary_gm_k": 0.37065665439936835,
  "summary_gm_mad": 58.58875210593506,
  "summary_gm_mean": 652.6703766529023,
  "summary_gm_median": 651.4080936796963,
  "summary_gm_n": 32644.0,
  "summary_gm_p05": 553.2603196207434,
  "summary_gm_p95": 757.090943928808,
  "summary_gm_stdv": 61.86670137031359,
  "summary_wm_k": 0.6730466137601612,
  "summary_wm_mad": 56.7181022941236,
  "summary_wm_mean": 996.9099725581266,
  "summary_wm_median": 999.9999975338578,
  "summary_wm_n": 162446.0,
  "summary_wm_p05": 892.0964952260256,
  "summary_wm_p95": 1089.4317122623324,
  "summary_wm_stdv": 60.345891116789126,
  "tpm_overlap_csf": 0.14279933273792267,
  "tpm_overlap_gm": 0.4586632251739502,
  "tpm_overlap_wm": 0.46811535954475403,
  "wm2max": 0.5483781689361231
}