{
  "bids_meta": {
    "EchoTime": 0.00336,
    "FlipAngle": 9,
    "ImageType": [
      "ORIGINAL",
      "PRIMARY",
      "M",
      "ND",
      "NORM"
    ],
    "MagneticFieldStrength": 3,
    "Manufacturer": "Siemens",
    "ManufacturersModelName": "TrioTim",
    "PhaseEncodingDirection": "i-",
    "RepetitionTime": 2.3,
    "ScanningSequence": "GR_IR",
    "SequenceName": "_tfl3d1",
    "SequenceVariant": "SP_MP",
    "SoftwareVersions": "syngo_MR_B17",
    "dataset": "ds001894",
    "modality": "T1w",
    "session_id": "T1",
    "subject_id": "016"
  },
  "cjv": 0.29480173791682274,
  "cnr": 4.322982228188307,
  "efc": 0.6724748717895197,
  "fber": 31.367485826791988,
  "fwhm_avg": 3.6880276948007142,
  "fwhm_x": 3.7293995554209287,
  "fwhm_y": 3.787190225734128,
  "fwhm_z": 3.547493303247086,
  "icvs_csf": 0.23576940510714042,
  "icvs_gm": 0.43558399533867975,
  "icvs_wm": 0.32864659955417985,
  "inu_med": 1.185123324394226,
  "inu_range": 0.42824673652648926,
  "provenance": {
    "md5sum": "a53470bef84d9601e931f73b7fd017b1",
    "settings": {
      "testing": false
    },
    "software": "mriqc",
    "version": "21.0.0rc2",
    "warnings": {
      "large_rot_frame": true,
      "small_air_mask": false
    },
    "webapi_port": null,
    "webapi_url": "https://mriqc.nimh.nih.gov/api/v1"
  },
  "qi_1": 0.0,
  "qi_2": 0.0049076879674856055,
  "rpve_csf": 21.929773490109984,
  "rpve_gm": 12.383847087101934,
  "rpve_wm": 19.494664266116686,
  "size_x": 256,
  "size_y": 256,
  "size_z": 160,
  "snr_csf": 3.290144383001391,
  "snr_gm": 9.165053037149628,
  "snr_total": 10.008010284217404,
  "snr_wm": 17.56883343250119,
  "snrd_csf": 8.333493881381015,
  "snrd_gm": 15.517301714832477,
  "snrd_total": 16.47685624953321,
  "snrd_wm": 25.579773152386135,
  "spacing_x": 1.0000001192092896,
  "spacing_y": 0.9999999403953552,
  "spacing_z": 1.0000723600387573,
  "summary_bg_k": 1.284667887275103,
  "summary_bg_mad": 25.61150015017863,
  "summary_bg_mean": 93.9664367939392,
  "summary_bg_median": 92.47951577603817,
  "summary_bg_n": 1754210.0,
  "summary_bg_p05": 54.452000722289085,
  "summary_bg_p95": 138.3521381020546,
  "summary_bg_stdv": 25.68653753096789,
  "summary_csf_k": -0.32979138175830336,
  "summary_csf_mad": 102.27411133796166,
  "summary_csf_mean": 316.8053117502014,
  "summary_csf_median": 325.7845039665699,
  "summary_csf_n": 17035.0,
  "summary_csf_p05": 143.5847860068083,
  "summary_csf_p95": 466.7761535301804,
  "summary_csf_stdv": 99.01539376177105,
  "summary_gm_k": 0.3296599631377495,
  "summary_gm_mad": 63.140655851223386,
  "summary_gm_mean": 607.9841214021342,
  "summary_gm_median": 606.623885974288,
  "summary_gm_n": 29364.0,
  "summary_gm_p05": 502.55061560869217,
  "summary_gm_p95": 719.5799046479165,
  "summary_gm_stdv": 66.1876755155175,
  "summary_wm_k": 0.7855181006091052,
  "summary_wm_mad": 52.82730008605078,
  "summary_wm_mean": 996.018470410031,
  "summary_wm_median": 999.999979197979,
  "summary_wm_n": 162595.0,
  "summary_wm_p05": 895.0765001624823,
  "summary_wm_p95": 1081.3494905680418,
  "summary_wm_stdv": 56.918799299336214,
  "tpm_overlap_csf": 0.14883974194526672,
  "tpm_overlap_gm": 0.4573298990726471,
  "tpm_overlap_wm": 0.477830708026886,
  "wm2max": 0.5382423296931877
}