{
  "bids_meta": {
    "EchoTime": 0.00336,
    "FlipAngle": 9,
    "ImageType": [
      "ORIGINAL",
      "PRIMARY",
      "M",
      "ND",
      "NORM"
    ],
    "MagneticFieldStrength": 3,
    "Manufacturer": "Siemens",
    "ManufacturersModelName": "TrioTim",
    "PhaseEncodingDirection": "i-",
    "RepetitionTime": 2.3,
    "ScanningSequence": "GR_IR",
    "SequenceName": "_tfl3d1",
    "SequenceVariant": "SP_MP",
    "SoftwareVersions": "syngo_MR_B17",
    "dataset": "ds001894",
    "modality": "T1w",
    "session_id": "T2",
    "subject_id": "134"
  },
  "cjv": 0.3318285928650726,
  "cnr": 3.846048068759134,
  "efc": 0.6716926335931014,
  "fber": 38.614963740372055,
  "fwhm_avg": 3.4530142030887396,
  "fwhm_x": 3.46978,
  "fwhm_y": 3.60928,
  "fwhm_z": 3.2799826092662174,
  "icvs_csf": 0.22208651557993825,
  "icvs_gm": 0.4570644206105019,
  "icvs_wm": 0.32084906380955985,
  "inu_med": 1.223806381225586,
  "inu_range": 0.3756535053253174,
  "provenance": {
    "md5sum": "e614b1c13c8fbe2a9350066cb6e83d72",
    "settings": {
      "testing": false
    },
    "software": "mriqc",
    "version": "22.0.0rc1",
    "warnings": {
      "large_rot_frame": true,
      "small_air_mask": false
    },
    "webapi_port": null,
    "webapi_url": "https://mriqc.nimh.nih.gov/api/v1"
  },
  "qi_1": 0.0,
  "qi_2": 0.004473290314778526,
  "rpve_csf": 23.67360847129307,
  "rpve_gm": 12.366780988303772,
  "rpve_wm": 20.171457335075747,
  "size_x": 256,
  "size_y": 256,
  "size_z": 160,
  "snr_csf": 3.7011526125671343,
  "snr_gm": 10.460032846191215,
  "snr_total": 11.182785713956093,
  "snr_wm": 19.387171683109933,
  "snrd_csf": 9.651733370651728,
  "snrd_gm": 16.696516769512723,
  "snrd_total": 17.110418911652037,
  "snrd_wm": 24.98300659479166,
  "spacing_x": 1.0,
  "spacing_y": 1.0,
  "spacing_z": 0.9999656677246094,
  "summary_bg_k": 0.24460391388637648,
  "summary_bg_mad": 26.223280861398692,
  "summary_bg_mean": 95.96385477963824,
  "summary_bg_median": 94.4592397660017,
  "summary_bg_n": 2213652.0,
  "summary_bg_p05": 55.59782098978758,
  "summary_bg_p95": 141.81565057486296,
  "summary_bg_stdv": 26.359171122152958,
  "summary_csf_k": 9.890023690490029,
  "summary_csf_mad": 104.79913319161126,
  "summary_csf_mean": 380.67601079622705,
  "summary_csf_median": 386.33195109665394,
  "summary_csf_n": 20715.0,
  "summary_csf_p05": 206.9861864671111,
  "summary_csf_p95": 536.642593704164,
  "summary_csf_stdv": 104.37900472947949,
  "summary_gm_k": 0.1545787676151953,
  "summary_gm_mad": 61.28164559724712,
  "summary_gm_mean": 670.4358872531454,
  "summary_gm_median": 668.3149702101946,
  "summary_gm_n": 30724.0,
  "summary_gm_p05": 566.5652522072196,
  "summary_gm_p95": 779.4472167268395,
  "summary_gm_stdv": 63.89120415227957,
  "summary_wm_k": 0.6074982006011678,
  "summary_wm_mad": 48.78094181744058,
  "summary_wm_mean": 998.7814370471964,
  "summary_wm_median": 1000.000032261014,
  "summary_wm_n": 146056.0,
  "summary_wm_p05": 912.4508979544044,
  "summary_wm_p95": 1080.8292474970222,
  "summary_wm_stdv": 51.58032462165528,
  "tpm_overlap_csf": 0.14878180623054504,
  "tpm_overlap_gm": 0.4586031138896942,
  "tpm_overlap_wm": 0.4705042839050293,
  "wm2max": 0.5304681194511703
}