{
  "bids_meta": {
    "EchoTime": 0.00336,
    "FlipAngle": 9,
    "ImageType": [
      "ORIGINAL",
      "PRIMARY",
      "M",
      "ND",
      "NORM"
    ],
    "MagneticFieldStrength": 3,
    "Manufacturer": "Siemens",
    "ManufacturersModelName": "TrioTim",
    "PhaseEncodingDirection": "i-",
    "RepetitionTime": 2.3,
    "ScanningSequence": "GR_IR",
    "SequenceName": "_tfl3d1",
    "SequenceVariant": "SP_MP",
    "SoftwareVersions": "syngo_MR_B17",
    "dataset": "ds001894",
    "modality": "T1w",
    "session_id": "T1",
    "subject_id": "111"
  },
  "cjv": 0.3048961503437287,
  "cnr": 4.228824238704639,
  "efc": 0.6732466070969596,
  "fber": 52.474281861415854,
  "fwhm_avg": 3.7994546881405413,
  "fwhm_x": 3.86537,
  "fwhm_y": 3.8672,
  "fwhm_z": 3.6657940644216245,
  "icvs_csf": 0.22089891228020933,
  "icvs_gm": 0.45156608282789173,
  "icvs_wm": 0.32753500489189896,
  "inu_med": 1.1446805000305176,
  "inu_range": 0.32567853033542626,
  "provenance": {
    "md5sum": "0780fe3b01fbeb49f2f3ab4e00efd8e5",
    "settings": {
      "testing": false
    },
    "software": "mriqc",
    "version": "22.0.0rc1",
    "warnings": {
      "large_rot_frame": true,
      "small_air_mask": false
    },
    "webapi_port": null,
    "webapi_url": "https://mriqc.nimh.nih.gov/api/v1"
  },
  "qi_1": 0.0,
  "qi_2": 0.00456018553786321,
  "rpve_csf": 22.30746815044022,
  "rpve_gm": 11.673311111060857,
  "rpve_wm": 18.385466506121094,
  "size_x": 256,
  "size_y": 256,
  "size_z": 160,
  "snr_csf": 4.171673415849925,
  "snr_gm": 11.474196165921816,
  "snr_total": 12.527410830000287,
  "snr_wm": 21.936362908229118,
  "snrd_csf": 11.405557520112602,
  "snrd_gm": 19.287966373154052,
  "snrd_total": 19.80457931941687,
  "snrd_wm": 28.72021406498395,
  "spacing_x": 1.0,
  "spacing_y": 1.0,
  "spacing_z": 1.0000152587890625,
  "summary_bg_k": 0.4585614846454704,
  "summary_bg_mad": 22.810985164470694,
  "summary_bg_mean": 84.36947828483581,
  "summary_bg_median": 83.00022618472576,
  "summary_bg_n": 1799674.0,
  "summary_bg_p05": 49.098725348711014,
  "summary_bg_p95": 124.17980228364468,
  "summary_bg_stdv": 22.969633542960157,
  "summary_csf_k": 0.17857948250338573,
  "summary_csf_mad": 96.27577562063367,
  "summary_csf_mean": 393.0554788076119,
  "summary_csf_median": 397.12647975981236,
  "summary_csf_n": 25909.0,
  "summary_csf_p05": 232.49867992699146,
  "summary_csf_p95": 540.4253709465265,
  "summary_csf_stdv": 95.19412864530676,
  "summary_gm_k": 0.21586243643240488,
  "summary_gm_mad": 57.13928146590453,
  "summary_gm_mean": 673.8262944207787,
  "summary_gm_median": 671.5815666168928,
  "summary_gm_n": 45812.0,
  "summary_gm_p05": 581.491816341877,
  "summary_gm_p95": 773.097517952323,
  "summary_gm_stdv": 58.52908797353727,
  "summary_wm_k": 0.611214341965677,
  "summary_wm_mad": 42.994234292838144,
  "summary_wm_mean": 998.3306477640841,
  "summary_wm_median": 999.999999076128,
  "summary_wm_n": 180226.0,
  "summary_wm_p05": 920.9970577508211,
  "summary_wm_p95": 1070.0656148195267,
  "summary_wm_stdv": 45.58628196302544,
  "tpm_overlap_csf": 0.1456427425146103,
  "tpm_overlap_gm": 0.4564809501171112,
  "tpm_overlap_wm": 0.46889522671699524,
  "wm2max": 0.5622747126924219
}