{
  "bids_meta": {
    "EchoTime": 0.00336,
    "FlipAngle": 9,
    "ImageType": [
      "ORIGINAL",
      "PRIMARY",
      "M",
      "ND",
      "NORM"
    ],
    "MagneticFieldStrength": 3,
    "Manufacturer": "Siemens",
    "ManufacturersModelName": "TrioTim",
    "PhaseEncodingDirection": "i-",
    "RepetitionTime": 2.3,
    "ScanningSequence": "GR_IR",
    "SequenceName": "_tfl3d1",
    "SequenceVariant": "SP_MP",
    "SoftwareVersions": "syngo_MR_B17",
    "dataset": "ds001894",
    "modality": "T1w",
    "session_id": "T1",
    "subject_id": "176"
  },
  "cjv": 0.32242315819784934,
  "cnr": 3.9319180801490785,
  "efc": 0.6516468036772798,
  "fber": 42.36796497677458,
  "fwhm_avg": 3.4210803346219194,
  "fwhm_x": 3.4629002064049366,
  "fwhm_y": 3.50612,
  "fwhm_z": 3.2942207974608215,
  "icvs_csf": 0.21311448974642727,
  "icvs_gm": 0.4769303994917316,
  "icvs_wm": 0.30995511076184107,
  "inu_med": 1.1408482789993286,
  "inu_range": 0.33705469369888297,
  "provenance": {
    "md5sum": "c819ff8c3349a38e251eee2afdb382c7",
    "settings": {
      "testing": false
    },
    "software": "mriqc",
    "version": "22.0.0rc1",
    "warnings": {
      "large_rot_frame": true,
      "small_air_mask": false
    },
    "webapi_port": null,
    "webapi_url": "https://mriqc.nimh.nih.gov/api/v1"
  },
  "qi_1": 0.0,
  "qi_2": 0.004022281379400692,
  "rpve_csf": 27.777948479950496,
  "rpve_gm": 13.472975294598443,
  "rpve_wm": 22.596833222758473,
  "size_x": 256,
  "size_y": 256,
  "size_z": 160,
  "snr_csf": 3.8926143446601285,
  "snr_gm": 10.552891739323016,
  "snr_total": 10.668300756447733,
  "snr_wm": 17.559396185360054,
  "snrd_csf": 9.881208942748772,
  "snrd_gm": 17.13676623790349,
  "snrd_total": 17.763095612893057,
  "snrd_wm": 26.271311658026907,
  "spacing_x": 0.9999999403953552,
  "spacing_y": 1.0,
  "spacing_z": 0.9999542236328125,
  "summary_bg_k": 65.37108777985102,
  "summary_bg_mad": 24.93733139393902,
  "summary_bg_mean": 90.39104453832302,
  "summary_bg_median": 88.45504406094551,
  "summary_bg_n": 2012588.0,
  "summary_bg_p05": 51.73643918335438,
  "summary_bg_p95": 134.1843495219946,
  "summary_bg_stdv": 27.495741026049213,
  "summary_csf_k": 0.6867140708003086,
  "summary_csf_mad": 92.15123241666527,
  "summary_csf_mean": 371.3141940308852,
  "summary_csf_median": 376.12166018784046,
  "summary_csf_n": 19464.0,
  "summary_csf_p05": 206.24930466748776,
  "summary_csf_p95": 520.4317844904958,
  "summary_csf_stdv": 96.62195244104927,
  "summary_gm_k": 0.1722727960699597,
  "summary_gm_mad": 59.22616206060517,
  "summary_gm_mean": 654.0878393508804,
  "summary_gm_median": 652.2996330708265,
  "summary_gm_n": 34379.0,
  "summary_gm_p05": 554.6424110390246,
  "summary_gm_p95": 760.2065270163118,
  "summary_gm_stdv": 61.81150742601569,
  "summary_wm_k": 0.6226162800270858,
  "summary_wm_mad": 52.88050183982604,
  "summary_wm_mean": 996.2460983932026,
  "summary_wm_median": 1000.00004183501,
  "summary_wm_n": 122152.0,
  "summary_wm_p05": 894.9127462804317,
  "summary_wm_p95": 1082.6356751024723,
  "summary_wm_stdv": 56.94933572939947,
  "tpm_overlap_csf": 0.14965574443340302,
  "tpm_overlap_gm": 0.47629666328430176,
  "tpm_overlap_wm": 0.4827788174152374,
  "wm2max": 0.5296386883811569
}