{
  "bids_meta": {
    "EchoTime": 0.00336,
    "FlipAngle": 9,
    "ImageType": [
      "ORIGINAL",
      "PRIMARY",
      "M",
      "ND",
      "NORM"
    ],
    "MagneticFieldStrength": 3,
    "Manufacturer": "Siemens",
    "ManufacturersModelName": "TrioTim",
    "PhaseEncodingDirection": "i-",
    "RepetitionTime": 2.3,
    "ScanningSequence": "GR_IR",
    "SequenceName": "_tfl3d1",
    "SequenceVariant": "SP_MP",
    "SoftwareVersions": "syngo_MR_B17",
    "dataset": "ds001894",
    "modality": "T1w",
    "session_id": "T1",
    "subject_id": "034"
  },
  "cjv": 0.3000272557816855,
  "cnr": 4.168085229291666,
  "efc": 0.6833356523972778,
  "fber": 34.11683692231395,
  "fwhm_avg": 3.751045301845576,
  "fwhm_x": 3.8080904539597573,
  "fwhm_y": 3.87016,
  "fwhm_z": 3.5748854515769715,
  "icvs_csf": 0.2304227806473848,
  "icvs_gm": 0.45243285539848554,
  "icvs_wm": 0.31714436395412965,
  "inu_med": 1.192870020866394,
  "inu_range": 0.3667680263519284,
  "provenance": {
    "md5sum": "05799762683bdd15c0e682626cf1f391",
    "settings": {
      "testing": false
    },
    "software": "mriqc",
    "version": "21.0.0rc2",
    "warnings": {
      "large_rot_frame": true,
      "small_air_mask": false
    },
    "webapi_port": null,
    "webapi_url": "https://mriqc.nimh.nih.gov/api/v1"
  },
  "qi_1": 0.0,
  "qi_2": 0.003952245828463247,
  "rpve_csf": 23.903732466368744,
  "rpve_gm": 12.86272480526621,
  "rpve_wm": 20.85435612995656,
  "size_x": 256,
  "size_y": 256,
  "size_z": 160,
  "snr_csf": 4.164262809604647,
  "snr_gm": 11.325161919059552,
  "snr_total": 11.620899810796102,
  "snr_wm": 19.373274703724103,
  "snrd_csf": 9.203335971500223,
  "snrd_gm": 15.709383432809162,
  "snrd_total": 16.28578493936124,
  "snrd_wm": 23.94463541377433,
  "spacing_x": 0.9999998807907104,
  "spacing_y": 1.0,
  "spacing_z": 1.0000152587890625,
  "summary_bg_k": 1.3833010104557015,
  "summary_bg_mad": 27.359435339195613,
  "summary_bg_mean": 99.012015028945,
  "summary_bg_median": 96.97585953399539,
  "summary_bg_n": 1929906.0,
  "summary_bg_p05": 56.94271829724312,
  "summary_bg_p95": 147.55394860357046,
  "summary_bg_stdv": 28.07927737938452,
  "summary_csf_k": 0.24504778370641978,
  "summary_csf_mad": 91.82161513327998,
  "summary_csf_mean": 380.63363475160804,
  "summary_csf_median": 384.34451824240386,
  "summary_csf_n": 31320.0,
  "summary_csf_p05": 224.52830173037947,
  "summary_csf_p95": 523.5208823980763,
  "summary_csf_stdv": 92.294458826854,
  "summary_gm_k": 0.40779962551124216,
  "summary_gm_mad": 54.94221300769078,
  "summary_gm_mean": 657.6690100050977,
  "summary_gm_median": 656.0463973134756,
  "summary_gm_n": 39092.0,
  "summary_gm_p05": 565.342898713611,
  "summary_gm_p95": 755.8637436831369,
  "summary_gm_stdv": 57.927472551079525,
  "summary_wm_k": 0.6828025977787497,
  "summary_wm_mad": 48.2419431287041,
  "summary_wm_mean": 997.414549150784,
  "summary_wm_median": 999.9623387753963,
  "summary_wm_n": 155218.0,
  "summary_wm_p05": 908.0706505179405,
  "summary_wm_p95": 1076.9404579550028,
  "summary_wm_stdv": 51.61538939121229,
  "tpm_overlap_csf": 0.14329807460308075,
  "tpm_overlap_gm": 0.46341487765312195,
  "tpm_overlap_wm": 0.46811243891716003,
  "wm2max": 0.6315138542038292
}