{
  "bids_meta": {
    "EchoTime": 0.00336,
    "FlipAngle": 9,
    "ImageType": [
      "ORIGINAL",
      "PRIMARY",
      "M",
      "ND",
      "NORM"
    ],
    "MagneticFieldStrength": 3,
    "Manufacturer": "Siemens",
    "ManufacturersModelName": "TrioTim",
    "PhaseEncodingDirection": "i-",
    "RepetitionTime": 2.3,
    "ScanningSequence": "GR_IR",
    "SequenceName": "_tfl3d1",
    "SequenceVariant": "SP_MP",
    "SoftwareVersions": "syngo_MR_B17",
    "dataset": "ds001894",
    "modality": "T1w",
    "session_id": "T1",
    "subject_id": "160"
  },
  "cjv": 0.37393792096455036,
  "cnr": 3.2862395715787263,
  "efc": 0.7078475442181346,
  "fber": 33.801433877880534,
  "fwhm_avg": 3.5425060795682843,
  "fwhm_x": 3.52058,
  "fwhm_y": 3.71471,
  "fwhm_z": 3.392228238704854,
  "icvs_csf": 0.2275281318029058,
  "icvs_gm": 0.44589939939496165,
  "icvs_wm": 0.32657246880213253,
  "inu_med": 1.2850347757339478,
  "inu_range": 0.4498510837554932,
  "provenance": {
    "md5sum": "d86b56782a81c8d70ee2df4eb62df4a9",
    "settings": {
      "testing": false
    },
    "software": "mriqc",
    "version": "22.0.0rc1",
    "warnings": {
      "large_rot_frame": true,
      "small_air_mask": false
    },
    "webapi_port": null,
    "webapi_url": "https://mriqc.nimh.nih.gov/api/v1"
  },
  "qi_1": 0.0,
  "qi_2": 0.0020882033294618136,
  "rpve_csf": 23.70875125061819,
  "rpve_gm": 12.611536133108102,
  "rpve_wm": 19.678121043780585,
  "size_x": 256,
  "size_y": 256,
  "size_z": 160,
  "snr_csf": 3.2564915810548714,
  "snr_gm": 10.13485780370638,
  "snr_total": 10.533675863404843,
  "snr_wm": 18.209678205453276,
  "snrd_csf": 8.54306691849285,
  "snrd_gm": 15.889202125199345,
  "snrd_total": 15.834353813203222,
  "snrd_wm": 23.070792395917472,
  "spacing_x": 1.0,
  "spacing_y": 1.0,
  "spacing_z": 1.0000152587890625,
  "summary_bg_k": 49.97403974712257,
  "summary_bg_mad": 28.396787287455627,
  "summary_bg_mean": 103.49114631283251,
  "summary_bg_median": 99.96549049019814,
  "summary_bg_n": 1476993.0,
  "summary_bg_p05": 58.495341673493385,
  "summary_bg_p95": 154.89474447071552,
  "summary_bg_stdv": 36.595090882356615,
  "summary_csf_k": -0.3172776854785102,
  "summary_csf_mad": 125.6962896748036,
  "summary_csf_mean": 368.0427839798884,
  "summary_csf_median": 370.2979446351528,
  "summary_csf_n": 22985.0,
  "summary_csf_p05": 189.0141512364149,
  "summary_csf_p95": 549.9252327829599,
  "summary_csf_stdv": 113.70822866333789,
  "summary_gm_k": 0.29596324859429,
  "summary_gm_mad": 63.78617684990033,
  "summary_gm_mean": 692.1962597362913,
  "summary_gm_median": 688.7150650918484,
  "summary_gm_n": 19647.0,
  "summary_gm_p05": 586.5063904076815,
  "summary_gm_p95": 811.6875729560852,
  "summary_gm_stdv": 67.95334981263161,
  "summary_wm_k": 0.4283612443429208,
  "summary_wm_mad": 52.61506833741778,
  "summary_wm_mean": 998.3759563914836,
  "summary_wm_median": 1000.0000101625919,
  "summary_wm_n": 151006.0,
  "summary_wm_p05": 905.498686298728,
  "summary_wm_p95": 1085.6292529515922,
  "summary_wm_stdv": 54.915671092468614,
  "tpm_overlap_csf": 0.16348476707935333,
  "tpm_overlap_gm": 0.47024428844451904,
  "tpm_overlap_wm": 0.48970088362693787,
  "wm2max": 0.5312413598990445
}