{
  "bids_meta": {
    "EchoTime": 0.00336,
    "FlipAngle": 9,
    "ImageType": [
      "ORIGINAL",
      "PRIMARY",
      "M",
      "ND",
      "NORM"
    ],
    "MagneticFieldStrength": 3,
    "Manufacturer": "Siemens",
    "ManufacturersModelName": "TrioTim",
    "PhaseEncodingDirection": "i-",
    "RepetitionTime": 2.3,
    "ScanningSequence": "GR_IR",
    "SequenceName": "_tfl3d1",
    "SequenceVariant": "SP_MP",
    "SoftwareVersions": "syngo_MR_B17",
    "dataset": "ds001894",
    "modality": "T1w",
    "session_id": "T1",
    "subject_id": "025"
  },
  "cjv": 0.3783763668987352,
  "cnr": 3.392516252214313,
  "efc": 0.7013160731087598,
  "fber": 36.0516869998065,
  "fwhm_avg": 3.6076911539537613,
  "fwhm_x": 3.5836802136039863,
  "fwhm_y": 3.7644202243769302,
  "fwhm_z": 3.474973023880369,
  "icvs_csf": 0.23421375049129942,
  "icvs_gm": 0.4296406048093366,
  "icvs_wm": 0.336145644699364,
  "inu_med": 1.1951960325241089,
  "inu_range": 0.39129970669746394,
  "provenance": {
    "md5sum": "9e8cfe681f7cb0b90c1af8c65ba661f3",
    "settings": {
      "testing": false
    },
    "software": "mriqc",
    "version": "21.0.0rc2",
    "warnings": {
      "large_rot_frame": true,
      "small_air_mask": false
    },
    "webapi_port": null,
    "webapi_url": "https://mriqc.nimh.nih.gov/api/v1"
  },
  "qi_1": 0.0,
  "qi_2": 0.004443161709793705,
  "rpve_csf": 19.970814430471766,
  "rpve_gm": 11.173797414695018,
  "rpve_wm": 16.874639019462546,
  "size_x": 256,
  "size_y": 256,
  "size_z": 160,
  "snr_csf": 3.8542368766386303,
  "snr_gm": 9.766710724704966,
  "snr_total": 10.467328722210818,
  "snr_wm": 17.78103856528886,
  "snrd_csf": 9.574552424946317,
  "snrd_gm": 16.135106754271277,
  "snrd_total": 16.460346096793128,
  "snrd_wm": 23.671379111161794,
  "spacing_x": 0.9999999403953552,
  "spacing_y": 0.9999999403953552,
  "spacing_z": 0.9999847412109375,
  "summary_bg_k": 0.1929171966004195,
  "summary_bg_mad": 27.67630776895398,
  "summary_bg_mean": 101.80831949095364,
  "summary_bg_median": 100.13487935066223,
  "summary_bg_n": 1867173.0,
  "summary_bg_p05": 59.023468755185604,
  "summary_bg_p95": 150.20231902599335,
  "summary_bg_stdv": 27.809542496839914,
  "summary_csf_k": 0.8187446431587331,
  "summary_csf_mad": 102.46633020817933,
  "summary_csf_mean": 397.3042007556358,
  "summary_csf_median": 404.47801211848855,
  "summary_csf_n": 31372.0,
  "summary_csf_p05": 209.7113556228578,
  "summary_csf_p95": 557.0002663880587,
  "summary_csf_stdv": 104.94206208175092,
  "summary_gm_k": 0.19416024347265504,
  "summary_gm_mad": 67.27102553089681,
  "summary_gm_mean": 684.4178513467987,
  "summary_gm_median": 681.6293457522988,
  "summary_gm_n": 28767.0,
  "summary_gm_p05": 573.1319091282785,
  "summary_gm_p95": 804.5859136618674,
  "summary_gm_stdv": 69.7898727057827,
  "summary_wm_k": 0.6567405240978017,
  "summary_wm_mad": 53.192903659983806,
  "summary_wm_mean": 998.8077518715485,
  "summary_wm_median": 999.9999939464033,
  "summary_wm_n": 183602.0,
  "summary_wm_p05": 904.1273212060332,
  "summary_wm_p95": 1088.5891490615904,
  "summary_wm_stdv": 56.23953105939315,
  "tpm_overlap_csf": 0.1499323546886444,
  "tpm_overlap_gm": 0.45557701587677,
  "tpm_overlap_wm": 0.4827869236469269,
  "wm2max": 0.5401094185626645
}