{
  "bids_meta": {
    "EchoTime": 0.00336,
    "FlipAngle": 9,
    "ImageType": [
      "ORIGINAL",
      "PRIMARY",
      "M",
      "ND",
      "NORM"
    ],
    "MagneticFieldStrength": 3,
    "Manufacturer": "Siemens",
    "ManufacturersModelName": "TrioTim",
    "PhaseEncodingDirection": "i-",
    "RepetitionTime": 2.3,
    "ScanningSequence": "GR_IR",
    "SequenceName": "_tfl3d1",
    "SequenceVariant": "SP_MP",
    "SoftwareVersions": "syngo_MR_B17",
    "dataset": "ds001894",
    "modality": "T1w",
    "session_id": "T1",
    "subject_id": "148"
  },
  "cjv": 0.3301306435912934,
  "cnr": 3.8294646771205207,
  "efc": 0.677826395873818,
  "fber": 35.61847576957519,
  "fwhm_avg": 3.6112151665700307,
  "fwhm_x": 3.60283,
  "fwhm_y": 3.80655,
  "fwhm_z": 3.424265499710092,
  "icvs_csf": 0.2362142695179463,
  "icvs_gm": 0.4468744517534459,
  "icvs_wm": 0.3169112787286078,
  "inu_med": 1.179152488708496,
  "inu_range": 0.3369601726531981,
  "provenance": {
    "md5sum": "1c81709c19afdcc6243fff76277b51a3",
    "settings": {
      "testing": false
    },
    "software": "mriqc",
    "version": "22.0.0rc1",
    "warnings": {
      "large_rot_frame": true,
      "small_air_mask": false
    },
    "webapi_port": null,
    "webapi_url": "https://mriqc.nimh.nih.gov/api/v1"
  },
  "qi_1": 0.0,
  "qi_2": 0.004724334023676807,
  "rpve_csf": 21.047660497900786,
  "rpve_gm": 11.499991087185155,
  "rpve_wm": 18.331785313003017,
  "size_x": 256,
  "size_y": 256,
  "size_z": 160,
  "snr_csf": 3.6378744162411834,
  "snr_gm": 11.06570292678605,
  "snr_total": 10.92940258584681,
  "snr_wm": 18.084630414513203,
  "snrd_csf": 8.690361175708244,
  "snrd_gm": 16.485266787710202,
  "snrd_total": 16.595932314295315,
  "snrd_wm": 24.612168979467494,
  "spacing_x": 1.0,
  "spacing_y": 1.0,
  "spacing_z": 1.000030517578125,
  "summary_bg_k": 0.18301995916836544,
  "summary_bg_mad": 26.61965693304368,
  "summary_bg_mean": 97.80124013566211,
  "summary_bg_median": 96.23331571370363,
  "summary_bg_n": 1875133.0,
  "summary_bg_p05": 56.76150655373931,
  "summary_bg_p95": 144.2074760645628,
  "summary_bg_stdv": 26.71446596082061,
  "summary_csf_k": -0.18674520120685933,
  "summary_csf_mad": 102.0420182433341,
  "summary_csf_mean": 353.7868008152314,
  "summary_csf_median": 353.10881984978914,
  "summary_csf_n": 37107.0,
  "summary_csf_p05": 200.90248378217223,
  "summary_csf_p95": 514.843489151448,
  "summary_csf_stdv": 97.06329065678263,
  "summary_gm_k": 0.31915721186542,
  "summary_gm_mad": 57.323811490734265,
  "summary_gm_mean": 670.7267541832147,
  "summary_gm_median": 669.8332765027881,
  "summary_gm_n": 32102.0,
  "summary_gm_p05": 572.4599807411432,
  "summary_gm_p95": 772.2889833115041,
  "summary_gm_stdv": 60.531431935519684,
  "summary_wm_k": 0.7372470782649296,
  "summary_wm_mad": 51.69002166363508,
  "summary_wm_mean": 997.9222374137537,
  "summary_wm_median": 1000.0474970564246,
  "summary_wm_n": 167616.0,
  "summary_wm_p05": 903.4341879934072,
  "summary_wm_p95": 1084.3110222667456,
  "summary_wm_stdv": 55.29803435180835,
  "tpm_overlap_csf": 0.1498500257730484,
  "tpm_overlap_gm": 0.4601783752441406,
  "tpm_overlap_wm": 0.47319114208221436,
  "wm2max": 0.49715459633049186
}