{
  "bids_meta": {
    "EchoTime": 0.00336,
    "FlipAngle": 9,
    "ImageType": [
      "ORIGINAL",
      "PRIMARY",
      "M",
      "ND",
      "NORM"
    ],
    "MagneticFieldStrength": 3,
    "Manufacturer": "Siemens",
    "ManufacturersModelName": "TrioTim",
    "PhaseEncodingDirection": "i-",
    "RepetitionTime": 2.3,
    "ScanningSequence": "GR_IR",
    "SequenceName": "_tfl3d1",
    "SequenceVariant": "SP_MP",
    "SoftwareVersions": "syngo_MR_B17",
    "dataset": "ds001894",
    "modality": "T1w",
    "session_id": "T1",
    "subject_id": "061"
  },
  "cjv": 0.32696311073447737,
  "cnr": 3.8530639139922966,
  "efc": 0.6572577066576556,
  "fber": 40.22945745490761,
  "fwhm_avg": 3.490043681211402,
  "fwhm_x": 3.53163,
  "fwhm_y": 3.5836202136004096,
  "fwhm_z": 3.3548808300337964,
  "icvs_csf": 0.2230776360560956,
  "icvs_gm": 0.45976265987937637,
  "icvs_wm": 0.317159704064528,
  "inu_med": 1.2259758710861206,
  "inu_range": 0.34158238768577576,
  "provenance": {
    "md5sum": "2664dfd88111f5ed3a35f2b3e58917b8",
    "settings": {
      "testing": false
    },
    "software": "mriqc",
    "version": "21.0.0rc2",
    "warnings": {
      "large_rot_frame": true,
      "small_air_mask": false
    },
    "webapi_port": null,
    "webapi_url": "https://mriqc.nimh.nih.gov/api/v1"
  },
  "qi_1": 0.0,
  "qi_2": 0.0037657526898619512,
  "rpve_csf": 27.68220297312598,
  "rpve_gm": 14.311130858519341,
  "rpve_wm": 23.211417935536442,
  "size_x": 256,
  "size_y": 256,
  "size_z": 160,
  "snr_csf": 3.663171499525294,
  "snr_gm": 10.858739634273878,
  "snr_total": 11.134207384557493,
  "snr_wm": 18.880711019873306,
  "snrd_csf": 9.609668720741677,
  "snrd_gm": 16.73515656979264,
  "snrd_total": 17.10287958780601,
  "snrd_wm": 24.963813472883718,
  "spacing_x": 1.0,
  "spacing_y": 0.9999999403953552,
  "spacing_z": 1.0000534057617188,
  "summary_bg_k": 0.3560386103387141,
  "summary_bg_mad": 26.24344117960015,
  "summary_bg_mean": 95.08409029172583,
  "summary_bg_median": 93.26871639490128,
  "summary_bg_n": 2021744.0,
  "summary_bg_p05": 54.74557417631149,
  "summary_bg_p95": 141.31997054815292,
  "summary_bg_stdv": 26.498123560937525,
  "summary_csf_k": 0.22904183562542535,
  "summary_csf_mad": 106.37422677670872,
  "summary_csf_mean": 382.7671990116734,
  "summary_csf_median": 384.9439360499382,
  "summary_csf_n": 16050.0,
  "summary_csf_p05": 210.95116614997386,
  "summary_csf_p95": 550.9466448426247,
  "summary_csf_stdv": 105.08160589535426,
  "summary_gm_k": 0.32141882468581917,
  "summary_gm_mad": 58.39317886597806,
  "summary_gm_mean": 673.2126272376231,
  "summary_gm_median": 670.3765996098518,
  "summary_gm_n": 25589.0,
  "summary_gm_p05": 576.656119287014,
  "summary_gm_p95": 780.5248591303825,
  "summary_gm_stdv": 61.73492717742084,
  "summary_wm_k": 0.6653280863466611,
  "summary_wm_mad": 49.381509969038795,
  "summary_wm_mean": 997.5098921686238,
  "summary_wm_median": 999.9999892115593,
  "summary_wm_n": 125048.0,
  "summary_wm_p05": 905.3759810328484,
  "summary_wm_p95": 1079.181884944439,
  "summary_wm_stdv": 52.96389472231482,
  "tpm_overlap_csf": 0.1661437749862671,
  "tpm_overlap_gm": 0.48499590158462524,
  "tpm_overlap_wm": 0.5025059580802917,
  "wm2max": 0.5120271333795333
}