{
  "bids_meta": {
    "EchoTime": 0.00336,
    "FlipAngle": 9,
    "ImageType": [
      "ORIGINAL",
      "PRIMARY",
      "M",
      "ND",
      "NORM"
    ],
    "MagneticFieldStrength": 3,
    "Manufacturer": "Siemens",
    "ManufacturersModelName": "TrioTim",
    "PhaseEncodingDirection": "i-",
    "RepetitionTime": 2.3,
    "ScanningSequence": "GR_IR",
    "SequenceName": "_tfl3d1",
    "SequenceVariant": "SP_MP",
    "SoftwareVersions": "syngo_MR_B17",
    "dataset": "ds001894",
    "modality": "T1w",
    "session_id": "T1",
    "subject_id": "127"
  },
  "cjv": 0.29621443705127404,
  "cnr": 4.23302736088553,
  "efc": 0.6741195316886797,
  "fber": 41.25273983933169,
  "fwhm_avg": 3.6416923458010846,
  "fwhm_x": 3.717010221551074,
  "fwhm_y": 3.7223402218687665,
  "fwhm_z": 3.4857265939834137,
  "icvs_csf": 0.23127328572717476,
  "icvs_gm": 0.4482320798482965,
  "icvs_wm": 0.32049463442452875,
  "inu_med": 0.9247443675994873,
  "inu_range": 0.28106093406677246,
  "provenance": {
    "md5sum": "4da4e3fb37f88ab6f147a2ee9ca2c5b3",
    "settings": {
      "testing": false
    },
    "software": "mriqc",
    "version": "22.0.0rc1",
    "warnings": {
      "large_rot_frame": true,
      "small_air_mask": false
    },
    "webapi_port": null,
    "webapi_url": "https://mriqc.nimh.nih.gov/api/v1"
  },
  "qi_1": 0.0,
  "qi_2": 0.004818282378690177,
  "rpve_csf": 19.95338250547424,
  "rpve_gm": 10.87828713218972,
  "rpve_wm": 17.50524503449331,
  "size_x": 256,
  "size_y": 256,
  "size_z": 160,
  "snr_csf": 3.6576040678644484,
  "snr_gm": 10.758238342847765,
  "snr_total": 11.477998169504085,
  "snr_wm": 20.01815209780004,
  "snrd_csf": 9.202399186243655,
  "snrd_gm": 17.249617764713996,
  "snrd_total": 17.64324896934134,
  "snrd_wm": 26.477729957066373,
  "spacing_x": 0.9999999403953552,
  "spacing_y": 0.9999999403953552,
  "spacing_z": 0.9999923706054688,
  "summary_bg_k": 0.18810437601688879,
  "summary_bg_mad": 24.74292150608812,
  "summary_bg_mean": 91.00883968574854,
  "summary_bg_median": 89.55868296325207,
  "summary_bg_n": 1911854.0,
  "summary_bg_p05": 52.76409152895212,
  "summary_bg_p95": 134.194155074656,
  "summary_bg_stdv": 24.830297361301106,
  "summary_csf_k": -0.0016843793996961232,
  "summary_csf_mad": 101.63794911768095,
  "summary_csf_mean": 345.51138609256924,
  "summary_csf_median": 347.55243111401796,
  "summary_csf_n": 32370.0,
  "summary_csf_p05": 193.93591105937958,
  "summary_csf_p95": 495.074284972623,
  "summary_csf_stdv": 95.02041669623944,
  "summary_gm_k": 0.5045139146112394,
  "summary_gm_mad": 56.418127054830244,
  "summary_gm_mean": 652.8259764428494,
  "summary_gm_median": 651.4764757081866,
  "summary_gm_n": 40956.0,
  "summary_gm_p05": 555.0750058237463,
  "summary_gm_p95": 754.4509774446487,
  "summary_gm_stdv": 60.555315984642576,
  "summary_wm_k": 0.7415636821588354,
  "summary_wm_mad": 46.81957991884778,
  "summary_wm_mean": 997.4834486642602,
  "summary_wm_median": 1000.0000250712037,
  "summary_wm_n": 187461.0,
  "summary_wm_p05": 911.3764930143952,
  "summary_wm_p95": 1074.4164568185806,
  "summary_wm_stdv": 49.95452891758321,
  "tpm_overlap_csf": 0.15026313066482544,
  "tpm_overlap_gm": 0.45598897337913513,
  "tpm_overlap_wm": 0.4762643873691559,
  "wm2max": 0.5910863527455914
}