{
  "bids_meta": {
    "EchoTime": 0.00336,
    "FlipAngle": 9,
    "ImageType": [
      "ORIGINAL",
      "PRIMARY",
      "M",
      "ND",
      "NORM"
    ],
    "MagneticFieldStrength": 3,
    "Manufacturer": "Siemens",
    "ManufacturersModelName": "TrioTim",
    "PhaseEncodingDirection": "i-",
    "RepetitionTime": 2.3,
    "ScanningSequence": "GR_IR",
    "SequenceName": "_tfl3d1",
    "SequenceVariant": "SP_MP",
    "SoftwareVersions": "syngo_MR_B17",
    "dataset": "ds001894",
    "modality": "T1w",
    "session_id": "T1",
    "subject_id": "029"
  },
  "cjv": 0.3280728004673823,
  "cnr": 3.903283340847758,
  "efc": 0.6674161876952439,
  "fber": 50.9114526257479,
  "fwhm_avg": 3.66992618676522,
  "fwhm_x": 3.73884,
  "fwhm_y": 3.75649,
  "fwhm_z": 3.51444856029566,
  "icvs_csf": 0.23457504382137137,
  "icvs_gm": 0.44690411146498904,
  "icvs_wm": 0.3185208447136396,
  "inu_med": 1.294206142425537,
  "inu_range": 0.42092924118041997,
  "provenance": {
    "md5sum": "decf22c38355b5e1fb7baeada019a823",
    "settings": {
      "testing": false
    },
    "software": "mriqc",
    "version": "21.0.0rc2",
    "warnings": {
      "large_rot_frame": true,
      "small_air_mask": false
    },
    "webapi_port": null,
    "webapi_url": "https://mriqc.nimh.nih.gov/api/v1"
  },
  "qi_1": 0.0,
  "qi_2": 0.004827431254403863,
  "rpve_csf": 21.41144494430163,
  "rpve_gm": 11.691187494762685,
  "rpve_wm": 18.705751135553374,
  "size_x": 256,
  "size_y": 256,
  "size_z": 160,
  "snr_csf": 4.5662153410047575,
  "snr_gm": 11.09509095695907,
  "snr_total": 11.348951097963777,
  "snr_wm": 18.385546995927502,
  "snrd_csf": 11.356387231306874,
  "snrd_gm": 19.03155106497671,
  "snrd_total": 19.596556728551658,
  "snrd_wm": 28.40173188937139,
  "spacing_x": 1.0,
  "spacing_y": 1.0,
  "spacing_z": 0.9999122023582458,
  "summary_bg_k": 0.3301718291285751,
  "summary_bg_mad": 23.067695688386088,
  "summary_bg_mean": 84.0826107926602,
  "summary_bg_median": 82.6617721915245,
  "summary_bg_n": 1689636.0,
  "summary_bg_p05": 48.591717436909676,
  "summary_bg_p95": 124.43149974197149,
  "summary_bg_stdv": 23.203306915182555,
  "summary_csf_k": 0.2955988808003345,
  "summary_csf_mad": 87.30235598989196,
  "summary_csf_mean": 397.10386531372876,
  "summary_csf_median": 399.8643545731902,
  "summary_csf_n": 31853.0,
  "summary_csf_p05": 251.57583756744862,
  "summary_csf_p95": 533.8067454785107,
  "summary_csf_stdv": 87.568817488521,
  "summary_gm_k": 0.35769000953274643,
  "summary_gm_mad": 57.31435159499005,
  "summary_gm_mean": 671.4942078326582,
  "summary_gm_median": 670.1109013035893,
  "summary_gm_n": 36143.0,
  "summary_gm_p05": 573.0511399306357,
  "summary_gm_p95": 772.5963388435543,
  "summary_gm_stdv": 60.396226904917334,
  "summary_wm_k": 0.5865540394907893,
  "summary_wm_mad": 50.926374327436974,
  "summary_wm_mean": 997.2882309290596,
  "summary_wm_median": 1000.0398858711123,
  "summary_wm_n": 160938.0,
  "summary_wm_p05": 902.1782414764166,
  "summary_wm_p95": 1081.345239020884,
  "summary_wm_stdv": 54.392549711869776,
  "tpm_overlap_csf": 0.13588517904281616,
  "tpm_overlap_gm": 0.45723143219947815,
  "tpm_overlap_wm": 0.4662412703037262,
  "wm2max": 0.5248424446724315
}