{
  "bids_meta": {
    "EchoTime": 0.00336,
    "FlipAngle": 9,
    "ImageType": [
      "ORIGINAL",
      "PRIMARY",
      "M",
      "ND",
      "NORM"
    ],
    "MagneticFieldStrength": 3,
    "Manufacturer": "Siemens",
    "ManufacturersModelName": "TrioTim",
    "PhaseEncodingDirection": "i-",
    "RepetitionTime": 2.3,
    "ScanningSequence": "GR_IR",
    "SequenceName": "_tfl3d1",
    "SequenceVariant": "SP_MP",
    "SoftwareVersions": "syngo_MR_B17",
    "dataset": "ds001894",
    "modality": "T1w",
    "session_id": "T1",
    "subject_id": "184"
  },
  "cjv": 0.3037753129395593,
  "cnr": 4.124887433297914,
  "efc": 0.6412378793669372,
  "fber": 41.14063925168352,
  "fwhm_avg": 3.6069848014290073,
  "fwhm_x": 3.62529,
  "fwhm_y": 3.6725702189022433,
  "fwhm_z": 3.5230941853847777,
  "icvs_csf": 0.21595987833648936,
  "icvs_gm": 0.45825895200195094,
  "icvs_wm": 0.32578116966155973,
  "inu_med": 1.1994396448135376,
  "inu_range": 0.311340081691742,
  "provenance": {
    "md5sum": "f4a1d3d19f0ae60b3a65752d4a787d02",
    "settings": {
      "testing": false
    },
    "software": "mriqc",
    "version": "22.0.0rc1",
    "warnings": {
      "large_rot_frame": true,
      "small_air_mask": false
    },
    "webapi_port": null,
    "webapi_url": "https://mriqc.nimh.nih.gov/api/v1"
  },
  "qi_1": 0.0,
  "qi_2": 0.0035954094129113027,
  "rpve_csf": 28.96745778551621,
  "rpve_gm": 14.780846567339676,
  "rpve_wm": 23.673297466630345,
  "size_x": 256,
  "size_y": 256,
  "size_z": 160,
  "snr_csf": 3.6615808435615804,
  "snr_gm": 11.307968799923962,
  "snr_total": 11.673950268787934,
  "snr_wm": 20.052301162878255,
  "snrd_csf": 9.33866336415628,
  "snrd_gm": 17.034269661909857,
  "snrd_total": 17.337847966687125,
  "snrd_wm": 25.640610873995236,
  "spacing_x": 1.0,
  "spacing_y": 0.9999999403953552,
  "spacing_z": 0.9999619126319885,
  "summary_bg_k": 2.300363122172736,
  "summary_bg_mad": 25.550732545456246,
  "summary_bg_mean": 93.19929866821568,
  "summary_bg_median": 91.50855801254511,
  "summary_bg_n": 2475901.0,
  "summary_bg_p05": 53.80476664751768,
  "summary_bg_p95": 138.19329538941383,
  "summary_bg_stdv": 26.135813768975225,
  "summary_csf_k": -0.13444457246486552,
  "summary_csf_mad": 108.08079823218816,
  "summary_csf_mean": 364.0228352064419,
  "summary_csf_median": 364.21377002075315,
  "summary_csf_n": 15438.0,
  "summary_csf_p05": 207.35264788735657,
  "summary_csf_p95": 523.8076079338789,
  "summary_csf_stdv": 99.46577431296501,
  "summary_gm_k": 0.44026754596376527,
  "summary_gm_mad": 55.539855251390804,
  "summary_gm_mean": 666.5490718643122,
  "summary_gm_median": 664.3472766056657,
  "summary_gm_n": 23854.0,
  "summary_gm_p05": 572.8387185931206,
  "summary_gm_p95": 767.2782224850729,
  "summary_gm_stdv": 58.7491319558471,
  "summary_wm_k": 0.719059421654582,
  "summary_wm_mad": 46.4231619487867,
  "summary_wm_mean": 998.6609326249884,
  "summary_wm_median": 1000.0000201202929,
  "summary_wm_n": 124456.0,
  "summary_wm_p05": 914.3169406019151,
  "summary_wm_p95": 1077.18761016801,
  "summary_wm_stdv": 49.8693887801411,
  "tpm_overlap_csf": 0.16230197250843048,
  "tpm_overlap_gm": 0.4633525311946869,
  "tpm_overlap_wm": 0.4932298958301544,
  "wm2max": 0.5297344791376465
}