{
  "bids_meta": {
    "EchoTime": 0.00336,
    "FlipAngle": 9,
    "ImageType": [
      "ORIGINAL",
      "PRIMARY",
      "M",
      "ND",
      "NORM"
    ],
    "MagneticFieldStrength": 3,
    "Manufacturer": "Siemens",
    "ManufacturersModelName": "TrioTim",
    "PhaseEncodingDirection": "i-",
    "RepetitionTime": 2.3,
    "ScanningSequence": "GR_IR",
    "SequenceName": "_tfl3d1",
    "SequenceVariant": "SP_MP",
    "SoftwareVersions": "syngo_MR_B17",
    "dataset": "ds001894",
    "modality": "T1w",
    "session_id": "T1",
    "subject_id": "001"
  },
  "cjv": 0.3437214239472421,
  "cnr": 3.6636462255510605,
  "efc": 0.6716110286687984,
  "fber": 43.14618059187839,
  "fwhm_avg": 3.5436868125430916,
  "fwhm_x": 3.59288,
  "fwhm_y": 3.671100437629275,
  "fwhm_z": 3.36708,
  "icvs_csf": 0.2214411066422451,
  "icvs_gm": 0.4505279108246173,
  "icvs_wm": 0.3280309825331376,
  "inu_med": 1.1849968433380127,
  "inu_range": 0.3585655093193054,
  "provenance": {
    "md5sum": "461e98018fbb9f03db531d30aa0c38cb",
    "settings": {
      "testing": false
    },
    "software": "mriqc",
    "version": "21.0.0rc2",
    "warnings": {
      "large_rot_frame": true,
      "small_air_mask": false
    },
    "webapi_port": null,
    "webapi_url": "https://mriqc.nimh.nih.gov/api/v1"
  },
  "qi_1": 0.0,
  "qi_2": 0.005160542927690859,
  "rpve_csf": 25.970265490257706,
  "rpve_gm": 13.464945196974607,
  "rpve_wm": 20.868235624011056,
  "size_x": 256,
  "size_y": 256,
  "size_z": 160,
  "snr_csf": 4.030732779415132,
  "snr_gm": 10.457348481429452,
  "snr_total": 11.488343460359834,
  "snr_wm": 19.976949120234913,
  "snrd_csf": 10.311661501519566,
  "snrd_gm": 17.96405014984713,
  "snrd_total": 18.172495452476852,
  "snrd_wm": 26.241774706063868,
  "spacing_x": 1.0,
  "spacing_y": 0.9999998807907104,
  "spacing_z": 1.0,
  "summary_bg_k": 0.2864140685952945,
  "summary_bg_mad": 24.96539936159537,
  "summary_bg_mean": 91.97119992647602,
  "summary_bg_median": 90.5775086954236,
  "summary_bg_n": 1772714.0,
  "summary_bg_p05": 53.49544137716293,
  "summary_bg_p95": 135.19757002592087,
  "summary_bg_stdv": 24.94718636391599,
  "summary_csf_k": 0.7721447202434466,
  "summary_csf_mad": 92.11060703086811,
  "summary_csf_mean": 390.120040931357,
  "summary_csf_median": 392.94833302497864,
  "summary_csf_n": 21020.0,
  "summary_csf_p05": 226.32219118997455,
  "summary_csf_p95": 541.9483348289505,
  "summary_csf_stdv": 97.48574450525797,
  "summary_gm_k": 0.31234428717577023,
  "summary_gm_mad": 61.82766773304846,
  "summary_gm_mean": 687.6079385365134,
  "summary_gm_median": 684.5592788048089,
  "summary_gm_n": 28873.0,
  "summary_gm_p05": 584.6200678683817,
  "summary_gm_p95": 801.5805568173528,
  "summary_gm_stdv": 65.46089816710031,
  "summary_wm_k": 0.7139091254912335,
  "summary_wm_mad": 46.596070288609404,
  "summary_wm_mean": 997.3107070983242,
  "summary_wm_median": 1000.0000121071935,
  "summary_wm_n": 149431.0,
  "summary_wm_p05": 910.0911964289844,
  "summary_wm_p95": 1074.0425661951303,
  "summary_wm_stdv": 50.057526805367914,
  "tpm_overlap_csf": 0.14842526614665985,
  "tpm_overlap_gm": 0.4578646421432495,
  "tpm_overlap_wm": 0.4703909158706665,
  "wm2max": 0.5345247766043867
}