{
  "bids_meta": {
    "EchoTime": 0.00336,
    "FlipAngle": 9,
    "ImageType": [
      "ORIGINAL",
      "PRIMARY",
      "M",
      "ND",
      "NORM"
    ],
    "MagneticFieldStrength": 3,
    "Manufacturer": "Siemens",
    "ManufacturersModelName": "TrioTim",
    "PhaseEncodingDirection": "i-",
    "RepetitionTime": 2.3,
    "ScanningSequence": "GR_IR",
    "SequenceName": "_tfl3d1",
    "SequenceVariant": "SP_MP",
    "SoftwareVersions": "syngo_MR_B17",
    "dataset": "ds001894",
    "modality": "T1w",
    "session_id": "T1",
    "subject_id": "123"
  },
  "cjv": 0.39105563723602377,
  "cnr": 3.250549857954429,
  "efc": 0.7198468938088743,
  "fber": 28.546825114114743,
  "fwhm_avg": 3.612786018525583,
  "fwhm_x": 3.67163,
  "fwhm_y": 3.65327,
  "fwhm_z": 3.51345805557675,
  "icvs_csf": 0.22705592275360428,
  "icvs_gm": 0.4339320017852134,
  "icvs_wm": 0.3390120754611823,
  "inu_med": 1.2890112400054932,
  "inu_range": 0.4662569046020508,
  "provenance": {
    "md5sum": "2d5ab40a5ff9947238ef591be6f593d8",
    "settings": {
      "testing": false
    },
    "software": "mriqc",
    "version": "22.0.0rc1",
    "warnings": {
      "large_rot_frame": true,
      "small_air_mask": false
    },
    "webapi_port": null,
    "webapi_url": "https://mriqc.nimh.nih.gov/api/v1"
  },
  "qi_1": 0.0,
  "qi_2": 0.0045994011978508316,
  "rpve_csf": 21.26382821116734,
  "rpve_gm": 11.59416103678911,
  "rpve_wm": 17.38454125965921,
  "size_x": 256,
  "size_y": 256,
  "size_z": 160,
  "snr_csf": 3.4750301215625052,
  "snr_gm": 9.57413057703896,
  "snr_total": 10.205581822019697,
  "snr_wm": 17.567584767457628,
  "snrd_csf": 8.423049375576603,
  "snrd_gm": 14.701239783430278,
  "snrd_total": 14.84914018985232,
  "snrd_wm": 21.423131410550077,
  "spacing_x": 1.0,
  "spacing_y": 1.0,
  "spacing_z": 0.9999237060546875,
  "summary_bg_k": 0.13780550973524575,
  "summary_bg_mad": 30.580794552373188,
  "summary_bg_mean": 112.52955830627104,
  "summary_bg_median": 110.81402304768562,
  "summary_bg_n": 1972195.0,
  "summary_bg_p05": 65.2745949625969,
  "summary_bg_p95": 165.77540177106857,
  "summary_bg_stdv": 30.66214155299892,
  "summary_csf_k": 0.19714213650265577,
  "summary_csf_mad": 118.67361836579389,
  "summary_csf_mean": 389.7922292401077,
  "summary_csf_median": 393.1754536628723,
  "summary_csf_n": 22783.0,
  "summary_csf_p05": 204.73644089698792,
  "summary_csf_p95": 566.034294900298,
  "summary_csf_stdv": 113.14055162462928,
  "summary_gm_k": 0.2254109766135417,
  "summary_gm_mad": 68.02024467307699,
  "summary_gm_mean": 690.075376755234,
  "summary_gm_median": 686.2320714890957,
  "summary_gm_n": 26761.0,
  "summary_gm_p05": 576.6912850141525,
  "summary_gm_p95": 815.4655836224556,
  "summary_gm_stdv": 71.67431490016772,
  "summary_wm_k": 0.5140680442085452,
  "summary_wm_mad": 54.68047420990185,
  "summary_wm_mean": 999.9441850212343,
  "summary_wm_median": 1000.0000042319298,
  "summary_wm_n": 181354.0,
  "summary_wm_p05": 906.2897924780846,
  "summary_wm_p95": 1092.7340679466724,
  "summary_wm_stdv": 56.92286449312046,
  "tpm_overlap_csf": 0.1616622507572174,
  "tpm_overlap_gm": 0.4720602035522461,
  "tpm_overlap_wm": 0.5051408410072327,
  "wm2max": 0.6599075759697521
}