{
  "bids_meta": {
    "EchoTime": 0.00336,
    "FlipAngle": 9,
    "ImageType": [
      "ORIGINAL",
      "PRIMARY",
      "M",
      "ND",
      "NORM"
    ],
    "MagneticFieldStrength": 3,
    "Manufacturer": "Siemens",
    "ManufacturersModelName": "TrioTim",
    "PhaseEncodingDirection": "i-",
    "RepetitionTime": 2.3,
    "ScanningSequence": "GR_IR",
    "SequenceName": "_tfl3d1",
    "SequenceVariant": "SP_MP",
    "SoftwareVersions": "syngo_MR_B17",
    "dataset": "ds001894",
    "modality": "T1w",
    "session_id": "T2",
    "subject_id": "070"
  },
  "cjv": 0.3198742403603117,
  "cnr": 3.998153699508947,
  "efc": 0.6772565862442135,
  "fber": 40.41326530612245,
  "fwhm_avg": 3.517682666912188,
  "fwhm_x": 3.54488,
  "fwhm_y": 3.658710218076123,
  "fwhm_z": 3.349457782660441,
  "icvs_csf": 0.23066434863205587,
  "icvs_gm": 0.4387651305652907,
  "icvs_wm": 0.3305705208026534,
  "inu_med": 1.3010382652282715,
  "inu_range": 0.30151411294937125,
  "provenance": {
    "md5sum": "5b2402bb41adde3c79cf9a38223c951f",
    "settings": {
      "testing": false
    },
    "software": "mriqc",
    "version": "21.0.0rc2",
    "warnings": {
      "large_rot_frame": true,
      "small_air_mask": false
    },
    "webapi_port": null,
    "webapi_url": "https://mriqc.nimh.nih.gov/api/v1"
  },
  "qi_1": 0.0,
  "qi_2": 0.0038635253636715517,
  "rpve_csf": 21.908155973803417,
  "rpve_gm": 12.01699073190487,
  "rpve_wm": 18.810052486851205,
  "size_x": 256,
  "size_y": 256,
  "size_z": 160,
  "snr_csf": 3.566169003342677,
  "snr_gm": 10.925988798347818,
  "snr_total": 11.507019894442896,
  "snr_wm": 20.028901881638195,
  "snrd_csf": 9.219874707976244,
  "snrd_gm": 16.77942617480934,
  "snrd_total": 17.045115183077616,
  "snrd_wm": 25.136044666447262,
  "spacing_x": 1.0,
  "spacing_y": 0.9999999403953552,
  "spacing_z": 1.000030517578125,
  "summary_bg_k": 0.1811577952871577,
  "summary_bg_mad": 26.063622644363246,
  "summary_bg_mean": 95.0302318405347,
  "summary_bg_median": 93.3501472659409,
  "summary_bg_n": 2145625.0,
  "summary_bg_p05": 54.890034943819046,
  "summary_bg_p95": 140.82260992005467,
  "summary_bg_stdv": 26.245348186766318,
  "summary_csf_k": 0.6927148475735478,
  "summary_csf_mad": 102.05502875092445,
  "summary_csf_mean": 367.8172483105221,
  "summary_csf_median": 366.7989497259259,
  "summary_csf_n": 27089.0,
  "summary_csf_p05": 204.92526964768768,
  "summary_csf_p95": 533.434711214155,
  "summary_csf_stdv": 102.85328010626131,
  "summary_gm_k": 0.3285347206245959,
  "summary_gm_mad": 58.6156576769857,
  "summary_gm_mean": 667.4622595314158,
  "summary_gm_median": 667.5444182120264,
  "summary_gm_n": 29204.0,
  "summary_gm_p05": 566.554171487689,
  "summary_gm_p95": 767.8244323896243,
  "summary_gm_stdv": 61.095888110889994,
  "summary_wm_k": 0.4086206688960843,
  "summary_wm_mad": 47.72832163566941,
  "summary_wm_mean": 999.215671210712,
  "summary_wm_median": 1000.0000082366168,
  "summary_wm_n": 170463.0,
  "summary_wm_p05": 915.9960020557046,
  "summary_wm_p95": 1079.9985253810883,
  "summary_wm_stdv": 49.927703523337264,
  "tpm_overlap_csf": 0.1432458460330963,
  "tpm_overlap_gm": 0.4505423605442047,
  "tpm_overlap_wm": 0.46606114506721497,
  "wm2max": 0.5208832393168997
}