{
  "bids_meta": {
    "EchoTime": 0.00336,
    "FlipAngle": 9,
    "ImageType": [
      "ORIGINAL",
      "PRIMARY",
      "M",
      "ND",
      "NORM"
    ],
    "MagneticFieldStrength": 3,
    "Manufacturer": "Siemens",
    "ManufacturersModelName": "TrioTim",
    "PhaseEncodingDirection": "i-",
    "RepetitionTime": 2.3,
    "ScanningSequence": "GR_IR",
    "SequenceName": "_tfl3d1",
    "SequenceVariant": "SP_MP",
    "SoftwareVersions": "syngo_MR_B17",
    "dataset": "ds001894",
    "modality": "T1w",
    "session_id": "T1",
    "subject_id": "164"
  },
  "cjv": 0.37672485965846403,
  "cnr": 3.4102097485602325,
  "efc": 0.6787945585505186,
  "fber": 32.22181267217771,
  "fwhm_avg": 3.2080599645989345,
  "fwhm_x": 3.23049,
  "fwhm_y": 3.25353,
  "fwhm_z": 3.1401598937968025,
  "icvs_csf": 0.22499589657824745,
  "icvs_gm": 0.4566484094170869,
  "icvs_wm": 0.3183556940046656,
  "inu_med": 1.450764536857605,
  "inu_range": 0.41122426986694327,
  "provenance": {
    "md5sum": "2d9a09ab8c42ff3e043e96e1483970ca",
    "settings": {
      "testing": false
    },
    "software": "mriqc",
    "version": "22.0.0rc1",
    "warnings": {
      "large_rot_frame": true,
      "small_air_mask": false
    },
    "webapi_port": null,
    "webapi_url": "https://mriqc.nimh.nih.gov/api/v1"
  },
  "qi_1": 0.0,
  "qi_2": 0.004157885942555548,
  "rpve_csf": 25.62004542132834,
  "rpve_gm": 13.380973930177923,
  "rpve_wm": 21.49858268106404,
  "size_x": 256,
  "size_y": 256,
  "size_z": 160,
  "snr_csf": 2.6902781491413013,
  "snr_gm": 9.953870173451538,
  "snr_total": 10.26538667599163,
  "snr_wm": 18.152011705382048,
  "snrd_csf": 7.80102233619692,
  "snrd_gm": 16.325776995684613,
  "snrd_total": 15.98620401891507,
  "snrd_wm": 23.831812724863678,
  "spacing_x": 1.0,
  "spacing_y": 1.0,
  "spacing_z": 0.9999809265136719,
  "summary_bg_k": 0.15613970038521607,
  "summary_bg_mad": 27.48999375308922,
  "summary_bg_mean": 100.83904313286403,
  "summary_bg_median": 99.22325313091278,
  "summary_bg_n": 2326150.0,
  "summary_bg_p05": 58.43147128820419,
  "summary_bg_p95": 148.73465418815613,
  "summary_bg_stdv": 27.546935270902086,
  "summary_csf_k": 0.1518291152889133,
  "summary_csf_mad": 131.0604026498632,
  "summary_csf_mean": 343.38413007836454,
  "summary_csf_median": 327.33650982379913,
  "summary_csf_n": 18262.0,
  "summary_csf_p05": 177.3991495370865,
  "summary_csf_p95": 552.5933395326138,
  "summary_csf_stdv": 121.67052227480686,
  "summary_gm_k": 0.18557381685341223,
  "summary_gm_mad": 66.49606597031041,
  "summary_gm_mean": 686.5385021563688,
  "summary_gm_median": 685.0413486361504,
  "summary_gm_n": 19155.0,
  "summary_gm_p05": 575.0288195461035,
  "summary_gm_p95": 802.4555315077305,
  "summary_gm_stdv": 68.81981128320712,
  "summary_wm_k": 0.5816284421316271,
  "summary_wm_mad": 52.15669085045576,
  "summary_wm_mean": 998.561988794511,
  "summary_wm_median": 1000.0000081956387,
  "summary_wm_n": 130046.0,
  "summary_wm_p05": 905.687804967165,
  "summary_wm_p95": 1086.1438325047493,
  "summary_wm_stdv": 55.090101286037495,
  "tpm_overlap_csf": 0.1584470272064209,
  "tpm_overlap_gm": 0.45616912841796875,
  "tpm_overlap_wm": 0.4670446515083313,
  "wm2max": 0.5684861261466583
}