{
  "bids_meta": {
    "EchoTime": 0.00336,
    "FlipAngle": 9,
    "ImageType": [
      "ORIGINAL",
      "PRIMARY",
      "M",
      "ND",
      "NORM"
    ],
    "MagneticFieldStrength": 3,
    "Manufacturer": "Siemens",
    "ManufacturersModelName": "TrioTim",
    "PhaseEncodingDirection": "i-",
    "RepetitionTime": 2.3,
    "ScanningSequence": "GR_IR",
    "SequenceName": "_tfl3d1",
    "SequenceVariant": "SP_MP",
    "SoftwareVersions": "syngo_MR_B17",
    "dataset": "ds001894",
    "modality": "T1w",
    "session_id": "T1",
    "subject_id": "052"
  },
  "cjv": 0.29087129053778327,
  "cnr": 4.353372619316289,
  "efc": 0.6689844527081862,
  "fber": 48.62358284048313,
  "fwhm_avg": 3.7302329837628143,
  "fwhm_x": 3.786059548666531,
  "fwhm_y": 3.879310231224908,
  "fwhm_z": 3.525329171397004,
  "icvs_csf": 0.2128074861226034,
  "icvs_gm": 0.45930837731307106,
  "icvs_wm": 0.3278841365643256,
  "inu_med": 1.1243348121643066,
  "inu_range": 0.322519326210022,
  "provenance": {
    "md5sum": "4ad74d4996c7e4fbd319bf7496e779df",
    "settings": {
      "testing": false
    },
    "software": "mriqc",
    "version": "21.0.0rc2",
    "warnings": {
      "large_rot_frame": true,
      "small_air_mask": false
    },
    "webapi_port": null,
    "webapi_url": "https://mriqc.nimh.nih.gov/api/v1"
  },
  "qi_1": 0.0,
  "qi_2": 0.004561756675156523,
  "rpve_csf": 22.352339907569295,
  "rpve_gm": 11.352201887331999,
  "rpve_wm": 18.174665842837047,
  "size_x": 256,
  "size_y": 256,
  "size_z": 160,
  "snr_csf": 3.8466685312616593,
  "snr_gm": 11.64159990707055,
  "snr_total": 12.06736095047107,
  "snr_wm": 20.713814413081003,
  "snrd_csf": 10.65957209140328,
  "snrd_gm": 18.631914228641758,
  "snrd_total": 19.168971751104042,
  "snrd_wm": 28.215428933267084,
  "spacing_x": 1.0000001192092896,
  "spacing_y": 0.9999999403953552,
  "spacing_z": 0.9999236464500427,
  "summary_bg_k": 0.1288486983307604,
  "summary_bg_mad": 23.219082602458545,
  "summary_bg_mean": 85.25842866850864,
  "summary_bg_median": 83.881182346493,
  "summary_bg_n": 2069184.0,
  "summary_bg_p05": 49.35806954652071,
  "summary_bg_p95": 125.59804447367787,
  "summary_bg_stdv": 23.221729058881547,
  "summary_csf_k": -0.13970687277173344,
  "summary_csf_mad": 100.99025158300101,
  "summary_csf_mean": 370.6618820863355,
  "summary_csf_median": 377.7923091650009,
  "summary_csf_n": 19551.0,
  "summary_csf_p05": 203.09434404410422,
  "summary_csf_p95": 522.992460059002,
  "summary_csf_stdv": 98.2103459806958,
  "summary_gm_k": 0.44494998329277724,
  "summary_gm_mad": 53.327343559492704,
  "summary_gm_mean": 662.5910593497215,
  "summary_gm_median": 660.3448844142258,
  "summary_gm_n": 37928.0,
  "summary_gm_p05": 572.8840373307467,
  "summary_gm_p95": 760.6787566095591,
  "summary_gm_stdv": 56.722115893466274,
  "summary_wm_k": 0.6024142295553192,
  "summary_wm_mad": 45.468577140199045,
  "summary_wm_mean": 997.7185693512129,
  "summary_wm_median": 999.999996189028,
  "summary_wm_n": 177563.0,
  "summary_wm_p05": 913.8815233819187,
  "summary_wm_p95": 1072.247268140316,
  "summary_wm_stdv": 48.27682436179418,
  "tpm_overlap_csf": 0.15849772095680237,
  "tpm_overlap_gm": 0.4625682532787323,
  "tpm_overlap_wm": 0.46483567357063293,
  "wm2max": 0.6221998543710112
}