{
  "bids_meta": {
    "EchoTime": 0.00336,
    "FlipAngle": 9,
    "ImageType": [
      "ORIGINAL",
      "PRIMARY",
      "M",
      "ND",
      "NORM"
    ],
    "MagneticFieldStrength": 3,
    "Manufacturer": "Siemens",
    "ManufacturersModelName": "TrioTim",
    "PhaseEncodingDirection": "i-",
    "RepetitionTime": 2.3,
    "ScanningSequence": "GR_IR",
    "SequenceName": "_tfl3d1",
    "SequenceVariant": "SP_MP",
    "SoftwareVersions": "syngo_MR_B17",
    "dataset": "ds001894",
    "modality": "T1w",
    "session_id": "T2",
    "subject_id": "049"
  },
  "cjv": 0.3045007410849483,
  "cnr": 4.1521731737767995,
  "efc": 0.6620221203755975,
  "fber": 48.34027912334594,
  "fwhm_avg": 3.7493416092374994,
  "fwhm_x": 3.82622,
  "fwhm_y": 3.87382,
  "fwhm_z": 3.547984827712498,
  "icvs_csf": 0.21429472881166062,
  "icvs_gm": 0.4669247193759911,
  "icvs_wm": 0.31878055181234827,
  "inu_med": 1.168212652206421,
  "inu_range": 0.33723104000091575,
  "provenance": {
    "md5sum": "611c4b9ebf234a2e90af3c8452206fcd",
    "settings": {
      "testing": false
    },
    "software": "mriqc",
    "version": "21.0.0rc2",
    "warnings": {
      "large_rot_frame": true,
      "small_air_mask": false
    },
    "webapi_port": null,
    "webapi_url": "https://mriqc.nimh.nih.gov/api/v1"
  },
  "qi_1": 0.0,
  "qi_2": 0.005122573572248418,
  "rpve_csf": 25.517960548573893,
  "rpve_gm": 12.6944505478993,
  "rpve_wm": 20.53540763226366,
  "size_x": 256,
  "size_y": 256,
  "size_z": 160,
  "snr_csf": 4.309424592449956,
  "snr_gm": 11.231077696319124,
  "snr_total": 11.74357362438692,
  "snr_wm": 19.690218584391683,
  "snrd_csf": 11.042533837486625,
  "snrd_gm": 18.724944428995098,
  "snrd_total": 19.34198210181677,
  "snrd_wm": 28.25846803896859,
  "spacing_x": 1.0,
  "spacing_y": 1.0,
  "spacing_z": 0.999908447265625,
  "summary_bg_k": 0.1783397851188182,
  "summary_bg_mad": 23.18318695465479,
  "summary_bg_mean": 85.05824332161431,
  "summary_bg_median": 83.64094805717468,
  "summary_bg_n": 1890319.0,
  "summary_bg_p05": 49.34082242846489,
  "summary_bg_p95": 125.5072778686881,
  "summary_bg_stdv": 23.27126425852728,
  "summary_csf_k": 0.2415584524970833,
  "summary_csf_mad": 88.75557351701417,
  "summary_csf_mean": 386.0009412847769,
  "summary_csf_median": 390.76005420461297,
  "summary_csf_n": 30300.0,
  "summary_csf_p05": 225.1977499499917,
  "summary_csf_p95": 524.4067335426807,
  "summary_csf_stdv": 90.67419503065223,
  "summary_gm_k": 0.3561741984386715,
  "summary_gm_mad": 55.884397878962574,
  "summary_gm_mean": 666.0516191886259,
  "summary_gm_median": 662.6160632818937,
  "summary_gm_n": 47830.0,
  "summary_gm_p05": 574.6646716296673,
  "summary_gm_p95": 769.1849028021097,
  "summary_gm_stdv": 58.997823216897174,
  "summary_wm_k": 0.7656505397977931,
  "summary_wm_mad": 46.84227510779223,
  "summary_wm_mean": 996.4711666116661,
  "summary_wm_median": 999.9770582690835,
  "summary_wm_n": 151900.0,
  "summary_wm_p05": 906.2936937510967,
  "summary_wm_p95": 1072.8418973386288,
  "summary_wm_stdv": 50.78530552690861,
  "tpm_overlap_csf": 0.1456875503063202,
  "tpm_overlap_gm": 0.4731069505214691,
  "tpm_overlap_wm": 0.47458478808403015,
  "wm2max": 0.5912800629050189
}