{
  "bids_meta": {
    "EchoTime": 0.00336,
    "FlipAngle": 9,
    "ImageType": [
      "ORIGINAL",
      "PRIMARY",
      "M",
      "ND",
      "NORM"
    ],
    "MagneticFieldStrength": 3,
    "Manufacturer": "Siemens",
    "ManufacturersModelName": "TrioTim",
    "PhaseEncodingDirection": "i-",
    "RepetitionTime": 2.3,
    "ScanningSequence": "GR_IR",
    "SequenceName": "_tfl3d1",
    "SequenceVariant": "SP_MP",
    "SoftwareVersions": "syngo_MR_B17",
    "dataset": "ds001894",
    "modality": "T1w",
    "session_id": "T2",
    "subject_id": "111"
  },
  "cjv": 0.34830115922471666,
  "cnr": 3.733369395387866,
  "efc": 0.6838999319058204,
  "fber": 41.534751334375045,
  "fwhm_avg": 3.8463727990936216,
  "fwhm_x": 3.90763,
  "fwhm_y": 3.9094,
  "fwhm_z": 3.722088397280863,
  "icvs_csf": 0.2251862094752824,
  "icvs_gm": 0.43397913617021433,
  "icvs_wm": 0.3408346543545033,
  "inu_med": 1.175534963607788,
  "inu_range": 0.3431382834911345,
  "provenance": {
    "md5sum": "5a919f56119938fd8fe78c036cc788bd",
    "settings": {
      "testing": false
    },
    "software": "mriqc",
    "version": "22.0.0rc1",
    "warnings": {
      "large_rot_frame": true,
      "small_air_mask": false
    },
    "webapi_port": null,
    "webapi_url": "https://mriqc.nimh.nih.gov/api/v1"
  },
  "qi_1": 0.0,
  "qi_2": 0.004174078921101721,
  "rpve_csf": 21.128742636768965,
  "rpve_gm": 11.463823082687872,
  "rpve_wm": 17.25933092898893,
  "size_x": 256,
  "size_y": 256,
  "size_z": 160,
  "snr_csf": 4.151355568830582,
  "snr_gm": 10.83386936072597,
  "snr_total": 11.574321821276124,
  "snr_wm": 19.73774053427182,
  "snrd_csf": 10.145812554817855,
  "snrd_gm": 17.231126621432104,
  "snrd_total": 17.53860338336924,
  "snrd_wm": 25.238870973857757,
  "spacing_x": 1.0,
  "spacing_y": 1.0,
  "spacing_z": 0.9999923706054688,
  "summary_bg_k": 0.41566813546049897,
  "summary_bg_mad": 25.957436074063885,
  "summary_bg_mean": 95.29818890942157,
  "summary_bg_median": 93.70440651848912,
  "summary_bg_n": 2148978.0,
  "summary_bg_p05": 55.18675245717168,
  "summary_bg_p95": 140.8301726616919,
  "summary_bg_stdv": 26.161523476080465,
  "summary_csf_k": 0.33768507626394717,
  "summary_csf_mad": 93.82531580937676,
  "summary_csf_mean": 398.3885105819517,
  "summary_csf_median": 401.9915392138064,
  "summary_csf_n": 28295.0,
  "summary_csf_p05": 229.8183550607413,
  "summary_csf_p95": 547.0528178140521,
  "summary_csf_stdv": 96.8320898817191,
  "summary_gm_k": 0.12626946021247187,
  "summary_gm_mad": 61.838183647275116,
  "summary_gm_mean": 684.7626903635748,
  "summary_gm_median": 682.7217707317322,
  "summary_gm_n": 31876.0,
  "summary_gm_p05": 584.2482512695715,
  "summary_gm_p95": 791.6909861750901,
  "summary_gm_stdv": 63.01636459615322,
  "summary_wm_k": 0.4390465518031821,
  "summary_wm_mad": 48.670192638869786,
  "summary_wm_mean": 999.483280239512,
  "summary_wm_median": 1000.0000035464764,
  "summary_wm_n": 192947.0,
  "summary_wm_p05": 915.4873099289834,
  "summary_wm_p95": 1081.011092249304,
  "summary_wm_stdv": 50.66422929319368,
  "tpm_overlap_csf": 0.14241009950637817,
  "tpm_overlap_gm": 0.4535997211933136,
  "tpm_overlap_wm": 0.4747410714626312,
  "wm2max": 0.5503107988427836
}