{
  "bids_meta": {
    "EchoTime": 0.00336,
    "FlipAngle": 9,
    "ImageType": [
      "ORIGINAL",
      "PRIMARY",
      "M",
      "ND",
      "NORM"
    ],
    "MagneticFieldStrength": 3,
    "Manufacturer": "Siemens",
    "ManufacturersModelName": "TrioTim",
    "PhaseEncodingDirection": "i-",
    "RepetitionTime": 2.3,
    "ScanningSequence": "GR_IR",
    "SequenceName": "_tfl3d1",
    "SequenceVariant": "SP_MP",
    "SoftwareVersions": "syngo_MR_B17",
    "dataset": "ds001894",
    "modality": "T1w",
    "session_id": "T1",
    "subject_id": "019"
  },
  "cjv": 0.2957953070953708,
  "cnr": 4.25581251133009,
  "efc": 0.6915842187715536,
  "fber": 20.419283314558,
  "fwhm_avg": 3.8042935137829317,
  "fwhm_x": 3.83425,
  "fwhm_y": 3.98302,
  "fwhm_z": 3.5956105413487944,
  "icvs_csf": 0.257553972008679,
  "icvs_gm": 0.42593615044868705,
  "icvs_wm": 0.31650987754263393,
  "inu_med": 1.0935999155044556,
  "inu_range": 0.38268429040908813,
  "provenance": {
    "md5sum": "3a22025fe8fabea70d0afa0bb64fe17f",
    "settings": {
      "testing": false
    },
    "software": "mriqc",
    "version": "21.0.0rc2",
    "warnings": {
      "large_rot_frame": true,
      "small_air_mask": false
    },
    "webapi_port": null,
    "webapi_url": "https://mriqc.nimh.nih.gov/api/v1"
  },
  "qi_1": 0.0,
  "qi_2": 0.004365797000392586,
  "rpve_csf": 21.224518176360316,
  "rpve_gm": 12.899233538946888,
  "rpve_wm": 20.470338158936467,
  "size_x": 256,
  "size_y": 256,
  "size_z": 160,
  "snr_csf": 3.4893434060059696,
  "snr_gm": 9.556903802105289,
  "snr_total": 9.900417284983401,
  "snr_wm": 16.655004646838947,
  "snrd_csf": 6.5335524093399755,
  "snrd_gm": 12.459931311023261,
  "snrd_total": 13.201663106286494,
  "snrd_wm": 20.611505598496247,
  "spacing_x": 1.0,
  "spacing_y": 1.0,
  "spacing_z": 1.00006103515625,
  "summary_bg_k": 0.27701253604263165,
  "summary_bg_mad": 31.784982624409814,
  "summary_bg_mean": 115.3152755039951,
  "summary_bg_median": 113.19765747711062,
  "summary_bg_n": 1853225.0,
  "summary_bg_p05": 66.41144162416458,
  "summary_bg_p95": 171.5091599225998,
  "summary_bg_stdv": 32.090722386405936,
  "summary_csf_k": 0.343388529748589,
  "summary_csf_mad": 89.14134224740498,
  "summary_csf_mean": 315.40223756462757,
  "summary_csf_median": 316.985679499805,
  "summary_csf_n": 29347.0,
  "summary_csf_p05": 163.63086087070408,
  "summary_csf_p95": 459.1859550211577,
  "summary_csf_stdv": 90.8423854927608,
  "summary_gm_k": 0.1661439430809759,
  "summary_gm_mad": 61.47884797089793,
  "summary_gm_mean": 605.2796444657034,
  "summary_gm_median": 604.5133712403476,
  "summary_gm_n": 20503.0,
  "summary_gm_p05": 502.1599606934935,
  "summary_gm_p95": 711.3036141432822,
  "summary_gm_stdv": 63.2525597732011,
  "summary_wm_k": 1.236323993672662,
  "summary_wm_mad": 55.50422717683594,
  "summary_wm_mean": 996.2504118114094,
  "summary_wm_median": 999.9999538250268,
  "summary_wm_n": 149590.0,
  "summary_wm_p05": 890.3082401715219,
  "summary_wm_p95": 1086.9231817275286,
  "summary_wm_stdv": 60.0418092071787,
  "tpm_overlap_csf": 0.1486692577600479,
  "tpm_overlap_gm": 0.4483715891838074,
  "tpm_overlap_wm": 0.4878401458263397,
  "wm2max": 0.4935448304033064
}