{
  "bids_meta": {
    "EchoTime": 0.00336,
    "FlipAngle": 9,
    "ImageType": [
      "ORIGINAL",
      "PRIMARY",
      "M",
      "ND",
      "NORM"
    ],
    "MagneticFieldStrength": 3,
    "Manufacturer": "Siemens",
    "ManufacturersModelName": "TrioTim",
    "PhaseEncodingDirection": "i-",
    "RepetitionTime": 2.3,
    "ScanningSequence": "GR_IR",
    "SequenceName": "_tfl3d1",
    "SequenceVariant": "SP_MP",
    "SoftwareVersions": "syngo_MR_B17",
    "dataset": "ds001894",
    "modality": "T1w",
    "session_id": "T1",
    "subject_id": "130"
  },
  "cjv": 0.3365065630793801,
  "cnr": 3.7078954812633835,
  "efc": 0.6844487986573589,
  "fber": 40.050309839822276,
  "fwhm_avg": 3.5681719256738713,
  "fwhm_x": 3.67461,
  "fwhm_y": 3.65126,
  "fwhm_z": 3.3786457770216143,
  "icvs_csf": 0.21854999689201327,
  "icvs_gm": 0.4745217061267493,
  "icvs_wm": 0.3069282969812374,
  "inu_med": 1.2303686141967773,
  "inu_range": 0.3888007700443268,
  "provenance": {
    "md5sum": "fc5276b37fe1cc4ca6be1868c1c8675d",
    "settings": {
      "testing": false
    },
    "software": "mriqc",
    "version": "22.0.0rc1",
    "warnings": {
      "large_rot_frame": true,
      "small_air_mask": false
    },
    "webapi_port": null,
    "webapi_url": "https://mriqc.nimh.nih.gov/api/v1"
  },
  "qi_1": 0.0,
  "qi_2": 0.004529254883376087,
  "rpve_csf": 25.87062395793732,
  "rpve_gm": 12.792817102231764,
  "rpve_wm": 21.423365529551358,
  "size_x": 256,
  "size_y": 256,
  "size_z": 160,
  "snr_csf": 3.9070879021588816,
  "snr_gm": 10.974709521142504,
  "snr_total": 10.873771717437299,
  "snr_wm": 17.739517729010508,
  "snrd_csf": 9.606229313521911,
  "snrd_gm": 16.730172715381833,
  "snrd_total": 17.05119866059487,
  "snrd_wm": 24.817193952880867,
  "spacing_x": 1.0,
  "spacing_y": 1.0,
  "spacing_z": 0.9999923706054688,
  "summary_bg_k": 47.463624235202445,
  "summary_bg_mad": 26.399491449242735,
  "summary_bg_mean": 96.46997030995475,
  "summary_bg_median": 94.73804298788309,
  "summary_bg_n": 1916122.0,
  "summary_bg_p05": 55.587261367589235,
  "summary_bg_p95": 142.6016807705164,
  "summary_bg_stdv": 27.799685256539608,
  "summary_csf_k": -0.0594039833009945,
  "summary_csf_mad": 98.60322874631689,
  "summary_csf_mean": 381.1438236367937,
  "summary_csf_median": 387.09431701153517,
  "summary_csf_n": 24893.0,
  "summary_csf_p05": 209.41292715072632,
  "summary_csf_p95": 534.2236391939223,
  "summary_csf_stdv": 99.07290326268799,
  "summary_gm_k": 0.2616011716236355,
  "summary_gm_mad": 58.49630904458273,
  "summary_gm_mean": 676.899683834422,
  "summary_gm_median": 674.1620014868677,
  "summary_gm_n": 33081.0,
  "summary_gm_p05": 580.2610014490783,
  "summary_gm_p95": 783.0536798126996,
  "summary_gm_stdv": 61.42775902597656,
  "summary_wm_k": 0.8334963740861516,
  "summary_wm_mad": 51.163116975348636,
  "summary_wm_mean": 996.6349473743653,
  "summary_wm_median": 1000.038040921092,
  "summary_wm_n": 133878.0,
  "summary_wm_p05": 896.7012839913368,
  "summary_wm_p95": 1082.0682500302792,
  "summary_wm_stdv": 56.37325215403435,
  "tpm_overlap_csf": 0.15635323524475098,
  "tpm_overlap_gm": 0.4713219702243805,
  "tpm_overlap_wm": 0.47302478551864624,
  "wm2max": 0.6527429408696948
}