{
  "bids_meta": {
    "EchoTime": 0.00336,
    "FlipAngle": 9,
    "ImageType": [
      "ORIGINAL",
      "PRIMARY",
      "M",
      "ND",
      "NORM"
    ],
    "MagneticFieldStrength": 3,
    "Manufacturer": "Siemens",
    "ManufacturersModelName": "TrioTim",
    "PhaseEncodingDirection": "i-",
    "RepetitionTime": 2.3,
    "ScanningSequence": "GR_IR",
    "SequenceName": "_tfl3d1",
    "SequenceVariant": "SP_MP",
    "SoftwareVersions": "syngo_MR_B17",
    "dataset": "ds001894",
    "modality": "T1w",
    "session_id": "T2",
    "subject_id": "036"
  },
  "cjv": 0.327745295416917,
  "cnr": 3.8911225855834455,
  "efc": 0.6908364759845261,
  "fber": 41.6462403045102,
  "fwhm_avg": 3.6371011512737965,
  "fwhm_x": 3.78256,
  "fwhm_y": 3.70894,
  "fwhm_z": 3.419803453821389,
  "icvs_csf": 0.2307785982044405,
  "icvs_gm": 0.43520869992991723,
  "icvs_wm": 0.33401270186564225,
  "inu_med": 1.3144580125808716,
  "inu_range": 0.41333911418914804,
  "provenance": {
    "md5sum": "3df05b93d82a1aa4cf87f689cbf45b8d",
    "settings": {
      "testing": false
    },
    "software": "mriqc",
    "version": "21.0.0rc2",
    "warnings": {
      "large_rot_frame": true,
      "small_air_mask": false
    },
    "webapi_port": null,
    "webapi_url": "https://mriqc.nimh.nih.gov/api/v1"
  },
  "qi_1": 0.0,
  "qi_2": 0.004850115462615629,
  "rpve_csf": 19.576342606121738,
  "rpve_gm": 10.787255405961451,
  "rpve_wm": 16.446012654926427,
  "size_x": 256,
  "size_y": 256,
  "size_z": 160,
  "snr_csf": 3.7349925785758513,
  "snr_gm": 9.804944993225087,
  "snr_total": 11.099780681088617,
  "snr_wm": 19.75940447146491,
  "snrd_csf": 9.714247554598368,
  "snrd_gm": 17.78865092740587,
  "snrd_total": 18.162625307738463,
  "snrd_wm": 26.98497744121115,
  "spacing_x": 1.0,
  "spacing_y": 1.0,
  "spacing_z": 1.0000457763671875,
  "summary_bg_k": 0.18547892630023677,
  "summary_bg_mad": 24.27781904166388,
  "summary_bg_mean": 88.78525385834385,
  "summary_bg_median": 87.35180255025625,
  "summary_bg_n": 1638692.0,
  "summary_bg_p05": 51.411559991538525,
  "summary_bg_p95": 131.00112080574036,
  "summary_bg_stdv": 24.278785046779372,
  "summary_csf_k": 0.16118641650806653,
  "summary_csf_mad": 97.7418688690364,
  "summary_csf_mean": 355.7180629444846,
  "summary_csf_median": 359.98725201934576,
  "summary_csf_n": 23869.0,
  "summary_csf_p05": 192.30156410485506,
  "summary_csf_p95": 504.43938076496124,
  "summary_csf_stdv": 96.3803015593904,
  "summary_gm_k": 0.22668660351062497,
  "summary_gm_mad": 64.63575199404019,
  "summary_gm_mean": 662.533236925311,
  "summary_gm_median": 659.2057211324573,
  "summary_gm_n": 32765.0,
  "summary_gm_p05": 555.9041067957878,
  "summary_gm_p95": 777.9254868626595,
  "summary_gm_stdv": 67.23093927698244,
  "summary_wm_k": 0.7382607849630567,
  "summary_wm_mad": 47.05798041517316,
  "summary_wm_mean": 996.8498954926657,
  "summary_wm_median": 1000.0000329688191,
  "summary_wm_n": 192218.0,
  "summary_wm_p05": 907.969618961215,
  "summary_wm_p95": 1073.3160011470318,
  "summary_wm_stdv": 50.6086827260542,
  "tpm_overlap_csf": 0.15517669916152954,
  "tpm_overlap_gm": 0.45388075709342957,
  "tpm_overlap_wm": 0.48207351565361023,
  "wm2max": 0.6668202928351119
}