{
  "bids_meta": {
    "EchoTime": 0.00336,
    "FlipAngle": 9,
    "ImageType": [
      "ORIGINAL",
      "PRIMARY",
      "M",
      "ND",
      "NORM"
    ],
    "MagneticFieldStrength": 3,
    "Manufacturer": "Siemens",
    "ManufacturersModelName": "TrioTim",
    "PhaseEncodingDirection": "i-",
    "RepetitionTime": 2.3,
    "ScanningSequence": "GR_IR",
    "SequenceName": "_tfl3d1",
    "SequenceVariant": "SP_MP",
    "SoftwareVersions": "syngo_MR_B17",
    "dataset": "ds001894",
    "modality": "T1w",
    "session_id": "T1",
    "subject_id": "077"
  },
  "cjv": 0.4397338611248479,
  "cnr": 2.9755622470980363,
  "efc": 0.6896053306608865,
  "fber": 22.539705759999997,
  "fwhm_avg": 3.6090401574381388,
  "fwhm_x": 3.39685,
  "fwhm_y": 3.9620604723144144,
  "fwhm_z": 3.46821,
  "icvs_csf": 0.22571623268511562,
  "icvs_gm": 0.4588219867535027,
  "icvs_wm": 0.31546178056138163,
  "inu_med": 1.213434100151062,
  "inu_range": 0.4436826109886167,
  "provenance": {
    "md5sum": "ceacfc211c2c7bfa0f5d6fb02c56268a",
    "settings": {
      "testing": false
    },
    "software": "mriqc",
    "version": "21.0.0rc2",
    "warnings": {
      "large_rot_frame": true,
      "small_air_mask": false
    },
    "webapi_port": null,
    "webapi_url": "https://mriqc.nimh.nih.gov/api/v1"
  },
  "qi_1": 0.0,
  "qi_2": 0.00380028698600148,
  "rpve_csf": 25.429640052963567,
  "rpve_gm": 12.923314920443561,
  "rpve_wm": 20.351252055474845,
  "size_x": 256,
  "size_y": 256,
  "size_z": 160,
  "snr_csf": 3.690364239885629,
  "snr_gm": 9.528224808741015,
  "snr_total": 8.909781584770604,
  "snr_wm": 13.510755705685167,
  "snrd_csf": 7.879785325442163,
  "snrd_gm": 13.889573994062802,
  "snrd_total": 14.072243269574232,
  "snrd_wm": 20.447370489217732,
  "spacing_x": 1.0,
  "spacing_y": 0.9999998807907104,
  "spacing_z": 1.0,
  "summary_bg_k": 0.488973641448176,
  "summary_bg_mad": 32.04012862965511,
  "summary_bg_mean": 114.68072036929445,
  "summary_bg_median": 112.34899381175637,
  "summary_bg_n": 2029568.0,
  "summary_bg_p05": 65.5480987392366,
  "summary_bg_p95": 171.5883676894009,
  "summary_bg_stdv": 32.507230954168904,
  "summary_csf_k": -0.11692124815149318,
  "summary_csf_mad": 107.53012113596466,
  "summary_csf_mean": 378.9334507527601,
  "summary_csf_median": 385.36912931129336,
  "summary_csf_n": 27684.0,
  "summary_csf_p05": 201.49664523359388,
  "summary_csf_p95": 539.2393761128187,
  "summary_csf_stdv": 104.42388448859877,
  "summary_gm_k": 0.08182864894769803,
  "summary_gm_mad": 69.85146055285058,
  "summary_gm_mean": 681.9605674032723,
  "summary_gm_median": 679.2841194942594,
  "summary_gm_n": 26297.0,
  "summary_gm_p05": 569.4407185353339,
  "summary_gm_p95": 805.861301291734,
  "summary_gm_stdv": 71.29042580190774,
  "summary_wm_k": 0.3053128088794401,
  "summary_wm_mad": 71.17817395366446,
  "summary_wm_mean": 1000.5038429138087,
  "summary_wm_median": 1000.0000046566129,
  "summary_wm_n": 126472.0,
  "summary_wm_p05": 879.3534716563299,
  "summary_wm_p95": 1122.9530253633857,
  "summary_wm_stdv": 74.01481256771983,
  "tpm_overlap_csf": 0.15835437178611755,
  "tpm_overlap_gm": 0.47817617654800415,
  "tpm_overlap_wm": 0.4845316708087921,
  "wm2max": 0.516870562660438
}