{
  "bids_meta": {
    "EchoTime": 0.00336,
    "FlipAngle": 9,
    "ImageType": [
      "ORIGINAL",
      "PRIMARY",
      "M",
      "ND",
      "NORM"
    ],
    "MagneticFieldStrength": 3,
    "Manufacturer": "Siemens",
    "ManufacturersModelName": "TrioTim",
    "PhaseEncodingDirection": "i-",
    "RepetitionTime": 2.3,
    "ScanningSequence": "GR_IR",
    "SequenceName": "_tfl3d1",
    "SequenceVariant": "SP_MP",
    "SoftwareVersions": "syngo_MR_B17",
    "dataset": "ds001894",
    "modality": "T1w",
    "session_id": "T1",
    "subject_id": "006"
  },
  "cjv": 0.3199756741110723,
  "cnr": 4.057010768443884,
  "efc": 0.6569296086617148,
  "fber": 49.90154503616043,
  "fwhm_avg": 3.6976198480697655,
  "fwhm_x": 3.71245,
  "fwhm_y": 3.823449544209296,
  "fwhm_z": 3.55696,
  "icvs_csf": 0.236498483252161,
  "icvs_gm": 0.4364367162261649,
  "icvs_wm": 0.327064800521674,
  "inu_med": 1.1192543506622314,
  "inu_range": 0.3113726198673249,
  "provenance": {
    "md5sum": "9c8042c2923ae5afd44e7c748c9745d7",
    "settings": {
      "testing": false
    },
    "software": "mriqc",
    "version": "21.0.0rc2",
    "warnings": {
      "large_rot_frame": true,
      "small_air_mask": false
    },
    "webapi_port": null,
    "webapi_url": "https://mriqc.nimh.nih.gov/api/v1"
  },
  "qi_1": 0.0,
  "qi_2": 0.004327834329037149,
  "rpve_csf": 21.1934640976163,
  "rpve_gm": 11.941608584610792,
  "rpve_wm": 18.684042453947228,
  "size_x": 256,
  "size_y": 256,
  "size_z": 160,
  "snr_csf": 3.6872702330655387,
  "snr_gm": 10.524410437193383,
  "snr_total": 11.00486275193269,
  "snr_wm": 18.802907585539145,
  "snrd_csf": 10.35377045977864,
  "snrd_gm": 19.067350434653843,
  "snrd_total": 19.50633085640416,
  "snrd_wm": 29.09787167477998,
  "spacing_x": 1.0,
  "spacing_y": 1.0000001192092896,
  "spacing_z": 1.0,
  "summary_bg_k": 0.3175228066180682,
  "summary_bg_mad": 22.515766163118077,
  "summary_bg_mean": 82.39970807974407,
  "summary_bg_median": 81.02042233943939,
  "summary_bg_n": 1854265.0,
  "summary_bg_p05": 47.61726576089859,
  "summary_bg_p95": 121.86728346347809,
  "summary_bg_stdv": 22.684899880947487,
  "summary_csf_k": 0.06630698339060848,
  "summary_csf_mad": 99.15810320112098,
  "summary_csf_mean": 352.09027999990496,
  "summary_csf_median": 355.83900171518326,
  "summary_csf_n": 25677.0,
  "summary_csf_p05": 188.78581327199936,
  "summary_csf_p95": 501.54110194444644,
  "summary_csf_stdv": 96.50284628391145,
  "summary_gm_k": 0.2040948009075536,
  "summary_gm_mad": 59.7277836396014,
  "summary_gm_mean": 656.499210119069,
  "summary_gm_median": 655.3078388571739,
  "summary_gm_n": 30064.0,
  "summary_gm_p05": 555.62204682827,
  "summary_gm_p95": 760.9037078619003,
  "summary_gm_stdv": 62.264479718848406,
  "summary_wm_k": 0.6100552839380526,
  "summary_wm_mad": 50.57728753882681,
  "summary_wm_mean": 997.5882350797199,
  "summary_wm_median": 1000.0373920798302,
  "summary_wm_n": 173565.0,
  "summary_wm_p05": 907.0845991373062,
  "summary_wm_p95": 1080.272297859192,
  "summary_wm_stdv": 53.18509952003027,
  "tpm_overlap_csf": 0.14783194661140442,
  "tpm_overlap_gm": 0.4502289891242981,
  "tpm_overlap_wm": 0.47872036695480347,
  "wm2max": 0.5559931996011093
}