{
  "bids_meta": {
    "EchoTime": 0.00336,
    "FlipAngle": 9,
    "ImageType": [
      "ORIGINAL",
      "PRIMARY",
      "M",
      "ND",
      "NORM"
    ],
    "MagneticFieldStrength": 3,
    "Manufacturer": "Siemens",
    "ManufacturersModelName": "TrioTim",
    "PhaseEncodingDirection": "i-",
    "RepetitionTime": 2.3,
    "ScanningSequence": "GR_IR",
    "SequenceName": "_tfl3d1",
    "SequenceVariant": "SP_MP",
    "SoftwareVersions": "syngo_MR_B17",
    "dataset": "ds001894",
    "modality": "T1w",
    "session_id": "T1",
    "subject_id": "172"
  },
  "cjv": 0.37088496225704043,
  "cnr": 3.4187175195241153,
  "efc": 0.7179496135575709,
  "fber": 31.644149534236593,
  "fwhm_avg": 3.620028712807837,
  "fwhm_x": 3.74939,
  "fwhm_y": 3.70736,
  "fwhm_z": 3.40333613842351,
  "icvs_csf": 0.2597615605571118,
  "icvs_gm": 0.4052481013672748,
  "icvs_wm": 0.3349903380756134,
  "inu_med": 1.2918775081634521,
  "inu_range": 0.3805190324783325,
  "provenance": {
    "md5sum": "3fb304c645c20b8767e97ccc76f3df22",
    "settings": {
      "testing": false
    },
    "software": "mriqc",
    "version": "22.0.0rc1",
    "warnings": {
      "large_rot_frame": true,
      "small_air_mask": false
    },
    "webapi_port": null,
    "webapi_url": "https://mriqc.nimh.nih.gov/api/v1"
  },
  "qi_1": 0.0,
  "qi_2": 0.002797426399784938,
  "rpve_csf": 20.281279642128027,
  "rpve_gm": 12.682396400092872,
  "rpve_wm": 18.795573750674347,
  "size_x": 256,
  "size_y": 256,
  "size_z": 160,
  "snr_csf": 4.079728418608931,
  "snr_gm": 10.823985252150234,
  "snr_total": 11.582413300233526,
  "snr_wm": 19.843526229941414,
  "snrd_csf": 9.454121353188958,
  "snrd_gm": 16.59082401891652,
  "snrd_total": 16.55137020001954,
  "snrd_wm": 23.609165227953145,
  "spacing_x": 1.0,
  "spacing_y": 1.0,
  "spacing_z": 1.000030517578125,
  "summary_bg_k": 1.0873903940542613,
  "summary_bg_mad": 27.749240429112298,
  "summary_bg_mean": 101.87015195477045,
  "summary_bg_median": 99.97493692114949,
  "summary_bg_n": 1522217.0,
  "summary_bg_p05": 58.865309704095125,
  "summary_bg_p95": 150.9024121016264,
  "summary_bg_stdv": 28.403849645022675,
  "summary_csf_k": -0.1547726439786028,
  "summary_csf_mad": 103.31636838339132,
  "summary_csf_mean": 401.65131684311115,
  "summary_csf_median": 400.4428626783192,
  "summary_csf_n": 19317.0,
  "summary_csf_p05": 248.7048890478909,
  "summary_csf_p95": 566.351959837228,
  "summary_csf_stdv": 98.15175335693218,
  "summary_gm_k": 0.44555489714415275,
  "summary_gm_mad": 62.06414935261277,
  "summary_gm_mean": 706.4254945255816,
  "summary_gm_median": 702.7281347606331,
  "summary_gm_n": 12494.0,
  "summary_gm_p05": 606.4923356808722,
  "summary_gm_p95": 819.3829687004906,
  "summary_gm_stdv": 64.92063645726451,
  "summary_wm_k": 0.44543697463125875,
  "summary_wm_mad": 48.18952913805662,
  "summary_wm_mean": 999.7533127738734,
  "summary_wm_median": 1000.0000376701355,
  "summary_wm_n": 174981.0,
  "summary_wm_p05": 916.569219019264,
  "summary_wm_p95": 1081.634399034083,
  "summary_wm_stdv": 50.3941269623732,
  "tpm_overlap_csf": 0.13391870260238647,
  "tpm_overlap_gm": 0.4147726893424988,
  "tpm_overlap_wm": 0.4808754622936249,
  "wm2max": 0.5630675135262291
}