{
  "bids_meta": {
    "EchoTime": 0.00336,
    "FlipAngle": 9,
    "ImageType": [
      "ORIGINAL",
      "PRIMARY",
      "M",
      "ND",
      "NORM"
    ],
    "MagneticFieldStrength": 3,
    "Manufacturer": "Siemens",
    "ManufacturersModelName": "TrioTim",
    "PhaseEncodingDirection": "i-",
    "RepetitionTime": 2.3,
    "ScanningSequence": "GR_IR",
    "SequenceName": "_tfl3d1",
    "SequenceVariant": "SP_MP",
    "SoftwareVersions": "syngo_MR_B17",
    "dataset": "ds001894",
    "modality": "T1w",
    "session_id": "T2",
    "subject_id": "021"
  },
  "cjv": 0.3192446833839494,
  "cnr": 3.9902073288167705,
  "efc": 0.6592415522770114,
  "fber": 42.23986020283245,
  "fwhm_avg": 3.4420049569744027,
  "fwhm_x": 3.5298002103924877,
  "fwhm_y": 3.4954802083468564,
  "fwhm_z": 3.300734452183864,
  "icvs_csf": 0.22814488027474178,
  "icvs_gm": 0.44469840260229254,
  "icvs_wm": 0.3271567171229657,
  "inu_med": 1.2358076572418213,
  "inu_range": 0.33795384168624865,
  "provenance": {
    "md5sum": "9f13c47218552ba821f52a8eecb8219c",
    "settings": {
      "testing": false
    },
    "software": "mriqc",
    "version": "21.0.0rc2",
    "warnings": {
      "large_rot_frame": true,
      "small_air_mask": false
    },
    "webapi_port": null,
    "webapi_url": "https://mriqc.nimh.nih.gov/api/v1"
  },
  "qi_1": 0.0,
  "qi_2": 0.004419924960466689,
  "rpve_csf": 24.13601093695237,
  "rpve_gm": 13.099700197418606,
  "rpve_wm": 21.091546560277088,
  "size_x": 256,
  "size_y": 256,
  "size_z": 160,
  "snr_csf": 4.554037973096883,
  "snr_gm": 11.10119390537897,
  "snr_total": 11.906227754366682,
  "snr_wm": 20.063451384624198,
  "snrd_csf": 10.794167830652645,
  "snrd_gm": 17.24269188396307,
  "snrd_total": 17.90968474682523,
  "snrd_wm": 25.69219452585998,
  "spacing_x": 0.9999999403953552,
  "spacing_y": 0.9999999403953552,
  "spacing_z": 1.0000228881835938,
  "summary_bg_k": 0.48155348268963305,
  "summary_bg_mad": 25.499431320625256,
  "summary_bg_mean": 93.47000982301905,
  "summary_bg_median": 91.90884444862604,
  "summary_bg_n": 2358103.0,
  "summary_bg_p05": 54.19340651482344,
  "summary_bg_p95": 137.8812950849533,
  "summary_bg_stdv": 25.577660579126775,
  "summary_csf_k": 0.41868001454469095,
  "summary_csf_mad": 87.77791662152342,
  "summary_csf_mean": 414.8403123111072,
  "summary_csf_median": 420.1341135799885,
  "summary_csf_n": 20054.0,
  "summary_csf_p05": 252.03359427675608,
  "summary_csf_p95": 555.022692270577,
  "summary_csf_stdv": 92.25299412546457,
  "summary_gm_k": 0.31976670911591976,
  "summary_gm_mad": 57.253440134988786,
  "summary_gm_mean": 673.346288320803,
  "summary_gm_median": 671.1256656423211,
  "summary_gm_n": 26570.0,
  "summary_gm_p05": 576.1519911512733,
  "summary_gm_p95": 777.2246731873602,
  "summary_gm_stdv": 60.45413149756309,
  "summary_wm_k": 0.46077498824349084,
  "summary_wm_mad": 47.73792907613911,
  "summary_wm_mean": 998.9743291794174,
  "summary_wm_median": 999.9999576061964,
  "summary_wm_n": 150996.0,
  "summary_wm_p05": 915.4467052593827,
  "summary_wm_p95": 1078.459606692195,
  "summary_wm_stdv": 49.84170604969864,
  "tpm_overlap_csf": 0.15121392905712128,
  "tpm_overlap_gm": 0.4694350063800812,
  "tpm_overlap_wm": 0.48611366748809814,
  "wm2max": 0.5317916858413867
}