{
  "bids_meta": {
    "EchoTime": 0.00336,
    "FlipAngle": 9,
    "ImageType": [
      "ORIGINAL",
      "PRIMARY",
      "M",
      "ND",
      "NORM"
    ],
    "MagneticFieldStrength": 3,
    "Manufacturer": "Siemens",
    "ManufacturersModelName": "TrioTim",
    "PhaseEncodingDirection": "i-",
    "RepetitionTime": 2.3,
    "ScanningSequence": "GR_IR",
    "SequenceName": "_tfl3d1",
    "SequenceVariant": "SP_MP",
    "SoftwareVersions": "syngo_MR_B17",
    "dataset": "ds001894",
    "modality": "T1w",
    "session_id": "T1",
    "subject_id": "095"
  },
  "cjv": 0.3258031565577257,
  "cnr": 3.9371966769168423,
  "efc": 0.6423648480420395,
  "fber": 41.131332483216056,
  "fwhm_avg": 3.541562324793628,
  "fwhm_x": 3.56447,
  "fwhm_y": 3.58513,
  "fwhm_z": 3.475086974380884,
  "icvs_csf": 0.21897744814447415,
  "icvs_gm": 0.46940140114968354,
  "icvs_wm": 0.31162115070584234,
  "inu_med": 1.3033496141433716,
  "inu_range": 0.34236975312232976,
  "provenance": {
    "md5sum": "3359dfae67bb6e70c34e659c977dc99a",
    "settings": {
      "testing": false
    },
    "software": "mriqc",
    "version": "21.0.0rc2",
    "warnings": {
      "large_rot_frame": true,
      "small_air_mask": false
    },
    "webapi_port": null,
    "webapi_url": "https://mriqc.nimh.nih.gov/api/v1"
  },
  "qi_1": 0.0,
  "qi_2": 0.0034236817842211676,
  "rpve_csf": 33.40347729122474,
  "rpve_gm": 16.78617921703808,
  "rpve_wm": 27.891638350715006,
  "size_x": 256,
  "size_y": 256,
  "size_z": 160,
  "snr_csf": 3.749335109786204,
  "snr_gm": 11.233492964267773,
  "snr_total": 10.757510966170871,
  "snr_wm": 17.28970482445864,
  "snrd_csf": 9.597383706981987,
  "snrd_gm": 16.835152175019996,
  "snrd_total": 17.327102073570533,
  "snrd_wm": 25.54877033870962,
  "spacing_x": 1.0,
  "spacing_y": 1.0,
  "spacing_z": 1.0000152587890625,
  "summary_bg_k": 4.874506044170312,
  "summary_bg_mad": 25.64257984955175,
  "summary_bg_mean": 94.03794363798077,
  "summary_bg_median": 92.16764733195305,
  "summary_bg_n": 2072698.0,
  "summary_bg_p05": 54.08685806393623,
  "summary_bg_p95": 139.61691762506962,
  "summary_bg_stdv": 26.794389227697014,
  "summary_csf_k": -0.0575264406973246,
  "summary_csf_mad": 100.37720401633744,
  "summary_csf_mean": 367.7732103378737,
  "summary_csf_median": 375.64953875541687,
  "summary_csf_n": 13297.0,
  "summary_csf_p05": 190.77565125524998,
  "summary_csf_p95": 517.7546035677193,
  "summary_csf_stdv": 100.1872071024274,
  "summary_gm_k": 0.11900022680346645,
  "summary_gm_mad": 57.80827211697193,
  "summary_gm_mean": 660.4287721338169,
  "summary_gm_median": 658.9417848140001,
  "summary_gm_n": 24885.0,
  "summary_gm_p05": 565.916940432787,
  "summary_gm_p95": 758.8469630330801,
  "summary_gm_stdv": 58.657493892456934,
  "summary_wm_k": 0.5650618962284129,
  "summary_wm_mad": 53.30957389775232,
  "summary_wm_mean": 995.5335645887872,
  "summary_wm_median": 1000.0000090152025,
  "summary_wm_n": 96109.0,
  "summary_wm_p05": 890.119484603405,
  "summary_wm_p95": 1082.9888206869364,
  "summary_wm_stdv": 57.83758697607044,
  "tpm_overlap_csf": 0.1522185504436493,
  "tpm_overlap_gm": 0.46622881293296814,
  "tpm_overlap_wm": 0.4625377655029297,
  "wm2max": 0.5490878040653115
}