{
  "bids_meta": {
    "EchoTime": 0.00336,
    "FlipAngle": 9,
    "ImageType": [
      "ORIGINAL",
      "PRIMARY",
      "M",
      "ND",
      "NORM"
    ],
    "MagneticFieldStrength": 3,
    "Manufacturer": "Siemens",
    "ManufacturersModelName": "TrioTim",
    "PhaseEncodingDirection": "i-",
    "RepetitionTime": 2.3,
    "ScanningSequence": "GR_IR",
    "SequenceName": "_tfl3d1",
    "SequenceVariant": "SP_MP",
    "SoftwareVersions": "syngo_MR_B17",
    "dataset": "ds001894",
    "modality": "T1w",
    "session_id": "T2",
    "subject_id": "007"
  },
  "cjv": 0.33532618742906917,
  "cnr": 3.8008263336104697,
  "efc": 0.6913077368266862,
  "fber": 32.59014267534612,
  "fwhm_avg": 3.8912505354390983,
  "fwhm_x": 3.9848195249724956,
  "fwhm_y": 3.924439532170352,
  "fwhm_z": 3.764492549174447,
  "icvs_csf": 0.24232761556037424,
  "icvs_gm": 0.4295026572625424,
  "icvs_wm": 0.32816972717708337,
  "inu_med": 1.250802993774414,
  "inu_range": 0.38326888084411626,
  "provenance": {
    "md5sum": "8e69ced5d215f9518ee6e6d8b0f56559",
    "settings": {
      "testing": false
    },
    "software": "mriqc",
    "version": "21.0.0rc2",
    "warnings": {
      "large_rot_frame": true,
      "small_air_mask": false
    },
    "webapi_port": null,
    "webapi_url": "https://mriqc.nimh.nih.gov/api/v1"
  },
  "qi_1": 0.0,
  "qi_2": 0.004091398794808395,
  "rpve_csf": 19.029084369420072,
  "rpve_gm": 10.96390280139889,
  "rpve_wm": 16.94906785361222,
  "size_x": 256,
  "size_y": 256,
  "size_z": 160,
  "snr_csf": 3.956305026912954,
  "snr_gm": 10.618124570675668,
  "snr_total": 11.03789208724442,
  "snr_wm": 18.539246664144642,
  "snrd_csf": 8.597776214029997,
  "snrd_gm": 15.552331220092213,
  "snrd_total": 15.81907950129108,
  "snrd_wm": 23.307131069751033,
  "spacing_x": 1.0000001192092896,
  "spacing_y": 1.0000001192092896,
  "spacing_z": 0.9999541640281677,
  "summary_bg_k": 0.32654054175755354,
  "summary_bg_mad": 28.108838964752316,
  "summary_bg_mean": 103.0672461821162,
  "summary_bg_median": 101.29588986560702,
  "summary_bg_n": 1963833.0,
  "summary_bg_p05": 59.50248076021671,
  "summary_bg_p95": 152.38135303929448,
  "summary_bg_stdv": 28.364182149202023,
  "summary_csf_k": -0.09574671575969251,
  "summary_csf_mad": 94.70516512739627,
  "summary_csf_mean": 364.416200688606,
  "summary_csf_median": 368.8903796710074,
  "summary_csf_n": 36185.0,
  "summary_csf_p05": 202.72511862367392,
  "summary_csf_p95": 509.43790600448847,
  "summary_csf_stdv": 93.23984875870454,
  "summary_gm_k": 0.11741340788279064,
  "summary_gm_mad": 60.912780701639086,
  "summary_gm_mean": 669.1587730112054,
  "summary_gm_median": 667.2778199538589,
  "summary_gm_n": 32846.0,
  "summary_gm_p05": 568.4820343218744,
  "summary_gm_p95": 776.1469422271475,
  "summary_gm_stdv": 62.84232754688933,
  "summary_wm_k": 0.5734168447376855,
  "summary_wm_mad": 50.65768780460857,
  "summary_wm_mean": 998.4821118501183,
  "summary_wm_median": 1000.0000250451267,
  "summary_wm_n": 196705.0,
  "summary_wm_p05": 907.1711548507213,
  "summary_wm_p95": 1083.920190487057,
  "summary_wm_stdv": 53.939488549900005,
  "tpm_overlap_csf": 0.15397074818611145,
  "tpm_overlap_gm": 0.45422646403312683,
  "tpm_overlap_wm": 0.4852573871612549,
  "wm2max": 0.5267545330570382
}