{
  "bids_meta": {
    "EchoTime": 0.00336,
    "FlipAngle": 9,
    "ImageType": [
      "ORIGINAL",
      "PRIMARY",
      "M",
      "ND",
      "NORM"
    ],
    "MagneticFieldStrength": 3,
    "Manufacturer": "Siemens",
    "ManufacturersModelName": "TrioTim",
    "PhaseEncodingDirection": "i-",
    "RepetitionTime": 2.3,
    "ScanningSequence": "GR_IR",
    "SequenceName": "_tfl3d1",
    "SequenceVariant": "SP_MP",
    "SoftwareVersions": "syngo_MR_B17",
    "dataset": "ds001894",
    "modality": "T1w",
    "session_id": "T1",
    "subject_id": "175"
  },
  "cjv": 0.3190326998549905,
  "cnr": 3.9481969471267115,
  "efc": 0.6585321523614952,
  "fber": 41.08825280109558,
  "fwhm_avg": 3.506905764287876,
  "fwhm_x": 3.49367,
  "fwhm_y": 3.60377,
  "fwhm_z": 3.4232772928636286,
  "icvs_csf": 0.21920616775261814,
  "icvs_gm": 0.47167431262649295,
  "icvs_wm": 0.3091195196208889,
  "inu_med": 1.2574065923690796,
  "inu_range": 0.35490317344665523,
  "provenance": {
    "md5sum": "50e18552f2fd47f3730fb262d007c5a3",
    "settings": {
      "testing": false
    },
    "software": "mriqc",
    "version": "22.0.0rc1",
    "warnings": {
      "large_rot_frame": true,
      "small_air_mask": false
    },
    "webapi_port": null,
    "webapi_url": "https://mriqc.nimh.nih.gov/api/v1"
  },
  "qi_1": 0.0,
  "qi_2": 0.0040748131778428395,
  "rpve_csf": 26.585740772900472,
  "rpve_gm": 13.369117101704704,
  "rpve_wm": 22.443417680628837,
  "size_x": 256,
  "size_y": 256,
  "size_z": 160,
  "snr_csf": 4.262577961100753,
  "snr_gm": 11.196348962011921,
  "snr_total": 10.999559272266751,
  "snr_wm": 17.53975089368758,
  "snrd_csf": 9.858686688259285,
  "snrd_gm": 16.53111654011663,
  "snrd_total": 17.14693189209163,
  "snrd_wm": 25.05099244789897,
  "spacing_x": 1.0,
  "spacing_y": 1.0,
  "spacing_z": 0.9999160766601562,
  "summary_bg_k": 0.3118770976741718,
  "summary_bg_mad": 26.152112320076462,
  "summary_bg_mean": 95.16722410051098,
  "summary_bg_median": 93.4884580411017,
  "summary_bg_n": 2140192.0,
  "summary_bg_p05": 55.01970272511244,
  "summary_bg_p95": 141.15218413993716,
  "summary_bg_stdv": 26.383378694616002,
  "summary_csf_k": 0.20572884163377259,
  "summary_csf_mad": 89.47360980996373,
  "summary_csf_mean": 389.5397275246293,
  "summary_csf_median": 393.5447495058179,
  "summary_csf_n": 20214.0,
  "summary_csf_p05": 227.25839420966804,
  "summary_csf_p95": 532.4601162634788,
  "summary_csf_stdv": 92.32324159621513,
  "summary_gm_k": 0.24489680570254846,
  "summary_gm_mad": 56.143577299908834,
  "summary_gm_mean": 662.4552850969407,
  "summary_gm_median": 659.8986582644284,
  "summary_gm_n": 36374.0,
  "summary_gm_p05": 568.3617858588696,
  "summary_gm_p95": 763.9331848360598,
  "summary_gm_stdv": 58.937926052475724,
  "summary_wm_k": 0.6655945709977957,
  "summary_wm_mad": 52.3598674323233,
  "summary_wm_mean": 996.1722412214474,
  "summary_wm_median": 999.9999857507646,
  "summary_wm_n": 127340.0,
  "summary_wm_p05": 894.2765869945288,
  "summary_wm_p95": 1082.6064773490648,
  "summary_wm_stdv": 57.01312779801267,
  "tpm_overlap_csf": 0.14105431735515594,
  "tpm_overlap_gm": 0.47070035338401794,
  "tpm_overlap_wm": 0.47536033391952515,
  "wm2max": 0.5178488173368865
}