{
  "bids_meta": {
    "EchoTime": 0.00336,
    "FlipAngle": 9,
    "ImageType": [
      "ORIGINAL",
      "PRIMARY",
      "M",
      "ND",
      "NORM"
    ],
    "MagneticFieldStrength": 3,
    "Manufacturer": "Siemens",
    "ManufacturersModelName": "TrioTim",
    "PhaseEncodingDirection": "i-",
    "RepetitionTime": 2.3,
    "ScanningSequence": "GR_IR",
    "SequenceName": "_tfl3d1",
    "SequenceVariant": "SP_MP",
    "SoftwareVersions": "syngo_MR_B17",
    "dataset": "ds001894",
    "modality": "T1w",
    "session_id": "T1",
    "subject_id": "091"
  },
  "cjv": 0.3599453603598494,
  "cnr": 3.616004654547607,
  "efc": 0.6940645868281603,
  "fber": 38.61772519070389,
  "fwhm_avg": 3.936873333333333,
  "fwhm_x": 3.83831,
  "fwhm_y": 4.17007,
  "fwhm_z": 3.80224,
  "icvs_csf": 0.23370302643263546,
  "icvs_gm": 0.43916341008262055,
  "icvs_wm": 0.32713356348474393,
  "inu_med": 1.2163931131362915,
  "inu_range": 0.376352959871292,
  "provenance": {
    "md5sum": "e8761623fd13affb0aafc4be5ef86572",
    "settings": {
      "testing": false
    },
    "software": "mriqc",
    "version": "21.0.0rc2",
    "warnings": {
      "large_rot_frame": true,
      "small_air_mask": false
    },
    "webapi_port": null,
    "webapi_url": "https://mriqc.nimh.nih.gov/api/v1"
  },
  "qi_1": 0.0,
  "qi_2": 0.003982351885645862,
  "rpve_csf": 19.920726749760306,
  "rpve_gm": 10.980629243312173,
  "rpve_wm": 16.75358832026513,
  "size_x": 256,
  "size_y": 256,
  "size_z": 160,
  "snr_csf": 4.015173035283198,
  "snr_gm": 10.317305792088137,
  "snr_total": 10.646027160528492,
  "snr_wm": 17.60560265421414,
  "snrd_csf": 9.782681996830584,
  "snrd_gm": 17.10086326270724,
  "snrd_total": 17.431605822090898,
  "snrd_wm": 25.411272206734864,
  "spacing_x": 1.0,
  "spacing_y": 1.0,
  "spacing_z": 1.0,
  "summary_bg_k": 0.825173604649033,
  "summary_bg_mad": 25.78234730995914,
  "summary_bg_mean": 93.92857291450679,
  "summary_bg_median": 92.00853341817856,
  "summary_bg_n": 1747204.0,
  "summary_bg_p05": 54.06687015295029,
  "summary_bg_p95": 139.87036072462797,
  "summary_bg_stdv": 26.439373859110813,
  "summary_csf_k": 0.20156458877224637,
  "summary_csf_mad": 96.27362870514287,
  "summary_csf_mean": 381.7733326880617,
  "summary_csf_median": 384.9893144443631,
  "summary_csf_n": 40429.0,
  "summary_csf_p05": 221.6188360348344,
  "summary_csf_p95": 532.1555408343672,
  "summary_csf_stdv": 95.88243139969543,
  "summary_gm_k": 0.10294707224953514,
  "summary_gm_mad": 63.694117104376325,
  "summary_gm_mean": 675.8524339242542,
  "summary_gm_median": 672.9902521669865,
  "summary_gm_n": 40802.0,
  "summary_gm_p05": 572.644433471933,
  "summary_gm_p95": 789.2656410485506,
  "summary_gm_stdv": 65.22846357885786,
  "summary_wm_k": 0.6783947668878687,
  "summary_wm_mad": 54.025736863141645,
  "summary_wm_mean": 999.3048744704365,
  "summary_wm_median": 1000.0394850000739,
  "summary_wm_n": 195084.0,
  "summary_wm_p05": 905.2643719688058,
  "summary_wm_p95": 1090.0718901231885,
  "summary_wm_stdv": 56.80219766051085,
  "tpm_overlap_csf": 0.13527221977710724,
  "tpm_overlap_gm": 0.4542090892791748,
  "tpm_overlap_wm": 0.4747092127799988,
  "wm2max": 0.5703241220754632
}