{
  "bids_meta": {
    "EchoTime": 0.00336,
    "FlipAngle": 9,
    "ImageType": [
      "ORIGINAL",
      "PRIMARY",
      "M",
      "ND",
      "NORM"
    ],
    "MagneticFieldStrength": 3,
    "Manufacturer": "Siemens",
    "ManufacturersModelName": "TrioTim",
    "PhaseEncodingDirection": "i-",
    "RepetitionTime": 2.3,
    "ScanningSequence": "GR_IR",
    "SequenceName": "_tfl3d1",
    "SequenceVariant": "SP_MP",
    "SoftwareVersions": "syngo_MR_B17",
    "dataset": "ds001894",
    "modality": "T1w",
    "session_id": "T1",
    "subject_id": "011"
  },
  "cjv": 0.34739034124933554,
  "cnr": 3.6904201634285037,
  "efc": 0.6978253887740214,
  "fber": 21.432307537214182,
  "fwhm_avg": 3.7486977339692813,
  "fwhm_x": 3.8148402273821964,
  "fwhm_y": 3.88897,
  "fwhm_z": 3.542282974525646,
  "icvs_csf": 0.2588920855461315,
  "icvs_gm": 0.41210177997051656,
  "icvs_wm": 0.3290061344833519,
  "inu_med": 1.075138807296753,
  "inu_range": 0.3357088595628739,
  "provenance": {
    "md5sum": "84f52be6457159331140c7bd04cd8c95",
    "settings": {
      "testing": false
    },
    "software": "mriqc",
    "version": "21.0.0rc2",
    "warnings": {
      "large_rot_frame": true,
      "small_air_mask": false
    },
    "webapi_port": null,
    "webapi_url": "https://mriqc.nimh.nih.gov/api/v1"
  },
  "qi_1": 0.0,
  "qi_2": 0.004354929109260933,
  "rpve_csf": 19.979405399686446,
  "rpve_gm": 12.35294603682486,
  "rpve_wm": 18.690914181314362,
  "size_x": 256,
  "size_y": 256,
  "size_z": 160,
  "snr_csf": 3.2338600073702244,
  "snr_gm": 9.062156896062135,
  "snr_total": 9.536994473789044,
  "snr_wm": 16.31496651793477,
  "snrd_csf": 7.071128625365379,
  "snrd_gm": 13.866080518451895,
  "snrd_total": 14.22561240992765,
  "snrd_wm": 21.73962808596568,
  "spacing_x": 0.9999999403953552,
  "spacing_y": 1.0,
  "spacing_z": 1.0000076293945312,
  "summary_bg_k": 0.19478892355607336,
  "summary_bg_mad": 30.135584346866636,
  "summary_bg_mean": 110.1573535812179,
  "summary_bg_median": 108.28290596604347,
  "summary_bg_n": 1731085.0,
  "summary_bg_p05": 63.70397923514247,
  "summary_bg_p95": 163.1172956340015,
  "summary_bg_stdv": 30.34556845748311,
  "summary_csf_k": -0.0300224137013565,
  "summary_csf_mad": 98.42007887828944,
  "summary_csf_mean": 318.7130116048056,
  "summary_csf_median": 325.2644799090922,
  "summary_csf_n": 22404.0,
  "summary_csf_p05": 138.46260838396847,
  "summary_csf_p95": 474.42372091952706,
  "summary_csf_stdv": 100.57863358809873,
  "summary_gm_k": 0.192666345371725,
  "summary_gm_mad": 67.94204470929932,
  "summary_gm_mean": 638.907862273958,
  "summary_gm_median": 637.8251205943525,
  "summary_gm_n": 21570.0,
  "summary_gm_p05": 523.3519802428782,
  "summary_gm_p95": 756.9640346243978,
  "summary_gm_stdv": 70.38173612895933,
  "summary_wm_k": 0.4744897451986305,
  "summary_wm_mad": 57.87401993886888,
  "summary_wm_mean": 998.2454261388953,
  "summary_wm_median": 1000.0000279210508,
  "summary_wm_n": 176883.0,
  "summary_wm_p05": 894.396477136761,
  "summary_wm_p95": 1095.7176820002496,
  "summary_wm_stdv": 61.293242624214066,
  "tpm_overlap_csf": 0.14171524345874786,
  "tpm_overlap_gm": 0.4369584619998932,
  "tpm_overlap_wm": 0.4721534550189972,
  "wm2max": 0.5301998628392279
}