{
  "bids_meta": {
    "EchoTime": 0.00336,
    "FlipAngle": 9,
    "ImageType": [
      "ORIGINAL",
      "PRIMARY",
      "M",
      "ND",
      "NORM"
    ],
    "MagneticFieldStrength": 3,
    "Manufacturer": "Siemens",
    "ManufacturersModelName": "TrioTim",
    "PhaseEncodingDirection": "i-",
    "RepetitionTime": 2.3,
    "ScanningSequence": "GR_IR",
    "SequenceName": "_tfl3d1",
    "SequenceVariant": "SP_MP",
    "SoftwareVersions": "syngo_MR_B17",
    "dataset": "ds001894",
    "modality": "T1w",
    "session_id": "T2",
    "subject_id": "076"
  },
  "cjv": 0.3842986704597325,
  "cnr": 3.3052583715573287,
  "efc": 0.7192700224266155,
  "fber": 28.576020383213194,
  "fwhm_avg": 3.427828348488306,
  "fwhm_x": 3.4649202065253384,
  "fwhm_y": 3.53724,
  "fwhm_z": 3.2813248389395797,
  "icvs_csf": 0.23230763144026575,
  "icvs_gm": 0.4463136061057008,
  "icvs_wm": 0.3213787624540334,
  "inu_med": 1.1980135440826416,
  "inu_range": 0.3906329631805421,
  "provenance": {
    "md5sum": "5aed08dc67ebc8166119c0b9fbd55999",
    "settings": {
      "testing": false
    },
    "software": "mriqc",
    "version": "21.0.0rc2",
    "warnings": {
      "large_rot_frame": true,
      "small_air_mask": false
    },
    "webapi_port": null,
    "webapi_url": "https://mriqc.nimh.nih.gov/api/v1"
  },
  "qi_1": 0.0,
  "qi_2": 0.004261023403720773,
  "rpve_csf": 20.408979221457738,
  "rpve_gm": 11.118750161661623,
  "rpve_wm": 17.785068282999465,
  "size_x": 256,
  "size_y": 256,
  "size_z": 160,
  "snr_csf": 3.9814804739503162,
  "snr_gm": 10.153901988779653,
  "snr_total": 10.855624114078713,
  "snr_wm": 18.43148987950617,
  "snrd_csf": 8.964756122617567,
  "snrd_gm": 14.87196855110268,
  "snrd_total": 15.085782795447608,
  "snrd_wm": 21.420623712622575,
  "spacing_x": 0.9999999403953552,
  "spacing_y": 1.0,
  "spacing_z": 0.9999924302101135,
  "summary_bg_k": 0.2347333101765421,
  "summary_bg_mad": 30.586071035424055,
  "summary_bg_mean": 112.60329930190666,
  "summary_bg_median": 110.80301839113235,
  "summary_bg_n": 1959418.0,
  "summary_bg_p05": 65.55013400316238,
  "summary_bg_p95": 165.64995792508125,
  "summary_bg_stdv": 30.60364657598573,
  "summary_csf_k": 0.43952037815810296,
  "summary_csf_mad": 99.32251024406521,
  "summary_csf_mean": 412.7092697548951,
  "summary_csf_median": 418.5337236225605,
  "summary_csf_n": 26327.0,
  "summary_csf_p05": 224.67280701100827,
  "summary_csf_p95": 573.2974790900944,
  "summary_csf_stdv": 105.11812817638881,
  "summary_gm_k": 0.2929633174845909,
  "summary_gm_mad": 65.11873188187057,
  "summary_gm_mean": 697.3356054997549,
  "summary_gm_median": 694.3212163448334,
  "summary_gm_n": 30259.0,
  "summary_gm_p05": 589.3966363668442,
  "summary_gm_p95": 815.661058306694,
  "summary_gm_stdv": 68.37861386164434,
  "summary_wm_k": 0.3598655144782925,
  "summary_wm_mad": 52.374535617110546,
  "summary_wm_mean": 999.9588468947052,
  "summary_wm_median": 1000.0554707944393,
  "summary_wm_n": 174951.0,
  "summary_wm_p05": 910.8806692063808,
  "summary_wm_p95": 1088.6757027208805,
  "summary_wm_stdv": 54.25782827250944,
  "tpm_overlap_csf": 0.15094266831874847,
  "tpm_overlap_gm": 0.4649896025657654,
  "tpm_overlap_wm": 0.47509652376174927,
  "wm2max": 0.659724903166351
}