{
  "bids_meta": {
    "EchoTime": 0.00336,
    "FlipAngle": 9,
    "ImageType": [
      "ORIGINAL",
      "PRIMARY",
      "M",
      "ND",
      "NORM"
    ],
    "MagneticFieldStrength": 3,
    "Manufacturer": "Siemens",
    "ManufacturersModelName": "TrioTim",
    "PhaseEncodingDirection": "i-",
    "RepetitionTime": 2.3,
    "ScanningSequence": "GR_IR",
    "SequenceName": "_tfl3d1",
    "SequenceVariant": "SP_MP",
    "SoftwareVersions": "syngo_MR_B17",
    "dataset": "ds001894",
    "modality": "T1w",
    "session_id": "T1",
    "subject_id": "166"
  },
  "cjv": 0.3160730179179245,
  "cnr": 4.054862276017395,
  "efc": 0.6519872950320161,
  "fber": 46.36691460973751,
  "fwhm_avg": 3.9658287062611586,
  "fwhm_x": 4.02804,
  "fwhm_y": 4.11923,
  "fwhm_z": 3.7502161187834764,
  "icvs_csf": 0.2350465176266144,
  "icvs_gm": 0.44346919162156934,
  "icvs_wm": 0.3214842907518162,
  "inu_med": 1.172613263130188,
  "inu_range": 0.363287091255188,
  "provenance": {
    "md5sum": "19920dd37f41c01b7e181b33de036e25",
    "settings": {
      "testing": false
    },
    "software": "mriqc",
    "version": "22.0.0rc1",
    "warnings": {
      "large_rot_frame": true,
      "small_air_mask": false
    },
    "webapi_port": null,
    "webapi_url": "https://mriqc.nimh.nih.gov/api/v1"
  },
  "qi_1": 0.0,
  "qi_2": 0.004913005240543918,
  "rpve_csf": 24.81390158054885,
  "rpve_gm": 13.698822024031081,
  "rpve_wm": 21.610413875766763,
  "size_x": 256,
  "size_y": 256,
  "size_z": 160,
  "snr_csf": 4.499674827015695,
  "snr_gm": 11.479494667641648,
  "snr_total": 11.865493224408924,
  "snr_wm": 19.617310178569433,
  "snrd_csf": 10.562583472017813,
  "snrd_gm": 18.535297964028636,
  "snrd_total": 18.907826937434383,
  "snrd_wm": 27.6255993762567,
  "spacing_x": 1.0,
  "spacing_y": 1.0,
  "spacing_z": 0.9999237060546875,
  "summary_bg_k": 0.46660235885303214,
  "summary_bg_mad": 23.714830554843044,
  "summary_bg_mean": 87.16008584755454,
  "summary_bg_median": 85.71531441062689,
  "summary_bg_n": 2052888.0,
  "summary_bg_p05": 50.6401773840189,
  "summary_bg_p95": 128.57297161594033,
  "summary_bg_stdv": 23.894109256506184,
  "summary_csf_k": 0.21337375180732243,
  "summary_csf_mad": 80.66232724595717,
  "summary_csf_mean": 377.78756442444023,
  "summary_csf_median": 382.34768490865827,
  "summary_csf_n": 31535.0,
  "summary_csf_p05": 223.06424311287702,
  "summary_csf_p95": 509.1633132584393,
  "summary_csf_stdv": 84.97094507586148,
  "summary_gm_k": 0.1648568277138387,
  "summary_gm_mad": 56.947496691114125,
  "summary_gm_mean": 672.5533912760735,
  "summary_gm_median": 670.9464861899614,
  "summary_gm_n": 29255.0,
  "summary_gm_p05": 579.4570439048111,
  "summary_gm_p95": 771.8681994751096,
  "summary_gm_stdv": 58.44638969803243,
  "summary_wm_k": 0.8042317309544251,
  "summary_wm_mad": 47.057455248959855,
  "summary_wm_mean": 996.6869271142176,
  "summary_wm_median": 1000.0000467412174,
  "summary_wm_n": 149780.0,
  "summary_wm_p05": 906.2135057581589,
  "summary_wm_p95": 1073.3081590512763,
  "summary_wm_stdv": 50.975220323452604,
  "tpm_overlap_csf": 0.1615610420703888,
  "tpm_overlap_gm": 0.48764169216156006,
  "tpm_overlap_wm": 0.5124604105949402,
  "wm2max": 0.5635420205583576
}