{
  "bids_meta": {
    "EchoTime": 0.00336,
    "FlipAngle": 9,
    "ImageType": [
      "ORIGINAL",
      "PRIMARY",
      "M",
      "ND",
      "NORM"
    ],
    "MagneticFieldStrength": 3,
    "Manufacturer": "Siemens",
    "ManufacturersModelName": "TrioTim",
    "PhaseEncodingDirection": "i-",
    "RepetitionTime": 2.3,
    "ScanningSequence": "GR_IR",
    "SequenceName": "_tfl3d1",
    "SequenceVariant": "SP_MP",
    "SoftwareVersions": "syngo_MR_B17",
    "dataset": "ds001894",
    "modality": "T1w",
    "session_id": "T1",
    "subject_id": "174"
  },
  "cjv": 0.3519936475143333,
  "cnr": 3.6625581873725537,
  "efc": 0.6631840457712563,
  "fber": 32.66769952621304,
  "fwhm_avg": 3.5395079242610357,
  "fwhm_x": 3.58095,
  "fwhm_y": 3.59992,
  "fwhm_z": 3.4376537727831056,
  "icvs_csf": 0.22037071909032777,
  "icvs_gm": 0.47027065251411,
  "icvs_wm": 0.3093586283955623,
  "inu_med": 1.4520351886749268,
  "inu_range": 0.46552338600158705,
  "provenance": {
    "md5sum": "0122e16d9623ce04650f1d453a10917a",
    "settings": {
      "testing": false
    },
    "software": "mriqc",
    "version": "22.0.0rc1",
    "warnings": {
      "large_rot_frame": true,
      "small_air_mask": false
    },
    "webapi_port": null,
    "webapi_url": "https://mriqc.nimh.nih.gov/api/v1"
  },
  "qi_1": 0.0,
  "qi_2": 0.004200893098476731,
  "rpve_csf": 29.0526323128711,
  "rpve_gm": 14.652613398627631,
  "rpve_wm": 24.517830394326253,
  "size_x": 256,
  "size_y": 256,
  "size_z": 160,
  "snr_csf": 3.9449570832583922,
  "snr_gm": 10.952999929655272,
  "snr_total": 10.447853966772335,
  "snr_wm": 16.445604887403345,
  "snrd_csf": 9.199369407986064,
  "snrd_gm": 16.059527858510375,
  "snrd_total": 16.427286306331098,
  "snrd_wm": 24.022961652496857,
  "spacing_x": 1.0,
  "spacing_y": 1.0,
  "spacing_z": 1.0000076293945312,
  "summary_bg_k": 3.1806657298615937,
  "summary_bg_mad": 27.272341318169687,
  "summary_bg_mean": 99.29632443535809,
  "summary_bg_median": 97.49702080339193,
  "summary_bg_n": 2477421.0,
  "summary_bg_p05": 57.17123591527343,
  "summary_bg_p95": 147.51688599959016,
  "summary_bg_stdv": 27.738940288558485,
  "summary_csf_k": -0.14174133021743351,
  "summary_csf_mad": 100.48944770798593,
  "summary_csf_mean": 380.8769502967993,
  "summary_csf_median": 382.9559020064771,
  "summary_csf_n": 18031.0,
  "summary_csf_p05": 221.37465359270573,
  "summary_csf_p95": 536.8295619785786,
  "summary_csf_stdv": 97.07210354945494,
  "summary_gm_k": 0.10886590963729947,
  "summary_gm_mad": 59.55148395824958,
  "summary_gm_mean": 670.6268165676316,
  "summary_gm_median": 668.5339727215469,
  "summary_gm_n": 21444.0,
  "summary_gm_p05": 573.5061613081023,
  "summary_gm_p95": 775.3277754597366,
  "summary_gm_stdv": 61.03518569620907,
  "summary_wm_k": 0.47795046041011346,
  "summary_wm_mad": 57.13643861473995,
  "summary_wm_mean": 996.5771837506327,
  "summary_wm_median": 1000.0397353880107,
  "summary_wm_n": 113335.0,
  "summary_wm_p05": 889.8688964769244,
  "summary_wm_p95": 1090.2781149115408,
  "summary_wm_stdv": 60.80866774740139,
  "tpm_overlap_csf": 0.15751953423023224,
  "tpm_overlap_gm": 0.4701768755912781,
  "tpm_overlap_wm": 0.48263034224510193,
  "wm2max": 0.5674000270501781
}