{
  "bids_meta": {
    "EchoTime": 0.00336,
    "FlipAngle": 9,
    "ImageType": [
      "ORIGINAL",
      "PRIMARY",
      "M",
      "ND",
      "NORM"
    ],
    "MagneticFieldStrength": 3,
    "Manufacturer": "Siemens",
    "ManufacturersModelName": "TrioTim",
    "PhaseEncodingDirection": "i-",
    "RepetitionTime": 2.3,
    "ScanningSequence": "GR_IR",
    "SequenceName": "_tfl3d1",
    "SequenceVariant": "SP_MP",
    "SoftwareVersions": "syngo_MR_B17",
    "dataset": "ds001894",
    "modality": "T1w",
    "session_id": "T1",
    "subject_id": "063"
  },
  "cjv": 0.3094206685906199,
  "cnr": 4.090556731510648,
  "efc": 0.6861515821234258,
  "fber": 43.4551153154471,
  "fwhm_avg": 3.9180223950098223,
  "fwhm_x": 3.979449525612649,
  "fwhm_y": 3.9342295310032926,
  "fwhm_z": 3.8403881284135246,
  "icvs_csf": 0.22215088288462487,
  "icvs_gm": 0.4558070986144518,
  "icvs_wm": 0.32204201850092334,
  "inu_med": 1.3520090579986572,
  "inu_range": 0.4522167980670928,
  "provenance": {
    "md5sum": "86c00e468fb2f3997feb5f96add9c428",
    "settings": {
      "testing": false
    },
    "software": "mriqc",
    "version": "21.0.0rc2",
    "warnings": {
      "large_rot_frame": true,
      "small_air_mask": false
    },
    "webapi_port": null,
    "webapi_url": "https://mriqc.nimh.nih.gov/api/v1"
  },
  "qi_1": 0.0,
  "qi_2": 0.0045443067706849374,
  "rpve_csf": 20.788757980069583,
  "rpve_gm": 10.881086874197656,
  "rpve_wm": 17.39323923987816,
  "size_x": 256,
  "size_y": 256,
  "size_z": 160,
  "snr_csf": 4.198845580800621,
  "snr_gm": 11.40859754343725,
  "snr_total": 11.606947155016037,
  "snr_wm": 19.21339834081024,
  "snrd_csf": 10.374202343420588,
  "snrd_gm": 17.40780745243337,
  "snrd_total": 17.994245538495488,
  "snrd_wm": 26.200726819632497,
  "spacing_x": 1.0000001192092896,
  "spacing_y": 1.0000001192092896,
  "spacing_z": 0.9999770522117615,
  "summary_bg_k": 0.15327336272517345,
  "summary_bg_mad": 25.00451263764285,
  "summary_bg_mean": 91.79325277165384,
  "summary_bg_median": 90.31988668441772,
  "summary_bg_n": 1945912.0,
  "summary_bg_p05": 53.17443946003914,
  "summary_bg_p95": 135.5146756619215,
  "summary_bg_stdv": 25.111149635748436,
  "summary_csf_k": 0.3419429479555953,
  "summary_csf_mad": 93.14697579683897,
  "summary_csf_mean": 392.2795457616825,
  "summary_csf_median": 395.9509538561106,
  "summary_csf_n": 40153.0,
  "summary_csf_p05": 231.96739415824413,
  "summary_csf_p95": 537.7866277605295,
  "summary_csf_stdv": 94.29878181475284,
  "summary_gm_k": 0.5003861966365419,
  "summary_gm_mad": 54.09034035457038,
  "summary_gm_mean": 666.9478217281593,
  "summary_gm_median": 664.4017281681299,
  "summary_gm_n": 53356.0,
  "summary_gm_p05": 574.8745796866715,
  "summary_gm_p95": 767.8322851322591,
  "summary_gm_stdv": 58.236387030853535,
  "summary_wm_k": 0.41420929727312705,
  "summary_wm_mad": 49.75071419431832,
  "summary_wm_mean": 998.0701104533554,
  "summary_wm_median": 1000.000041693449,
  "summary_wm_n": 190124.0,
  "summary_wm_p05": 909.401389926672,
  "summary_wm_p95": 1080.2146941423416,
  "summary_wm_stdv": 52.04687864630484,
  "tpm_overlap_csf": 0.14922384917736053,
  "tpm_overlap_gm": 0.4750387668609619,
  "tpm_overlap_wm": 0.4960514008998871,
  "wm2max": 0.645406499493984
}