{
  "bids_meta": {
    "EchoTime": 0.00336,
    "FlipAngle": 9,
    "ImageType": [
      "ORIGINAL",
      "PRIMARY",
      "M",
      "ND",
      "NORM"
    ],
    "MagneticFieldStrength": 3,
    "Manufacturer": "Siemens",
    "ManufacturersModelName": "TrioTim",
    "PhaseEncodingDirection": "i-",
    "RepetitionTime": 2.3,
    "ScanningSequence": "GR_IR",
    "SequenceName": "_tfl3d1",
    "SequenceVariant": "SP_MP",
    "SoftwareVersions": "syngo_MR_B17",
    "dataset": "ds001894",
    "modality": "T1w",
    "session_id": "T2",
    "subject_id": "128"
  },
  "cjv": 0.40474947143513046,
  "cnr": 3.2114786040706855,
  "efc": 0.7039917381182417,
  "fber": 32.09427079720353,
  "fwhm_avg": 3.5494930370217777,
  "fwhm_x": 3.58319,
  "fwhm_y": 3.68072,
  "fwhm_z": 3.3845691110653333,
  "icvs_csf": 0.23384011614570696,
  "icvs_gm": 0.4336749010602913,
  "icvs_wm": 0.33248498279400174,
  "inu_med": 1.1847506761550903,
  "inu_range": 0.3876847445964813,
  "provenance": {
    "md5sum": "d78fdf214283dcbf22a254f3f0c4047b",
    "settings": {
      "testing": false
    },
    "software": "mriqc",
    "version": "22.0.0rc1",
    "warnings": {
      "large_rot_frame": true,
      "small_air_mask": false
    },
    "webapi_port": null,
    "webapi_url": "https://mriqc.nimh.nih.gov/api/v1"
  },
  "qi_1": 0.0,
  "qi_2": 0.0034451996354684963,
  "rpve_csf": 23.524447007735105,
  "rpve_gm": 12.923949135111735,
  "rpve_wm": 19.700281669891968,
  "size_x": 256,
  "size_y": 256,
  "size_z": 160,
  "snr_csf": 3.7400302442821878,
  "snr_gm": 10.006157964282712,
  "snr_total": 10.072641699681293,
  "snr_wm": 16.47173689047898,
  "snrd_csf": 8.64767732919927,
  "snrd_gm": 14.753216717954233,
  "snrd_total": 14.93899641054657,
  "snrd_wm": 21.41609518448621,
  "spacing_x": 1.0,
  "spacing_y": 1.0,
  "spacing_z": 0.9999618530273438,
  "summary_bg_k": 0.7098602642022147,
  "summary_bg_mad": 30.592341073190315,
  "summary_bg_mean": 112.01982787205152,
  "summary_bg_median": 110.03283847123384,
  "summary_bg_n": 1826047.0,
  "summary_bg_p05": 64.79439307749271,
  "summary_bg_p95": 165.85796231031418,
  "summary_bg_stdv": 30.981457269338435,
  "summary_csf_k": 1.0503032102252083,
  "summary_csf_mad": 107.90885152894921,
  "summary_csf_mean": 398.3766298464515,
  "summary_csf_median": 403.8131653293967,
  "summary_csf_n": 25470.0,
  "summary_csf_p05": 208.27574407197534,
  "summary_csf_p95": 564.8458568390458,
  "summary_csf_stdv": 107.96844186957364,
  "summary_gm_k": 0.013649392113435521,
  "summary_gm_mad": 67.86994432864549,
  "summary_gm_mean": 690.6150832337274,
  "summary_gm_median": 688.9182973504066,
  "summary_gm_n": 19260.0,
  "summary_gm_p05": 580.0053922239691,
  "summary_gm_p95": 807.4841946981846,
  "summary_gm_stdv": 68.8476451087723,
  "summary_wm_k": 0.4580269125625285,
  "summary_wm_mad": 58.06004873510466,
  "summary_wm_mean": 1000.1381948161752,
  "summary_wm_median": 1000.0490138828754,
  "summary_wm_n": 146391.0,
  "summary_wm_p05": 900.504829056561,
  "summary_wm_p95": 1099.4706677086651,
  "summary_wm_stdv": 60.71282007771545,
  "tpm_overlap_csf": 0.13776789605617523,
  "tpm_overlap_gm": 0.44108644127845764,
  "tpm_overlap_wm": 0.4673197865486145,
  "wm2max": 0.5093741418478668
}