{
  "bids_meta": {
    "EchoTime": 0.00336,
    "FlipAngle": 9,
    "ImageType": [
      "ORIGINAL",
      "PRIMARY",
      "M",
      "ND",
      "NORM"
    ],
    "MagneticFieldStrength": 3,
    "Manufacturer": "Siemens",
    "ManufacturersModelName": "TrioTim",
    "PhaseEncodingDirection": "i-",
    "RepetitionTime": 2.3,
    "ScanningSequence": "GR_IR",
    "SequenceName": "_tfl3d1",
    "SequenceVariant": "SP_MP",
    "SoftwareVersions": "syngo_MR_B17",
    "dataset": "ds001894",
    "modality": "T1w",
    "session_id": "T2",
    "subject_id": "056"
  },
  "cjv": 0.31321185110208183,
  "cnr": 4.053366013966188,
  "efc": 0.6811449986693857,
  "fber": 52.86079021693408,
  "fwhm_avg": 3.7836157576381813,
  "fwhm_x": 3.78177,
  "fwhm_y": 3.92629,
  "fwhm_z": 3.6427872729145445,
  "icvs_csf": 0.23881061465179163,
  "icvs_gm": 0.4227440483032828,
  "icvs_wm": 0.3384453370449255,
  "inu_med": 1.1441588401794434,
  "inu_range": 0.29419541358947754,
  "provenance": {
    "md5sum": "d7d8ebddb21f02c7668be9bccc121ebf",
    "settings": {
      "testing": false
    },
    "software": "mriqc",
    "version": "21.0.0rc2",
    "warnings": {
      "large_rot_frame": true,
      "small_air_mask": false
    },
    "webapi_port": null,
    "webapi_url": "https://mriqc.nimh.nih.gov/api/v1"
  },
  "qi_1": 0.0,
  "qi_2": 0.004079132972086935,
  "rpve_csf": 19.199795328455266,
  "rpve_gm": 11.1596189510538,
  "rpve_wm": 17.185472225293722,
  "size_x": 256,
  "size_y": 256,
  "size_z": 160,
  "snr_csf": 4.152511333734837,
  "snr_gm": 10.450963607490989,
  "snr_total": 12.426204410574208,
  "snr_wm": 22.675138290496797,
  "snrd_csf": 11.358332627156889,
  "snrd_gm": 19.8073720795657,
  "snrd_total": 20.222081067910086,
  "snrd_wm": 29.50053849700768,
  "spacing_x": 1.0,
  "spacing_y": 1.0,
  "spacing_z": 0.9999732971191406,
  "summary_bg_k": 0.21318332130973738,
  "summary_bg_mad": 22.207607178941135,
  "summary_bg_mean": 82.23202570130343,
  "summary_bg_median": 80.95462308824062,
  "summary_bg_n": 1819124.0,
  "summary_bg_p05": 47.794001683592796,
  "summary_bg_p95": 120.99230518192053,
  "summary_bg_stdv": 22.337556986217198,
  "summary_csf_k": -0.12882068539283198,
  "summary_csf_mad": 95.16215738732848,
  "summary_csf_mean": 382.16312884862964,
  "summary_csf_median": 385.0211922749877,
  "summary_csf_n": 28741.0,
  "summary_csf_p05": 225.43570176512003,
  "summary_csf_p95": 529.8476940914989,
  "summary_csf_stdv": 92.71846917583207,
  "summary_gm_k": 0.46605932524849925,
  "summary_gm_mad": 60.360928107960554,
  "summary_gm_mean": 674.7281498888949,
  "summary_gm_median": 671.4240781851113,
  "summary_gm_n": 22098.0,
  "summary_gm_p05": 574.4700833112001,
  "summary_gm_p95": 786.9100245002656,
  "summary_gm_stdv": 64.24373017308618,
  "summary_wm_k": 0.42944389581804865,
  "summary_wm_mad": 42.552941219187,
  "summary_wm_mean": 999.5333873156131,
  "summary_wm_median": 999.999989233911,
  "summary_wm_n": 195978.0,
  "summary_wm_p05": 926.6760773211718,
  "summary_wm_p95": 1070.623320236802,
  "summary_wm_stdv": 44.10105134145999,
  "tpm_overlap_csf": 0.1423196792602539,
  "tpm_overlap_gm": 0.4271501898765564,
  "tpm_overlap_wm": 0.45520564913749695,
  "wm2max": 0.6640046706561855
}