{
  "bids_meta": {
    "EchoTime": 0.00336,
    "FlipAngle": 9,
    "ImageType": [
      "ORIGINAL",
      "PRIMARY",
      "M",
      "ND",
      "NORM"
    ],
    "MagneticFieldStrength": 3,
    "Manufacturer": "Siemens",
    "ManufacturersModelName": "TrioTim",
    "PhaseEncodingDirection": "i-",
    "RepetitionTime": 2.3,
    "ScanningSequence": "GR_IR",
    "SequenceName": "_tfl3d1",
    "SequenceVariant": "SP_MP",
    "SoftwareVersions": "syngo_MR_B17",
    "dataset": "ds001894",
    "modality": "T1w",
    "session_id": "T1",
    "subject_id": "086"
  },
  "cjv": 0.3107637837915672,
  "cnr": 4.107968404432445,
  "efc": 0.6490055890993904,
  "fber": 47.512155585461514,
  "fwhm_avg": 3.6451868082940666,
  "fwhm_x": 3.6492802175140513,
  "fwhm_y": 3.80722,
  "fwhm_z": 3.479060207368148,
  "icvs_csf": 0.2354172284468742,
  "icvs_gm": 0.4272083305661074,
  "icvs_wm": 0.3373744409870184,
  "inu_med": 1.1606440544128418,
  "inu_range": 0.31827778220176706,
  "provenance": {
    "md5sum": "6816c2e60dcfe4035ef4a88763b3328a",
    "settings": {
      "testing": false
    },
    "software": "mriqc",
    "version": "21.0.0rc2",
    "warnings": {
      "large_rot_frame": true,
      "small_air_mask": false
    },
    "webapi_port": null,
    "webapi_url": "https://mriqc.nimh.nih.gov/api/v1"
  },
  "qi_1": 0.0,
  "qi_2": 0.005559834795146076,
  "rpve_csf": 22.75984784779524,
  "rpve_gm": 13.040990881236405,
  "rpve_wm": 19.853786030102317,
  "size_x": 256,
  "size_y": 256,
  "size_z": 160,
  "snr_csf": 3.860684472559274,
  "snr_gm": 9.305842970431513,
  "snr_total": 11.231607824492476,
  "snr_wm": 20.52829603048664,
  "snrd_csf": 10.689615733942004,
  "snrd_gm": 19.350737354868034,
  "snrd_total": 20.0627205138149,
  "snrd_wm": 30.147808452634667,
  "spacing_x": 0.9999999403953552,
  "spacing_y": 1.0,
  "spacing_z": 0.9999999403953552,
  "summary_bg_k": 0.13512232639273236,
  "summary_bg_mad": 21.730811742552767,
  "summary_bg_mean": 80.16736332542244,
  "summary_bg_median": 78.92343729734421,
  "summary_bg_n": 2027370.0,
  "summary_bg_p05": 46.699397921562195,
  "summary_bg_p95": 117.73049148917198,
  "summary_bg_stdv": 21.68767125970326,
  "summary_csf_k": 0.7359692830381266,
  "summary_csf_mad": 88.91838353218242,
  "summary_csf_mean": 353.2575786778405,
  "summary_csf_median": 354.57354387640953,
  "summary_csf_n": 23062.0,
  "summary_csf_p05": 201.0565472587943,
  "summary_csf_p95": 496.5629905164242,
  "summary_csf_stdv": 91.84015397146963,
  "summary_gm_k": 0.3299437573199855,
  "summary_gm_mad": 64.81497695917724,
  "summary_gm_mean": 643.0369226438337,
  "summary_gm_median": 641.8621296882629,
  "summary_gm_n": 26883.0,
  "summary_gm_p05": 530.9328745007515,
  "summary_gm_p95": 759.047067463398,
  "summary_gm_stdv": 68.97281563307094,
  "summary_wm_k": 0.5020965421833683,
  "summary_wm_mad": 46.48128963295406,
  "summary_wm_mean": 998.1501982058217,
  "summary_wm_median": 999.9999578297138,
  "summary_wm_n": 167702.0,
  "summary_wm_p05": 915.0026891827583,
  "summary_wm_p95": 1074.449854671955,
  "summary_wm_stdv": 48.71310189901996,
  "tpm_overlap_csf": 0.1579485535621643,
  "tpm_overlap_gm": 0.46701377630233765,
  "tpm_overlap_wm": 0.48972031474113464,
  "wm2max": 0.6396417354891241
}