{
  "bids_meta": {
    "EchoTime": 0.00336,
    "FlipAngle": 9,
    "ImageType": [
      "ORIGINAL",
      "PRIMARY",
      "M",
      "ND",
      "NORM"
    ],
    "MagneticFieldStrength": 3,
    "Manufacturer": "Siemens",
    "ManufacturersModelName": "TrioTim",
    "PhaseEncodingDirection": "i-",
    "RepetitionTime": 2.3,
    "ScanningSequence": "GR_IR",
    "SequenceName": "_tfl3d1",
    "SequenceVariant": "SP_MP",
    "SoftwareVersions": "syngo_MR_B17",
    "dataset": "ds001894",
    "modality": "T1w",
    "session_id": "T1",
    "subject_id": "042"
  },
  "cjv": 0.4705580659446484,
  "cnr": 2.7666363359529136,
  "efc": 0.7040674831860393,
  "fber": 25.38781032270079,
  "fwhm_avg": 3.817018956155193,
  "fwhm_x": 3.82392,
  "fwhm_y": 3.921259532549437,
  "fwhm_z": 3.7058773359161394,
  "icvs_csf": 0.2409826756632334,
  "icvs_gm": 0.4299672166776132,
  "icvs_wm": 0.32905010765915343,
  "inu_med": 1.527180552482605,
  "inu_range": 0.5738300800323486,
  "provenance": {
    "md5sum": "0d641ed8633e11cd45a3ef9715255815",
    "settings": {
      "testing": false
    },
    "software": "mriqc",
    "version": "21.0.0rc2",
    "warnings": {
      "large_rot_frame": true,
      "small_air_mask": false
    },
    "webapi_port": null,
    "webapi_url": "https://mriqc.nimh.nih.gov/api/v1"
  },
  "qi_1": 0.0,
  "qi_2": 0.0024177693148213926,
  "rpve_csf": 21.282216626747733,
  "rpve_gm": 11.773552809440304,
  "rpve_wm": 17.572921048585876,
  "size_x": 256,
  "size_y": 256,
  "size_z": 160,
  "snr_csf": 3.764280162539034,
  "snr_gm": 9.911543492035095,
  "snr_total": 8.853288085485197,
  "snr_wm": 12.884040601881464,
  "snrd_csf": 7.58054403766899,
  "snrd_gm": 13.18794622970156,
  "snrd_total": 13.26039095620954,
  "snrd_wm": 19.012682601258067,
  "spacing_x": 1.0,
  "spacing_y": 1.0000001192092896,
  "spacing_z": 0.9999008774757385,
  "summary_bg_k": 1.459628019148214,
  "summary_bg_mad": 34.459496358695645,
  "summary_bg_mean": 120.76925261062043,
  "summary_bg_median": 117.16156207025051,
  "summary_bg_n": 2029116.0,
  "summary_bg_p05": 67.87781187146902,
  "summary_bg_p95": 185.6085799112916,
  "summary_bg_stdv": 36.61478457991245,
  "summary_csf_k": -0.0907027833957943,
  "summary_csf_mad": 106.89476421472935,
  "summary_csf_mean": 396.26988376878273,
  "summary_csf_median": 398.7287816852331,
  "summary_csf_n": 32418.0,
  "summary_csf_p05": 216.82004057615995,
  "summary_csf_p95": 565.6009984314442,
  "summary_csf_stdv": 105.92267701017349,
  "summary_gm_k": 0.07259543846480243,
  "summary_gm_mad": 69.48159673957407,
  "summary_gm_mean": 696.0211751887904,
  "summary_gm_median": 693.6723415851593,
  "summary_gm_n": 20349.0,
  "summary_gm_p05": 584.6693984121084,
  "summary_gm_p95": 815.7195882275701,
  "summary_gm_stdv": 69.98458893401776,
  "summary_wm_k": 0.4950727297470352,
  "summary_wm_mad": 74.68568394476485,
  "summary_wm_mean": 1003.6636292498821,
  "summary_wm_median": 1000.0474547073245,
  "summary_wm_n": 168593.0,
  "summary_wm_p05": 882.8384588062763,
  "summary_wm_p95": 1136.7707285985348,
  "summary_wm_stdv": 77.61885574110724,
  "tpm_overlap_csf": 0.1539303958415985,
  "tpm_overlap_gm": 0.46017783880233765,
  "tpm_overlap_wm": 0.4782259464263916,
  "wm2max": 0.4938844754244897
}